{
  "bids_meta": {
    "AcquisitionMatrixPE": 256,
    "AcquisitionNumber": 1,
    "AcquisitionTime": "18:26:16.390000",
    "BaseResolution": 256,
    "BodyPartExamined": "BRAIN",
    "ConsistencyInfo": "N4_VE11C_LATEST_20160120",
    "ConversionSoftware": "dcm2niix",
    "ConversionSoftwareVersion": "v1.0.20171215 GCC4.8.5",
    "DeviceSerialNumber": "45031",
    "DwellTime": 8.2e-06,
    "EchoTime": 0.00298,
    "FlipAngle": 9,
    "ImageOrientationPatientDICOM": [
      -0.0617066,
      0.992071,
      0.109491,
      0.0290892,
      0.111441,
      -0.993345
    ],
    "ImageType": [
      "ORIGINAL",
      "PRIMARY",
      "M",
      "ND",
      "NORM"
    ],
    "InPlanePhaseEncodingDirectionDICOM": "ROW",
    "InstitutionAddress": "Washington_and_Faculty_Rd._-_Building_25_25_Princeton_NJ_US_085",
    "InstitutionName": "Princeton_University_-_Neuroscience_Institute",
    "InstitutionalDepartmentName": "Department",
    "InversionTime": 0.9,
    "MRAcquisitionType": "3D",
    "MagneticFieldStrength": 3,
    "Manufacturer": "Siemens",
    "ManufacturersModelName": "Skyra",
    "Modality": "MR",
    "ParallelReductionFactorInPlane": 2,
    "PartialFourier": 1,
    "PatientPosition": "HFS",
    "PercentPhaseFOV": 100,
    "PhaseEncodingSteps": 255,
    "PhaseResolution": 1,
    "PixelBandwidth": 240,
    "ProcedureStepDescription": "TamirL_Mark",
    "ProtocolName": "T1w_MPR_1iso_iP2",
    "PulseSequenceDetails": "%SiemensSeq%_tfl",
    "ReceiveCoilActiveElements": "HC1-7;NC1",
    "ReceiveCoilName": "HeadNeck_64",
    "ReconMatrixPE": 256,
    "RepetitionTime": 2.3,
    "SAR": 0.0648554,
    "ScanOptions": "IR",
    "ScanningSequence": "GR_IR",
    "SequenceName": "_tfl3d1_16ns",
    "SequenceVariant": "SK_SP_MP",
    "SeriesDescription": "T1w_MPR_1iso_iP2",
    "SeriesNumber": 6,
    "ShimSetting": [
      3384,
      8685,
      9135,
      420,
      81,
      -613,
      336,
      19
    ],
    "SliceThickness": 1,
    "SoftwareVersions": "syngo_MR_E11",
    "StationName": "AWP45031",
    "TxRefAmp": 296.424,
    "dataset": "ds004226",
    "modality": "T1w",
    "subject_id": "028"
  },
  "cjv": 0.3254708893447849,
  "cnr": 4.097480700453107,
  "efc": 0.5086750350460513,
  "fber": 21098.530844444445,
  "fwhm_avg": 3.5619652694698973,
  "fwhm_x": 3.6331658084096916,
  "fwhm_y": 3.67968,
  "fwhm_z": 3.37305,
  "icvs_csf": 0.20368730374996752,
  "icvs_gm": 0.4664632105182333,
  "icvs_wm": 0.3298494857317992,
  "inu_med": 0.6094126105308533,
  "inu_range": 0.22585472464561462,
  "provenance": {
    "md5sum": "8f92a771359cddfc5349ce629649780a",
    "settings": {
      "testing": false
    },
    "software": "mriqc",
    "version": "23.0.0",
    "warnings": {
      "large_rot_frame": true,
      "small_air_mask": false
    },
    "webapi_port": null,
    "webapi_url": "https://mriqc.nimh.nih.gov/api/v1"
  },
  "qi_1": 0.0,
  "qi_2": 0.0012654441755149074,
  "rpve_csf": 24.94768292682927,
  "rpve_gm": 11.90435513584837,
  "rpve_wm": 18.642880958693116,
  "size_x": 176,
  "size_y": 256,
  "size_z": 256,
  "snr_csf": 1.7717821818116866,
  "snr_gm": 9.690309826696819,
  "snr_total": 10.265697741097817,
  "snr_wm": 19.335001214784945,
  "snrd_csf": 16.282507566476916,
  "snrd_gm": 52.38323515567515,
  "snrd_total": 49.71026212509509,
  "snrd_wm": 80.46504365313321,
  "spacing_x": 0.9999956488609314,
  "spacing_y": 1.0,
  "spacing_z": 1.0,
  "summary_bg_k": 11.433114190059188,
  "summary_bg_mad": 0.0,
  "summary_bg_mean": 5.249270916757423,
  "summary_bg_median": 0.0,
  "summary_bg_n": 3729585.0,
  "summary_bg_p05": 0.0,
  "summary_bg_p95": 20.748248890042305,
  "summary_bg_stdv": 8.141876009056055,
  "summary_csf_k": 4.565742672987814,
  "summary_csf_mad": 96.39455896409149,
  "summary_csf_mean": 218.81364805079187,
  "summary_csf_median": 202.35504808276892,
  "summary_csf_n": 35159.0,
  "summary_csf_p05": 65.93829270098358,
  "summary_csf_p95": 431.65897116065025,
  "summary_csf_stdv": 114.20826579373114,
  "summary_gm_k": 0.13780612628036204,
  "summary_gm_mad": 64.88180309916841,
  "summary_gm_mean": 650.8127003582389,
  "summary_gm_median": 651.0061196275055,
  "summary_gm_n": 44508.0,
  "summary_gm_p05": 538.0831788294017,
  "summary_gm_p95": 761.3653400167823,
  "summary_gm_stdv": 67.18039132579472,
  "summary_wm_k": 0.49957188976219724,
  "summary_wm_mad": 48.7055497379316,
  "summary_wm_mean": 998.6552252983472,
  "summary_wm_median": 1000.000012954697,
  "summary_wm_n": 182216.0,
  "summary_wm_p05": 910.8063912894577,
  "summary_wm_p95": 1080.936070047319,
  "summary_wm_stdv": 51.719534839754225,
  "tpm_overlap_csf": 0.15333158247941045,
  "tpm_overlap_gm": 0.46676589579622263,
  "tpm_overlap_wm": 0.4856370801785446,
  "wm2max": 0.5846130694089978
}