{
  "bids_meta": {
    "AcquisitionMatrixPE": 256,
    "AcquisitionNumber": 1,
    "AcquisitionTime": "13:34:4.397500",
    "BaseResolution": 256,
    "BodyPartExamined": "BRAIN",
    "ConsistencyInfo": "N4_VE11C_LATEST_20160120",
    "ConversionSoftware": "dcm2niix",
    "ConversionSoftwareVersion": "v1.0.20171215 GCC4.8.5",
    "DeviceSerialNumber": "45031",
    "DwellTime": 8.2e-06,
    "EchoTime": 0.00298,
    "FlipAngle": 9,
    "ImageOrientationPatientDICOM": [
      0.00540009,
      0.973609,
      -0.22816,
      0.0124872,
      -0.228212,
      -0.973531
    ],
    "ImageType": [
      "ORIGINAL",
      "PRIMARY",
      "M",
      "ND",
      "NORM"
    ],
    "InPlanePhaseEncodingDirectionDICOM": "ROW",
    "InstitutionAddress": "Washington_and_Faculty_Rd._-_Building_25_25_Princeton_NJ_US_085",
    "InstitutionName": "Princeton_University_-_Neuroscience_Institute",
    "InstitutionalDepartmentName": "Department",
    "InversionTime": 0.9,
    "MRAcquisitionType": "3D",
    "MagneticFieldStrength": 3,
    "Manufacturer": "Siemens",
    "ManufacturersModelName": "Skyra",
    "Modality": "MR",
    "ParallelReductionFactorInPlane": 2,
    "PartialFourier": 1,
    "PatientPosition": "HFS",
    "PercentPhaseFOV": 100,
    "PhaseEncodingSteps": 255,
    "PhaseResolution": 1,
    "PixelBandwidth": 240,
    "ProcedureStepDescription": "TamirL_Mark",
    "ProtocolName": "T1w_MPR_1iso_iP2",
    "PulseSequenceDetails": "%SiemensSeq%_tfl",
    "ReceiveCoilActiveElements": "HC1-7;NC1,2",
    "ReceiveCoilName": "HeadNeck_64",
    "ReconMatrixPE": 256,
    "RepetitionTime": 2.3,
    "SAR": 0.0696477,
    "ScanOptions": "IR",
    "ScanningSequence": "GR_IR",
    "SequenceName": "_tfl3d1_16ns",
    "SequenceVariant": "SK_SP_MP",
    "SeriesDescription": "T1w_MPR_1iso_iP2",
    "SeriesNumber": 6,
    "ShimSetting": [
      3392,
      8744,
      8994,
      527,
      201,
      -1107,
      180,
      143
    ],
    "SliceThickness": 1,
    "SoftwareVersions": "syngo_MR_E11",
    "StationName": "AWP45031",
    "TxRefAmp": 322.319,
    "dataset": "ds004226",
    "modality": "T1w",
    "subject_id": "023"
  },
  "cjv": 0.3298224952585801,
  "cnr": 4.009513516704475,
  "efc": 0.5025856535981823,
  "fber": -1.0,
  "fwhm_avg": 3.4182890215321593,
  "fwhm_x": 3.51770706459648,
  "fwhm_y": 3.52566,
  "fwhm_z": 3.2115,
  "icvs_csf": 0.19972413100268277,
  "icvs_gm": 0.4861751560403821,
  "icvs_wm": 0.31410071295693515,
  "inu_med": 0.603971540927887,
  "inu_range": 0.22186768054962158,
  "provenance": {
    "md5sum": "f5b5020332ec1f480c2d98505a6317cf",
    "settings": {
      "testing": false
    },
    "software": "mriqc",
    "version": "23.0.0",
    "warnings": {
      "large_rot_frame": true,
      "small_air_mask": false
    },
    "webapi_port": null,
    "webapi_url": "https://mriqc.nimh.nih.gov/api/v1"
  },
  "qi_1": 5.16870874169613e-05,
  "qi_2": 0.0010244772330912483,
  "rpve_csf": 29.62128901457922,
  "rpve_gm": 13.33402896883436,
  "rpve_wm": 22.108030896813357,
  "size_x": 176,
  "size_y": 256,
  "size_z": 256,
  "snr_csf": 1.7845158822802494,
  "snr_gm": 10.668546679287081,
  "snr_total": 10.611445059634955,
  "snr_wm": 19.381272617337537,
  "snrd_csf": 18.93815174630882,
  "snrd_gm": 54.89905812498355,
  "snrd_total": 51.845470640179855,
  "snrd_wm": 81.69920204924719,
  "spacing_x": 1.0000008344650269,
  "spacing_y": 1.0,
  "spacing_z": 1.0,
  "summary_bg_k": 11.50529992254848,
  "summary_bg_mad": 0.0,
  "summary_bg_mean": 4.66117854278566,
  "summary_bg_median": 0.0,
  "summary_bg_n": 3599260.0,
  "summary_bg_p05": 0.0,
  "summary_bg_p95": 20.142459381371737,
  "summary_bg_stdv": 8.01888363757977,
  "summary_csf_k": 14.045479895720632,
  "summary_csf_mad": 115.39665267498401,
  "summary_csf_mean": 245.18501007441293,
  "summary_csf_median": 231.8033850118518,
  "summary_csf_n": 24058.0,
  "summary_csf_p05": 63.67517282422633,
  "summary_csf_p95": 469.39713744539716,
  "summary_csf_stdv": 129.89437060707445,
  "summary_gm_k": 0.26199021202207895,
  "summary_gm_mad": 59.866384660476555,
  "summary_gm_mean": 672.0968103480653,
  "summary_gm_median": 671.9656531326473,
  "summary_gm_n": 34044.0,
  "summary_gm_p05": 567.0078729838133,
  "summary_gm_p95": 775.972916755639,
  "summary_gm_stdv": 62.98475361116211,
  "summary_wm_k": 0.492512641631476,
  "summary_wm_mad": 48.326719392978156,
  "summary_wm_mean": 999.1651181659921,
  "summary_wm_median": 999.9999916292727,
  "summary_wm_n": 141501.0,
  "summary_wm_p05": 913.0619292408228,
  "summary_wm_p95": 1083.1171190999448,
  "summary_wm_stdv": 51.59601631033139,
  "tpm_overlap_csf": 0.148438800965026,
  "tpm_overlap_gm": 0.48604448886608875,
  "tpm_overlap_wm": 0.4941679203424664,
  "wm2max": 0.41260182391258926
}