{
  "bids_meta": {
    "AcquisitionMatrixPE": 256,
    "AcquisitionNumber": 1,
    "AcquisitionTime": "15:49:43.172500",
    "BaseResolution": 256,
    "BodyPartExamined": "BRAIN",
    "ConsistencyInfo": "N4_VE11C_LATEST_20160120",
    "ConversionSoftware": "dcm2niix",
    "ConversionSoftwareVersion": "v1.0.20171215 GCC4.8.5",
    "DeviceSerialNumber": "45031",
    "DwellTime": 8.2e-06,
    "EchoTime": 0.00298,
    "FlipAngle": 9,
    "ImageOrientationPatientDICOM": [
      0.00863538,
      0.998418,
      -0.0555625,
      0.054751,
      -0.0559533,
      -0.996931
    ],
    "ImageType": [
      "ORIGINAL",
      "PRIMARY",
      "M",
      "ND",
      "NORM"
    ],
    "InPlanePhaseEncodingDirectionDICOM": "ROW",
    "InstitutionAddress": "Washington_and_Faculty_Rd._-_Building_25_25_Princeton_NJ_US_085",
    "InstitutionName": "Princeton_University_-_Neuroscience_Institute",
    "InstitutionalDepartmentName": "Department",
    "InversionTime": 0.9,
    "MRAcquisitionType": "3D",
    "MagneticFieldStrength": 3,
    "Manufacturer": "Siemens",
    "ManufacturersModelName": "Skyra",
    "Modality": "MR",
    "ParallelReductionFactorInPlane": 2,
    "PartialFourier": 1,
    "PatientPosition": "HFS",
    "PercentPhaseFOV": 100,
    "PhaseEncodingSteps": 255,
    "PhaseResolution": 1,
    "PixelBandwidth": 240,
    "ProcedureStepDescription": "TamirL_Mark",
    "ProtocolName": "T1w_MPR_1iso_iP2",
    "PulseSequenceDetails": "%SiemensSeq%_tfl",
    "ReceiveCoilActiveElements": "HC1-7;NC1",
    "ReceiveCoilName": "HeadNeck_64",
    "ReconMatrixPE": 256,
    "RepetitionTime": 2.3,
    "SAR": 0.0687327,
    "ScanOptions": "IR",
    "ScanningSequence": "GR_IR",
    "SequenceName": "_tfl3d1_16ns",
    "SequenceVariant": "SK_SP_MP",
    "SeriesDescription": "T1w_MPR_1iso_iP2",
    "SeriesNumber": 6,
    "ShimSetting": [
      3391,
      8735,
      9160,
      276,
      67,
      -851,
      544,
      79
    ],
    "SliceThickness": 1,
    "SoftwareVersions": "syngo_MR_E11",
    "StationName": "AWP45031",
    "TxRefAmp": 342.526,
    "dataset": "ds004226",
    "modality": "T1w",
    "subject_id": "024"
  },
  "cjv": 0.3644100544180831,
  "cnr": 3.5905962375134886,
  "efc": 0.5250608338890937,
  "fber": 21065.42925288901,
  "fwhm_avg": 3.3876558377867774,
  "fwhm_x": 3.4915175133603333,
  "fwhm_y": 3.4821,
  "fwhm_z": 3.18935,
  "icvs_csf": 0.20763682394270397,
  "icvs_gm": 0.44513972116149525,
  "icvs_wm": 0.34722345489580075,
  "inu_med": 0.6055425405502319,
  "inu_range": 0.22339220941066745,
  "provenance": {
    "md5sum": "1856da89482691860ace6aba71275041",
    "settings": {
      "testing": false
    },
    "software": "mriqc",
    "version": "23.0.0",
    "warnings": {
      "large_rot_frame": true,
      "small_air_mask": false
    },
    "webapi_port": null,
    "webapi_url": "https://mriqc.nimh.nih.gov/api/v1"
  },
  "qi_1": 0.0,
  "qi_2": 0.0011842338896118946,
  "rpve_csf": 24.87698600617796,
  "rpve_gm": 12.34019156498225,
  "rpve_wm": 18.372041621654542,
  "size_x": 176,
  "size_y": 256,
  "size_z": 256,
  "snr_csf": 2.0974200732827812,
  "snr_gm": 8.832932170839815,
  "snr_total": 10.662587322534662,
  "snr_wm": 21.057409723481392,
  "snrd_csf": 22.65154859594219,
  "snrd_gm": 66.28066316855255,
  "snrd_total": 62.33700141233492,
  "snrd_wm": 98.07879247251002,
  "spacing_x": 1.0000035762786865,
  "spacing_y": 1.0,
  "spacing_z": 1.0,
  "summary_bg_k": 10.219897150415417,
  "summary_bg_mad": 0.0,
  "summary_bg_mean": 4.1971328021279355,
  "summary_bg_median": 0.0,
  "summary_bg_n": 3696675.0,
  "summary_bg_p05": 0.0,
  "summary_bg_p95": 16.414238020777702,
  "summary_bg_stdv": 6.679694609583351,
  "summary_csf_k": 2.2407861366188033,
  "summary_csf_mad": 93.92359447615753,
  "summary_csf_mean": 243.6318040398392,
  "summary_csf_median": 230.95255744457245,
  "summary_csf_n": 23385.0,
  "summary_csf_p05": 83.07065190374851,
  "summary_csf_p95": 449.18119736015797,
  "summary_csf_stdv": 110.11033139450707,
  "summary_gm_k": 0.06078967115390732,
  "summary_gm_mad": 73.69126678256778,
  "summary_gm_mean": 674.8263094065165,
  "summary_gm_median": 675.789940059185,
  "summary_gm_n": 22316.0,
  "summary_gm_p05": 546.3500267677009,
  "summary_gm_p95": 802.193027112633,
  "summary_gm_stdv": 76.50628188264069,
  "summary_wm_k": 0.8145924974112586,
  "summary_wm_mad": 44.454128453521164,
  "summary_wm_mean": 1000.1541349549038,
  "summary_wm_median": 999.9999715983868,
  "summary_wm_n": 185668.0,
  "summary_wm_p05": 922.8876496553421,
  "summary_wm_p95": 1077.2276160568,
  "summary_wm_stdv": 47.48909252123549,
  "tpm_overlap_csf": 0.15444809269639925,
  "tpm_overlap_gm": 0.4638364648208586,
  "tpm_overlap_wm": 0.5151449799716626,
  "wm2max": 0.49189132820772147
}