{
  "aor": 0.0004643681318681319,
  "aqi": 0.007987209093406592,
  "bids_meta": {
    "AcquisitionMatrixPE": 78,
    "AcquisitionNumber": 1,
    "AcquisitionTime": "15:45:20.417500",
    "BandwidthPerPixelPhaseEncode": 20.678,
    "BaseResolution": 78,
    "BodyPartExamined": "BRAIN",
    "ConsistencyInfo": "N4_VE11C_LATEST_20160120",
    "ConversionSoftware": "dcm2niix",
    "ConversionSoftwareVersion": "v1.0.20171215 GCC4.8.5",
    "DerivedVendorReportedEchoSpacing": 0.000620007,
    "DeviceSerialNumber": "45031",
    "DwellTime": 3.2e-06,
    "EchoTime": 0.032,
    "EchoTrainLength": 78,
    "EffectiveEchoSpacing": 0.000620007,
    "FlipAngle": 70,
    "ImageOrientationPatientDICOM": [
      0.999568,
      -0.0121038,
      -0.0267768,
      0.0150044,
      0.993715,
      0.110926
    ],
    "ImageType": [
      "ORIGINAL",
      "PRIMARY",
      "M",
      "ND",
      "NORM",
      "MOSAIC"
    ],
    "InPlanePhaseEncodingDirectionDICOM": "COL",
    "InstitutionAddress": "Washington_and_Faculty_Rd._-_Building_25_25_Princeton_NJ_US_085",
    "InstitutionName": "Princeton_University_-_Neuroscience_Institute",
    "InstitutionalDepartmentName": "Department",
    "MRAcquisitionType": "2D",
    "MagneticFieldStrength": 3,
    "Manufacturer": "Siemens",
    "ManufacturersModelName": "Skyra",
    "Modality": "MR",
    "MultibandAccelerationFactor": 4,
    "PartialFourier": 1,
    "PatientPosition": "HFS",
    "PercentPhaseFOV": 100,
    "PhaseEncodingDirection": "j-",
    "PhaseEncodingSteps": 78,
    "PhaseResolution": 1,
    "PixelBandwidth": 2005,
    "ProcedureStepDescription": "TamirL_Mark",
    "ProtocolName": "EPI_2.5mm_1.5TR_32TE_SMS4_Siemens",
    "PulseSequenceDetails": "%SiemensSeq%_ep2d_bold",
    "ReceiveCoilActiveElements": "HC1-7",
    "ReceiveCoilName": "HeadNeck_64",
    "ReconMatrixPE": 78,
    "RepetitionTime": 1.5,
    "SAR": 0.0683468,
    "ScanOptions": "FS",
    "ScanningSequence": "EP",
    "SequenceName": "_epfid2d1_78",
    "SequenceVariant": "SK",
    "SeriesDescription": "EPI_2.5mm_1.5TR_32TE_SMS4_Siemens",
    "SeriesNumber": 18,
    "ShimSetting": [
      3363,
      8700,
      9319,
      552,
      60,
      -374,
      478,
      304
    ],
    "SliceThickness": 2.5,
    "SliceTiming": [
      0.685,
      0,
      0.7975,
      0.115,
      0.9125,
      0.2275,
      1.025,
      0.3425,
      1.14,
      0.455,
      1.2525,
      0.57,
      1.3675,
      0.685,
      0,
      0.7975,
      0.115,
      0.9125,
      0.2275,
      1.025,
      0.3425,
      1.14,
      0.455,
      1.2525,
      0.57,
      1.3675,
      0.685,
      0,
      0.7975,
      0.115,
      0.9125,
      0.2275,
      1.025,
      0.3425,
      1.14,
      0.455,
      1.2525,
      0.57,
      1.3675,
      0.685,
      0,
      0.7975,
      0.115,
      0.9125,
      0.2275,
      1.025,
      0.3425,
      1.14,
      0.455,
      1.2525,
      0.57,
      1.3675
    ],
    "SoftwareVersions": "syngo_MR_E11",
    "SpacingBetweenSlices": 2.5,
    "StationName": "AWP45031",
    "TaskName": "sitrep",
    "TotalReadoutTime": 0.0477406,
    "TxRefAmp": 310.255,
    "dataset": "ds004226",
    "modality": "bold",
    "run_id": 10,
    "subject_id": "031",
    "task_id": "sitrep"
  },
  "dummy_trs": 0,
  "dvars_nstd": 35.96330717862259,
  "dvars_std": 1.4291904096694215,
  "dvars_vstd": 1.0003502554269972,
  "efc": 0.5950382646172161,
  "fber": 2729.546630859375,
  "fd_mean": 0.0732828616867574,
  "fd_num": 2,
  "fd_perc": 0.5494505494505495,
  "fwhm_avg": 1.7510813333333333,
  "fwhm_x": 1.6555279999999999,
  "fwhm_y": 1.880892,
  "fwhm_z": 1.7168240000000001,
  "gcor": 0.014721,
  "gsr_x": -0.02014802396297455,
  "gsr_y": 0.04665355756878853,
  "provenance": {
    "md5sum": "bc3adcc39aeb4a8aba5b6384b59b625d",
    "settings": {
      "fd_thres": 0.2,
      "testing": false
    },
    "software": "mriqc",
    "version": "23.0.0",
    "webapi_port": null,
    "webapi_url": "https://mriqc.nimh.nih.gov/api/v1"
  },
  "size_t": 364,
  "size_x": 78,
  "size_y": 78,
  "size_z": 52,
  "snr": 6.422747976422961,
  "spacing_tr": 1.5,
  "spacing_x": 2.5,
  "spacing_y": 2.5,
  "spacing_z": 2.5,
  "summary_bg_k": 13.186832051095188,
  "summary_bg_mad": 16.881892472909215,
  "summary_bg_mean": 44.02469253540039,
  "summary_bg_median": 13.692133903503418,
  "summary_bg_n": 171546.0,
  "summary_bg_p05": 1.3853590190410614,
  "summary_bg_p95": 194.09084701538086,
  "summary_bg_stdv": 75.30426788330078,
  "summary_fg_k": 1.4271766960143326,
  "summary_fg_mad": 112.78884613469819,
  "summary_fg_mean": 761.1400756835938,
  "summary_fg_median": 756.680419921875,
  "summary_fg_n": 86122.0,
  "summary_fg_p05": 587.882470703125,
  "summary_fg_p95": 957.1948516845702,
  "summary_fg_stdv": 117.81188201904297,
  "tsnr": 66.79240417480469
}