{
  "aor": 0.0003723333333333333,
  "aqi": 0.008329230277777778,
  "bids_meta": {
    "AcquisitionMatrixPE": 78,
    "AcquisitionNumber": 1,
    "AcquisitionTime": "14:44:20.255000",
    "BandwidthPerPixelPhaseEncode": 20.678,
    "BaseResolution": 78,
    "BodyPartExamined": "BRAIN",
    "ConsistencyInfo": "N4_VE11C_LATEST_20160120",
    "ConversionSoftware": "dcm2niix",
    "ConversionSoftwareVersion": "v1.0.20171215 GCC4.8.5",
    "DerivedVendorReportedEchoSpacing": 0.000620007,
    "DeviceSerialNumber": "45031",
    "DwellTime": 3.2e-06,
    "EchoTime": 0.032,
    "EchoTrainLength": 78,
    "EffectiveEchoSpacing": 0.000620007,
    "FlipAngle": 70,
    "ImageOrientationPatientDICOM": [
      0.999568,
      -0.0121038,
      -0.0267768,
      0.0150044,
      0.993715,
      0.110926
    ],
    "ImageType": [
      "ORIGINAL",
      "PRIMARY",
      "M",
      "ND",
      "NORM",
      "MOSAIC"
    ],
    "InPlanePhaseEncodingDirectionDICOM": "COL",
    "InstitutionAddress": "Washington_and_Faculty_Rd._-_Building_25_25_Princeton_NJ_US_085",
    "InstitutionName": "Princeton_University_-_Neuroscience_Institute",
    "InstitutionalDepartmentName": "Department",
    "MRAcquisitionType": "2D",
    "MagneticFieldStrength": 3,
    "Manufacturer": "Siemens",
    "ManufacturersModelName": "Skyra",
    "Modality": "MR",
    "MultibandAccelerationFactor": 4,
    "PartialFourier": 1,
    "PatientPosition": "HFS",
    "PercentPhaseFOV": 100,
    "PhaseEncodingDirection": "j-",
    "PhaseEncodingSteps": 78,
    "PhaseResolution": 1,
    "PixelBandwidth": 2005,
    "ProcedureStepDescription": "TamirL_Mark",
    "ProtocolName": "EPI_2.5mm_1.5TR_32TE_SMS4_Siemens",
    "PulseSequenceDetails": "%SiemensSeq%_ep2d_bold",
    "ReceiveCoilActiveElements": "HC1-7",
    "ReceiveCoilName": "HeadNeck_64",
    "ReconMatrixPE": 78,
    "RepetitionTime": 1.5,
    "SAR": 0.0683468,
    "ScanOptions": "FS",
    "ScanningSequence": "EP",
    "SequenceName": "_epfid2d1_78",
    "SequenceVariant": "SK",
    "SeriesDescription": "EPI_2.5mm_1.5TR_32TE_SMS4_Siemens",
    "SeriesNumber": 12,
    "ShimSetting": [
      3363,
      8700,
      9319,
      552,
      60,
      -374,
      478,
      304
    ],
    "SliceThickness": 2.5,
    "SliceTiming": [
      0.6825,
      0,
      0.7975,
      0.1125,
      0.91,
      0.2275,
      1.025,
      0.3425,
      1.1375,
      0.455,
      1.2525,
      0.57,
      1.365,
      0.6825,
      0,
      0.7975,
      0.1125,
      0.91,
      0.2275,
      1.025,
      0.3425,
      1.1375,
      0.455,
      1.2525,
      0.57,
      1.365,
      0.6825,
      0,
      0.7975,
      0.1125,
      0.91,
      0.2275,
      1.025,
      0.3425,
      1.1375,
      0.455,
      1.2525,
      0.57,
      1.365,
      0.6825,
      0,
      0.7975,
      0.1125,
      0.91,
      0.2275,
      1.025,
      0.3425,
      1.1375,
      0.455,
      1.2525,
      0.57,
      1.365
    ],
    "SoftwareVersions": "syngo_MR_E11",
    "SpacingBetweenSlices": 2.5,
    "StationName": "AWP45031",
    "TaskName": "sitrep",
    "TotalReadoutTime": 0.0477406,
    "TxRefAmp": 310.255,
    "dataset": "ds004226",
    "modality": "bold",
    "run_id": 4,
    "subject_id": "031",
    "task_id": "sitrep"
  },
  "dummy_trs": 4,
  "dvars_nstd": 36.38473418314759,
  "dvars_std": 1.419129415598885,
  "dvars_vstd": 0.9969668481615597,
  "efc": 0.5933575926948553,
  "fber": 2837.001953125,
  "fd_mean": 0.09652878858538412,
  "fd_num": 10,
  "fd_perc": 2.7777777777777777,
  "fwhm_avg": 1.743396,
  "fwhm_x": 1.648252,
  "fwhm_y": 1.88396,
  "fwhm_z": 1.697976,
  "gcor": 0.0159239,
  "gsr_x": -0.02011798322200775,
  "gsr_y": 0.04607582092285156,
  "provenance": {
    "md5sum": "cec45a4e297165143f016a8435fc0ce7",
    "settings": {
      "fd_thres": 0.2,
      "testing": false
    },
    "software": "mriqc",
    "version": "23.0.0",
    "webapi_port": null,
    "webapi_url": "https://mriqc.nimh.nih.gov/api/v1"
  },
  "size_t": 360,
  "size_x": 78,
  "size_y": 78,
  "size_z": 52,
  "snr": 6.37760964744331,
  "spacing_tr": 1.5,
  "spacing_x": 2.5,
  "spacing_y": 2.5,
  "spacing_z": 2.5,
  "summary_bg_k": 13.810250248695482,
  "summary_bg_mad": 16.66772853678712,
  "summary_bg_mean": 43.4265251159668,
  "summary_bg_median": 13.550466537475586,
  "summary_bg_n": 171825.0,
  "summary_bg_p05": 1.373578977584839,
  "summary_bg_p95": 191.55822448730456,
  "summary_bg_stdv": 74.72188568115234,
  "summary_fg_k": 1.464852764146971,
  "summary_fg_mad": 114.74439882287051,
  "summary_fg_mean": 766.8519287109375,
  "summary_fg_median": 762.9474487304688,
  "summary_fg_n": 85980.0,
  "summary_fg_p05": 592.0686828613282,
  "summary_fg_p95": 965.7634399414063,
  "summary_fg_stdv": 119.62836456298828,
  "tsnr": 65.840576171875
}