{
  "aor": 0.000628232044198895,
  "aqi": 0.009325531574585636,
  "bids_meta": {
    "AcquisitionMatrixPE": 78,
    "AcquisitionNumber": 1,
    "AcquisitionTime": "14:34:18.800000",
    "BandwidthPerPixelPhaseEncode": 20.678,
    "BaseResolution": 78,
    "BodyPartExamined": "BRAIN",
    "ConsistencyInfo": "N4_VE11C_LATEST_20160120",
    "ConversionSoftware": "dcm2niix",
    "ConversionSoftwareVersion": "v1.0.20171215 GCC4.8.5",
    "DerivedVendorReportedEchoSpacing": 0.000620007,
    "DeviceSerialNumber": "45031",
    "DwellTime": 3.2e-06,
    "EchoTime": 0.032,
    "EchoTrainLength": 78,
    "EffectiveEchoSpacing": 0.000620007,
    "FlipAngle": 70,
    "ImageOrientationPatientDICOM": [
      0.999568,
      -0.0121038,
      -0.0267768,
      0.0150044,
      0.993715,
      0.110926
    ],
    "ImageType": [
      "ORIGINAL",
      "PRIMARY",
      "M",
      "ND",
      "NORM",
      "MOSAIC"
    ],
    "InPlanePhaseEncodingDirectionDICOM": "COL",
    "InstitutionAddress": "Washington_and_Faculty_Rd._-_Building_25_25_Princeton_NJ_US_085",
    "InstitutionName": "Princeton_University_-_Neuroscience_Institute",
    "InstitutionalDepartmentName": "Department",
    "MRAcquisitionType": "2D",
    "MagneticFieldStrength": 3,
    "Manufacturer": "Siemens",
    "ManufacturersModelName": "Skyra",
    "Modality": "MR",
    "MultibandAccelerationFactor": 4,
    "PartialFourier": 1,
    "PatientPosition": "HFS",
    "PercentPhaseFOV": 100,
    "PhaseEncodingDirection": "j-",
    "PhaseEncodingSteps": 78,
    "PhaseResolution": 1,
    "PixelBandwidth": 2005,
    "ProcedureStepDescription": "TamirL_Mark",
    "ProtocolName": "EPI_2.5mm_1.5TR_32TE_SMS4_Siemens",
    "PulseSequenceDetails": "%SiemensSeq%_ep2d_bold",
    "ReceiveCoilActiveElements": "HC1-7",
    "ReceiveCoilName": "HeadNeck_64",
    "ReconMatrixPE": 78,
    "RepetitionTime": 1.5,
    "SAR": 0.0683468,
    "ScanOptions": "FS",
    "ScanningSequence": "EP",
    "SequenceName": "_epfid2d1_78",
    "SequenceVariant": "SK",
    "SeriesDescription": "EPI_2.5mm_1.5TR_32TE_SMS4_Siemens",
    "SeriesNumber": 11,
    "ShimSetting": [
      3363,
      8700,
      9319,
      552,
      60,
      -374,
      478,
      304
    ],
    "SliceThickness": 2.5,
    "SliceTiming": [
      0.6825,
      0,
      0.7975,
      0.115,
      0.91,
      0.2275,
      1.025,
      0.3425,
      1.14,
      0.455,
      1.2525,
      0.57,
      1.3675,
      0.6825,
      0,
      0.7975,
      0.115,
      0.91,
      0.2275,
      1.025,
      0.3425,
      1.14,
      0.455,
      1.2525,
      0.57,
      1.3675,
      0.6825,
      0,
      0.7975,
      0.115,
      0.91,
      0.2275,
      1.025,
      0.3425,
      1.14,
      0.455,
      1.2525,
      0.57,
      1.3675,
      0.6825,
      0,
      0.7975,
      0.115,
      0.91,
      0.2275,
      1.025,
      0.3425,
      1.14,
      0.455,
      1.2525,
      0.57,
      1.3675
    ],
    "SoftwareVersions": "syngo_MR_E11",
    "SpacingBetweenSlices": 2.5,
    "StationName": "AWP45031",
    "TaskName": "sitrep",
    "TotalReadoutTime": 0.0477406,
    "TxRefAmp": 310.255,
    "dataset": "ds004226",
    "modality": "bold",
    "run_id": 3,
    "subject_id": "031",
    "task_id": "sitrep"
  },
  "dummy_trs": 2,
  "dvars_nstd": 36.22127668216068,
  "dvars_std": 1.4275193099999992,
  "dvars_vstd": 1.0110711356786708,
  "efc": 0.593090675754292,
  "fber": 2824.475830078125,
  "fd_mean": 0.08850618428840774,
  "fd_num": 16,
  "fd_perc": 4.419889502762431,
  "fwhm_avg": 1.7471386666666666,
  "fwhm_x": 1.6518760000000001,
  "fwhm_y": 1.8811520000000002,
  "fwhm_z": 1.708388,
  "gcor": 0.0200399,
  "gsr_x": -0.020658161491155624,
  "gsr_y": 0.04605145752429962,
  "provenance": {
    "md5sum": "85b7b8fc04f80bb664038bfefceb399e",
    "settings": {
      "fd_thres": 0.2,
      "testing": false
    },
    "software": "mriqc",
    "version": "23.0.0",
    "webapi_port": null,
    "webapi_url": "https://mriqc.nimh.nih.gov/api/v1"
  },
  "size_t": 362,
  "size_x": 78,
  "size_y": 78,
  "size_z": 52,
  "snr": 6.40735463113842,
  "spacing_tr": 1.5,
  "spacing_x": 2.5,
  "spacing_y": 2.5,
  "spacing_z": 2.5,
  "summary_bg_k": 13.825911185602088,
  "summary_bg_mad": 16.691684577539665,
  "summary_bg_mean": 43.30167007446289,
  "summary_bg_median": 13.593377113342285,
  "summary_bg_n": 171803.0,
  "summary_bg_p05": 1.4028992176055908,
  "summary_bg_p95": 191.5582336425781,
  "summary_bg_stdv": 74.47169494628906,
  "summary_fg_k": 1.376777321356344,
  "summary_fg_mad": 115.0648269512719,
  "summary_fg_mean": 768.32421875,
  "summary_fg_median": 764.1780395507812,
  "summary_fg_n": 85797.0,
  "summary_fg_p05": 593.4730224609375,
  "summary_fg_p95": 967.4984130859375,
  "summary_fg_stdv": 119.26506805419922,
  "tsnr": 61.64469909667969
}