{
  "aor": 0.0027302479338842975,
  "aqi": 0.028378848209366394,
  "bids_meta": {
    "AcquisitionMatrixPE": 78,
    "AcquisitionNumber": 1,
    "AcquisitionTime": "12:20:12.765000",
    "BandwidthPerPixelPhaseEncode": 20.678,
    "BaseResolution": 78,
    "BodyPartExamined": "BRAIN",
    "ConsistencyInfo": "N4_VE11C_LATEST_20160120",
    "ConversionSoftware": "dcm2niix",
    "ConversionSoftwareVersion": "v1.0.20171215 GCC4.8.5",
    "DerivedVendorReportedEchoSpacing": 0.000620007,
    "DeviceSerialNumber": "45031",
    "DwellTime": 3.2e-06,
    "EchoTime": 0.032,
    "EchoTrainLength": 78,
    "EffectiveEchoSpacing": 0.000620007,
    "FlipAngle": 70,
    "ImageOrientationPatientDICOM": [
      0.999935,
      -0.0110973,
      -0.00247595,
      0.0106462,
      0.99026,
      -0.138819
    ],
    "ImageType": [
      "ORIGINAL",
      "PRIMARY",
      "M",
      "ND",
      "NORM",
      "MOSAIC"
    ],
    "InPlanePhaseEncodingDirectionDICOM": "COL",
    "InstitutionAddress": "Washington_and_Faculty_Rd._-_Building_25_25_Princeton_NJ_US_085",
    "InstitutionName": "Princeton_University_-_Neuroscience_Institute",
    "InstitutionalDepartmentName": "Department",
    "MRAcquisitionType": "2D",
    "MagneticFieldStrength": 3,
    "Manufacturer": "Siemens",
    "ManufacturersModelName": "Skyra",
    "Modality": "MR",
    "MultibandAccelerationFactor": 4,
    "PartialFourier": 1,
    "PatientPosition": "HFS",
    "PercentPhaseFOV": 100,
    "PhaseEncodingDirection": "j-",
    "PhaseEncodingSteps": 78,
    "PhaseResolution": 1,
    "PixelBandwidth": 2005,
    "ProcedureStepDescription": "TamirL_Mark",
    "ProtocolName": "EPI_2.5mm_1.5TR_32TE_SMS4_Siemens",
    "PulseSequenceDetails": "%SiemensSeq%_ep2d_bold",
    "ReceiveCoilActiveElements": "HC1-7",
    "ReceiveCoilName": "HeadNeck_64",
    "ReconMatrixPE": 78,
    "RepetitionTime": 1.5,
    "SAR": 0.0421454,
    "ScanOptions": "FS",
    "ScanningSequence": "EP",
    "SequenceName": "_epfid2d1_78",
    "SequenceVariant": "SK",
    "SeriesDescription": "EPI_2.5mm_1.5TR_32TE_SMS4_Siemens",
    "SeriesNumber": 17,
    "ShimSetting": [
      3366,
      8769,
      9288,
      354,
      -71,
      -105,
      500,
      178
    ],
    "SliceThickness": 2.5,
    "SliceTiming": [
      0.6825,
      0,
      0.795,
      0.1125,
      0.91,
      0.2275,
      1.0225,
      0.34,
      1.1375,
      0.455,
      1.2525,
      0.5675,
      1.365,
      0.6825,
      0,
      0.795,
      0.1125,
      0.91,
      0.2275,
      1.0225,
      0.34,
      1.1375,
      0.455,
      1.2525,
      0.5675,
      1.365,
      0.6825,
      0,
      0.795,
      0.1125,
      0.91,
      0.2275,
      1.0225,
      0.34,
      1.1375,
      0.455,
      1.2525,
      0.5675,
      1.365,
      0.6825,
      0,
      0.795,
      0.1125,
      0.91,
      0.2275,
      1.0225,
      0.34,
      1.1375,
      0.455,
      1.2525,
      0.5675,
      1.365
    ],
    "SoftwareVersions": "syngo_MR_E11",
    "SpacingBetweenSlices": 2.5,
    "StationName": "AWP45031",
    "TaskName": "sitrep",
    "TotalReadoutTime": 0.0477406,
    "TxRefAmp": 332.022,
    "dataset": "ds004226",
    "modality": "bold",
    "run_id": 9,
    "subject_id": "026",
    "task_id": "sitrep"
  },
  "dummy_trs": 1,
  "dvars_nstd": 35.627541968756894,
  "dvars_std": 1.0977469320994482,
  "dvars_vstd": 0.9336781341160225,
  "efc": 0.5750196997120531,
  "fber": 1725.2890625,
  "fd_mean": 0.28480627565963396,
  "fd_num": 218,
  "fd_perc": 60.05509641873278,
  "fwhm_avg": 1.7664133333333332,
  "fwhm_x": 1.682692,
  "fwhm_y": 1.884496,
  "fwhm_z": 1.732052,
  "gcor": 0.0132627,
  "gsr_x": 0.0025971282739192247,
  "gsr_y": 0.04358286038041115,
  "provenance": {
    "md5sum": "88f306372870d78199afc60b67be7c0d",
    "settings": {
      "fd_thres": 0.2,
      "testing": false
    },
    "software": "mriqc",
    "version": "23.0.0",
    "webapi_port": null,
    "webapi_url": "https://mriqc.nimh.nih.gov/api/v1"
  },
  "size_t": 363,
  "size_x": 78,
  "size_y": 78,
  "size_z": 52,
  "snr": 6.452427438607321,
  "spacing_tr": 1.5,
  "spacing_x": 2.5,
  "spacing_y": 2.5,
  "spacing_z": 2.5,
  "summary_bg_k": 14.059921391707721,
  "summary_bg_mad": 22.798504318916315,
  "summary_bg_mean": 52.5330810546875,
  "summary_bg_median": 17.854869842529297,
  "summary_bg_n": 185585.0,
  "summary_bg_p05": 1.421312141418457,
  "summary_bg_p95": 224.2794219970701,
  "summary_bg_stdv": 85.9173583984375,
  "summary_fg_k": 2.403502659213638,
  "summary_fg_mad": 106.2150020144182,
  "summary_fg_mean": 768.56787109375,
  "summary_fg_median": 761.294921875,
  "summary_fg_n": 73653.0,
  "summary_fg_p05": 600.6964965820313,
  "summary_fg_p95": 960.9447021484374,
  "summary_fg_stdv": 117.98501586914062,
  "tsnr": 33.032981872558594
}