{
  "aor": 0.0044959890109890115,
  "aqi": 0.01343334868131868,
  "bids_meta": {
    "AcquisitionMatrixPE": 78,
    "AcquisitionNumber": 1,
    "AcquisitionTime": "16:24:32.915000",
    "BandwidthPerPixelPhaseEncode": 20.678,
    "BaseResolution": 78,
    "BodyPartExamined": "BRAIN",
    "ConsistencyInfo": "N4_VE11C_LATEST_20160120",
    "ConversionSoftware": "dcm2niix",
    "ConversionSoftwareVersion": "v1.0.20171215 GCC4.8.5",
    "DerivedVendorReportedEchoSpacing": 0.000620007,
    "DeviceSerialNumber": "45031",
    "DwellTime": 3.2e-06,
    "EchoTime": 0.032,
    "EchoTrainLength": 78,
    "EffectiveEchoSpacing": 0.000620007,
    "FlipAngle": 70,
    "ImageOrientationPatientDICOM": [
      0.995413,
      0.0705418,
      0.0646323,
      -0.0582668,
      0.982794,
      -0.175276
    ],
    "ImageType": [
      "ORIGINAL",
      "PRIMARY",
      "M",
      "ND",
      "NORM",
      "MOSAIC"
    ],
    "InPlanePhaseEncodingDirectionDICOM": "COL",
    "InstitutionAddress": "Washington_and_Faculty_Rd._-_Building_25_25_Princeton_NJ_US_085",
    "InstitutionName": "Princeton_University_-_Neuroscience_Institute",
    "InstitutionalDepartmentName": "Department",
    "MRAcquisitionType": "2D",
    "MagneticFieldStrength": 3,
    "Manufacturer": "Siemens",
    "ManufacturersModelName": "Skyra",
    "Modality": "MR",
    "MultibandAccelerationFactor": 4,
    "PartialFourier": 1,
    "PatientPosition": "HFS",
    "PercentPhaseFOV": 100,
    "PhaseEncodingDirection": "j-",
    "PhaseEncodingSteps": 78,
    "PhaseResolution": 1,
    "PixelBandwidth": 2005,
    "ProcedureStepDescription": "TamirL_Mark",
    "ProtocolName": "EPI_2.5mm_1.5TR_32TE_SMS4_Siemens",
    "PulseSequenceDetails": "%SiemensSeq%_ep2d_bold",
    "ReceiveCoilActiveElements": "HC1-7",
    "ReceiveCoilName": "HeadNeck_64",
    "ReconMatrixPE": 78,
    "RepetitionTime": 1.5,
    "SAR": 0.0636193,
    "ScanOptions": "FS",
    "ScanningSequence": "EP",
    "SequenceName": "_epfid2d1_78",
    "SequenceVariant": "SK",
    "SeriesDescription": "EPI_2.5mm_1.5TR_32TE_SMS4_Siemens",
    "SeriesNumber": 18,
    "ShimSetting": [
      3361,
      8703,
      9110,
      570,
      204,
      -192,
      587,
      57
    ],
    "SliceThickness": 2.5,
    "SliceTiming": [
      0.6825,
      0,
      0.7975,
      0.115,
      0.9125,
      0.2275,
      1.025,
      0.3425,
      1.14,
      0.455,
      1.2525,
      0.57,
      1.3675,
      0.6825,
      0,
      0.7975,
      0.115,
      0.9125,
      0.2275,
      1.025,
      0.3425,
      1.14,
      0.455,
      1.2525,
      0.57,
      1.3675,
      0.6825,
      0,
      0.7975,
      0.115,
      0.9125,
      0.2275,
      1.025,
      0.3425,
      1.14,
      0.455,
      1.2525,
      0.57,
      1.3675,
      0.6825,
      0,
      0.7975,
      0.115,
      0.9125,
      0.2275,
      1.025,
      0.3425,
      1.14,
      0.455,
      1.2525,
      0.57,
      1.3675
    ],
    "SoftwareVersions": "syngo_MR_E11",
    "SpacingBetweenSlices": 2.5,
    "StationName": "AWP45031",
    "TaskName": "sitrep",
    "TotalReadoutTime": 0.0477406,
    "TxRefAmp": 320.526,
    "dataset": "ds004226",
    "modality": "bold",
    "run_id": 10,
    "subject_id": "013",
    "task_id": "sitrep"
  },
  "dummy_trs": 0,
  "dvars_nstd": 30.821921718925612,
  "dvars_std": 1.363974725619835,
  "dvars_vstd": 1.050643330385675,
  "efc": 0.5769849048188715,
  "fber": 2625.92041015625,
  "fd_mean": 0.13887075710034097,
  "fd_num": 44,
  "fd_perc": 12.087912087912088,
  "fwhm_avg": 1.7987213333333336,
  "fwhm_x": 1.696908,
  "fwhm_y": 1.935724,
  "fwhm_z": 1.763532,
  "gcor": 0.0421256,
  "gsr_x": -0.00801493413746357,
  "gsr_y": 0.04574938490986824,
  "provenance": {
    "md5sum": "88f43f0c36e261bc58a829db83e76393",
    "settings": {
      "fd_thres": 0.2,
      "testing": false
    },
    "software": "mriqc",
    "version": "23.0.0",
    "webapi_port": null,
    "webapi_url": "https://mriqc.nimh.nih.gov/api/v1"
  },
  "size_t": 364,
  "size_x": 78,
  "size_y": 78,
  "size_z": 52,
  "snr": 7.275293234031639,
  "spacing_tr": 1.5,
  "spacing_x": 2.5,
  "spacing_y": 2.5,
  "spacing_z": 2.5,
  "summary_bg_k": 17.990844291342132,
  "summary_bg_mad": 20.039967039264585,
  "summary_bg_mean": 52.39147186279297,
  "summary_bg_median": 15.611891746520996,
  "summary_bg_n": 182678.0,
  "summary_bg_p05": 1.253096455335617,
  "summary_bg_p95": 229.35879592895495,
  "summary_bg_stdv": 91.11852264404297,
  "summary_fg_k": 3.3080430263591465,
  "summary_fg_mad": 96.15327826095464,
  "summary_fg_mean": 818.1649169921875,
  "summary_fg_median": 815.7515869140625,
  "summary_fg_n": 76430.0,
  "summary_fg_p05": 653.0527374267579,
  "summary_fg_p95": 992.1940612792969,
  "summary_fg_stdv": 112.12554931640625,
  "tsnr": 59.3501091003418
}