{
  "aor": 0.0008749725274725275,
  "aqi": 0.01743329730769231,
  "bids_meta": {
    "AcquisitionMatrixPE": 78,
    "AcquisitionNumber": 1,
    "AcquisitionTime": "15:15:26.600000",
    "BandwidthPerPixelPhaseEncode": 20.678,
    "BaseResolution": 78,
    "BodyPartExamined": "BRAIN",
    "ConsistencyInfo": "N4_VE11C_LATEST_20160120",
    "ConversionSoftware": "dcm2niix",
    "ConversionSoftwareVersion": "v1.0.20171215 GCC4.8.5",
    "DerivedVendorReportedEchoSpacing": 0.000620007,
    "DeviceSerialNumber": "45031",
    "DwellTime": 3.2e-06,
    "EchoTime": 0.032,
    "EchoTrainLength": 78,
    "EffectiveEchoSpacing": 0.000620007,
    "FlipAngle": 70,
    "ImageOrientationPatientDICOM": [
      0.995413,
      0.0705418,
      0.0646323,
      -0.0582668,
      0.982794,
      -0.175276
    ],
    "ImageType": [
      "ORIGINAL",
      "PRIMARY",
      "M",
      "ND",
      "NORM",
      "MOSAIC"
    ],
    "InPlanePhaseEncodingDirectionDICOM": "COL",
    "InstitutionAddress": "Washington_and_Faculty_Rd._-_Building_25_25_Princeton_NJ_US_085",
    "InstitutionName": "Princeton_University_-_Neuroscience_Institute",
    "InstitutionalDepartmentName": "Department",
    "MRAcquisitionType": "2D",
    "MagneticFieldStrength": 3,
    "Manufacturer": "Siemens",
    "ManufacturersModelName": "Skyra",
    "Modality": "MR",
    "MultibandAccelerationFactor": 4,
    "PartialFourier": 1,
    "PatientPosition": "HFS",
    "PercentPhaseFOV": 100,
    "PhaseEncodingDirection": "j-",
    "PhaseEncodingSteps": 78,
    "PhaseResolution": 1,
    "PixelBandwidth": 2005,
    "ProcedureStepDescription": "TamirL_Mark",
    "ProtocolName": "EPI_2.5mm_1.5TR_32TE_SMS4_Siemens",
    "PulseSequenceDetails": "%SiemensSeq%_ep2d_bold",
    "ReceiveCoilActiveElements": "HC1-7",
    "ReceiveCoilName": "HeadNeck_64",
    "ReconMatrixPE": 78,
    "RepetitionTime": 1.5,
    "SAR": 0.0636193,
    "ScanOptions": "FS",
    "ScanningSequence": "EP",
    "SequenceName": "_epfid2d1_78",
    "SequenceVariant": "SK",
    "SeriesDescription": "EPI_2.5mm_1.5TR_32TE_SMS4_Siemens",
    "SeriesNumber": 11,
    "ShimSetting": [
      3361,
      8703,
      9110,
      570,
      204,
      -192,
      587,
      57
    ],
    "SliceThickness": 2.5,
    "SliceTiming": [
      0.6825,
      0,
      0.7975,
      0.115,
      0.9125,
      0.2275,
      1.025,
      0.3425,
      1.14,
      0.455,
      1.2525,
      0.57,
      1.3675,
      0.6825,
      0,
      0.7975,
      0.115,
      0.9125,
      0.2275,
      1.025,
      0.3425,
      1.14,
      0.455,
      1.2525,
      0.57,
      1.3675,
      0.6825,
      0,
      0.7975,
      0.115,
      0.9125,
      0.2275,
      1.025,
      0.3425,
      1.14,
      0.455,
      1.2525,
      0.57,
      1.3675,
      0.6825,
      0,
      0.7975,
      0.115,
      0.9125,
      0.2275,
      1.025,
      0.3425,
      1.14,
      0.455,
      1.2525,
      0.57,
      1.3675
    ],
    "SoftwareVersions": "syngo_MR_E11",
    "SpacingBetweenSlices": 2.5,
    "StationName": "AWP45031",
    "TaskName": "sitrep",
    "TotalReadoutTime": 0.0477406,
    "TxRefAmp": 320.526,
    "dataset": "ds004226",
    "modality": "bold",
    "run_id": 3,
    "subject_id": "013",
    "task_id": "sitrep"
  },
  "dummy_trs": 0,
  "dvars_nstd": 28.55615337889806,
  "dvars_std": 1.2551848037741042,
  "dvars_vstd": 0.9937696129201105,
  "efc": 0.5751880479416431,
  "fber": 2747.681396484375,
  "fd_mean": 0.12235559073027256,
  "fd_num": 49,
  "fd_perc": 13.461538461538462,
  "fwhm_avg": 1.80884,
  "fwhm_x": 1.7054639999999999,
  "fwhm_y": 1.937568,
  "fwhm_z": 1.7834879999999997,
  "gcor": 0.0611772,
  "gsr_x": -0.008690997026860714,
  "gsr_y": 0.04725561663508415,
  "provenance": {
    "md5sum": "2be5de6b87be68e8f604c5463b72c5bf",
    "settings": {
      "fd_thres": 0.2,
      "testing": false
    },
    "software": "mriqc",
    "version": "23.0.0",
    "webapi_port": null,
    "webapi_url": "https://mriqc.nimh.nih.gov/api/v1"
  },
  "size_t": 364,
  "size_x": 78,
  "size_y": 78,
  "size_z": 52,
  "snr": 7.293752439638571,
  "spacing_tr": 1.5,
  "spacing_x": 2.5,
  "spacing_y": 2.5,
  "spacing_z": 2.5,
  "summary_bg_k": 19.254571244623644,
  "summary_bg_mad": 19.448169022589045,
  "summary_bg_mean": 51.72046661376953,
  "summary_bg_median": 15.237964630126953,
  "summary_bg_n": 182751.0,
  "summary_bg_p05": 1.2331496477127075,
  "summary_bg_p95": 227.07878875732422,
  "summary_bg_stdv": 92.28358459472656,
  "summary_fg_k": 3.3567522971648245,
  "summary_fg_mad": 95.98763474527016,
  "summary_fg_mean": 823.724365234375,
  "summary_fg_median": 821.714111328125,
  "summary_fg_n": 76252.0,
  "summary_fg_p05": 657.2489593505859,
  "summary_fg_p95": 999.0409545898436,
  "summary_fg_stdv": 112.65925598144531,
  "tsnr": 52.41339111328125
}