{
  "aor": 0.0011825274725274725,
  "aqi": 0.015016037280219783,
  "bids_meta": {
    "AcquisitionMatrixPE": 78,
    "AcquisitionNumber": 1,
    "AcquisitionTime": "14:54:20.600000",
    "BandwidthPerPixelPhaseEncode": 20.678,
    "BaseResolution": 78,
    "BodyPartExamined": "BRAIN",
    "ConsistencyInfo": "N4_VE11C_LATEST_20160120",
    "ConversionSoftware": "dcm2niix",
    "ConversionSoftwareVersion": "v1.0.20171215 GCC4.8.5",
    "DerivedVendorReportedEchoSpacing": 0.000620007,
    "DeviceSerialNumber": "45031",
    "DwellTime": 3.2e-06,
    "EchoTime": 0.032,
    "EchoTrainLength": 78,
    "EffectiveEchoSpacing": 0.000620007,
    "FlipAngle": 70,
    "ImageOrientationPatientDICOM": [
      0.995413,
      0.0705418,
      0.0646323,
      -0.0582668,
      0.982794,
      -0.175276
    ],
    "ImageType": [
      "ORIGINAL",
      "PRIMARY",
      "M",
      "ND",
      "NORM",
      "MOSAIC"
    ],
    "InPlanePhaseEncodingDirectionDICOM": "COL",
    "InstitutionAddress": "Washington_and_Faculty_Rd._-_Building_25_25_Princeton_NJ_US_085",
    "InstitutionName": "Princeton_University_-_Neuroscience_Institute",
    "InstitutionalDepartmentName": "Department",
    "MRAcquisitionType": "2D",
    "MagneticFieldStrength": 3,
    "Manufacturer": "Siemens",
    "ManufacturersModelName": "Skyra",
    "Modality": "MR",
    "MultibandAccelerationFactor": 4,
    "PartialFourier": 1,
    "PatientPosition": "HFS",
    "PercentPhaseFOV": 100,
    "PhaseEncodingDirection": "j-",
    "PhaseEncodingSteps": 78,
    "PhaseResolution": 1,
    "PixelBandwidth": 2005,
    "ProcedureStepDescription": "TamirL_Mark",
    "ProtocolName": "EPI_2.5mm_1.5TR_32TE_SMS4_Siemens",
    "PulseSequenceDetails": "%SiemensSeq%_ep2d_bold",
    "ReceiveCoilActiveElements": "HC1-7",
    "ReceiveCoilName": "HeadNeck_64",
    "ReconMatrixPE": 78,
    "RepetitionTime": 1.5,
    "SAR": 0.0636193,
    "ScanOptions": "FS",
    "ScanningSequence": "EP",
    "SequenceName": "_epfid2d1_78",
    "SequenceVariant": "SK",
    "SeriesDescription": "EPI_2.5mm_1.5TR_32TE_SMS4_Siemens",
    "SeriesNumber": 9,
    "ShimSetting": [
      3361,
      8703,
      9110,
      570,
      204,
      -192,
      587,
      57
    ],
    "SliceThickness": 2.5,
    "SliceTiming": [
      0.685,
      0,
      0.7975,
      0.115,
      0.9125,
      0.2275,
      1.025,
      0.3425,
      1.14,
      0.455,
      1.2525,
      0.57,
      1.3675,
      0.685,
      0,
      0.7975,
      0.115,
      0.9125,
      0.2275,
      1.025,
      0.3425,
      1.14,
      0.455,
      1.2525,
      0.57,
      1.3675,
      0.685,
      0,
      0.7975,
      0.115,
      0.9125,
      0.2275,
      1.025,
      0.3425,
      1.14,
      0.455,
      1.2525,
      0.57,
      1.3675,
      0.685,
      0,
      0.7975,
      0.115,
      0.9125,
      0.2275,
      1.025,
      0.3425,
      1.14,
      0.455,
      1.2525,
      0.57,
      1.3675
    ],
    "SoftwareVersions": "syngo_MR_E11",
    "SpacingBetweenSlices": 2.5,
    "StationName": "AWP45031",
    "TaskName": "sitrep",
    "TotalReadoutTime": 0.0477406,
    "TxRefAmp": 320.526,
    "dataset": "ds004226",
    "modality": "bold",
    "run_id": 1,
    "subject_id": "013",
    "task_id": "sitrep"
  },
  "dummy_trs": 0,
  "dvars_nstd": 27.76127511548211,
  "dvars_std": 1.2409037158126721,
  "dvars_vstd": 1.0070798839393946,
  "efc": 0.5737284016163153,
  "fber": 2882.792236328125,
  "fd_mean": 0.12396529545788666,
  "fd_num": 38,
  "fd_perc": 10.43956043956044,
  "fwhm_avg": 1.815332,
  "fwhm_x": 1.703452,
  "fwhm_y": 1.959588,
  "fwhm_z": 1.782956,
  "gcor": 0.0537398,
  "gsr_x": -0.00818591471761465,
  "gsr_y": 0.047964565455913544,
  "provenance": {
    "md5sum": "a0e664f99dd902f76ea44b9c1c1928fa",
    "settings": {
      "fd_thres": 0.2,
      "testing": false
    },
    "software": "mriqc",
    "version": "23.0.0",
    "webapi_port": null,
    "webapi_url": "https://mriqc.nimh.nih.gov/api/v1"
  },
  "size_t": 364,
  "size_x": 78,
  "size_y": 78,
  "size_z": 52,
  "snr": 7.214048424257275,
  "spacing_tr": 1.5,
  "spacing_x": 2.5,
  "spacing_y": 2.5,
  "spacing_z": 2.5,
  "summary_bg_k": 19.451659853534757,
  "summary_bg_mad": 19.185323832668328,
  "summary_bg_mean": 51.441123962402344,
  "summary_bg_median": 15.015058517456055,
  "summary_bg_n": 182840.0,
  "summary_bg_p05": 1.21040655374527,
  "summary_bg_p95": 226.82965545654287,
  "summary_bg_stdv": 92.60424041748047,
  "summary_fg_k": 3.2014417761240797,
  "summary_fg_mad": 98.49264792360154,
  "summary_fg_mean": 830.359375,
  "summary_fg_median": 827.872314453125,
  "summary_fg_n": 76104.0,
  "summary_fg_p05": 661.9162139892578,
  "summary_fg_p95": 1009.1019500732422,
  "summary_fg_stdv": 114.75759887695312,
  "tsnr": 54.80684280395508
}