{
  "aor": 0.002417087912087912,
  "aqi": 0.014410437692307692,
  "bids_meta": {
    "AcquisitionMatrixPE": 78,
    "AcquisitionNumber": 1,
    "AcquisitionTime": "15:55:49.455000",
    "BandwidthPerPixelPhaseEncode": 20.678,
    "BaseResolution": 78,
    "BodyPartExamined": "BRAIN",
    "ConsistencyInfo": "N4_VE11C_LATEST_20160120",
    "ConversionSoftware": "dcm2niix",
    "ConversionSoftwareVersion": "v1.0.20171215 GCC4.8.5",
    "DerivedVendorReportedEchoSpacing": 0.000620007,
    "DeviceSerialNumber": "45031",
    "DwellTime": 3.2e-06,
    "EchoTime": 0.032,
    "EchoTrainLength": 78,
    "EffectiveEchoSpacing": 0.000620007,
    "FlipAngle": 70,
    "ImageOrientationPatientDICOM": [
      0.995413,
      0.0705418,
      0.0646323,
      -0.0582668,
      0.982794,
      -0.175276
    ],
    "ImageType": [
      "ORIGINAL",
      "PRIMARY",
      "M",
      "ND",
      "NORM",
      "MOSAIC"
    ],
    "InPlanePhaseEncodingDirectionDICOM": "COL",
    "InstitutionAddress": "Washington_and_Faculty_Rd._-_Building_25_25_Princeton_NJ_US_085",
    "InstitutionName": "Princeton_University_-_Neuroscience_Institute",
    "InstitutionalDepartmentName": "Department",
    "MRAcquisitionType": "2D",
    "MagneticFieldStrength": 3,
    "Manufacturer": "Siemens",
    "ManufacturersModelName": "Skyra",
    "Modality": "MR",
    "MultibandAccelerationFactor": 4,
    "PartialFourier": 1,
    "PatientPosition": "HFS",
    "PercentPhaseFOV": 100,
    "PhaseEncodingDirection": "j-",
    "PhaseEncodingSteps": 78,
    "PhaseResolution": 1,
    "PixelBandwidth": 2005,
    "ProcedureStepDescription": "TamirL_Mark",
    "ProtocolName": "EPI_2.5mm_1.5TR_32TE_SMS4_Siemens",
    "PulseSequenceDetails": "%SiemensSeq%_ep2d_bold",
    "ReceiveCoilActiveElements": "HC1-7",
    "ReceiveCoilName": "HeadNeck_64",
    "ReconMatrixPE": 78,
    "RepetitionTime": 1.5,
    "SAR": 0.0636193,
    "ScanOptions": "FS",
    "ScanningSequence": "EP",
    "SequenceName": "_epfid2d1_78",
    "SequenceVariant": "SK",
    "SeriesDescription": "EPI_2.5mm_1.5TR_32TE_SMS4_Siemens",
    "SeriesNumber": 15,
    "ShimSetting": [
      3361,
      8703,
      9110,
      570,
      204,
      -192,
      587,
      57
    ],
    "SliceThickness": 2.5,
    "SliceTiming": [
      0.6825,
      0,
      0.795,
      0.1125,
      0.91,
      0.2275,
      1.0225,
      0.34,
      1.1375,
      0.455,
      1.2525,
      0.5675,
      1.365,
      0.6825,
      0,
      0.795,
      0.1125,
      0.91,
      0.2275,
      1.0225,
      0.34,
      1.1375,
      0.455,
      1.2525,
      0.5675,
      1.365,
      0.6825,
      0,
      0.795,
      0.1125,
      0.91,
      0.2275,
      1.0225,
      0.34,
      1.1375,
      0.455,
      1.2525,
      0.5675,
      1.365,
      0.6825,
      0,
      0.795,
      0.1125,
      0.91,
      0.2275,
      1.0225,
      0.34,
      1.1375,
      0.455,
      1.2525,
      0.5675,
      1.365
    ],
    "SoftwareVersions": "syngo_MR_E11",
    "SpacingBetweenSlices": 2.5,
    "StationName": "AWP45031",
    "TaskName": "sitrep",
    "TotalReadoutTime": 0.0477406,
    "TxRefAmp": 320.526,
    "dataset": "ds004226",
    "modality": "bold",
    "run_id": 7,
    "subject_id": "013",
    "task_id": "sitrep"
  },
  "dummy_trs": 0,
  "dvars_nstd": 30.560578427713505,
  "dvars_std": 1.3360772664187337,
  "dvars_vstd": 1.0268263176859505,
  "efc": 0.5765601271402195,
  "fber": 2616.08544921875,
  "fd_mean": 0.13115127925315168,
  "fd_num": 53,
  "fd_perc": 14.56043956043956,
  "fwhm_avg": 1.8099493333333332,
  "fwhm_x": 1.701476,
  "fwhm_y": 1.9370239999999999,
  "fwhm_z": 1.791348,
  "gcor": 0.0593695,
  "gsr_x": -0.008902354165911674,
  "gsr_y": 0.04664230719208717,
  "provenance": {
    "md5sum": "a21d08ea9e264057f0e6591a9c9a5c58",
    "settings": {
      "fd_thres": 0.2,
      "testing": false
    },
    "software": "mriqc",
    "version": "23.0.0",
    "webapi_port": null,
    "webapi_url": "https://mriqc.nimh.nih.gov/api/v1"
  },
  "size_t": 364,
  "size_x": 78,
  "size_y": 78,
  "size_z": 52,
  "snr": 7.375765483220089,
  "spacing_tr": 1.5,
  "spacing_x": 2.5,
  "spacing_y": 2.5,
  "spacing_z": 2.5,
  "summary_bg_k": 19.63303325916793,
  "summary_bg_mad": 19.798786810031817,
  "summary_bg_mean": 52.036190032958984,
  "summary_bg_median": 15.55858039855957,
  "summary_bg_n": 182536.0,
  "summary_bg_p05": 1.276106595993042,
  "summary_bg_p95": 227.9427490234375,
  "summary_bg_stdv": 92.34423828125,
  "summary_fg_k": 3.255196348567887,
  "summary_fg_mad": 95.77090914020907,
  "summary_fg_mean": 821.236572265625,
  "summary_fg_median": 819.0910034179688,
  "summary_fg_n": 76426.0,
  "summary_fg_p05": 656.5513763427734,
  "summary_fg_p95": 993.8951263427734,
  "summary_fg_stdv": 111.05093383789062,
  "tsnr": 58.464515686035156
}