{
  "aor": 0.0009143333333333334,
  "aqi": 0.011740879444444444,
  "bids_meta": {
    "AcquisitionMatrixPE": 78,
    "AcquisitionNumber": 1,
    "AcquisitionTime": "15:04:45.087500",
    "BandwidthPerPixelPhaseEncode": 20.678,
    "BaseResolution": 78,
    "BodyPartExamined": "BRAIN",
    "ConsistencyInfo": "N4_VE11C_LATEST_20160120",
    "ConversionSoftware": "dcm2niix",
    "ConversionSoftwareVersion": "v1.0.20171215 GCC4.8.5",
    "DerivedVendorReportedEchoSpacing": 0.000620007,
    "DeviceSerialNumber": "45031",
    "DwellTime": 3.2e-06,
    "EchoTime": 0.032,
    "EchoTrainLength": 78,
    "EffectiveEchoSpacing": 0.000620007,
    "FlipAngle": 70,
    "ImageOrientationPatientDICOM": [
      0.995413,
      0.0705418,
      0.0646323,
      -0.0582668,
      0.982794,
      -0.175276
    ],
    "ImageType": [
      "ORIGINAL",
      "PRIMARY",
      "M",
      "ND",
      "NORM",
      "MOSAIC"
    ],
    "InPlanePhaseEncodingDirectionDICOM": "COL",
    "InstitutionAddress": "Washington_and_Faculty_Rd._-_Building_25_25_Princeton_NJ_US_085",
    "InstitutionName": "Princeton_University_-_Neuroscience_Institute",
    "InstitutionalDepartmentName": "Department",
    "MRAcquisitionType": "2D",
    "MagneticFieldStrength": 3,
    "Manufacturer": "Siemens",
    "ManufacturersModelName": "Skyra",
    "Modality": "MR",
    "MultibandAccelerationFactor": 4,
    "PartialFourier": 1,
    "PatientPosition": "HFS",
    "PercentPhaseFOV": 100,
    "PhaseEncodingDirection": "j-",
    "PhaseEncodingSteps": 78,
    "PhaseResolution": 1,
    "PixelBandwidth": 2005,
    "ProcedureStepDescription": "TamirL_Mark",
    "ProtocolName": "EPI_2.5mm_1.5TR_32TE_SMS4_Siemens",
    "PulseSequenceDetails": "%SiemensSeq%_ep2d_bold",
    "ReceiveCoilActiveElements": "HC1-7",
    "ReceiveCoilName": "HeadNeck_64",
    "ReconMatrixPE": 78,
    "RepetitionTime": 1.5,
    "SAR": 0.0636193,
    "ScanOptions": "FS",
    "ScanningSequence": "EP",
    "SequenceName": "_epfid2d1_78",
    "SequenceVariant": "SK",
    "SeriesDescription": "EPI_2.5mm_1.5TR_32TE_SMS4_Siemens",
    "SeriesNumber": 10,
    "ShimSetting": [
      3361,
      8703,
      9110,
      570,
      204,
      -192,
      587,
      57
    ],
    "SliceThickness": 2.5,
    "SliceTiming": [
      0.6825,
      0,
      0.7975,
      0.1125,
      0.91,
      0.2275,
      1.025,
      0.34,
      1.1375,
      0.455,
      1.2525,
      0.57,
      1.365,
      0.6825,
      0,
      0.7975,
      0.1125,
      0.91,
      0.2275,
      1.025,
      0.34,
      1.1375,
      0.455,
      1.2525,
      0.57,
      1.365,
      0.6825,
      0,
      0.7975,
      0.1125,
      0.91,
      0.2275,
      1.025,
      0.34,
      1.1375,
      0.455,
      1.2525,
      0.57,
      1.365,
      0.6825,
      0,
      0.7975,
      0.1125,
      0.91,
      0.2275,
      1.025,
      0.34,
      1.1375,
      0.455,
      1.2525,
      0.57,
      1.365
    ],
    "SoftwareVersions": "syngo_MR_E11",
    "SpacingBetweenSlices": 2.5,
    "StationName": "AWP45031",
    "TaskName": "sitrep",
    "TotalReadoutTime": 0.0477406,
    "TxRefAmp": 320.526,
    "dataset": "ds004226",
    "modality": "bold",
    "run_id": 2,
    "subject_id": "013",
    "task_id": "sitrep"
  },
  "dummy_trs": 4,
  "dvars_nstd": 28.209839600278556,
  "dvars_std": 1.3035647743175498,
  "dvars_vstd": 1.0193304159888577,
  "efc": 0.5735551866423032,
  "fber": 2932.774658203125,
  "fd_mean": 0.09719232196402673,
  "fd_num": 15,
  "fd_perc": 4.166666666666667,
  "fwhm_avg": 1.8116586666666665,
  "fwhm_x": 1.705752,
  "fwhm_y": 1.94482,
  "fwhm_z": 1.7844039999999999,
  "gcor": 0.0621217,
  "gsr_x": -0.008528776466846466,
  "gsr_y": 0.046657588332891464,
  "provenance": {
    "md5sum": "e188c07ca459ec294359d8d4ce086488",
    "settings": {
      "fd_thres": 0.2,
      "testing": false
    },
    "software": "mriqc",
    "version": "23.0.0",
    "webapi_port": null,
    "webapi_url": "https://mriqc.nimh.nih.gov/api/v1"
  },
  "size_t": 360,
  "size_x": 78,
  "size_y": 78,
  "size_z": 52,
  "snr": 7.236535693884321,
  "spacing_tr": 1.5,
  "spacing_x": 2.5,
  "spacing_y": 2.5,
  "spacing_z": 2.5,
  "summary_bg_k": 18.991472765433148,
  "summary_bg_mad": 19.041713427002552,
  "summary_bg_mean": 51.26872253417969,
  "summary_bg_median": 14.899672508239746,
  "summary_bg_n": 182921.0,
  "summary_bg_p05": 1.2100188732147217,
  "summary_bg_p95": 226.73727416992188,
  "summary_bg_stdv": 91.91057586669922,
  "summary_fg_k": 3.052948644000515,
  "summary_fg_mad": 98.90867964354658,
  "summary_fg_mean": 829.2852172851562,
  "summary_fg_median": 827.7258911132812,
  "summary_fg_n": 76116.0,
  "summary_fg_p05": 657.8369598388672,
  "summary_fg_p95": 1005.8839569091797,
  "summary_fg_stdv": 114.3807601928711,
  "tsnr": 63.782958984375
}