{
  "bids_meta": {
    "AcquisitionMatrixPE": 256,
    "AcquisitionNumber": 1,
    "AcquisitionTime": "14:05:0.417500",
    "BaseResolution": 256,
    "BodyPartExamined": "BRAIN",
    "ConsistencyInfo": "N4_VE11C_LATEST_20160120",
    "ConversionSoftware": "dcm2niix",
    "ConversionSoftwareVersion": "v1.0.20171215 GCC4.8.5",
    "DeviceSerialNumber": "45031",
    "DwellTime": 8.2e-06,
    "EchoTime": 0.00298,
    "FlipAngle": 9,
    "ImageOrientationPatientDICOM": [
      0.0150385,
      0.993717,
      0.110909,
      -0.0252662,
      0.111264,
      -0.99347
    ],
    "ImageType": [
      "ORIGINAL",
      "PRIMARY",
      "M",
      "ND",
      "NORM"
    ],
    "InPlanePhaseEncodingDirectionDICOM": "ROW",
    "InstitutionAddress": "Washington_and_Faculty_Rd._-_Building_25_25_Princeton_NJ_US_085",
    "InstitutionName": "Princeton_University_-_Neuroscience_Institute",
    "InstitutionalDepartmentName": "Department",
    "InversionTime": 0.9,
    "MRAcquisitionType": "3D",
    "MagneticFieldStrength": 3,
    "Manufacturer": "Siemens",
    "ManufacturersModelName": "Skyra",
    "Modality": "MR",
    "ParallelReductionFactorInPlane": 2,
    "PartialFourier": 1,
    "PatientPosition": "HFS",
    "PercentPhaseFOV": 100,
    "PhaseEncodingSteps": 255,
    "PhaseResolution": 1,
    "PixelBandwidth": 240,
    "ProcedureStepDescription": "TamirL_Mark",
    "ProtocolName": "T1w_MPR_1iso_iP2",
    "PulseSequenceDetails": "%SiemensSeq%_tfl",
    "ReceiveCoilActiveElements": "HC1-7;NC1",
    "ReceiveCoilName": "HeadNeck_64",
    "ReconMatrixPE": 256,
    "RepetitionTime": 2.3,
    "SAR": 0.076302,
    "ScanOptions": "IR",
    "ScanningSequence": "GR_IR",
    "SequenceName": "_tfl3d1_16ns",
    "SequenceVariant": "SK_SP_MP",
    "SeriesDescription": "T1w_MPR_1iso_iP2",
    "SeriesNumber": 6,
    "ShimSetting": [
      3365,
      8616,
      9112,
      305,
      120,
      -944,
      621,
      237
    ],
    "SliceThickness": 1,
    "SoftwareVersions": "syngo_MR_E11",
    "StationName": "AWP45031",
    "TxRefAmp": 310.255,
    "dataset": "ds004226",
    "modality": "T1w",
    "subject_id": "031"
  },
  "cjv": 0.33500817795067583,
  "cnr": 3.877580918804459,
  "efc": 0.5100007964050571,
  "fber": -1.0,
  "fwhm_avg": 3.6666732186318476,
  "fwhm_x": 3.767419655895543,
  "fwhm_y": 3.78149,
  "fwhm_z": 3.45111,
  "icvs_csf": 0.20081851154223487,
  "icvs_gm": 0.4506284972611587,
  "icvs_wm": 0.34855299119660643,
  "inu_med": 0.6141223907470703,
  "inu_range": 0.2495256423950195,
  "provenance": {
    "md5sum": "fbd638490cbd45b08f85ff953b11b219",
    "settings": {
      "testing": false
    },
    "software": "mriqc",
    "version": "23.0.0",
    "warnings": {
      "large_rot_frame": true,
      "small_air_mask": false
    },
    "webapi_port": null,
    "webapi_url": "https://mriqc.nimh.nih.gov/api/v1"
  },
  "qi_1": 0.0,
  "qi_2": 0.0012065749633047682,
  "rpve_csf": 22.636717120700254,
  "rpve_gm": 10.743582134408719,
  "rpve_wm": 15.566663857000691,
  "size_x": 176,
  "size_y": 256,
  "size_z": 256,
  "snr_csf": 1.3196314937252092,
  "snr_gm": 9.504051438887025,
  "snr_total": 10.358556882292712,
  "snr_wm": 20.2519877142659,
  "snrd_csf": 16.41611838589712,
  "snrd_gm": 68.02348268171936,
  "snrd_total": 62.16673853317002,
  "snrd_wm": 102.06061453189356,
  "spacing_x": 0.9999974370002747,
  "spacing_y": 1.0,
  "spacing_z": 1.0,
  "summary_bg_k": 9.846932323823712,
  "summary_bg_mad": 0.0,
  "summary_bg_mean": 3.6213649741041363,
  "summary_bg_median": 0.0,
  "summary_bg_n": 3968749.0,
  "summary_bg_p05": 0.0,
  "summary_bg_p95": 17.233579996973276,
  "summary_bg_stdv": 6.419091046208124,
  "summary_csf_k": 3.6719805100194423,
  "summary_csf_mad": 106.02469806640507,
  "summary_csf_mean": 190.98732972883315,
  "summary_csf_median": 160.84674663841724,
  "summary_csf_n": 41108.0,
  "summary_csf_p05": 46.74099708627909,
  "summary_csf_p95": 426.1647217283026,
  "summary_csf_stdv": 121.88614094090819,
  "summary_gm_k": 0.25301446441904085,
  "summary_gm_mad": 65.65349741113887,
  "summary_gm_mean": 667.0582350851597,
  "summary_gm_median": 666.5007906965911,
  "summary_gm_n": 46049.0,
  "summary_gm_p05": 552.0806753151119,
  "summary_gm_p95": 785.7155503816902,
  "summary_gm_stdv": 70.1273091878777,
  "summary_wm_k": 0.613401116454674,
  "summary_wm_mad": 46.07145323948152,
  "summary_wm_mean": 999.0446309984438,
  "summary_wm_median": 999.9999647587538,
  "summary_wm_n": 226287.0,
  "summary_wm_p05": 916.2293869256973,
  "summary_wm_p95": 1077.8903184458613,
  "summary_wm_stdv": 49.37775833571966,
  "tpm_overlap_csf": 0.13626753904957017,
  "tpm_overlap_gm": 0.4572237532255469,
  "tpm_overlap_wm": 0.498504780651791,
  "wm2max": 0.40907662350432455
}