{
  "bids_meta": {
    "AcquisitionMatrixPE": 256,
    "AcquisitionNumber": 1,
    "AcquisitionTime": "12:18:42.837500",
    "BaseResolution": 256,
    "BodyPartExamined": "BRAIN",
    "ConsistencyInfo": "N4_VE11C_LATEST_20160120",
    "ConversionSoftware": "dcm2niix",
    "ConversionSoftwareVersion": "v1.0.20171215 GCC4.8.5",
    "DeviceSerialNumber": "45031",
    "DwellTime": 8.2e-06,
    "EchoTime": 0.00298,
    "FlipAngle": 9,
    "ImageOrientationPatientDICOM": [
      0.0523579,
      0.998255,
      0.0273027,
      0.0848084,
      0.0227966,
      -0.996136
    ],
    "ImageType": [
      "ORIGINAL",
      "PRIMARY",
      "M",
      "ND",
      "NORM"
    ],
    "InPlanePhaseEncodingDirectionDICOM": "ROW",
    "InstitutionAddress": "Washington_and_Faculty_Rd._-_Building_25_25_Princeton_NJ_US_085",
    "InstitutionName": "Princeton_University_-_Neuroscience_Institute",
    "InstitutionalDepartmentName": "Department",
    "InversionTime": 0.9,
    "MRAcquisitionType": "3D",
    "MagneticFieldStrength": 3,
    "Manufacturer": "Siemens",
    "ManufacturersModelName": "Skyra",
    "Modality": "MR",
    "ParallelReductionFactorInPlane": 2,
    "PartialFourier": 1,
    "PatientPosition": "HFS",
    "PercentPhaseFOV": 100,
    "PhaseEncodingSteps": 255,
    "PhaseResolution": 1,
    "PixelBandwidth": 240,
    "ProcedureStepDescription": "TamirL_Mark",
    "ProtocolName": "T1w_MPR_1iso_iP2",
    "PulseSequenceDetails": "%SiemensSeq%_tfl",
    "ReceiveCoilActiveElements": "HC1-7;NC1",
    "ReceiveCoilName": "HeadNeck_64",
    "ReconMatrixPE": 256,
    "RepetitionTime": 2.3,
    "SAR": 0.0803959,
    "ScanOptions": "IR",
    "ScanningSequence": "GR_IR",
    "SequenceName": "_tfl3d1_16ns",
    "SequenceVariant": "SK_SP_MP",
    "SeriesDescription": "T1w_MPR_1iso_iP2",
    "SeriesNumber": 6,
    "ShimSetting": [
      3415,
      8651,
      9130,
      378,
      -150,
      -834,
      155,
      172
    ],
    "SliceThickness": 1,
    "SoftwareVersions": "syngo_MR_E11",
    "StationName": "AWP45031",
    "TxRefAmp": 296.451,
    "dataset": "ds004226",
    "modality": "T1w",
    "subject_id": "019"
  },
  "cjv": 0.35289779979707736,
  "cnr": 3.7139047848410947,
  "efc": 0.5075175088934789,
  "fber": -1.0,
  "fwhm_avg": 3.4765842110308824,
  "fwhm_x": 3.553272633092647,
  "fwhm_y": 3.60885,
  "fwhm_z": 3.26763,
  "icvs_csf": 0.18787000784122063,
  "icvs_gm": 0.4467603781697116,
  "icvs_wm": 0.36536961398906775,
  "inu_med": 0.587077796459198,
  "inu_range": 0.21279621720314013,
  "provenance": {
    "md5sum": "dac08e8e36e35f15f264afd21174a14a",
    "settings": {
      "testing": false
    },
    "software": "mriqc",
    "version": "23.0.0",
    "warnings": {
      "large_rot_frame": true,
      "small_air_mask": false
    },
    "webapi_port": null,
    "webapi_url": "https://mriqc.nimh.nih.gov/api/v1"
  },
  "qi_1": 0.0,
  "qi_2": 0.0012431676534160657,
  "rpve_csf": 25.355221184476466,
  "rpve_gm": 11.670407566602723,
  "rpve_wm": 16.3461614739164,
  "size_x": 176,
  "size_y": 256,
  "size_z": 256,
  "snr_csf": 1.634050982655854,
  "snr_gm": 9.478105516116166,
  "snr_total": 10.49397918002124,
  "snr_wm": 20.369781041291702,
  "snrd_csf": 20.82515848879699,
  "snrd_gm": 58.26053891992138,
  "snrd_total": 55.05156722920918,
  "snrd_wm": 86.06900427890919,
  "spacing_x": 1.0000048875808716,
  "spacing_y": 1.0,
  "spacing_z": 1.0,
  "summary_bg_k": 8.299595632013856,
  "summary_bg_mad": 0.0,
  "summary_bg_mean": 5.020637144629389,
  "summary_bg_median": 0.0,
  "summary_bg_n": 3937296.0,
  "summary_bg_p05": 0.0,
  "summary_bg_p95": 20.411360897123814,
  "summary_bg_stdv": 7.61175743828918,
  "summary_csf_k": 9.417804172583885,
  "summary_csf_mad": 138.18258919228703,
  "summary_csf_mean": 259.9696372770968,
  "summary_csf_median": 241.9588577747345,
  "summary_csf_n": 20681.0,
  "summary_csf_p05": 60.37218261510134,
  "summary_csf_p95": 510.24484515190125,
  "summary_csf_stdv": 148.0694363186539,
  "summary_gm_k": 0.2389448964718648,
  "summary_gm_mad": 67.95865042243625,
  "summary_gm_mean": 676.5764240251901,
  "summary_gm_median": 676.904978081584,
  "summary_gm_n": 30108.0,
  "summary_gm_p05": 558.146900754422,
  "summary_gm_p95": 794.4759839400649,
  "summary_gm_stdv": 71.41656479306512,
  "summary_wm_k": 0.5597263937209163,
  "summary_wm_mad": 46.06086306409568,
  "summary_wm_mean": 999.6781164809744,
  "summary_wm_median": 999.9999748542905,
  "summary_wm_n": 221779.0,
  "summary_wm_p05": 918.4328858181834,
  "summary_wm_p95": 1079.1772500425577,
  "summary_wm_stdv": 49.092217453300606,
  "tpm_overlap_csf": 0.14613877865858774,
  "tpm_overlap_gm": 0.4637400108006798,
  "tpm_overlap_wm": 0.522443480552281,
  "wm2max": 0.47065439861339037
}