{
  "bids_meta": {
    "AcquisitionMatrixPE": 256,
    "AcquisitionNumber": 1,
    "AcquisitionTime": "18:09:12.232500",
    "BaseResolution": 256,
    "BodyPartExamined": "BRAIN",
    "ConsistencyInfo": "N4_VE11C_LATEST_20160120",
    "ConversionSoftware": "dcm2niix",
    "ConversionSoftwareVersion": "v1.0.20171215 GCC4.8.5",
    "DeviceSerialNumber": "45031",
    "DwellTime": 8.2e-06,
    "EchoTime": 0.00298,
    "FlipAngle": 9,
    "ImageOrientationPatientDICOM": [
      -0.0173835,
      0.999741,
      -0.0146589,
      0.0136455,
      -0.0144225,
      -0.999803
    ],
    "ImageType": [
      "ORIGINAL",
      "PRIMARY",
      "M",
      "ND",
      "NORM"
    ],
    "InPlanePhaseEncodingDirectionDICOM": "ROW",
    "InstitutionAddress": "Washington_and_Faculty_Rd._-_Building_25_25_Princeton_NJ_US_085",
    "InstitutionName": "Princeton_University_-_Neuroscience_Institute",
    "InstitutionalDepartmentName": "Department",
    "InversionTime": 0.9,
    "MRAcquisitionType": "3D",
    "MagneticFieldStrength": 3,
    "Manufacturer": "Siemens",
    "ManufacturersModelName": "Skyra",
    "Modality": "MR",
    "ParallelReductionFactorInPlane": 2,
    "PartialFourier": 1,
    "PatientPosition": "HFS",
    "PercentPhaseFOV": 100,
    "PhaseEncodingSteps": 255,
    "PhaseResolution": 1,
    "PixelBandwidth": 240,
    "ProcedureStepDescription": "TamirL_Mark",
    "ProtocolName": "T1w_MPR_1iso_iP2",
    "PulseSequenceDetails": "%SiemensSeq%_tfl",
    "ReceiveCoilActiveElements": "HC1-7;NC1",
    "ReceiveCoilName": "HeadNeck_64",
    "ReconMatrixPE": 256,
    "RepetitionTime": 2.3,
    "SAR": 0.0664732,
    "ScanOptions": "IR",
    "ScanningSequence": "GR_IR",
    "SequenceName": "_tfl3d1_16ns",
    "SequenceVariant": "SK_SP_MP",
    "SeriesDescription": "T1w_MPR_1iso_iP2",
    "SeriesNumber": 6,
    "ShimSetting": [
      3374,
      8666,
      9112,
      419,
      71,
      -975,
      210,
      171
    ],
    "SliceThickness": 1,
    "SoftwareVersions": "syngo_MR_E11",
    "StationName": "AWP45031",
    "TxRefAmp": 325.111,
    "dataset": "ds004226",
    "modality": "T1w",
    "subject_id": "036"
  },
  "cjv": 0.3398935874771872,
  "cnr": 3.862880997322208,
  "efc": 0.527298542383607,
  "fber": -1.0,
  "fwhm_avg": 3.5059765263319185,
  "fwhm_x": 3.5316395789957546,
  "fwhm_y": 3.65623,
  "fwhm_z": 3.33006,
  "icvs_csf": 0.2075965565929967,
  "icvs_gm": 0.4550659988284451,
  "icvs_wm": 0.33733744457855813,
  "inu_med": 0.6279340386390686,
  "inu_range": 0.2376093029975891,
  "provenance": {
    "md5sum": "66fda9c2864cabbcb372264297445653",
    "settings": {
      "testing": false
    },
    "software": "mriqc",
    "version": "23.0.0",
    "warnings": {
      "large_rot_frame": true,
      "small_air_mask": false
    },
    "webapi_port": null,
    "webapi_url": "https://mriqc.nimh.nih.gov/api/v1"
  },
  "qi_1": 0.0,
  "qi_2": 0.0013094988959071905,
  "rpve_csf": 21.969640601544175,
  "rpve_gm": 10.79701774720681,
  "rpve_wm": 16.372062105177385,
  "size_x": 176,
  "size_y": 256,
  "size_z": 256,
  "snr_csf": 1.989598061221945,
  "snr_gm": 9.829244846399742,
  "snr_total": 10.638199532346913,
  "snr_wm": 20.095755689419054,
  "snrd_csf": 22.483544922082736,
  "snrd_gm": 61.50091989726193,
  "snrd_total": 58.49465917681798,
  "snrd_wm": 91.4995127111093,
  "spacing_x": 1.0000001192092896,
  "spacing_y": 1.0,
  "spacing_z": 1.0,
  "summary_bg_k": 10.09862334906617,
  "summary_bg_mad": 0.0,
  "summary_bg_mean": 4.4020727459177955,
  "summary_bg_median": 0.0,
  "summary_bg_n": 4088779.0,
  "summary_bg_p05": 0.0,
  "summary_bg_p95": 17.345160506665707,
  "summary_bg_stdv": 7.159998674192263,
  "summary_csf_k": 12.829836669836888,
  "summary_csf_mad": 104.74268637071391,
  "summary_csf_mean": 255.79456853269195,
  "summary_csf_median": 245.72310717776418,
  "summary_csf_n": 40210.0,
  "summary_csf_p05": 78.68683544918895,
  "summary_csf_p95": 467.11348861735297,
  "summary_csf_stdv": 123.5023578131031,
  "summary_gm_k": 0.29200254442327367,
  "summary_gm_mad": 64.58349495952092,
  "summary_gm_mean": 672.5030957199208,
  "summary_gm_median": 672.1447700448334,
  "summary_gm_n": 34393.0,
  "summary_gm_p05": 559.1319411545992,
  "summary_gm_p95": 786.702031034976,
  "summary_gm_stdv": 68.38114310333044,
  "summary_wm_k": 0.6137318390803723,
  "summary_wm_mad": 46.852389979725174,
  "summary_wm_mean": 1000.6997581020531,
  "summary_wm_median": 999.9999842792749,
  "summary_wm_n": 210002.0,
  "summary_wm_p05": 920.6003340147436,
  "summary_wm_p95": 1083.1617127358913,
  "summary_wm_stdv": 49.7616321974544,
  "tpm_overlap_csf": 0.16000359000714273,
  "tpm_overlap_gm": 0.4708658146209895,
  "tpm_overlap_wm": 0.49649829350195085,
  "wm2max": 0.47862923861331713
}