{
  "aor": 0.0012099725274725276,
  "aqi": 0.011432671978021978,
  "bids_meta": {
    "AcquisitionMatrixPE": 78,
    "AcquisitionNumber": 1,
    "AcquisitionTime": "14:40:23.122500",
    "BandwidthPerPixelPhaseEncode": 20.678,
    "BaseResolution": 78,
    "BodyPartExamined": "BRAIN",
    "ConsistencyInfo": "N4_VE11C_LATEST_20160120",
    "ConversionSoftware": "dcm2niix",
    "ConversionSoftwareVersion": "v1.0.20171215 GCC4.8.5",
    "DerivedVendorReportedEchoSpacing": 0.000620007,
    "DeviceSerialNumber": "45031",
    "DwellTime": 3.2e-06,
    "EchoTime": 0.032,
    "EchoTrainLength": 78,
    "EffectiveEchoSpacing": 0.000620007,
    "FlipAngle": 70,
    "ImageOrientationPatientDICOM": [
      0.998957,
      0.00338271,
      -0.0455312,
      -0.00331268,
      0.999993,
      0.00161337
    ],
    "ImageType": [
      "ORIGINAL",
      "PRIMARY",
      "M",
      "ND",
      "NORM",
      "MOSAIC"
    ],
    "InPlanePhaseEncodingDirectionDICOM": "COL",
    "InstitutionAddress": "Washington_and_Faculty_Rd._-_Building_25_25_Princeton_NJ_US_085",
    "InstitutionName": "Princeton_University_-_Neuroscience_Institute",
    "InstitutionalDepartmentName": "Department",
    "MRAcquisitionType": "2D",
    "MagneticFieldStrength": 3,
    "Manufacturer": "Siemens",
    "ManufacturersModelName": "Skyra",
    "Modality": "MR",
    "MultibandAccelerationFactor": 4,
    "PartialFourier": 1,
    "PatientPosition": "HFS",
    "PercentPhaseFOV": 100,
    "PhaseEncodingDirection": "j-",
    "PhaseEncodingSteps": 78,
    "PhaseResolution": 1,
    "PixelBandwidth": 2005,
    "ProcedureStepDescription": "TamirL_Mark",
    "ProtocolName": "EPI_2.5mm_1.5TR_32TE_SMS4_Siemens",
    "PulseSequenceDetails": "%SiemensSeq%_ep2d_bold",
    "ReceiveCoilActiveElements": "HC1-7",
    "ReceiveCoilName": "HeadNeck_64",
    "ReconMatrixPE": 78,
    "RepetitionTime": 1.5,
    "SAR": 0.0577149,
    "ScanOptions": "FS",
    "ScanningSequence": "EP",
    "SequenceName": "_epfid2d1_78",
    "SequenceVariant": "SK",
    "SeriesDescription": "EPI_2.5mm_1.5TR_32TE_SMS4_Siemens",
    "SeriesNumber": 10,
    "ShimSetting": [
      3348,
      8726,
      9355,
      655,
      16,
      158,
      552,
      138
    ],
    "SliceThickness": 2.5,
    "SliceTiming": [
      0.6825,
      0,
      0.7975,
      0.1125,
      0.91,
      0.2275,
      1.025,
      0.34,
      1.1375,
      0.455,
      1.2525,
      0.5675,
      1.365,
      0.6825,
      0,
      0.7975,
      0.1125,
      0.91,
      0.2275,
      1.025,
      0.34,
      1.1375,
      0.455,
      1.2525,
      0.5675,
      1.365,
      0.6825,
      0,
      0.7975,
      0.1125,
      0.91,
      0.2275,
      1.025,
      0.34,
      1.1375,
      0.455,
      1.2525,
      0.5675,
      1.365,
      0.6825,
      0,
      0.7975,
      0.1125,
      0.91,
      0.2275,
      1.025,
      0.34,
      1.1375,
      0.455,
      1.2525,
      0.5675,
      1.365
    ],
    "SoftwareVersions": "syngo_MR_E11",
    "SpacingBetweenSlices": 2.5,
    "StationName": "AWP45031",
    "TaskName": "sitrep",
    "TotalReadoutTime": 0.0477406,
    "TxRefAmp": 324.874,
    "dataset": "ds004226",
    "modality": "bold",
    "run_id": 2,
    "subject_id": "020",
    "task_id": "sitrep"
  },
  "dummy_trs": 0,
  "dvars_nstd": 33.172886131101926,
  "dvars_std": 1.3854522663085402,
  "dvars_vstd": 1.008264801570249,
  "efc": 0.6054877132572212,
  "fber": 2327.7021484375,
  "fd_mean": 0.14870122683504028,
  "fd_num": 79,
  "fd_perc": 21.703296703296704,
  "fwhm_avg": 1.781374666666667,
  "fwhm_x": 1.6632280000000002,
  "fwhm_y": 1.934832,
  "fwhm_z": 1.746064,
  "gcor": 0.0303884,
  "gsr_x": -0.007847358472645283,
  "gsr_y": 0.06090199202299118,
  "provenance": {
    "md5sum": "9c14973d05f75abdc60199f061e699ce",
    "settings": {
      "fd_thres": 0.2,
      "testing": false
    },
    "software": "mriqc",
    "version": "23.0.0",
    "webapi_port": null,
    "webapi_url": "https://mriqc.nimh.nih.gov/api/v1"
  },
  "size_t": 364,
  "size_x": 78,
  "size_y": 78,
  "size_z": 52,
  "snr": 6.72092420304106,
  "spacing_tr": 1.5,
  "spacing_x": 2.5,
  "spacing_y": 2.5,
  "spacing_z": 2.5,
  "summary_bg_k": 10.324633722662547,
  "summary_bg_mad": 19.524933195139774,
  "summary_bg_mean": 54.267765045166016,
  "summary_bg_median": 15.286932945251465,
  "summary_bg_n": 170765.0,
  "summary_bg_p05": 1.2356389522552491,
  "summary_bg_p95": 242.3974273681637,
  "summary_bg_stdv": 88.37745666503906,
  "summary_fg_k": 2.531610129572589,
  "summary_fg_mad": 105.37741863218628,
  "summary_fg_mean": 795.5353393554688,
  "summary_fg_median": 790.5676879882812,
  "summary_fg_n": 85538.0,
  "summary_fg_p05": 626.8911987304688,
  "summary_fg_p95": 989.8567810058594,
  "summary_fg_stdv": 117.62713623046875,
  "tsnr": 57.91343688964844
}