{
  "aor": 0.001596675824175824,
  "aqi": 0.01866774989010989,
  "bids_meta": {
    "AcquisitionMatrixPE": 78,
    "AcquisitionNumber": 1,
    "AcquisitionTime": "16:01:52.597500",
    "BandwidthPerPixelPhaseEncode": 20.678,
    "BaseResolution": 78,
    "BodyPartExamined": "BRAIN",
    "ConsistencyInfo": "N4_VE11C_LATEST_20160120",
    "ConversionSoftware": "dcm2niix",
    "ConversionSoftwareVersion": "v1.0.20171215 GCC4.8.5",
    "DerivedVendorReportedEchoSpacing": 0.000620007,
    "DeviceSerialNumber": "45031",
    "DwellTime": 3.2e-06,
    "EchoTime": 0.032,
    "EchoTrainLength": 78,
    "EffectiveEchoSpacing": 0.000620007,
    "FlipAngle": 70,
    "ImageOrientationPatientDICOM": [
      0.998957,
      0.00338271,
      -0.0455312,
      -0.00331268,
      0.999993,
      0.00161337
    ],
    "ImageType": [
      "ORIGINAL",
      "PRIMARY",
      "M",
      "ND",
      "NORM",
      "MOSAIC"
    ],
    "InPlanePhaseEncodingDirectionDICOM": "COL",
    "InstitutionAddress": "Washington_and_Faculty_Rd._-_Building_25_25_Princeton_NJ_US_085",
    "InstitutionName": "Princeton_University_-_Neuroscience_Institute",
    "InstitutionalDepartmentName": "Department",
    "MRAcquisitionType": "2D",
    "MagneticFieldStrength": 3,
    "Manufacturer": "Siemens",
    "ManufacturersModelName": "Skyra",
    "Modality": "MR",
    "MultibandAccelerationFactor": 4,
    "PartialFourier": 1,
    "PatientPosition": "HFS",
    "PercentPhaseFOV": 100,
    "PhaseEncodingDirection": "j-",
    "PhaseEncodingSteps": 78,
    "PhaseResolution": 1,
    "PixelBandwidth": 2005,
    "ProcedureStepDescription": "TamirL_Mark",
    "ProtocolName": "EPI_2.5mm_1.5TR_32TE_SMS4_Siemens",
    "PulseSequenceDetails": "%SiemensSeq%_ep2d_bold",
    "ReceiveCoilActiveElements": "HC1-7",
    "ReceiveCoilName": "HeadNeck_64",
    "ReconMatrixPE": 78,
    "RepetitionTime": 1.5,
    "SAR": 0.0577149,
    "ScanOptions": "FS",
    "ScanningSequence": "EP",
    "SequenceName": "_epfid2d1_78",
    "SequenceVariant": "SK",
    "SeriesDescription": "EPI_2.5mm_1.5TR_32TE_SMS4_Siemens",
    "SeriesNumber": 18,
    "ShimSetting": [
      3348,
      8726,
      9355,
      655,
      16,
      158,
      552,
      138
    ],
    "SliceThickness": 2.5,
    "SliceTiming": [
      0.6825,
      0,
      0.795,
      0.1125,
      0.91,
      0.2275,
      1.0225,
      0.34,
      1.1375,
      0.455,
      1.2525,
      0.5675,
      1.365,
      0.6825,
      0,
      0.795,
      0.1125,
      0.91,
      0.2275,
      1.0225,
      0.34,
      1.1375,
      0.455,
      1.2525,
      0.5675,
      1.365,
      0.6825,
      0,
      0.795,
      0.1125,
      0.91,
      0.2275,
      1.0225,
      0.34,
      1.1375,
      0.455,
      1.2525,
      0.5675,
      1.365,
      0.6825,
      0,
      0.795,
      0.1125,
      0.91,
      0.2275,
      1.0225,
      0.34,
      1.1375,
      0.455,
      1.2525,
      0.5675,
      1.365
    ],
    "SoftwareVersions": "syngo_MR_E11",
    "SpacingBetweenSlices": 2.5,
    "StationName": "AWP45031",
    "TaskName": "sitrep",
    "TotalReadoutTime": 0.0477406,
    "TxRefAmp": 324.874,
    "dataset": "ds004226",
    "modality": "bold",
    "run_id": 10,
    "subject_id": "020",
    "task_id": "sitrep"
  },
  "dummy_trs": 0,
  "dvars_nstd": 33.895307567438,
  "dvars_std": 1.3187326098898067,
  "dvars_vstd": 0.9963179170798893,
  "efc": 0.6017211958029285,
  "fber": 2588.247802734375,
  "fd_mean": 0.19388497647511538,
  "fd_num": 120,
  "fd_perc": 32.967032967032964,
  "fwhm_avg": 1.7816253333333332,
  "fwhm_x": 1.660296,
  "fwhm_y": 1.944972,
  "fwhm_z": 1.739608,
  "gcor": 0.0503197,
  "gsr_x": -0.0015017316909506917,
  "gsr_y": 0.0636865496635437,
  "provenance": {
    "md5sum": "acf342c8d58a637e1931b77d61fdced8",
    "settings": {
      "fd_thres": 0.2,
      "testing": false
    },
    "software": "mriqc",
    "version": "23.0.0",
    "webapi_port": null,
    "webapi_url": "https://mriqc.nimh.nih.gov/api/v1"
  },
  "size_t": 364,
  "size_x": 78,
  "size_y": 78,
  "size_z": 52,
  "snr": 6.748073728524068,
  "spacing_tr": 1.5,
  "spacing_x": 2.5,
  "spacing_y": 2.5,
  "spacing_z": 2.5,
  "summary_bg_k": 10.074788822782313,
  "summary_bg_mad": 18.752394270529685,
  "summary_bg_mean": 52.86219787597656,
  "summary_bg_median": 14.416767120361328,
  "summary_bg_n": 172080.0,
  "summary_bg_p05": 1.014222502708435,
  "summary_bg_p95": 234.42097320556633,
  "summary_bg_stdv": 85.97280883789062,
  "summary_fg_k": 2.7594606422228534,
  "summary_fg_mad": 102.35864360720173,
  "summary_fg_mean": 786.0171508789062,
  "summary_fg_median": 782.1656494140625,
  "summary_fg_n": 84354.0,
  "summary_fg_p05": 620.342416381836,
  "summary_fg_p95": 975.4349884033203,
  "summary_fg_stdv": 115.90878295898438,
  "tsnr": 44.41731643676758
}