{
  "aor": 0.0005086813186813186,
  "aqi": 0.011165239423076923,
  "bids_meta": {
    "AcquisitionMatrixPE": 78,
    "AcquisitionNumber": 1,
    "AcquisitionTime": "10:43:39.635000",
    "BandwidthPerPixelPhaseEncode": 20.678,
    "BaseResolution": 78,
    "BodyPartExamined": "BRAIN",
    "ConsistencyInfo": "N4_VE11C_LATEST_20160120",
    "ConversionSoftware": "dcm2niix",
    "ConversionSoftwareVersion": "v1.0.20171215 GCC4.8.5",
    "DerivedVendorReportedEchoSpacing": 0.000620007,
    "DeviceSerialNumber": "45031",
    "DwellTime": 3.2e-06,
    "EchoTime": 0.032,
    "EchoTrainLength": 78,
    "EffectiveEchoSpacing": 0.000620007,
    "FlipAngle": 70,
    "ImageOrientationPatientDICOM": [
      0.999951,
      0.00981703,
      0.00131988,
      -0.00959913,
      0.993272,
      -0.115406
    ],
    "ImageType": [
      "ORIGINAL",
      "PRIMARY",
      "M",
      "ND",
      "NORM",
      "MOSAIC"
    ],
    "InPlanePhaseEncodingDirectionDICOM": "COL",
    "InstitutionAddress": "Washington_and_Faculty_Rd._-_Building_25_25_Princeton_NJ_US_085",
    "InstitutionName": "Princeton_University_-_Neuroscience_Institute",
    "InstitutionalDepartmentName": "Department",
    "MRAcquisitionType": "2D",
    "MagneticFieldStrength": 3,
    "Manufacturer": "Siemens",
    "ManufacturersModelName": "Skyra",
    "Modality": "MR",
    "MultibandAccelerationFactor": 4,
    "PartialFourier": 1,
    "PatientPosition": "HFS",
    "PercentPhaseFOV": 100,
    "PhaseEncodingDirection": "j-",
    "PhaseEncodingSteps": 78,
    "PhaseResolution": 1,
    "PixelBandwidth": 2005,
    "ProcedureStepDescription": "TamirL_Mark",
    "ProtocolName": "EPI_2.5mm_1.5TR_32TE_SMS4_Siemens",
    "PulseSequenceDetails": "%SiemensSeq%_ep2d_bold",
    "ReceiveCoilActiveElements": "HC1-7",
    "ReceiveCoilName": "HeadNeck_64",
    "ReconMatrixPE": 78,
    "RepetitionTime": 1.5,
    "SAR": 0.0618152,
    "ScanOptions": "FS",
    "ScanningSequence": "EP",
    "SequenceName": "_epfid2d1_78",
    "SequenceVariant": "SK",
    "SeriesDescription": "EPI_2.5mm_1.5TR_32TE_SMS4_Siemens",
    "SeriesNumber": 13,
    "ShimSetting": [
      3396,
      8837,
      9218,
      498,
      76,
      194,
      139,
      268
    ],
    "SliceThickness": 2.5,
    "SliceTiming": [
      0.685,
      0,
      0.7975,
      0.115,
      0.9125,
      0.2275,
      1.025,
      0.3425,
      1.14,
      0.4575,
      1.2525,
      0.57,
      1.3675,
      0.685,
      0,
      0.7975,
      0.115,
      0.9125,
      0.2275,
      1.025,
      0.3425,
      1.14,
      0.4575,
      1.2525,
      0.57,
      1.3675,
      0.685,
      0,
      0.7975,
      0.115,
      0.9125,
      0.2275,
      1.025,
      0.3425,
      1.14,
      0.4575,
      1.2525,
      0.57,
      1.3675,
      0.685,
      0,
      0.7975,
      0.115,
      0.9125,
      0.2275,
      1.025,
      0.3425,
      1.14,
      0.4575,
      1.2525,
      0.57,
      1.3675
    ],
    "SoftwareVersions": "syngo_MR_E11",
    "SpacingBetweenSlices": 2.5,
    "StationName": "AWP45031",
    "TaskName": "sitrep",
    "TotalReadoutTime": 0.0477406,
    "TxRefAmp": 303.42,
    "dataset": "ds004226",
    "modality": "bold",
    "run_id": 5,
    "subject_id": "012",
    "task_id": "sitrep"
  },
  "dummy_trs": 0,
  "dvars_nstd": 33.89443065454546,
  "dvars_std": 1.3448782051515151,
  "dvars_vstd": 0.9711539790633611,
  "efc": 0.5461496577069167,
  "fber": 6564.47119140625,
  "fd_mean": 0.12779837425303045,
  "fd_num": 53,
  "fd_perc": 14.56043956043956,
  "fwhm_avg": 1.7946146666666667,
  "fwhm_x": 1.6626400000000001,
  "fwhm_y": 1.952428,
  "fwhm_z": 1.7687760000000001,
  "gcor": 0.0120831,
  "gsr_x": -0.019356487318873405,
  "gsr_y": 0.061064448207616806,
  "provenance": {
    "md5sum": "7d265d7143da43e65f5969379fcfef64",
    "settings": {
      "fd_thres": 0.2,
      "testing": false
    },
    "software": "mriqc",
    "version": "23.0.0",
    "webapi_port": null,
    "webapi_url": "https://mriqc.nimh.nih.gov/api/v1"
  },
  "size_t": 364,
  "size_x": 78,
  "size_y": 78,
  "size_z": 52,
  "snr": 6.578643616342808,
  "spacing_tr": 1.5,
  "spacing_x": 2.5,
  "spacing_y": 2.5,
  "spacing_z": 2.5,
  "summary_bg_k": 19.605163493081463,
  "summary_bg_mad": 10.715963643521867,
  "summary_bg_mean": 40.00792694091797,
  "summary_bg_median": 8.524660110473633,
  "summary_bg_n": 191052.0,
  "summary_bg_p05": 0.7104343712329865,
  "summary_bg_p95": 186.70393218994138,
  "summary_bg_stdv": 76.92691802978516,
  "summary_fg_k": 1.7252069756781152,
  "summary_fg_mad": 103.28784898322252,
  "summary_fg_mean": 718.927490234375,
  "summary_fg_median": 713.343505859375,
  "summary_fg_n": 69048.0,
  "summary_fg_p05": 563.735726928711,
  "summary_fg_p95": 896.3041900634765,
  "summary_fg_stdv": 108.43243408203125,
  "tsnr": 57.96516799926758
}