{
  "aor": 0.0024282142857142857,
  "aqi": 0.010980922912087913,
  "bids_meta": {
    "AcquisitionMatrixPE": 78,
    "AcquisitionNumber": 1,
    "AcquisitionTime": "09:03:38.995000",
    "BandwidthPerPixelPhaseEncode": 20.678,
    "BaseResolution": 78,
    "BodyPartExamined": "BRAIN",
    "ConsistencyInfo": "N4_VE11C_LATEST_20160120",
    "ConversionSoftware": "dcm2niix",
    "ConversionSoftwareVersion": "v1.0.20171215 GCC4.8.5",
    "DerivedVendorReportedEchoSpacing": 0.000620007,
    "DeviceSerialNumber": "45031",
    "DwellTime": 3.2e-06,
    "EchoTime": 0.032,
    "EchoTrainLength": 78,
    "EffectiveEchoSpacing": 0.000620007,
    "FlipAngle": 70,
    "ImageOrientationPatientDICOM": [
      0.998893,
      -0.0196464,
      -0.042746,
      0.0209238,
      0.999341,
      0.0296443
    ],
    "ImageType": [
      "ORIGINAL",
      "PRIMARY",
      "M",
      "ND",
      "NORM",
      "MOSAIC"
    ],
    "InPlanePhaseEncodingDirectionDICOM": "COL",
    "InstitutionAddress": "Washington_and_Faculty_Rd._-_Building_25_25_Princeton_NJ_US_085",
    "InstitutionName": "Princeton_University_-_Neuroscience_Institute",
    "InstitutionalDepartmentName": "Department",
    "MRAcquisitionType": "2D",
    "MagneticFieldStrength": 3,
    "Manufacturer": "Siemens",
    "ManufacturersModelName": "Skyra",
    "Modality": "MR",
    "MultibandAccelerationFactor": 4,
    "PartialFourier": 1,
    "PatientPosition": "HFS",
    "PercentPhaseFOV": 100,
    "PhaseEncodingDirection": "j-",
    "PhaseEncodingSteps": 78,
    "PhaseResolution": 1,
    "PixelBandwidth": 2005,
    "ProcedureStepDescription": "TamirL_Mark",
    "ProtocolName": "EPI_2.5mm_1.5TR_32TE_SMS4_Siemens",
    "PulseSequenceDetails": "%SiemensSeq%_ep2d_bold",
    "ReceiveCoilActiveElements": "HC1-7",
    "ReceiveCoilName": "HeadNeck_64",
    "ReconMatrixPE": 78,
    "RepetitionTime": 1.5,
    "SAR": 0.0493001,
    "ScanOptions": "FS",
    "ScanningSequence": "EP",
    "SequenceName": "_epfid2d1_78",
    "SequenceVariant": "SK",
    "SeriesDescription": "EPI_2.5mm_1.5TR_32TE_SMS4_Siemens",
    "SeriesNumber": 10,
    "ShimSetting": [
      3377,
      8780,
      9310,
      462,
      86,
      209,
      540,
      313
    ],
    "SliceThickness": 2.5,
    "SliceTiming": [
      0.685,
      0,
      0.7975,
      0.115,
      0.9125,
      0.2275,
      1.025,
      0.3425,
      1.14,
      0.4575,
      1.2525,
      0.57,
      1.3675,
      0.685,
      0,
      0.7975,
      0.115,
      0.9125,
      0.2275,
      1.025,
      0.3425,
      1.14,
      0.4575,
      1.2525,
      0.57,
      1.3675,
      0.685,
      0,
      0.7975,
      0.115,
      0.9125,
      0.2275,
      1.025,
      0.3425,
      1.14,
      0.4575,
      1.2525,
      0.57,
      1.3675,
      0.685,
      0,
      0.7975,
      0.115,
      0.9125,
      0.2275,
      1.025,
      0.3425,
      1.14,
      0.4575,
      1.2525,
      0.57,
      1.3675
    ],
    "SoftwareVersions": "syngo_MR_E11",
    "SpacingBetweenSlices": 2.5,
    "StationName": "AWP45031",
    "TaskName": "sitrep",
    "TotalReadoutTime": 0.0477406,
    "TxRefAmp": 311.375,
    "dataset": "ds004226",
    "modality": "bold",
    "run_id": 2,
    "subject_id": "007",
    "task_id": "sitrep"
  },
  "dummy_trs": 0,
  "dvars_nstd": 32.08815225212123,
  "dvars_std": 1.3246279370247929,
  "dvars_vstd": 1.0286407171074374,
  "efc": 0.6039720308253421,
  "fber": 2812.82470703125,
  "fd_mean": 0.15361428690334406,
  "fd_num": 76,
  "fd_perc": 20.87912087912088,
  "fwhm_avg": 1.7253306666666666,
  "fwhm_x": 1.586844,
  "fwhm_y": 1.88568,
  "fwhm_z": 1.7034680000000002,
  "gcor": 0.0194998,
  "gsr_x": -0.01816602423787117,
  "gsr_y": 0.08072136342525482,
  "provenance": {
    "md5sum": "6031db630b5a1d7e42482ddbe75202a1",
    "settings": {
      "fd_thres": 0.2,
      "testing": false
    },
    "software": "mriqc",
    "version": "23.0.0",
    "webapi_port": null,
    "webapi_url": "https://mriqc.nimh.nih.gov/api/v1"
  },
  "size_t": 364,
  "size_x": 78,
  "size_y": 78,
  "size_z": 52,
  "snr": 6.147475281556383,
  "spacing_tr": 1.5,
  "spacing_x": 2.5,
  "spacing_y": 2.5,
  "spacing_z": 2.5,
  "summary_bg_k": 19.859715275334295,
  "summary_bg_mad": 16.341560601537186,
  "summary_bg_mean": 57.48394012451172,
  "summary_bg_median": 12.887444496154785,
  "summary_bg_n": 173763.0,
  "summary_bg_p05": 1.2056274890899659,
  "summary_bg_p95": 264.45363159179664,
  "summary_bg_stdv": 103.73821258544922,
  "summary_fg_k": 2.0323279490625703,
  "summary_fg_mad": 111.87823663000935,
  "summary_fg_mean": 743.3388671875,
  "summary_fg_median": 735.7022705078125,
  "summary_fg_n": 83342.0,
  "summary_fg_p05": 576.9248229980469,
  "summary_fg_p95": 939.6073089599608,
  "summary_fg_stdv": 119.67479705810547,
  "tsnr": 53.63662338256836
}