{
  "aor": 0.0006543131868131869,
  "aqi": 0.008943049395604396,
  "bids_meta": {
    "AcquisitionMatrixPE": 78,
    "AcquisitionNumber": 1,
    "AcquisitionTime": "10:22:5.547500",
    "BandwidthPerPixelPhaseEncode": 20.678,
    "BaseResolution": 78,
    "BodyPartExamined": "BRAIN",
    "ConsistencyInfo": "N4_VE11C_LATEST_20160120",
    "ConversionSoftware": "dcm2niix",
    "ConversionSoftwareVersion": "v1.0.20171215 GCC4.8.5",
    "DerivedVendorReportedEchoSpacing": 0.000620007,
    "DeviceSerialNumber": "45031",
    "DwellTime": 3.2e-06,
    "EchoTime": 0.032,
    "EchoTrainLength": 78,
    "EffectiveEchoSpacing": 0.000620007,
    "FlipAngle": 70,
    "ImageOrientationPatientDICOM": [
      0.998893,
      -0.0196464,
      -0.042746,
      0.0209238,
      0.999341,
      0.0296443
    ],
    "ImageType": [
      "ORIGINAL",
      "PRIMARY",
      "M",
      "ND",
      "NORM",
      "MOSAIC"
    ],
    "InPlanePhaseEncodingDirectionDICOM": "COL",
    "InstitutionAddress": "Washington_and_Faculty_Rd._-_Building_25_25_Princeton_NJ_US_085",
    "InstitutionName": "Princeton_University_-_Neuroscience_Institute",
    "InstitutionalDepartmentName": "Department",
    "MRAcquisitionType": "2D",
    "MagneticFieldStrength": 3,
    "Manufacturer": "Siemens",
    "ManufacturersModelName": "Skyra",
    "Modality": "MR",
    "MultibandAccelerationFactor": 4,
    "PartialFourier": 1,
    "PatientPosition": "HFS",
    "PercentPhaseFOV": 100,
    "PhaseEncodingDirection": "j-",
    "PhaseEncodingSteps": 78,
    "PhaseResolution": 1,
    "PixelBandwidth": 2005,
    "ProcedureStepDescription": "TamirL_Mark",
    "ProtocolName": "EPI_2.5mm_1.5TR_32TE_SMS4_Siemens",
    "PulseSequenceDetails": "%SiemensSeq%_ep2d_bold",
    "ReceiveCoilActiveElements": "HC1-7",
    "ReceiveCoilName": "HeadNeck_64",
    "ReconMatrixPE": 78,
    "RepetitionTime": 1.5,
    "SAR": 0.0493001,
    "ScanOptions": "FS",
    "ScanningSequence": "EP",
    "SequenceName": "_epfid2d1_78",
    "SequenceVariant": "SK",
    "SeriesDescription": "EPI_2.5mm_1.5TR_32TE_SMS4_Siemens",
    "SeriesNumber": 18,
    "ShimSetting": [
      3377,
      8780,
      9310,
      462,
      86,
      209,
      540,
      313
    ],
    "SliceThickness": 2.5,
    "SliceTiming": [
      0.685,
      0,
      0.7975,
      0.115,
      0.9125,
      0.2275,
      1.025,
      0.3425,
      1.14,
      0.455,
      1.2525,
      0.57,
      1.3675,
      0.685,
      0,
      0.7975,
      0.115,
      0.9125,
      0.2275,
      1.025,
      0.3425,
      1.14,
      0.455,
      1.2525,
      0.57,
      1.3675,
      0.685,
      0,
      0.7975,
      0.115,
      0.9125,
      0.2275,
      1.025,
      0.3425,
      1.14,
      0.455,
      1.2525,
      0.57,
      1.3675,
      0.685,
      0,
      0.7975,
      0.115,
      0.9125,
      0.2275,
      1.025,
      0.3425,
      1.14,
      0.455,
      1.2525,
      0.57,
      1.3675
    ],
    "SoftwareVersions": "syngo_MR_E11",
    "SpacingBetweenSlices": 2.5,
    "StationName": "AWP45031",
    "TaskName": "sitrep",
    "TotalReadoutTime": 0.0477406,
    "TxRefAmp": 311.375,
    "dataset": "ds004226",
    "modality": "bold",
    "run_id": 10,
    "subject_id": "007",
    "task_id": "sitrep"
  },
  "dummy_trs": 0,
  "dvars_nstd": 31.025338800606068,
  "dvars_std": 1.2896599603030312,
  "dvars_vstd": 0.9974186591735542,
  "efc": 0.6076462172270054,
  "fber": 2537.621826171875,
  "fd_mean": 0.12526783656020396,
  "fd_num": 32,
  "fd_perc": 8.791208791208792,
  "fwhm_avg": 1.7302799999999998,
  "fwhm_x": 1.592692,
  "fwhm_y": 1.895892,
  "fwhm_z": 1.7022559999999998,
  "gcor": 0.0162725,
  "gsr_x": -0.019523201510310173,
  "gsr_y": 0.08575496822595596,
  "provenance": {
    "md5sum": "5ab8174ff33a0738b755d8414d1110da",
    "settings": {
      "fd_thres": 0.2,
      "testing": false
    },
    "software": "mriqc",
    "version": "23.0.0",
    "webapi_port": null,
    "webapi_url": "https://mriqc.nimh.nih.gov/api/v1"
  },
  "size_t": 364,
  "size_x": 78,
  "size_y": 78,
  "size_z": 52,
  "snr": 6.134416693396297,
  "spacing_tr": 1.5,
  "spacing_x": 2.5,
  "spacing_y": 2.5,
  "spacing_z": 2.5,
  "summary_bg_k": 20.339589640879144,
  "summary_bg_mad": 17.0526089555839,
  "summary_bg_mean": 59.75436782836914,
  "summary_bg_median": 13.434672355651855,
  "summary_bg_n": 173658.0,
  "summary_bg_p05": 1.2997731149196625,
  "summary_bg_p95": 273.18999176025363,
  "summary_bg_stdv": 106.20381927490234,
  "summary_fg_k": 2.088677267924636,
  "summary_fg_mad": 109.91924528923063,
  "summary_fg_mean": 734.0588989257812,
  "summary_fg_median": 726.66015625,
  "summary_fg_n": 83481.0,
  "summary_fg_p05": 569.328857421875,
  "summary_fg_p95": 928.260498046875,
  "summary_fg_stdv": 118.45556640625,
  "tsnr": 57.72804641723633
}