{
  "aor": 0.0009967582417582418,
  "aqi": 0.011691913928571428,
  "bids_meta": {
    "AcquisitionMatrixPE": 78,
    "AcquisitionNumber": 1,
    "AcquisitionTime": "08:53:52.715000",
    "BandwidthPerPixelPhaseEncode": 20.678,
    "BaseResolution": 78,
    "BodyPartExamined": "BRAIN",
    "ConsistencyInfo": "N4_VE11C_LATEST_20160120",
    "ConversionSoftware": "dcm2niix",
    "ConversionSoftwareVersion": "v1.0.20171215 GCC4.8.5",
    "DerivedVendorReportedEchoSpacing": 0.000620007,
    "DeviceSerialNumber": "45031",
    "DwellTime": 3.2e-06,
    "EchoTime": 0.032,
    "EchoTrainLength": 78,
    "EffectiveEchoSpacing": 0.000620007,
    "FlipAngle": 70,
    "ImageOrientationPatientDICOM": [
      0.998893,
      -0.0196464,
      -0.042746,
      0.0209238,
      0.999341,
      0.0296443
    ],
    "ImageType": [
      "ORIGINAL",
      "PRIMARY",
      "M",
      "ND",
      "NORM",
      "MOSAIC"
    ],
    "InPlanePhaseEncodingDirectionDICOM": "COL",
    "InstitutionAddress": "Washington_and_Faculty_Rd._-_Building_25_25_Princeton_NJ_US_085",
    "InstitutionName": "Princeton_University_-_Neuroscience_Institute",
    "InstitutionalDepartmentName": "Department",
    "MRAcquisitionType": "2D",
    "MagneticFieldStrength": 3,
    "Manufacturer": "Siemens",
    "ManufacturersModelName": "Skyra",
    "Modality": "MR",
    "MultibandAccelerationFactor": 4,
    "PartialFourier": 1,
    "PatientPosition": "HFS",
    "PercentPhaseFOV": 100,
    "PhaseEncodingDirection": "j-",
    "PhaseEncodingSteps": 78,
    "PhaseResolution": 1,
    "PixelBandwidth": 2005,
    "ProcedureStepDescription": "TamirL_Mark",
    "ProtocolName": "EPI_2.5mm_1.5TR_32TE_SMS4_Siemens",
    "PulseSequenceDetails": "%SiemensSeq%_ep2d_bold",
    "ReceiveCoilActiveElements": "HC1-7",
    "ReceiveCoilName": "HeadNeck_64",
    "ReconMatrixPE": 78,
    "RepetitionTime": 1.5,
    "SAR": 0.0493001,
    "ScanOptions": "FS",
    "ScanningSequence": "EP",
    "SequenceName": "_epfid2d1_78",
    "SequenceVariant": "SK",
    "SeriesDescription": "EPI_2.5mm_1.5TR_32TE_SMS4_Siemens",
    "SeriesNumber": 9,
    "ShimSetting": [
      3377,
      8780,
      9310,
      462,
      86,
      209,
      540,
      313
    ],
    "SliceThickness": 2.5,
    "SliceTiming": [
      0.6825,
      0,
      0.795,
      0.1125,
      0.91,
      0.2275,
      1.0225,
      0.34,
      1.1375,
      0.455,
      1.25,
      0.5675,
      1.365,
      0.6825,
      0,
      0.795,
      0.1125,
      0.91,
      0.2275,
      1.0225,
      0.34,
      1.1375,
      0.455,
      1.25,
      0.5675,
      1.365,
      0.6825,
      0,
      0.795,
      0.1125,
      0.91,
      0.2275,
      1.0225,
      0.34,
      1.1375,
      0.455,
      1.25,
      0.5675,
      1.365,
      0.6825,
      0,
      0.795,
      0.1125,
      0.91,
      0.2275,
      1.0225,
      0.34,
      1.1375,
      0.455,
      1.25,
      0.5675,
      1.365
    ],
    "SoftwareVersions": "syngo_MR_E11",
    "SpacingBetweenSlices": 2.5,
    "StationName": "AWP45031",
    "TaskName": "sitrep",
    "TotalReadoutTime": 0.0477406,
    "TxRefAmp": 311.375,
    "dataset": "ds004226",
    "modality": "bold",
    "run_id": 1,
    "subject_id": "007",
    "task_id": "sitrep"
  },
  "dummy_trs": 0,
  "dvars_nstd": 31.164759444132223,
  "dvars_std": 1.2736672747933881,
  "dvars_vstd": 0.9754002060881543,
  "efc": 0.6035705586833597,
  "fber": 2776.51904296875,
  "fd_mean": 0.12425340418246418,
  "fd_num": 31,
  "fd_perc": 8.516483516483516,
  "fwhm_avg": 1.723592,
  "fwhm_x": 1.582376,
  "fwhm_y": 1.8844360000000002,
  "fwhm_z": 1.7039639999999998,
  "gcor": 0.00883847,
  "gsr_x": -0.01721775531768799,
  "gsr_y": 0.07956045866012573,
  "provenance": {
    "md5sum": "21f1fea08a96d0154b64c61f48ae5aec",
    "settings": {
      "fd_thres": 0.2,
      "testing": false
    },
    "software": "mriqc",
    "version": "23.0.0",
    "webapi_port": null,
    "webapi_url": "https://mriqc.nimh.nih.gov/api/v1"
  },
  "size_t": 364,
  "size_x": 78,
  "size_y": 78,
  "size_z": 52,
  "snr": 6.123989573868637,
  "spacing_tr": 1.5,
  "spacing_x": 2.5,
  "spacing_y": 2.5,
  "spacing_z": 2.5,
  "summary_bg_k": 20.0802738146815,
  "summary_bg_mad": 16.237976847448095,
  "summary_bg_mean": 57.580814361572266,
  "summary_bg_median": 12.967705726623535,
  "summary_bg_n": 173839.0,
  "summary_bg_p05": 1.3109009504318236,
  "summary_bg_p95": 267.0919403076172,
  "summary_bg_stdv": 104.5205307006836,
  "summary_fg_k": 2.07715934930882,
  "summary_fg_mad": 112.49407216455768,
  "summary_fg_mean": 744.4288940429688,
  "summary_fg_median": 736.922607421875,
  "summary_fg_n": 83198.0,
  "summary_fg_p05": 577.7120178222656,
  "summary_fg_p95": 941.8692169189453,
  "summary_fg_stdv": 120.33302307128906,
  "tsnr": 52.801788330078125
}