{
  "aor": 0.0004706043956043956,
  "aqi": 0.007091002802197802,
  "bids_meta": {
    "AcquisitionMatrixPE": 78,
    "AcquisitionNumber": 1,
    "AcquisitionTime": "18:38:57.215000",
    "BandwidthPerPixelPhaseEncode": 20.678,
    "BaseResolution": 78,
    "BodyPartExamined": "BRAIN",
    "ConsistencyInfo": "N4_VE11C_LATEST_20160120",
    "ConversionSoftware": "dcm2niix",
    "ConversionSoftwareVersion": "v1.0.20171215 GCC4.8.5",
    "DerivedVendorReportedEchoSpacing": 0.000620007,
    "DeviceSerialNumber": "45031",
    "DwellTime": 3.2e-06,
    "EchoTime": 0.032,
    "EchoTrainLength": 78,
    "EffectiveEchoSpacing": 0.000620007,
    "FlipAngle": 70,
    "ImageOrientationPatientDICOM": [
      0.996919,
      0.0149285,
      0.0770008,
      -0.00487192,
      0.99161,
      -0.129172
    ],
    "ImageType": [
      "ORIGINAL",
      "PRIMARY",
      "M",
      "ND",
      "NORM",
      "MOSAIC"
    ],
    "InPlanePhaseEncodingDirectionDICOM": "COL",
    "InstitutionAddress": "Washington_and_Faculty_Rd._-_Building_25_25_Princeton_NJ_US_085",
    "InstitutionName": "Princeton_University_-_Neuroscience_Institute",
    "InstitutionalDepartmentName": "Department",
    "MRAcquisitionType": "2D",
    "MagneticFieldStrength": 3,
    "Manufacturer": "Siemens",
    "ManufacturersModelName": "Skyra",
    "Modality": "MR",
    "MultibandAccelerationFactor": 4,
    "PartialFourier": 1,
    "PatientPosition": "HFS",
    "PercentPhaseFOV": 100,
    "PhaseEncodingDirection": "j-",
    "PhaseEncodingSteps": 78,
    "PhaseResolution": 1,
    "PixelBandwidth": 2005,
    "ProcedureStepDescription": "TamirL_Mark",
    "ProtocolName": "EPI_2.5mm_1.5TR_32TE_SMS4_Siemens",
    "PulseSequenceDetails": "%SiemensSeq%_ep2d_bold",
    "ReceiveCoilActiveElements": "HC1-7",
    "ReceiveCoilName": "HeadNeck_64",
    "ReconMatrixPE": 78,
    "RepetitionTime": 1.5,
    "SAR": 0.0650796,
    "ScanOptions": "FS",
    "ScanningSequence": "EP",
    "SequenceName": "_epfid2d1_78",
    "SequenceVariant": "SK",
    "SeriesDescription": "EPI_2.5mm_1.5TR_32TE_SMS4_Siemens",
    "SeriesNumber": 16,
    "ShimSetting": [
      3435,
      8817,
      9227,
      486,
      114,
      -92,
      -22,
      158
    ],
    "SliceThickness": 2.5,
    "SliceTiming": [
      0.6825,
      0,
      0.795,
      0.1125,
      0.91,
      0.2275,
      1.025,
      0.34,
      1.1375,
      0.455,
      1.2525,
      0.5675,
      1.365,
      0.6825,
      0,
      0.795,
      0.1125,
      0.91,
      0.2275,
      1.025,
      0.34,
      1.1375,
      0.455,
      1.2525,
      0.5675,
      1.365,
      0.6825,
      0,
      0.795,
      0.1125,
      0.91,
      0.2275,
      1.025,
      0.34,
      1.1375,
      0.455,
      1.2525,
      0.5675,
      1.365,
      0.6825,
      0,
      0.795,
      0.1125,
      0.91,
      0.2275,
      1.025,
      0.34,
      1.1375,
      0.455,
      1.2525,
      0.5675,
      1.365
    ],
    "SoftwareVersions": "syngo_MR_E11",
    "SpacingBetweenSlices": 2.5,
    "StationName": "AWP45031",
    "TaskName": "sitrep",
    "TotalReadoutTime": 0.0477406,
    "TxRefAmp": 303.833,
    "dataset": "ds004226",
    "modality": "bold",
    "run_id": 8,
    "subject_id": "008",
    "task_id": "sitrep"
  },
  "dummy_trs": 0,
  "dvars_nstd": 25.637676501652905,
  "dvars_std": 1.2422560626170798,
  "dvars_vstd": 1.001873152176309,
  "efc": 0.540637761193157,
  "fber": 6347.56005859375,
  "fd_mean": 0.12737769750805425,
  "fd_num": 58,
  "fd_perc": 15.934065934065934,
  "fwhm_avg": 1.7696693333333335,
  "fwhm_x": 1.6946439999999998,
  "fwhm_y": 1.8643480000000001,
  "fwhm_z": 1.750016,
  "gcor": 0.0260676,
  "gsr_x": -0.011521569453179836,
  "gsr_y": 0.03685859590768814,
  "provenance": {
    "md5sum": "ff2ff0b50e5e7b171f31375728a0469e",
    "settings": {
      "fd_thres": 0.2,
      "testing": false
    },
    "software": "mriqc",
    "version": "23.0.0",
    "webapi_port": null,
    "webapi_url": "https://mriqc.nimh.nih.gov/api/v1"
  },
  "size_t": 364,
  "size_x": 78,
  "size_y": 78,
  "size_z": 52,
  "snr": 6.424690483899996,
  "spacing_tr": 1.5,
  "spacing_x": 2.5,
  "spacing_y": 2.5,
  "spacing_z": 2.5,
  "summary_bg_k": 15.476834092448978,
  "summary_bg_mad": 11.722312034191555,
  "summary_bg_mean": 43.658138275146484,
  "summary_bg_median": 9.471399307250977,
  "summary_bg_n": 193800.0,
  "summary_bg_p05": 0.9294574141502381,
  "summary_bg_p95": 211.54025192260727,
  "summary_bg_stdv": 84.10592651367188,
  "summary_fg_k": 1.709034814571928,
  "summary_fg_mad": 115.29530716675858,
  "summary_fg_mean": 774.2564697265625,
  "summary_fg_median": 769.1048583984375,
  "summary_fg_n": 67983.0,
  "summary_fg_p05": 603.1741394042969,
  "summary_fg_p95": 974.8561462402344,
  "summary_fg_stdv": 119.70992279052734,
  "tsnr": 71.89682006835938
}