{
  "aor": 0.006305934065934066,
  "aqi": 0.020554203846153845,
  "bids_meta": {
    "AcquisitionMatrixPE": 78,
    "AcquisitionNumber": 1,
    "AcquisitionTime": "12:06:25.085000",
    "BandwidthPerPixelPhaseEncode": 20.678,
    "BaseResolution": 78,
    "BodyPartExamined": "BRAIN",
    "ConsistencyInfo": "N4_VE11C_LATEST_20160120",
    "ConversionSoftware": "dcm2niix",
    "ConversionSoftwareVersion": "v1.0.20171215 GCC4.8.5",
    "DerivedVendorReportedEchoSpacing": 0.000620007,
    "DeviceSerialNumber": "45031",
    "DwellTime": 3.2e-06,
    "EchoTime": 0.032,
    "EchoTrainLength": 78,
    "EffectiveEchoSpacing": 0.000620007,
    "FlipAngle": 70,
    "ImageOrientationPatientDICOM": [
      0.999931,
      0.00557993,
      -0.0103397,
      -0.00663187,
      0.994485,
      -0.10467
    ],
    "ImageType": [
      "ORIGINAL",
      "PRIMARY",
      "M",
      "ND",
      "NORM",
      "MOSAIC"
    ],
    "InPlanePhaseEncodingDirectionDICOM": "COL",
    "InstitutionAddress": "Washington_and_Faculty_Rd._-_Building_25_25_Princeton_NJ_US_085",
    "InstitutionName": "Princeton_University_-_Neuroscience_Institute",
    "InstitutionalDepartmentName": "Department",
    "MRAcquisitionType": "2D",
    "MagneticFieldStrength": 3,
    "Manufacturer": "Siemens",
    "ManufacturersModelName": "Skyra",
    "Modality": "MR",
    "MultibandAccelerationFactor": 4,
    "PartialFourier": 1,
    "PatientPosition": "HFS",
    "PercentPhaseFOV": 100,
    "PhaseEncodingDirection": "j-",
    "PhaseEncodingSteps": 78,
    "PhaseResolution": 1,
    "PixelBandwidth": 2005,
    "ProcedureStepDescription": "TamirL_Mark",
    "ProtocolName": "EPI_2.5mm_1.5TR_32TE_SMS4_Siemens",
    "PulseSequenceDetails": "%SiemensSeq%_ep2d_bold",
    "ReceiveCoilActiveElements": "HC1-7",
    "ReceiveCoilName": "HeadNeck_64",
    "ReconMatrixPE": 78,
    "RepetitionTime": 1.5,
    "SAR": 0.058942,
    "ScanOptions": "FS",
    "ScanningSequence": "EP",
    "SequenceName": "_epfid2d1_78",
    "SequenceVariant": "SK",
    "SeriesDescription": "EPI_2.5mm_1.5TR_32TE_SMS4_Siemens",
    "SeriesNumber": 12,
    "ShimSetting": [
      3361,
      8809,
      9171,
      493,
      165,
      -176,
      363,
      120
    ],
    "SliceThickness": 2.5,
    "SliceTiming": [
      0.6825,
      0,
      0.7975,
      0.115,
      0.91,
      0.2275,
      1.025,
      0.3425,
      1.1375,
      0.455,
      1.2525,
      0.57,
      1.365,
      0.6825,
      0,
      0.7975,
      0.115,
      0.91,
      0.2275,
      1.025,
      0.3425,
      1.1375,
      0.455,
      1.2525,
      0.57,
      1.365,
      0.6825,
      0,
      0.7975,
      0.115,
      0.91,
      0.2275,
      1.025,
      0.3425,
      1.1375,
      0.455,
      1.2525,
      0.57,
      1.365,
      0.6825,
      0,
      0.7975,
      0.115,
      0.91,
      0.2275,
      1.025,
      0.3425,
      1.1375,
      0.455,
      1.2525,
      0.57,
      1.365
    ],
    "SoftwareVersions": "syngo_MR_E11",
    "SpacingBetweenSlices": 2.5,
    "StationName": "AWP45031",
    "TaskName": "sitrep",
    "TotalReadoutTime": 0.0477406,
    "TxRefAmp": 337.72,
    "dataset": "ds004226",
    "modality": "bold",
    "run_id": 4,
    "subject_id": "003",
    "task_id": "sitrep"
  },
  "dummy_trs": 0,
  "dvars_nstd": 37.851651693553706,
  "dvars_std": 1.4023608022038567,
  "dvars_vstd": 1.0280815654545454,
  "efc": 0.6084384683823806,
  "fber": 1996.099853515625,
  "fd_mean": 0.17861517695258342,
  "fd_num": 78,
  "fd_perc": 21.428571428571427,
  "fwhm_avg": 1.7221506666666666,
  "fwhm_x": 1.623348,
  "fwhm_y": 1.9142880000000002,
  "fwhm_z": 1.628816,
  "gcor": 0.0382628,
  "gsr_x": 0.014560381881892681,
  "gsr_y": 0.05207225680351257,
  "provenance": {
    "md5sum": "e96356d54abab913d22be68cdccafc3d",
    "settings": {
      "fd_thres": 0.2,
      "testing": false
    },
    "software": "mriqc",
    "version": "23.0.0",
    "webapi_port": null,
    "webapi_url": "https://mriqc.nimh.nih.gov/api/v1"
  },
  "size_t": 364,
  "size_x": 78,
  "size_y": 78,
  "size_z": 52,
  "snr": 6.394020896862566,
  "spacing_tr": 1.5,
  "spacing_x": 2.5,
  "spacing_y": 2.5,
  "spacing_z": 2.5,
  "summary_bg_k": 6.247878550443717,
  "summary_bg_mad": 21.376278590654167,
  "summary_bg_mean": 64.53962707519531,
  "summary_bg_median": 16.67167854309082,
  "summary_bg_n": 175411.0,
  "summary_bg_p05": 1.4495130777359009,
  "summary_bg_p95": 310.245849609375,
  "summary_bg_stdv": 102.50148010253906,
  "summary_fg_k": 3.0484494886763747,
  "summary_fg_mad": 106.8921903507333,
  "summary_fg_mean": 776.2965698242188,
  "summary_fg_median": 770.496337890625,
  "summary_fg_n": 82442.0,
  "summary_fg_p05": 613.3062561035156,
  "summary_fg_p95": 970.9514892578125,
  "summary_fg_stdv": 120.50189971923828,
  "tsnr": 41.653587341308594
}