{
  "aor": 0.0006760614525139666,
  "aqi": 0.007652883016759777,
  "bids_meta": {
    "AcquisitionMatrixPE": 78,
    "AcquisitionNumber": 1,
    "AcquisitionTime": "13:05:52.282500",
    "BandwidthPerPixelPhaseEncode": 20.678,
    "BaseResolution": 78,
    "BodyPartExamined": "BRAIN",
    "ConsistencyInfo": "N4_VE11C_LATEST_20160120",
    "ConversionSoftware": "dcm2niix",
    "ConversionSoftwareVersion": "v1.0.20171215 GCC4.8.5",
    "DerivedVendorReportedEchoSpacing": 0.000620007,
    "DeviceSerialNumber": "45031",
    "DwellTime": 3.2e-06,
    "EchoTime": 0.032,
    "EchoTrainLength": 78,
    "EffectiveEchoSpacing": 0.000620007,
    "FlipAngle": 70,
    "ImageOrientationPatientDICOM": [
      0.999931,
      0.00557993,
      -0.0103397,
      -0.00663187,
      0.994485,
      -0.10467
    ],
    "ImageType": [
      "ORIGINAL",
      "PRIMARY",
      "M",
      "ND",
      "NORM",
      "MOSAIC"
    ],
    "InPlanePhaseEncodingDirectionDICOM": "COL",
    "InstitutionAddress": "Washington_and_Faculty_Rd._-_Building_25_25_Princeton_NJ_US_085",
    "InstitutionName": "Princeton_University_-_Neuroscience_Institute",
    "InstitutionalDepartmentName": "Department",
    "MRAcquisitionType": "2D",
    "MagneticFieldStrength": 3,
    "Manufacturer": "Siemens",
    "ManufacturersModelName": "Skyra",
    "Modality": "MR",
    "MultibandAccelerationFactor": 4,
    "PartialFourier": 1,
    "PatientPosition": "HFS",
    "PercentPhaseFOV": 100,
    "PhaseEncodingDirection": "j-",
    "PhaseEncodingSteps": 78,
    "PhaseResolution": 1,
    "PixelBandwidth": 2005,
    "ProcedureStepDescription": "TamirL_Mark",
    "ProtocolName": "EPI_2.5mm_1.5TR_32TE_SMS4_Siemens",
    "PulseSequenceDetails": "%SiemensSeq%_ep2d_bold",
    "ReceiveCoilActiveElements": "HC1-7",
    "ReceiveCoilName": "HeadNeck_64",
    "ReconMatrixPE": 78,
    "RepetitionTime": 1.5,
    "SAR": 0.058942,
    "ScanOptions": "FS",
    "ScanningSequence": "EP",
    "SequenceName": "_epfid2d1_78",
    "SequenceVariant": "SK",
    "SeriesDescription": "EPI_2.5mm_1.5TR_32TE_SMS4_Siemens",
    "SeriesNumber": 18,
    "ShimSetting": [
      3361,
      8809,
      9171,
      493,
      165,
      -176,
      363,
      120
    ],
    "SliceThickness": 2.5,
    "SliceTiming": [
      0.6825,
      0,
      0.795,
      0.1125,
      0.91,
      0.2275,
      1.0225,
      0.34,
      1.1375,
      0.455,
      1.2525,
      0.5675,
      1.365,
      0.6825,
      0,
      0.795,
      0.1125,
      0.91,
      0.2275,
      1.0225,
      0.34,
      1.1375,
      0.455,
      1.2525,
      0.5675,
      1.365,
      0.6825,
      0,
      0.795,
      0.1125,
      0.91,
      0.2275,
      1.0225,
      0.34,
      1.1375,
      0.455,
      1.2525,
      0.5675,
      1.365,
      0.6825,
      0,
      0.795,
      0.1125,
      0.91,
      0.2275,
      1.0225,
      0.34,
      1.1375,
      0.455,
      1.2525,
      0.5675,
      1.365
    ],
    "SoftwareVersions": "syngo_MR_E11",
    "SpacingBetweenSlices": 2.5,
    "StationName": "AWP45031",
    "TaskName": "sitrep",
    "TotalReadoutTime": 0.0477406,
    "TxRefAmp": 337.72,
    "dataset": "ds004226",
    "modality": "bold",
    "run_id": 10,
    "subject_id": "003",
    "task_id": "sitrep"
  },
  "dummy_trs": 6,
  "dvars_nstd": 35.06207858294116,
  "dvars_std": 1.4291345085714298,
  "dvars_vstd": 1.0095042180672273,
  "efc": 0.6049520286423,
  "fber": 2281.464111328125,
  "fd_mean": 0.11487027276056927,
  "fd_num": 13,
  "fd_perc": 3.631284916201117,
  "fwhm_avg": 1.70714,
  "fwhm_x": 1.6076000000000001,
  "fwhm_y": 1.9014119999999999,
  "fwhm_z": 1.6124079999999998,
  "gcor": 0.00831428,
  "gsr_x": 0.02038688026368618,
  "gsr_y": 0.05118691176176071,
  "provenance": {
    "md5sum": "4952337321250e07d7b68a652e590409",
    "settings": {
      "fd_thres": 0.2,
      "testing": false
    },
    "software": "mriqc",
    "version": "23.0.0",
    "webapi_port": null,
    "webapi_url": "https://mriqc.nimh.nih.gov/api/v1"
  },
  "size_t": 358,
  "size_x": 78,
  "size_y": 78,
  "size_z": 52,
  "snr": 6.2937349318635825,
  "spacing_tr": 1.5,
  "spacing_x": 2.5,
  "spacing_y": 2.5,
  "spacing_z": 2.5,
  "summary_bg_k": 6.296269931428592,
  "summary_bg_mad": 19.874848617992814,
  "summary_bg_mean": 63.99275207519531,
  "summary_bg_median": 15.527791023254395,
  "summary_bg_n": 176189.0,
  "summary_bg_p05": 1.306515884399414,
  "summary_bg_p95": 313.6400634765625,
  "summary_bg_stdv": 104.04438018798828,
  "summary_fg_k": 3.2415317565863058,
  "summary_fg_mad": 107.49517618343668,
  "summary_fg_mean": 775.4698486328125,
  "summary_fg_median": 769.5772094726562,
  "summary_fg_n": 81681.0,
  "summary_fg_p05": 610.8983154296875,
  "summary_fg_p95": 971.7030029296875,
  "summary_fg_stdv": 122.27596282958984,
  "tsnr": 62.348236083984375
}