{
  "aor": 0.0035107563025210085,
  "aqi": 0.009525150308123249,
  "bids_meta": {
    "AcquisitionMatrixPE": 78,
    "AcquisitionNumber": 1,
    "AcquisitionTime": "11:46:55.845000",
    "BandwidthPerPixelPhaseEncode": 20.678,
    "BaseResolution": 78,
    "BodyPartExamined": "BRAIN",
    "ConsistencyInfo": "N4_VE11C_LATEST_20160120",
    "ConversionSoftware": "dcm2niix",
    "ConversionSoftwareVersion": "v1.0.20171215 GCC4.8.5",
    "DerivedVendorReportedEchoSpacing": 0.000620007,
    "DeviceSerialNumber": "45031",
    "DwellTime": 3.2e-06,
    "EchoTime": 0.032,
    "EchoTrainLength": 78,
    "EffectiveEchoSpacing": 0.000620007,
    "FlipAngle": 70,
    "ImageOrientationPatientDICOM": [
      0.999931,
      0.00557993,
      -0.0103397,
      -0.00663187,
      0.994485,
      -0.10467
    ],
    "ImageType": [
      "ORIGINAL",
      "PRIMARY",
      "M",
      "ND",
      "NORM",
      "MOSAIC"
    ],
    "InPlanePhaseEncodingDirectionDICOM": "COL",
    "InstitutionAddress": "Washington_and_Faculty_Rd._-_Building_25_25_Princeton_NJ_US_085",
    "InstitutionName": "Princeton_University_-_Neuroscience_Institute",
    "InstitutionalDepartmentName": "Department",
    "MRAcquisitionType": "2D",
    "MagneticFieldStrength": 3,
    "Manufacturer": "Siemens",
    "ManufacturersModelName": "Skyra",
    "Modality": "MR",
    "MultibandAccelerationFactor": 4,
    "PartialFourier": 1,
    "PatientPosition": "HFS",
    "PercentPhaseFOV": 100,
    "PhaseEncodingDirection": "j-",
    "PhaseEncodingSteps": 78,
    "PhaseResolution": 1,
    "PixelBandwidth": 2005,
    "ProcedureStepDescription": "TamirL_Mark",
    "ProtocolName": "EPI_2.5mm_1.5TR_32TE_SMS4_Siemens",
    "PulseSequenceDetails": "%SiemensSeq%_ep2d_bold",
    "ReceiveCoilActiveElements": "HC1-7",
    "ReceiveCoilName": "HeadNeck_64",
    "ReconMatrixPE": 78,
    "RepetitionTime": 1.5,
    "SAR": 0.058942,
    "ScanOptions": "FS",
    "ScanningSequence": "EP",
    "SequenceName": "_epfid2d1_78",
    "SequenceVariant": "SK",
    "SeriesDescription": "EPI_2.5mm_1.5TR_32TE_SMS4_Siemens",
    "SeriesNumber": 10,
    "ShimSetting": [
      3361,
      8809,
      9171,
      493,
      165,
      -176,
      363,
      120
    ],
    "SliceThickness": 2.5,
    "SliceTiming": [
      0.6825,
      0,
      0.7975,
      0.115,
      0.91,
      0.2275,
      1.025,
      0.3425,
      1.1375,
      0.455,
      1.2525,
      0.57,
      1.365,
      0.6825,
      0,
      0.7975,
      0.115,
      0.91,
      0.2275,
      1.025,
      0.3425,
      1.1375,
      0.455,
      1.2525,
      0.57,
      1.365,
      0.6825,
      0,
      0.7975,
      0.115,
      0.91,
      0.2275,
      1.025,
      0.3425,
      1.1375,
      0.455,
      1.2525,
      0.57,
      1.365,
      0.6825,
      0,
      0.7975,
      0.115,
      0.91,
      0.2275,
      1.025,
      0.3425,
      1.1375,
      0.455,
      1.2525,
      0.57,
      1.365
    ],
    "SoftwareVersions": "syngo_MR_E11",
    "SpacingBetweenSlices": 2.5,
    "StationName": "AWP45031",
    "TaskName": "sitrep",
    "TotalReadoutTime": 0.0477406,
    "TxRefAmp": 337.72,
    "dataset": "ds004226",
    "modality": "bold",
    "run_id": 2,
    "subject_id": "003",
    "task_id": "sitrep"
  },
  "dummy_trs": 7,
  "dvars_nstd": 36.69879428460673,
  "dvars_std": 1.5005051512078655,
  "dvars_vstd": 1.0431210843539325,
  "efc": 0.6083701283233818,
  "fber": 1999.320556640625,
  "fd_mean": 0.12224710655057608,
  "fd_num": 34,
  "fd_perc": 9.523809523809524,
  "fwhm_avg": 1.6990013333333334,
  "fwhm_x": 1.60138,
  "fwhm_y": 1.884844,
  "fwhm_z": 1.61078,
  "gcor": 0.0204538,
  "gsr_x": 0.011704802513122559,
  "gsr_y": 0.05062999203801155,
  "provenance": {
    "md5sum": "f17f570d1be080f62dfeabd3bbe63aa9",
    "settings": {
      "fd_thres": 0.2,
      "testing": false
    },
    "software": "mriqc",
    "version": "23.0.0",
    "webapi_port": null,
    "webapi_url": "https://mriqc.nimh.nih.gov/api/v1"
  },
  "size_t": 357,
  "size_x": 78,
  "size_y": 78,
  "size_z": 52,
  "snr": 6.423058452319435,
  "spacing_tr": 1.5,
  "spacing_x": 2.5,
  "spacing_y": 2.5,
  "spacing_z": 2.5,
  "summary_bg_k": 6.297666574112446,
  "summary_bg_mad": 21.155547527944083,
  "summary_bg_mean": 63.798805236816406,
  "summary_bg_median": 16.61870574951172,
  "summary_bg_n": 175094.0,
  "summary_bg_p05": 1.4746554493904114,
  "summary_bg_p95": 308.3761413574219,
  "summary_bg_stdv": 101.7129135131836,
  "summary_fg_k": 2.9989866377842542,
  "summary_fg_mad": 107.98455074384185,
  "summary_fg_mean": 777.1558227539062,
  "summary_fg_median": 771.043701171875,
  "summary_fg_n": 82634.0,
  "summary_fg_p05": 613.8707580566406,
  "summary_fg_p95": 970.5850433349609,
  "summary_fg_stdv": 120.04235076904297,
  "tsnr": 59.033416748046875
}