{
  "bids_meta": {
    "AcquisitionMatrixPE": 256,
    "AcquisitionNumber": 1,
    "AcquisitionTime": "16:07:38.247500",
    "BaseResolution": 256,
    "BodyPartExamined": "BRAIN",
    "ConsistencyInfo": "N4_VE11C_LATEST_20160120",
    "ConversionSoftware": "dcm2niix",
    "ConversionSoftwareVersion": "v1.0.20171215 GCC4.8.5",
    "DeviceSerialNumber": "45031",
    "DwellTime": 8.2e-06,
    "EchoTime": 0.00298,
    "FlipAngle": 9,
    "ImageOrientationPatientDICOM": [
      -0.047467,
      0.996823,
      -0.063957,
      -0.108564,
      -0.0687983,
      -0.991706
    ],
    "ImageType": [
      "ORIGINAL",
      "PRIMARY",
      "M",
      "ND",
      "NORM"
    ],
    "InPlanePhaseEncodingDirectionDICOM": "ROW",
    "InstitutionAddress": "Washington_and_Faculty_Rd._-_Building_25_25_Princeton_NJ_US_085",
    "InstitutionName": "Princeton_University_-_Neuroscience_Institute",
    "InstitutionalDepartmentName": "Department",
    "InversionTime": 0.9,
    "MRAcquisitionType": "3D",
    "MagneticFieldStrength": 3,
    "Manufacturer": "Siemens",
    "ManufacturersModelName": "Skyra",
    "Modality": "MR",
    "ParallelReductionFactorInPlane": 2,
    "PartialFourier": 1,
    "PatientPosition": "HFS",
    "PercentPhaseFOV": 100,
    "PhaseEncodingSteps": 255,
    "PhaseResolution": 1,
    "PixelBandwidth": 240,
    "ProcedureStepDescription": "TamirL_Mark",
    "ProtocolName": "T1w_MPR_1iso_iP2",
    "PulseSequenceDetails": "%SiemensSeq%_tfl",
    "ReceiveCoilActiveElements": "HC1-7;NC1",
    "ReceiveCoilName": "HeadNeck_64",
    "ReconMatrixPE": 256,
    "RepetitionTime": 2.3,
    "SAR": 0.0713358,
    "ScanOptions": "IR",
    "ScanningSequence": "GR_IR",
    "SequenceName": "_tfl3d1_16ns",
    "SequenceVariant": "SK_SP_MP",
    "SeriesDescription": "T1w_MPR_1iso_iP2",
    "SeriesNumber": 6,
    "ShimSetting": [
      3342,
      8661,
      9043,
      296,
      293,
      -1320,
      159,
      469
    ],
    "SliceThickness": 1,
    "SoftwareVersions": "syngo_MR_E11",
    "StationName": "AWP45031",
    "TxRefAmp": 293.588,
    "dataset": "ds004226",
    "modality": "T1w",
    "subject_id": "033"
  },
  "cjv": 0.34187019650234607,
  "cnr": 3.876660245344837,
  "efc": 0.5091481050587715,
  "fber": 11012.887943786982,
  "fwhm_avg": 3.4446522929249905,
  "fwhm_x": 3.5506068787749716,
  "fwhm_y": 3.51471,
  "fwhm_z": 3.26864,
  "icvs_csf": 0.19464309885983336,
  "icvs_gm": 0.4597604385875413,
  "icvs_wm": 0.3455964625526253,
  "inu_med": 0.6191797256469727,
  "inu_range": 0.23269116878509521,
  "provenance": {
    "md5sum": "bd875a14f7b966992d8a873b4046a878",
    "settings": {
      "testing": false
    },
    "software": "mriqc",
    "version": "23.0.0",
    "warnings": {
      "large_rot_frame": true,
      "small_air_mask": false
    },
    "webapi_port": null,
    "webapi_url": "https://mriqc.nimh.nih.gov/api/v1"
  },
  "qi_1": 0.0,
  "qi_2": 0.0008744643763600627,
  "rpve_csf": 26.36247245492729,
  "rpve_gm": 12.036435393596978,
  "rpve_wm": 17.70116940361806,
  "size_x": 176,
  "size_y": 256,
  "size_z": 256,
  "snr_csf": 1.7434112609015184,
  "snr_gm": 9.45359768830182,
  "snr_total": 10.20144265652731,
  "snr_wm": 19.407319020378598,
  "snrd_csf": 12.470817056882149,
  "snrd_gm": 38.17150207227486,
  "snrd_total": 36.14250062369123,
  "snrd_wm": 57.78518274191667,
  "spacing_x": 1.000003695487976,
  "spacing_y": 1.0,
  "spacing_z": 1.0,
  "summary_bg_k": 14.06306528821445,
  "summary_bg_mad": 0.0,
  "summary_bg_mean": 6.709668274747115,
  "summary_bg_median": 0.0,
  "summary_bg_n": 3984604.0,
  "summary_bg_p05": 0.0,
  "summary_bg_p95": 28.50286341458559,
  "summary_bg_stdv": 11.33744638945616,
  "summary_csf_k": 11.093183058800232,
  "summary_csf_mad": 101.99444540865365,
  "summary_csf_mean": 232.44997694468373,
  "summary_csf_median": 215.81340895593166,
  "summary_csf_n": 32717.0,
  "summary_csf_p05": 64.53351409435273,
  "summary_csf_p95": 453.1492164015769,
  "summary_csf_stdv": 123.78611724382603,
  "summary_gm_k": 0.14017762227952746,
  "summary_gm_mad": 67.53854953008766,
  "summary_gm_mean": 661.5893365106595,
  "summary_gm_median": 660.5759630352259,
  "summary_gm_n": 36111.0,
  "summary_gm_p05": 547.3433911688626,
  "summary_gm_p95": 779.9132840819657,
  "summary_gm_stdv": 69.87464860333068,
  "summary_wm_k": 0.6887436163897473,
  "summary_wm_mad": 48.50041865515537,
  "summary_wm_mean": 999.8306679317317,
  "summary_wm_median": 1000.0000174641609,
  "summary_wm_n": 182358.0,
  "summary_wm_p05": 915.5860719010234,
  "summary_wm_p95": 1083.40352178365,
  "summary_wm_stdv": 51.52681184613344,
  "tpm_overlap_csf": 0.15707438527207904,
  "tpm_overlap_gm": 0.4784035455154992,
  "tpm_overlap_wm": 0.5061309200189561,
  "wm2max": 0.4291005004245479
}