{
  "aor": 0.0012177472527472527,
  "aqi": 0.01596175802197802,
  "bids_meta": {
    "AcquisitionMatrixPE": 78,
    "AcquisitionNumber": 1,
    "AcquisitionTime": "19:39:19.947500",
    "BandwidthPerPixelPhaseEncode": 20.678,
    "BaseResolution": 78,
    "BodyPartExamined": "BRAIN",
    "ConsistencyInfo": "N4_VE11C_LATEST_20160120",
    "ConversionSoftware": "dcm2niix",
    "ConversionSoftwareVersion": "v1.0.20171215 GCC4.8.5",
    "DerivedVendorReportedEchoSpacing": 0.000620007,
    "DeviceSerialNumber": "45031",
    "DwellTime": 3.2e-06,
    "EchoTime": 0.032,
    "EchoTrainLength": 78,
    "EffectiveEchoSpacing": 0.000620007,
    "FlipAngle": 70,
    "ImageOrientationPatientDICOM": [
      0.998896,
      0.0200926,
      -0.0424506,
      -0.0198774,
      0.999787,
      0.00548364
    ],
    "ImageType": [
      "ORIGINAL",
      "PRIMARY",
      "M",
      "ND",
      "NORM",
      "MOSAIC"
    ],
    "InPlanePhaseEncodingDirectionDICOM": "COL",
    "InstitutionAddress": "Washington_and_Faculty_Rd._-_Building_25_25_Princeton_NJ_US_085",
    "InstitutionName": "Princeton_University_-_Neuroscience_Institute",
    "InstitutionalDepartmentName": "Department",
    "MRAcquisitionType": "2D",
    "MagneticFieldStrength": 3,
    "Manufacturer": "Siemens",
    "ManufacturersModelName": "Skyra",
    "Modality": "MR",
    "MultibandAccelerationFactor": 4,
    "PartialFourier": 1,
    "PatientPosition": "HFS",
    "PercentPhaseFOV": 100,
    "PhaseEncodingDirection": "j-",
    "PhaseEncodingSteps": 78,
    "PhaseResolution": 1,
    "PixelBandwidth": 2005,
    "ProcedureStepDescription": "TamirL_Mark",
    "ProtocolName": "EPI_2.5mm_1.5TR_32TE_SMS4_Siemens",
    "PulseSequenceDetails": "%SiemensSeq%_ep2d_bold",
    "ReceiveCoilActiveElements": "HC1-7",
    "ReceiveCoilName": "HeadNeck_64",
    "ReconMatrixPE": 78,
    "RepetitionTime": 1.5,
    "SAR": 0.0696372,
    "ScanOptions": "FS",
    "ScanningSequence": "EP",
    "SequenceName": "_epfid2d1_78",
    "SequenceVariant": "SK",
    "SeriesDescription": "EPI_2.5mm_1.5TR_32TE_SMS4_Siemens",
    "SeriesNumber": 14,
    "ShimSetting": [
      3318,
      8672,
      9299,
      686,
      0,
      -67,
      325,
      351
    ],
    "SliceThickness": 2.5,
    "SliceTiming": [
      0.685,
      0,
      0.7975,
      0.115,
      0.9125,
      0.2275,
      1.025,
      0.3425,
      1.14,
      0.455,
      1.2525,
      0.57,
      1.3675,
      0.685,
      0,
      0.7975,
      0.115,
      0.9125,
      0.2275,
      1.025,
      0.3425,
      1.14,
      0.455,
      1.2525,
      0.57,
      1.3675,
      0.685,
      0,
      0.7975,
      0.115,
      0.9125,
      0.2275,
      1.025,
      0.3425,
      1.14,
      0.455,
      1.2525,
      0.57,
      1.3675,
      0.685,
      0,
      0.7975,
      0.115,
      0.9125,
      0.2275,
      1.025,
      0.3425,
      1.14,
      0.455,
      1.2525,
      0.57,
      1.3675
    ],
    "SoftwareVersions": "syngo_MR_E11",
    "SpacingBetweenSlices": 2.5,
    "StationName": "AWP45031",
    "TaskName": "sitrep",
    "TotalReadoutTime": 0.0477406,
    "TxRefAmp": 295.845,
    "dataset": "ds004226",
    "modality": "bold",
    "run_id": 6,
    "subject_id": "005",
    "task_id": "sitrep"
  },
  "dummy_trs": 0,
  "dvars_nstd": 28.605745315537202,
  "dvars_std": 1.205123622754821,
  "dvars_vstd": 0.9800221845179063,
  "efc": 0.5462912388421847,
  "fber": 5449.76904296875,
  "fd_mean": 0.13060606797461732,
  "fd_num": 36,
  "fd_perc": 9.89010989010989,
  "fwhm_avg": 1.7211679999999998,
  "fwhm_x": 1.6432120000000001,
  "fwhm_y": 1.8806360000000002,
  "fwhm_z": 1.639656,
  "gcor": 0.0358613,
  "gsr_x": 0.00016671927005518228,
  "gsr_y": 0.045015428215265274,
  "provenance": {
    "md5sum": "11c441204ac219cf6cc9f1f20828b482",
    "settings": {
      "fd_thres": 0.2,
      "testing": false
    },
    "software": "mriqc",
    "version": "23.0.0",
    "webapi_port": null,
    "webapi_url": "https://mriqc.nimh.nih.gov/api/v1"
  },
  "size_t": 364,
  "size_x": 78,
  "size_y": 78,
  "size_z": 52,
  "snr": 7.27132289777248,
  "spacing_tr": 1.5,
  "spacing_x": 2.5,
  "spacing_y": 2.5,
  "spacing_z": 2.5,
  "summary_bg_k": 15.705980960929136,
  "summary_bg_mad": 13.348726141914089,
  "summary_bg_mean": 41.13272476196289,
  "summary_bg_median": 10.399408340454102,
  "summary_bg_n": 190260.0,
  "summary_bg_p05": 0.7428088933229446,
  "summary_bg_p95": 182.3422630310057,
  "summary_bg_stdv": 75.17972564697266,
  "summary_fg_k": 3.573356881870347,
  "summary_fg_mad": 95.27456678373304,
  "summary_fg_mean": 787.288330078125,
  "summary_fg_median": 785.5645751953125,
  "summary_fg_n": 69816.0,
  "summary_fg_p05": 633.3043823242188,
  "summary_fg_p95": 954.8555603027344,
  "summary_fg_stdv": 108.03521728515625,
  "tsnr": 51.426170349121094
}