{
  "aor": 0.0021482417582417584,
  "aqi": 0.026683921703296705,
  "bids_meta": {
    "AcquisitionMatrixPE": 78,
    "AcquisitionNumber": 1,
    "AcquisitionTime": "19:58:57.147500",
    "BandwidthPerPixelPhaseEncode": 20.678,
    "BaseResolution": 78,
    "BodyPartExamined": "BRAIN",
    "ConsistencyInfo": "N4_VE11C_LATEST_20160120",
    "ConversionSoftware": "dcm2niix",
    "ConversionSoftwareVersion": "v1.0.20171215 GCC4.8.5",
    "DerivedVendorReportedEchoSpacing": 0.000620007,
    "DeviceSerialNumber": "45031",
    "DwellTime": 3.2e-06,
    "EchoTime": 0.032,
    "EchoTrainLength": 78,
    "EffectiveEchoSpacing": 0.000620007,
    "FlipAngle": 70,
    "ImageOrientationPatientDICOM": [
      0.998896,
      0.0200926,
      -0.0424506,
      -0.0198774,
      0.999787,
      0.00548364
    ],
    "ImageType": [
      "ORIGINAL",
      "PRIMARY",
      "M",
      "ND",
      "NORM",
      "MOSAIC"
    ],
    "InPlanePhaseEncodingDirectionDICOM": "COL",
    "InstitutionAddress": "Washington_and_Faculty_Rd._-_Building_25_25_Princeton_NJ_US_085",
    "InstitutionName": "Princeton_University_-_Neuroscience_Institute",
    "InstitutionalDepartmentName": "Department",
    "MRAcquisitionType": "2D",
    "MagneticFieldStrength": 3,
    "Manufacturer": "Siemens",
    "ManufacturersModelName": "Skyra",
    "Modality": "MR",
    "MultibandAccelerationFactor": 4,
    "PartialFourier": 1,
    "PatientPosition": "HFS",
    "PercentPhaseFOV": 100,
    "PhaseEncodingDirection": "j-",
    "PhaseEncodingSteps": 78,
    "PhaseResolution": 1,
    "PixelBandwidth": 2005,
    "ProcedureStepDescription": "TamirL_Mark",
    "ProtocolName": "EPI_2.5mm_1.5TR_32TE_SMS4_Siemens",
    "PulseSequenceDetails": "%SiemensSeq%_ep2d_bold",
    "ReceiveCoilActiveElements": "HC1-7",
    "ReceiveCoilName": "HeadNeck_64",
    "ReconMatrixPE": 78,
    "RepetitionTime": 1.5,
    "SAR": 0.0696372,
    "ScanOptions": "FS",
    "ScanningSequence": "EP",
    "SequenceName": "_epfid2d1_78",
    "SequenceVariant": "SK",
    "SeriesDescription": "EPI_2.5mm_1.5TR_32TE_SMS4_Siemens",
    "SeriesNumber": 16,
    "ShimSetting": [
      3318,
      8672,
      9299,
      686,
      0,
      -67,
      325,
      351
    ],
    "SliceThickness": 2.5,
    "SliceTiming": [
      0.685,
      0,
      0.7975,
      0.115,
      0.9125,
      0.2275,
      1.025,
      0.3425,
      1.14,
      0.455,
      1.2525,
      0.57,
      1.3675,
      0.685,
      0,
      0.7975,
      0.115,
      0.9125,
      0.2275,
      1.025,
      0.3425,
      1.14,
      0.455,
      1.2525,
      0.57,
      1.3675,
      0.685,
      0,
      0.7975,
      0.115,
      0.9125,
      0.2275,
      1.025,
      0.3425,
      1.14,
      0.455,
      1.2525,
      0.57,
      1.3675,
      0.685,
      0,
      0.7975,
      0.115,
      0.9125,
      0.2275,
      1.025,
      0.3425,
      1.14,
      0.455,
      1.2525,
      0.57,
      1.3675
    ],
    "SoftwareVersions": "syngo_MR_E11",
    "SpacingBetweenSlices": 2.5,
    "StationName": "AWP45031",
    "TaskName": "sitrep",
    "TotalReadoutTime": 0.0477406,
    "TxRefAmp": 295.845,
    "dataset": "ds004226",
    "modality": "bold",
    "run_id": 8,
    "subject_id": "005",
    "task_id": "sitrep"
  },
  "dummy_trs": 0,
  "dvars_nstd": 34.430624832947686,
  "dvars_std": 1.1399088443801644,
  "dvars_vstd": 0.9792369917906335,
  "efc": 0.549182119301812,
  "fber": 4921.857421875,
  "fd_mean": 0.31652216747950246,
  "fd_num": 207,
  "fd_perc": 56.86813186813187,
  "fwhm_avg": 1.750656,
  "fwhm_x": 1.6614840000000002,
  "fwhm_y": 1.916,
  "fwhm_z": 1.674484,
  "gcor": 0.0275225,
  "gsr_x": -0.00010701888822950423,
  "gsr_y": 0.04338376224040985,
  "provenance": {
    "md5sum": "c9357dfdf2800b7dbdcd11ed921cf0d3",
    "settings": {
      "fd_thres": 0.2,
      "testing": false
    },
    "software": "mriqc",
    "version": "23.0.0",
    "webapi_port": null,
    "webapi_url": "https://mriqc.nimh.nih.gov/api/v1"
  },
  "size_t": 364,
  "size_x": 78,
  "size_y": 78,
  "size_z": 52,
  "snr": 7.312911783993634,
  "spacing_tr": 1.5,
  "spacing_x": 2.5,
  "spacing_y": 2.5,
  "spacing_z": 2.5,
  "summary_bg_k": 14.417471436045307,
  "summary_bg_mad": 14.021299886317868,
  "summary_bg_mean": 42.15911865234375,
  "summary_bg_median": 10.866183280944824,
  "summary_bg_n": 189865.0,
  "summary_bg_p05": 0.7608218669891359,
  "summary_bg_p95": 186.81551818847646,
  "summary_bg_stdv": 75.66087341308594,
  "summary_fg_k": 3.595276823836808,
  "summary_fg_mad": 94.06153683139738,
  "summary_fg_mean": 782.5595092773438,
  "summary_fg_median": 780.760009765625,
  "summary_fg_n": 69964.0,
  "summary_fg_p05": 629.9865203857422,
  "summary_fg_p95": 947.607907104492,
  "summary_fg_stdv": 106.76382446289062,
  "tsnr": 38.73112487792969
}