{
  "aor": 0.0022168131868131867,
  "aqi": 0.022342402939560444,
  "bids_meta": {
    "AcquisitionMatrixPE": 78,
    "AcquisitionNumber": 1,
    "AcquisitionTime": "19:19:21.595000",
    "BandwidthPerPixelPhaseEncode": 20.678,
    "BaseResolution": 78,
    "BodyPartExamined": "BRAIN",
    "ConsistencyInfo": "N4_VE11C_LATEST_20160120",
    "ConversionSoftware": "dcm2niix",
    "ConversionSoftwareVersion": "v1.0.20171215 GCC4.8.5",
    "DerivedVendorReportedEchoSpacing": 0.000620007,
    "DeviceSerialNumber": "45031",
    "DwellTime": 3.2e-06,
    "EchoTime": 0.032,
    "EchoTrainLength": 78,
    "EffectiveEchoSpacing": 0.000620007,
    "FlipAngle": 70,
    "ImageOrientationPatientDICOM": [
      0.998896,
      0.0200926,
      -0.0424506,
      -0.0198774,
      0.999787,
      0.00548364
    ],
    "ImageType": [
      "ORIGINAL",
      "PRIMARY",
      "M",
      "ND",
      "NORM",
      "MOSAIC"
    ],
    "InPlanePhaseEncodingDirectionDICOM": "COL",
    "InstitutionAddress": "Washington_and_Faculty_Rd._-_Building_25_25_Princeton_NJ_US_085",
    "InstitutionName": "Princeton_University_-_Neuroscience_Institute",
    "InstitutionalDepartmentName": "Department",
    "MRAcquisitionType": "2D",
    "MagneticFieldStrength": 3,
    "Manufacturer": "Siemens",
    "ManufacturersModelName": "Skyra",
    "Modality": "MR",
    "MultibandAccelerationFactor": 4,
    "PartialFourier": 1,
    "PatientPosition": "HFS",
    "PercentPhaseFOV": 100,
    "PhaseEncodingDirection": "j-",
    "PhaseEncodingSteps": 78,
    "PhaseResolution": 1,
    "PixelBandwidth": 2005,
    "ProcedureStepDescription": "TamirL_Mark",
    "ProtocolName": "EPI_2.5mm_1.5TR_32TE_SMS4_Siemens",
    "PulseSequenceDetails": "%SiemensSeq%_ep2d_bold",
    "ReceiveCoilActiveElements": "HC1-7",
    "ReceiveCoilName": "HeadNeck_64",
    "ReconMatrixPE": 78,
    "RepetitionTime": 1.5,
    "SAR": 0.0696372,
    "ScanOptions": "FS",
    "ScanningSequence": "EP",
    "SequenceName": "_epfid2d1_78",
    "SequenceVariant": "SK",
    "SeriesDescription": "EPI_2.5mm_1.5TR_32TE_SMS4_Siemens",
    "SeriesNumber": 12,
    "ShimSetting": [
      3318,
      8672,
      9299,
      686,
      0,
      -67,
      325,
      351
    ],
    "SliceThickness": 2.5,
    "SliceTiming": [
      0.6825,
      0,
      0.7975,
      0.115,
      0.9125,
      0.2275,
      1.025,
      0.3425,
      1.14,
      0.455,
      1.2525,
      0.57,
      1.3675,
      0.6825,
      0,
      0.7975,
      0.115,
      0.9125,
      0.2275,
      1.025,
      0.3425,
      1.14,
      0.455,
      1.2525,
      0.57,
      1.3675,
      0.6825,
      0,
      0.7975,
      0.115,
      0.9125,
      0.2275,
      1.025,
      0.3425,
      1.14,
      0.455,
      1.2525,
      0.57,
      1.3675,
      0.6825,
      0,
      0.7975,
      0.115,
      0.9125,
      0.2275,
      1.025,
      0.3425,
      1.14,
      0.455,
      1.2525,
      0.57,
      1.3675
    ],
    "SoftwareVersions": "syngo_MR_E11",
    "SpacingBetweenSlices": 2.5,
    "StationName": "AWP45031",
    "TaskName": "sitrep",
    "TotalReadoutTime": 0.0477406,
    "TxRefAmp": 295.845,
    "dataset": "ds004226",
    "modality": "bold",
    "run_id": 4,
    "subject_id": "005",
    "task_id": "sitrep"
  },
  "dummy_trs": 0,
  "dvars_nstd": 31.64791813366393,
  "dvars_std": 1.2165468544352618,
  "dvars_vstd": 0.9847822496694212,
  "efc": 0.553754322867913,
  "fber": 4222.08154296875,
  "fd_mean": 0.1946497599290365,
  "fd_num": 116,
  "fd_perc": 31.86813186813187,
  "fwhm_avg": 1.7389919999999999,
  "fwhm_x": 1.647892,
  "fwhm_y": 1.8988479999999999,
  "fwhm_z": 1.6702359999999998,
  "gcor": 0.0284173,
  "gsr_x": -0.003656503977254033,
  "gsr_y": 0.043093644082546234,
  "provenance": {
    "md5sum": "b144e42d77739ce21f09d0fa3f4a4a90",
    "settings": {
      "fd_thres": 0.2,
      "testing": false
    },
    "software": "mriqc",
    "version": "23.0.0",
    "webapi_port": null,
    "webapi_url": "https://mriqc.nimh.nih.gov/api/v1"
  },
  "size_t": 364,
  "size_x": 78,
  "size_y": 78,
  "size_z": 52,
  "snr": 7.296766600771665,
  "spacing_tr": 1.5,
  "spacing_x": 2.5,
  "spacing_y": 2.5,
  "spacing_z": 2.5,
  "summary_bg_k": 13.726661804067962,
  "summary_bg_mad": 14.880960651927763,
  "summary_bg_mean": 43.58562088012695,
  "summary_bg_median": 11.627386093139648,
  "summary_bg_n": 188528.0,
  "summary_bg_p05": 0.8545517086982727,
  "summary_bg_p95": 196.53888244628905,
  "summary_bg_stdv": 77.4341049194336,
  "summary_fg_k": 3.2703607138686683,
  "summary_fg_mad": 95.22696859239186,
  "summary_fg_mean": 779.9325561523438,
  "summary_fg_median": 778.3379516601562,
  "summary_fg_n": 70619.0,
  "summary_fg_p05": 626.2601989746094,
  "summary_fg_p95": 945.6090393066406,
  "summary_fg_stdv": 106.66812896728516,
  "tsnr": 44.17787170410156
}