{
  "aor": 0.0009117032967032966,
  "aqi": 0.013653674642857145,
  "bids_meta": {
    "AcquisitionMatrixPE": 78,
    "AcquisitionNumber": 1,
    "AcquisitionTime": "19:49:11.210000",
    "BandwidthPerPixelPhaseEncode": 20.678,
    "BaseResolution": 78,
    "BodyPartExamined": "BRAIN",
    "ConsistencyInfo": "N4_VE11C_LATEST_20160120",
    "ConversionSoftware": "dcm2niix",
    "ConversionSoftwareVersion": "v1.0.20171215 GCC4.8.5",
    "DerivedVendorReportedEchoSpacing": 0.000620007,
    "DeviceSerialNumber": "45031",
    "DwellTime": 3.2e-06,
    "EchoTime": 0.032,
    "EchoTrainLength": 78,
    "EffectiveEchoSpacing": 0.000620007,
    "FlipAngle": 70,
    "ImageOrientationPatientDICOM": [
      0.998896,
      0.0200926,
      -0.0424506,
      -0.0198774,
      0.999787,
      0.00548364
    ],
    "ImageType": [
      "ORIGINAL",
      "PRIMARY",
      "M",
      "ND",
      "NORM",
      "MOSAIC"
    ],
    "InPlanePhaseEncodingDirectionDICOM": "COL",
    "InstitutionAddress": "Washington_and_Faculty_Rd._-_Building_25_25_Princeton_NJ_US_085",
    "InstitutionName": "Princeton_University_-_Neuroscience_Institute",
    "InstitutionalDepartmentName": "Department",
    "MRAcquisitionType": "2D",
    "MagneticFieldStrength": 3,
    "Manufacturer": "Siemens",
    "ManufacturersModelName": "Skyra",
    "Modality": "MR",
    "MultibandAccelerationFactor": 4,
    "PartialFourier": 1,
    "PatientPosition": "HFS",
    "PercentPhaseFOV": 100,
    "PhaseEncodingDirection": "j-",
    "PhaseEncodingSteps": 78,
    "PhaseResolution": 1,
    "PixelBandwidth": 2005,
    "ProcedureStepDescription": "TamirL_Mark",
    "ProtocolName": "EPI_2.5mm_1.5TR_32TE_SMS4_Siemens",
    "PulseSequenceDetails": "%SiemensSeq%_ep2d_bold",
    "ReceiveCoilActiveElements": "HC1-7",
    "ReceiveCoilName": "HeadNeck_64",
    "ReconMatrixPE": 78,
    "RepetitionTime": 1.5,
    "SAR": 0.0696372,
    "ScanOptions": "FS",
    "ScanningSequence": "EP",
    "SequenceName": "_epfid2d1_78",
    "SequenceVariant": "SK",
    "SeriesDescription": "EPI_2.5mm_1.5TR_32TE_SMS4_Siemens",
    "SeriesNumber": 15,
    "ShimSetting": [
      3318,
      8672,
      9299,
      686,
      0,
      -67,
      325,
      351
    ],
    "SliceThickness": 2.5,
    "SliceTiming": [
      0.685,
      0,
      0.7975,
      0.115,
      0.9125,
      0.2275,
      1.025,
      0.3425,
      1.14,
      0.455,
      1.2525,
      0.57,
      1.3675,
      0.685,
      0,
      0.7975,
      0.115,
      0.9125,
      0.2275,
      1.025,
      0.3425,
      1.14,
      0.455,
      1.2525,
      0.57,
      1.3675,
      0.685,
      0,
      0.7975,
      0.115,
      0.9125,
      0.2275,
      1.025,
      0.3425,
      1.14,
      0.455,
      1.2525,
      0.57,
      1.3675,
      0.685,
      0,
      0.7975,
      0.115,
      0.9125,
      0.2275,
      1.025,
      0.3425,
      1.14,
      0.455,
      1.2525,
      0.57,
      1.3675
    ],
    "SoftwareVersions": "syngo_MR_E11",
    "SpacingBetweenSlices": 2.5,
    "StationName": "AWP45031",
    "TaskName": "sitrep",
    "TotalReadoutTime": 0.0477406,
    "TxRefAmp": 295.845,
    "dataset": "ds004226",
    "modality": "bold",
    "run_id": 7,
    "subject_id": "005",
    "task_id": "sitrep"
  },
  "dummy_trs": 0,
  "dvars_nstd": 28.333859493691445,
  "dvars_std": 1.2553695106611575,
  "dvars_vstd": 0.9980599267493104,
  "efc": 0.547777275260506,
  "fber": 5426.4111328125,
  "fd_mean": 0.10676090703475702,
  "fd_num": 19,
  "fd_perc": 5.21978021978022,
  "fwhm_avg": 1.7048253333333332,
  "fwhm_x": 1.6279800000000002,
  "fwhm_y": 1.866448,
  "fwhm_z": 1.620048,
  "gcor": 0.0737506,
  "gsr_x": -0.0007577675278298557,
  "gsr_y": 0.04543539136648178,
  "provenance": {
    "md5sum": "7d13ee24be8c7cc2e8aa07ad1fa5d3dc",
    "settings": {
      "fd_thres": 0.2,
      "testing": false
    },
    "software": "mriqc",
    "version": "23.0.0",
    "webapi_port": null,
    "webapi_url": "https://mriqc.nimh.nih.gov/api/v1"
  },
  "size_t": 364,
  "size_x": 78,
  "size_y": 78,
  "size_z": 52,
  "snr": 7.246390888510525,
  "spacing_tr": 1.5,
  "spacing_x": 2.5,
  "spacing_y": 2.5,
  "spacing_z": 2.5,
  "summary_bg_k": 17.014432494735576,
  "summary_bg_mad": 13.468005376268257,
  "summary_bg_mean": 42.044254302978516,
  "summary_bg_median": 10.46961784362793,
  "summary_bg_n": 189975.0,
  "summary_bg_p05": 0.7455479204654694,
  "summary_bg_p95": 186.57839660644524,
  "summary_bg_stdv": 77.46373748779297,
  "summary_fg_k": 3.836185741029637,
  "summary_fg_mad": 93.92779134318013,
  "summary_fg_mean": 784.0333862304688,
  "summary_fg_median": 782.439453125,
  "summary_fg_n": 69884.0,
  "summary_fg_p05": 630.2013275146485,
  "summary_fg_p95": 950.4768768310547,
  "summary_fg_stdv": 107.97566223144531,
  "tsnr": 56.88895797729492
}