{
  "bids_meta": {
    "AcquisitionMatrixPE": 256,
    "AcquisitionNumber": 1,
    "AcquisitionTime": "17:21:35.177500",
    "BaseResolution": 256,
    "BodyPartExamined": "BRAIN",
    "ConsistencyInfo": "N4_VE11C_LATEST_20160120",
    "ConversionSoftware": "dcm2niix",
    "ConversionSoftwareVersion": "v1.0.20171215 GCC4.8.5",
    "DeviceSerialNumber": "45031",
    "DwellTime": 8.2e-06,
    "EchoTime": 0.00298,
    "FlipAngle": 9,
    "ImageOrientationPatientDICOM": [
      -0.00496828,
      0.991619,
      -0.129104,
      0.0782828,
      -0.128323,
      -0.988638
    ],
    "ImageType": [
      "ORIGINAL",
      "PRIMARY",
      "M",
      "ND",
      "NORM"
    ],
    "InPlanePhaseEncodingDirectionDICOM": "ROW",
    "InstitutionAddress": "Washington_and_Faculty_Rd._-_Building_25_25_Princeton_NJ_US_085",
    "InstitutionName": "Princeton_University_-_Neuroscience_Institute",
    "InstitutionalDepartmentName": "Department",
    "InversionTime": 0.9,
    "MRAcquisitionType": "3D",
    "MagneticFieldStrength": 3,
    "Manufacturer": "Siemens",
    "ManufacturersModelName": "Skyra",
    "Modality": "MR",
    "ParallelReductionFactorInPlane": 2,
    "PartialFourier": 1,
    "PatientPosition": "HFS",
    "PercentPhaseFOV": 100,
    "PhaseEncodingSteps": 255,
    "PhaseResolution": 1,
    "PixelBandwidth": 240,
    "ProcedureStepDescription": "TamirL_Mark",
    "ProtocolName": "T1w_MPR_1iso_iP2",
    "PulseSequenceDetails": "%SiemensSeq%_tfl",
    "ReceiveCoilActiveElements": "HC1-7;NC1",
    "ReceiveCoilName": "HeadNeck_64",
    "ReconMatrixPE": 256,
    "RepetitionTime": 2.3,
    "SAR": 0.0726545,
    "ScanOptions": "IR",
    "ScanningSequence": "GR_IR",
    "SequenceName": "_tfl3d1_16ns",
    "SequenceVariant": "SK_SP_MP",
    "SeriesDescription": "T1w_MPR_1iso_iP2",
    "SeriesNumber": 6,
    "ShimSetting": [
      3414,
      8748,
      9073,
      488,
      60,
      -1059,
      74,
      44
    ],
    "SliceThickness": 1,
    "SoftwareVersions": "syngo_MR_E11",
    "StationName": "AWP45031",
    "TxRefAmp": 303.833,
    "dataset": "ds004226",
    "modality": "T1w",
    "subject_id": "008"
  },
  "cjv": 0.3609244683657441,
  "cnr": 3.6337497396929996,
  "efc": 0.49633775203269204,
  "fber": -1.0,
  "fwhm_avg": 3.516946336570085,
  "fwhm_x": 3.6683190097102565,
  "fwhm_y": 3.53683,
  "fwhm_z": 3.34569,
  "icvs_csf": 0.23390491586667952,
  "icvs_gm": 0.4483134516978007,
  "icvs_wm": 0.3177816324355198,
  "inu_med": 0.6228566765785217,
  "inu_range": 0.2246074080467224,
  "provenance": {
    "md5sum": "2fb5f45755f942d3aeacd4cf4e5e843a",
    "settings": {
      "testing": false
    },
    "software": "mriqc",
    "version": "23.0.0",
    "warnings": {
      "large_rot_frame": true,
      "small_air_mask": false
    },
    "webapi_port": null,
    "webapi_url": "https://mriqc.nimh.nih.gov/api/v1"
  },
  "qi_1": 0.0,
  "qi_2": 0.001010539581783055,
  "rpve_csf": 25.392912845052948,
  "rpve_gm": 13.68799247931632,
  "rpve_wm": 21.779641516634108,
  "size_x": 176,
  "size_y": 256,
  "size_z": 256,
  "snr_csf": 1.9051310780750337,
  "snr_gm": 8.39084533237892,
  "snr_total": 10.512780543754074,
  "snr_wm": 21.24236522080827,
  "snrd_csf": 19.960010284907575,
  "snrd_gm": 69.71142194579977,
  "snrd_total": 64.8612690075351,
  "snrd_wm": 104.91237479189796,
  "spacing_x": 1.0000057220458984,
  "spacing_y": 1.0,
  "spacing_z": 1.0,
  "summary_bg_k": 12.32867385024669,
  "summary_bg_mad": 0.0,
  "summary_bg_mean": 3.412341904184458,
  "summary_bg_median": 0.0,
  "summary_bg_n": 3545215.0,
  "summary_bg_p05": 0.0,
  "summary_bg_p95": 15.951883189380169,
  "summary_bg_stdv": 6.2443335375951,
  "summary_csf_k": 1.845758521340512,
  "summary_csf_mad": 87.94550483457209,
  "summary_csf_mean": 203.55925227410813,
  "summary_csf_median": 190.245820004493,
  "summary_csf_n": 40610.0,
  "summary_csf_p05": 64.72280474379659,
  "summary_csf_p95": 398.23048279061913,
  "summary_csf_stdv": 99.85847159157855,
  "summary_gm_k": -0.010041856357169365,
  "summary_gm_mad": 77.47734040900215,
  "summary_gm_mean": 662.1682368259588,
  "summary_gm_median": 664.4438776560128,
  "summary_gm_n": 32336.0,
  "summary_gm_p05": 525.3661201223731,
  "summary_gm_p95": 790.7514117620885,
  "summary_gm_stdv": 79.18553819061087,
  "summary_wm_k": 0.9803581009982105,
  "summary_wm_mad": 43.61735177320806,
  "summary_wm_mean": 999.231576035754,
  "summary_wm_median": 999.9564371965826,
  "summary_wm_n": 147869.0,
  "summary_wm_p05": 921.1558776162565,
  "summary_wm_p95": 1073.875546183437,
  "summary_wm_stdv": 47.07352715070072,
  "tpm_overlap_csf": 0.15509353864374825,
  "tpm_overlap_gm": 0.4546182825694072,
  "tpm_overlap_wm": 0.49175305906454037,
  "wm2max": 0.4551655802927043
}