{
  "aor": 0.002820521978021978,
  "aqi": 0.011084654038461537,
  "bids_meta": {
    "AcquisitionMatrixPE": 78,
    "AcquisitionNumber": 1,
    "AcquisitionTime": "09:32:57.067500",
    "BandwidthPerPixelPhaseEncode": 20.678,
    "BaseResolution": 78,
    "BodyPartExamined": "BRAIN",
    "ConsistencyInfo": "N4_VE11C_LATEST_20160120",
    "ConversionSoftware": "dcm2niix",
    "ConversionSoftwareVersion": "v1.0.20171215 GCC4.8.5",
    "DerivedVendorReportedEchoSpacing": 0.000620007,
    "DeviceSerialNumber": "45031",
    "DwellTime": 3.2e-06,
    "EchoTime": 0.032,
    "EchoTrainLength": 78,
    "EffectiveEchoSpacing": 0.000620007,
    "FlipAngle": 70,
    "ImageOrientationPatientDICOM": [
      0.998893,
      -0.0196464,
      -0.042746,
      0.0209238,
      0.999341,
      0.0296443
    ],
    "ImageType": [
      "ORIGINAL",
      "PRIMARY",
      "M",
      "ND",
      "NORM",
      "MOSAIC"
    ],
    "InPlanePhaseEncodingDirectionDICOM": "COL",
    "InstitutionAddress": "Washington_and_Faculty_Rd._-_Building_25_25_Princeton_NJ_US_085",
    "InstitutionName": "Princeton_University_-_Neuroscience_Institute",
    "InstitutionalDepartmentName": "Department",
    "MRAcquisitionType": "2D",
    "MagneticFieldStrength": 3,
    "Manufacturer": "Siemens",
    "ManufacturersModelName": "Skyra",
    "Modality": "MR",
    "MultibandAccelerationFactor": 4,
    "PartialFourier": 1,
    "PatientPosition": "HFS",
    "PercentPhaseFOV": 100,
    "PhaseEncodingDirection": "j-",
    "PhaseEncodingSteps": 78,
    "PhaseResolution": 1,
    "PixelBandwidth": 2005,
    "ProcedureStepDescription": "TamirL_Mark",
    "ProtocolName": "EPI_2.5mm_1.5TR_32TE_SMS4_Siemens",
    "PulseSequenceDetails": "%SiemensSeq%_ep2d_bold",
    "ReceiveCoilActiveElements": "HC1-7",
    "ReceiveCoilName": "HeadNeck_64",
    "ReconMatrixPE": 78,
    "RepetitionTime": 1.5,
    "SAR": 0.0493001,
    "ScanOptions": "FS",
    "ScanningSequence": "EP",
    "SequenceName": "_epfid2d1_78",
    "SequenceVariant": "SK",
    "SeriesDescription": "EPI_2.5mm_1.5TR_32TE_SMS4_Siemens",
    "SeriesNumber": 13,
    "ShimSetting": [
      3377,
      8780,
      9310,
      462,
      86,
      209,
      540,
      313
    ],
    "SliceThickness": 2.5,
    "SliceTiming": [
      0.6825,
      0,
      0.7975,
      0.115,
      0.9125,
      0.2275,
      1.025,
      0.3425,
      1.14,
      0.455,
      1.2525,
      0.57,
      1.3675,
      0.6825,
      0,
      0.7975,
      0.115,
      0.9125,
      0.2275,
      1.025,
      0.3425,
      1.14,
      0.455,
      1.2525,
      0.57,
      1.3675,
      0.6825,
      0,
      0.7975,
      0.115,
      0.9125,
      0.2275,
      1.025,
      0.3425,
      1.14,
      0.455,
      1.2525,
      0.57,
      1.3675,
      0.6825,
      0,
      0.7975,
      0.115,
      0.9125,
      0.2275,
      1.025,
      0.3425,
      1.14,
      0.455,
      1.2525,
      0.57,
      1.3675
    ],
    "SoftwareVersions": "syngo_MR_E11",
    "SpacingBetweenSlices": 2.5,
    "StationName": "AWP45031",
    "TaskName": "sitrep",
    "TotalReadoutTime": 0.0477406,
    "TxRefAmp": 311.375,
    "dataset": "ds004226",
    "modality": "bold",
    "run_id": 5,
    "subject_id": "007",
    "task_id": "sitrep"
  },
  "dummy_trs": 0,
  "dvars_nstd": 32.467926151652875,
  "dvars_std": 1.322829887355372,
  "dvars_vstd": 1.0285546557300274,
  "efc": 0.606461404870139,
  "fber": 2590.781494140625,
  "fd_mean": 0.15296599295712177,
  "fd_num": 76,
  "fd_perc": 20.87912087912088,
  "fwhm_avg": 1.7284533333333334,
  "fwhm_x": 1.58924,
  "fwhm_y": 1.8945560000000001,
  "fwhm_z": 1.701564,
  "gcor": 0.0300493,
  "gsr_x": -0.021080926060676575,
  "gsr_y": 0.08433684706687927,
  "provenance": {
    "md5sum": "095cde22ef7eb9d4f52773fb79cbf83c",
    "settings": {
      "fd_thres": 0.2,
      "testing": false
    },
    "software": "mriqc",
    "version": "23.0.0",
    "webapi_port": null,
    "webapi_url": "https://mriqc.nimh.nih.gov/api/v1"
  },
  "size_t": 364,
  "size_x": 78,
  "size_y": 78,
  "size_z": 52,
  "snr": 6.147732278118771,
  "spacing_tr": 1.5,
  "spacing_x": 2.5,
  "spacing_y": 2.5,
  "spacing_z": 2.5,
  "summary_bg_k": 20.68558245972228,
  "summary_bg_mad": 16.781436662581847,
  "summary_bg_mean": 59.028953552246094,
  "summary_bg_median": 13.33284854888916,
  "summary_bg_n": 173653.0,
  "summary_bg_p05": 1.3626819133758545,
  "summary_bg_p95": 267.98472290039047,
  "summary_bg_stdv": 105.56541442871094,
  "summary_fg_k": 2.085423696713642,
  "summary_fg_mad": 110.72217067282439,
  "summary_fg_mean": 738.44482421875,
  "summary_fg_median": 731.1886596679688,
  "summary_fg_n": 83395.0,
  "summary_fg_p05": 572.5453552246094,
  "summary_fg_p95": 932.7632934570313,
  "summary_fg_stdv": 118.93560791015625,
  "tsnr": 52.72419357299805
}