{
  "aor": 0.004372747252747253,
  "aqi": 0.012989821895604398,
  "bids_meta": {
    "AcquisitionMatrixPE": 78,
    "AcquisitionNumber": 1,
    "AcquisitionTime": "10:02:7.252500",
    "BandwidthPerPixelPhaseEncode": 20.678,
    "BaseResolution": 78,
    "BodyPartExamined": "BRAIN",
    "ConsistencyInfo": "N4_VE11C_LATEST_20160120",
    "ConversionSoftware": "dcm2niix",
    "ConversionSoftwareVersion": "v1.0.20171215 GCC4.8.5",
    "DerivedVendorReportedEchoSpacing": 0.000620007,
    "DeviceSerialNumber": "45031",
    "DwellTime": 3.2e-06,
    "EchoTime": 0.032,
    "EchoTrainLength": 78,
    "EffectiveEchoSpacing": 0.000620007,
    "FlipAngle": 70,
    "ImageOrientationPatientDICOM": [
      0.998893,
      -0.0196464,
      -0.042746,
      0.0209238,
      0.999341,
      0.0296443
    ],
    "ImageType": [
      "ORIGINAL",
      "PRIMARY",
      "M",
      "ND",
      "NORM",
      "MOSAIC"
    ],
    "InPlanePhaseEncodingDirectionDICOM": "COL",
    "InstitutionAddress": "Washington_and_Faculty_Rd._-_Building_25_25_Princeton_NJ_US_085",
    "InstitutionName": "Princeton_University_-_Neuroscience_Institute",
    "InstitutionalDepartmentName": "Department",
    "MRAcquisitionType": "2D",
    "MagneticFieldStrength": 3,
    "Manufacturer": "Siemens",
    "ManufacturersModelName": "Skyra",
    "Modality": "MR",
    "MultibandAccelerationFactor": 4,
    "PartialFourier": 1,
    "PatientPosition": "HFS",
    "PercentPhaseFOV": 100,
    "PhaseEncodingDirection": "j-",
    "PhaseEncodingSteps": 78,
    "PhaseResolution": 1,
    "PixelBandwidth": 2005,
    "ProcedureStepDescription": "TamirL_Mark",
    "ProtocolName": "EPI_2.5mm_1.5TR_32TE_SMS4_Siemens",
    "PulseSequenceDetails": "%SiemensSeq%_ep2d_bold",
    "ReceiveCoilActiveElements": "HC1-7",
    "ReceiveCoilName": "HeadNeck_64",
    "ReconMatrixPE": 78,
    "RepetitionTime": 1.5,
    "SAR": 0.0493001,
    "ScanOptions": "FS",
    "ScanningSequence": "EP",
    "SequenceName": "_epfid2d1_78",
    "SequenceVariant": "SK",
    "SeriesDescription": "EPI_2.5mm_1.5TR_32TE_SMS4_Siemens",
    "SeriesNumber": 16,
    "ShimSetting": [
      3377,
      8780,
      9310,
      462,
      86,
      209,
      540,
      313
    ],
    "SliceThickness": 2.5,
    "SliceTiming": [
      0.6825,
      0,
      0.7975,
      0.115,
      0.91,
      0.2275,
      1.025,
      0.3425,
      1.1375,
      0.455,
      1.2525,
      0.57,
      1.365,
      0.6825,
      0,
      0.7975,
      0.115,
      0.91,
      0.2275,
      1.025,
      0.3425,
      1.1375,
      0.455,
      1.2525,
      0.57,
      1.365,
      0.6825,
      0,
      0.7975,
      0.115,
      0.91,
      0.2275,
      1.025,
      0.3425,
      1.1375,
      0.455,
      1.2525,
      0.57,
      1.365,
      0.6825,
      0,
      0.7975,
      0.115,
      0.91,
      0.2275,
      1.025,
      0.3425,
      1.1375,
      0.455,
      1.2525,
      0.57,
      1.365
    ],
    "SoftwareVersions": "syngo_MR_E11",
    "SpacingBetweenSlices": 2.5,
    "StationName": "AWP45031",
    "TaskName": "sitrep",
    "TotalReadoutTime": 0.0477406,
    "TxRefAmp": 311.375,
    "dataset": "ds004226",
    "modality": "bold",
    "run_id": 8,
    "subject_id": "007",
    "task_id": "sitrep"
  },
  "dummy_trs": 0,
  "dvars_nstd": 30.62582633360885,
  "dvars_std": 1.2975936350964177,
  "dvars_vstd": 1.0384298180716256,
  "efc": 0.6069226488591094,
  "fber": 2667.178955078125,
  "fd_mean": 0.14164880373549618,
  "fd_num": 53,
  "fd_perc": 14.56043956043956,
  "fwhm_avg": 1.7193853333333333,
  "fwhm_x": 1.588068,
  "fwhm_y": 1.9045919999999998,
  "fwhm_z": 1.6654959999999999,
  "gcor": 0.0133198,
  "gsr_x": -0.019084660336375237,
  "gsr_y": 0.08381909877061844,
  "provenance": {
    "md5sum": "96c7bd1dfef7de07ad0564e4486941ba",
    "settings": {
      "fd_thres": 0.2,
      "testing": false
    },
    "software": "mriqc",
    "version": "23.0.0",
    "webapi_port": null,
    "webapi_url": "https://mriqc.nimh.nih.gov/api/v1"
  },
  "size_t": 364,
  "size_x": 78,
  "size_y": 78,
  "size_z": 52,
  "snr": 6.08509769186864,
  "spacing_tr": 1.5,
  "spacing_x": 2.5,
  "spacing_y": 2.5,
  "spacing_z": 2.5,
  "summary_bg_k": 22.372248197935846,
  "summary_bg_mad": 17.284672584346726,
  "summary_bg_mean": 59.716026306152344,
  "summary_bg_median": 13.400999069213867,
  "summary_bg_n": 173651.0,
  "summary_bg_p05": 1.1488547325134277,
  "summary_bg_p95": 269.8644561767578,
  "summary_bg_stdv": 106.75289154052734,
  "summary_fg_k": 2.137414124776396,
  "summary_fg_mad": 110.7758317516558,
  "summary_fg_mean": 735.8373413085938,
  "summary_fg_median": 727.866943359375,
  "summary_fg_n": 83543.0,
  "summary_fg_p05": 569.4123962402343,
  "summary_fg_p95": 932.76767578125,
  "summary_fg_stdv": 119.61395263671875,
  "tsnr": 50.00567626953125
}