{
  "aor": 0.005692138888888889,
  "aqi": 0.017344623444444443,
  "bids_meta": {
    "AcquisitionMatrixPE": 78,
    "AcquisitionNumber": 1,
    "AcquisitionTime": "20:09:9.090000",
    "BandwidthPerPixelPhaseEncode": 20.678,
    "BaseResolution": 78,
    "BodyPartExamined": "BRAIN",
    "ConsistencyInfo": "N4_VE11C_LATEST_20160120",
    "ConversionSoftware": "dcm2niix",
    "ConversionSoftwareVersion": "v1.0.20171215 GCC4.8.5",
    "DerivedVendorReportedEchoSpacing": 0.000620007,
    "DeviceSerialNumber": "45031",
    "DwellTime": 3.2e-06,
    "EchoTime": 0.032,
    "EchoTrainLength": 78,
    "EffectiveEchoSpacing": 0.000620007,
    "FlipAngle": 70,
    "ImageOrientationPatientDICOM": [
      0.995322,
      0.0579288,
      -0.0773244,
      -0.0589587,
      0.998199,
      -0.0111014
    ],
    "ImageType": [
      "ORIGINAL",
      "PRIMARY",
      "M",
      "ND",
      "NORM",
      "MOSAIC"
    ],
    "InPlanePhaseEncodingDirectionDICOM": "COL",
    "InstitutionAddress": "Washington_and_Faculty_Rd._-_Building_25_25_Princeton_NJ_US_085",
    "InstitutionName": "Princeton_University_-_Neuroscience_Institute",
    "InstitutionalDepartmentName": "Department",
    "MRAcquisitionType": "2D",
    "MagneticFieldStrength": 3,
    "Manufacturer": "Siemens",
    "ManufacturersModelName": "Skyra",
    "Modality": "MR",
    "MultibandAccelerationFactor": 4,
    "PartialFourier": 1,
    "PatientPosition": "HFS",
    "PercentPhaseFOV": 100,
    "PhaseEncodingDirection": "j-",
    "PhaseEncodingSteps": 78,
    "PhaseResolution": 1,
    "PixelBandwidth": 2005,
    "ProcedureStepDescription": "TamirL_Mark",
    "ProtocolName": "EPI_2.5mm_1.5TR_32TE_SMS4_Siemens",
    "PulseSequenceDetails": "%SiemensSeq%_ep2d_bold",
    "ReceiveCoilActiveElements": "HC1-7",
    "ReceiveCoilName": "HeadNeck_64",
    "ReconMatrixPE": 78,
    "RepetitionTime": 1.5,
    "SAR": 0.0673021,
    "ScanOptions": "FS",
    "ScanningSequence": "EP",
    "SequenceName": "_epfid2d1_78",
    "SequenceVariant": "SK",
    "SeriesDescription": "EPI_2.5mm_1.5TR_32TE_SMS4_Siemens",
    "SeriesNumber": 13,
    "ShimSetting": [
      3334,
      8711,
      9246,
      742,
      -59,
      -100,
      250,
      338
    ],
    "SliceThickness": 2.5,
    "SliceTiming": [
      0.6825,
      0,
      0.7975,
      0.115,
      0.9125,
      0.2275,
      1.025,
      0.3425,
      1.14,
      0.455,
      1.2525,
      0.57,
      1.3675,
      0.6825,
      0,
      0.7975,
      0.115,
      0.9125,
      0.2275,
      1.025,
      0.3425,
      1.14,
      0.455,
      1.2525,
      0.57,
      1.3675,
      0.6825,
      0,
      0.7975,
      0.115,
      0.9125,
      0.2275,
      1.025,
      0.3425,
      1.14,
      0.455,
      1.2525,
      0.57,
      1.3675,
      0.6825,
      0,
      0.7975,
      0.115,
      0.9125,
      0.2275,
      1.025,
      0.3425,
      1.14,
      0.455,
      1.2525,
      0.57,
      1.3675
    ],
    "SoftwareVersions": "syngo_MR_E11",
    "SpacingBetweenSlices": 2.5,
    "StationName": "AWP45031",
    "TaskName": "sitrep",
    "TotalReadoutTime": 0.0477406,
    "TxRefAmp": 310.624,
    "dataset": "ds004226",
    "modality": "bold",
    "run_id": 5,
    "subject_id": "025",
    "task_id": "sitrep"
  },
  "dummy_trs": 4,
  "dvars_nstd": 24.934937575236752,
  "dvars_std": 1.1716127816155986,
  "dvars_vstd": 1.031051737910864,
  "efc": 0.5843578855270933,
  "fber": 3768.659912109375,
  "fd_mean": 0.13955911793256756,
  "fd_num": 51,
  "fd_perc": 14.166666666666666,
  "fwhm_avg": 1.7948773333333332,
  "fwhm_x": 1.681036,
  "fwhm_y": 1.9568480000000001,
  "fwhm_z": 1.7467479999999997,
  "gcor": 0.00754827,
  "gsr_x": -0.0013115201145410538,
  "gsr_y": 0.04628898575901985,
  "provenance": {
    "md5sum": "42098bf375a2afba85193ffaafc63236",
    "settings": {
      "fd_thres": 0.2,
      "testing": false
    },
    "software": "mriqc",
    "version": "23.0.0",
    "webapi_port": null,
    "webapi_url": "https://mriqc.nimh.nih.gov/api/v1"
  },
  "size_t": 360,
  "size_x": 78,
  "size_y": 78,
  "size_z": 52,
  "snr": 6.726096364838086,
  "spacing_tr": 1.5,
  "spacing_x": 2.5,
  "spacing_y": 2.5,
  "spacing_z": 2.5,
  "summary_bg_k": 9.96638779360161,
  "summary_bg_mad": 15.92245537373723,
  "summary_bg_mean": 50.200340270996094,
  "summary_bg_median": 12.335685729980469,
  "summary_bg_n": 179379.0,
  "summary_bg_p05": 0.8952319025993347,
  "summary_bg_p95": 233.99092864990237,
  "summary_bg_stdv": 85.913330078125,
  "summary_fg_k": 2.6349932781254424,
  "summary_fg_mad": 101.56105718423369,
  "summary_fg_mean": 764.498046875,
  "summary_fg_median": 760.376708984375,
  "summary_fg_n": 79450.0,
  "summary_fg_p05": 603.5027008056641,
  "summary_fg_p95": 946.3183685302736,
  "summary_fg_stdv": 113.04802703857422,
  "tsnr": 48.009681701660156
}