{
  "aor": 0.0036874175824175817,
  "aqi": 0.01728643,
  "bids_meta": {
    "AcquisitionMatrixPE": 78,
    "AcquisitionNumber": 1,
    "AcquisitionTime": "19:46:38.427500",
    "BandwidthPerPixelPhaseEncode": 20.678,
    "BaseResolution": 78,
    "BodyPartExamined": "BRAIN",
    "ConsistencyInfo": "N4_VE11C_LATEST_20160120",
    "ConversionSoftware": "dcm2niix",
    "ConversionSoftwareVersion": "v1.0.20171215 GCC4.8.5",
    "DerivedVendorReportedEchoSpacing": 0.000620007,
    "DeviceSerialNumber": "45031",
    "DwellTime": 3.2e-06,
    "EchoTime": 0.032,
    "EchoTrainLength": 78,
    "EffectiveEchoSpacing": 0.000620007,
    "FlipAngle": 70,
    "ImageOrientationPatientDICOM": [
      0.995322,
      0.0579288,
      -0.0773244,
      -0.0589587,
      0.998199,
      -0.0111014
    ],
    "ImageType": [
      "ORIGINAL",
      "PRIMARY",
      "M",
      "ND",
      "NORM",
      "MOSAIC"
    ],
    "InPlanePhaseEncodingDirectionDICOM": "COL",
    "InstitutionAddress": "Washington_and_Faculty_Rd._-_Building_25_25_Princeton_NJ_US_085",
    "InstitutionName": "Princeton_University_-_Neuroscience_Institute",
    "InstitutionalDepartmentName": "Department",
    "MRAcquisitionType": "2D",
    "MagneticFieldStrength": 3,
    "Manufacturer": "Siemens",
    "ManufacturersModelName": "Skyra",
    "Modality": "MR",
    "MultibandAccelerationFactor": 4,
    "PartialFourier": 1,
    "PatientPosition": "HFS",
    "PercentPhaseFOV": 100,
    "PhaseEncodingDirection": "j-",
    "PhaseEncodingSteps": 78,
    "PhaseResolution": 1,
    "PixelBandwidth": 2005,
    "ProcedureStepDescription": "TamirL_Mark",
    "ProtocolName": "EPI_2.5mm_1.5TR_32TE_SMS4_Siemens",
    "PulseSequenceDetails": "%SiemensSeq%_ep2d_bold",
    "ReceiveCoilActiveElements": "HC1-7",
    "ReceiveCoilName": "HeadNeck_64",
    "ReconMatrixPE": 78,
    "RepetitionTime": 1.5,
    "SAR": 0.0673021,
    "ScanOptions": "FS",
    "ScanningSequence": "EP",
    "SequenceName": "_epfid2d1_78",
    "SequenceVariant": "SK",
    "SeriesDescription": "EPI_2.5mm_1.5TR_32TE_SMS4_Siemens",
    "SeriesNumber": 11,
    "ShimSetting": [
      3334,
      8711,
      9246,
      742,
      -59,
      -100,
      250,
      338
    ],
    "SliceThickness": 2.5,
    "SliceTiming": [
      0.685,
      0,
      0.7975,
      0.115,
      0.9125,
      0.2275,
      1.025,
      0.3425,
      1.14,
      0.455,
      1.2525,
      0.57,
      1.3675,
      0.685,
      0,
      0.7975,
      0.115,
      0.9125,
      0.2275,
      1.025,
      0.3425,
      1.14,
      0.455,
      1.2525,
      0.57,
      1.3675,
      0.685,
      0,
      0.7975,
      0.115,
      0.9125,
      0.2275,
      1.025,
      0.3425,
      1.14,
      0.455,
      1.2525,
      0.57,
      1.3675,
      0.685,
      0,
      0.7975,
      0.115,
      0.9125,
      0.2275,
      1.025,
      0.3425,
      1.14,
      0.455,
      1.2525,
      0.57,
      1.3675
    ],
    "SoftwareVersions": "syngo_MR_E11",
    "SpacingBetweenSlices": 2.5,
    "StationName": "AWP45031",
    "TaskName": "sitrep",
    "TotalReadoutTime": 0.0477406,
    "TxRefAmp": 310.624,
    "dataset": "ds004226",
    "modality": "bold",
    "run_id": 3,
    "subject_id": "025",
    "task_id": "sitrep"
  },
  "dummy_trs": 0,
  "dvars_nstd": 28.42555574666667,
  "dvars_std": 1.1539812795041318,
  "dvars_vstd": 1.010797275123967,
  "efc": 0.5827080591679719,
  "fber": 4171.4833984375,
  "fd_mean": 0.23152729878172829,
  "fd_num": 133,
  "fd_perc": 36.53846153846154,
  "fwhm_avg": 1.8005733333333334,
  "fwhm_x": 1.668536,
  "fwhm_y": 1.94452,
  "fwhm_z": 1.788664,
  "gcor": 0.0189625,
  "gsr_x": -0.001821976969949901,
  "gsr_y": 0.04735972732305527,
  "provenance": {
    "md5sum": "d1e504b326b9494b73c8a7e63a9f598b",
    "settings": {
      "fd_thres": 0.2,
      "testing": false
    },
    "software": "mriqc",
    "version": "23.0.0",
    "webapi_port": null,
    "webapi_url": "https://mriqc.nimh.nih.gov/api/v1"
  },
  "size_t": 364,
  "size_x": 78,
  "size_y": 78,
  "size_z": 52,
  "snr": 6.825234653380364,
  "spacing_tr": 1.5,
  "spacing_x": 2.5,
  "spacing_y": 2.5,
  "spacing_z": 2.5,
  "summary_bg_k": 12.421110892216742,
  "summary_bg_mad": 14.253215583736557,
  "summary_bg_mean": 48.630313873291016,
  "summary_bg_median": 11.389347076416016,
  "summary_bg_n": 179207.0,
  "summary_bg_p05": 1.1089449882507325,
  "summary_bg_p95": 231.3986663818358,
  "summary_bg_stdv": 86.10320281982422,
  "summary_fg_k": 2.8432637943626258,
  "summary_fg_mad": 98.17878038240973,
  "summary_fg_mean": 762.2733764648438,
  "summary_fg_median": 758.5238037109375,
  "summary_fg_n": 79465.0,
  "summary_fg_p05": 605.1177612304688,
  "summary_fg_p95": 939.6842041015626,
  "summary_fg_stdv": 111.1344985961914,
  "tsnr": 45.97785186767578
}