{
  "aor": 0.00048450549450549453,
  "aqi": 0.021689386813186814,
  "bids_meta": {
    "AcquisitionMatrixPE": 78,
    "AcquisitionNumber": 1,
    "AcquisitionTime": "20:52:31.160000",
    "BandwidthPerPixelPhaseEncode": 20.678,
    "BaseResolution": 78,
    "BodyPartExamined": "BRAIN",
    "ConsistencyInfo": "N4_VE11C_LATEST_20160120",
    "ConversionSoftware": "dcm2niix",
    "ConversionSoftwareVersion": "v1.0.20171215 GCC4.8.5",
    "DerivedVendorReportedEchoSpacing": 0.000620007,
    "DeviceSerialNumber": "45031",
    "DwellTime": 3.2e-06,
    "EchoTime": 0.032,
    "EchoTrainLength": 78,
    "EffectiveEchoSpacing": 0.000620007,
    "FlipAngle": 70,
    "ImageOrientationPatientDICOM": [
      0.997758,
      0.00926599,
      -0.0662867,
      -0.010623,
      0.999741,
      -0.0201495
    ],
    "ImageType": [
      "ORIGINAL",
      "PRIMARY",
      "M",
      "ND",
      "NORM",
      "MOSAIC"
    ],
    "InPlanePhaseEncodingDirectionDICOM": "COL",
    "InstitutionAddress": "Washington_and_Faculty_Rd._-_Building_25_25_Princeton_NJ_US_085",
    "InstitutionName": "Princeton_University_-_Neuroscience_Institute",
    "InstitutionalDepartmentName": "Department",
    "MRAcquisitionType": "2D",
    "MagneticFieldStrength": 3,
    "Manufacturer": "Siemens",
    "ManufacturersModelName": "Skyra",
    "Modality": "MR",
    "MultibandAccelerationFactor": 4,
    "PartialFourier": 1,
    "PatientPosition": "HFS",
    "PercentPhaseFOV": 100,
    "PhaseEncodingDirection": "j-",
    "PhaseEncodingSteps": 78,
    "PhaseResolution": 1,
    "PixelBandwidth": 2005,
    "ProcedureStepDescription": "TamirL_Mark",
    "ProtocolName": "EPI_2.5mm_1.5TR_32TE_SMS4_Siemens",
    "PulseSequenceDetails": "%SiemensSeq%_ep2d_bold",
    "ReceiveCoilActiveElements": "HC1-7",
    "ReceiveCoilName": "HeadNeck_64",
    "ReconMatrixPE": 78,
    "RepetitionTime": 1.5,
    "SAR": 0.0662713,
    "ScanOptions": "FS",
    "ScanningSequence": "EP",
    "SequenceName": "_epfid2d1_78",
    "SequenceVariant": "SK",
    "SeriesDescription": "EPI_2.5mm_1.5TR_32TE_SMS4_Siemens",
    "SeriesNumber": 21,
    "ShimSetting": [
      3335,
      8736,
      9215,
      665,
      -48,
      -91,
      201,
      259
    ],
    "SliceThickness": 2.5,
    "SliceTiming": [
      0.6825,
      0,
      0.7975,
      0.1125,
      0.91,
      0.2275,
      1.025,
      0.34,
      1.1375,
      0.455,
      1.2525,
      0.5675,
      1.365,
      0.6825,
      0,
      0.7975,
      0.1125,
      0.91,
      0.2275,
      1.025,
      0.34,
      1.1375,
      0.455,
      1.2525,
      0.5675,
      1.365,
      0.6825,
      0,
      0.7975,
      0.1125,
      0.91,
      0.2275,
      1.025,
      0.34,
      1.1375,
      0.455,
      1.2525,
      0.5675,
      1.365,
      0.6825,
      0,
      0.7975,
      0.1125,
      0.91,
      0.2275,
      1.025,
      0.34,
      1.1375,
      0.455,
      1.2525,
      0.5675,
      1.365
    ],
    "SoftwareVersions": "syngo_MR_E11",
    "SpacingBetweenSlices": 2.5,
    "StationName": "AWP45031",
    "TaskName": "sitrep",
    "TotalReadoutTime": 0.0477406,
    "TxRefAmp": 311.313,
    "dataset": "ds004226",
    "modality": "bold",
    "run_id": 8,
    "subject_id": "025",
    "task_id": "sitrep"
  },
  "dummy_trs": 0,
  "dvars_nstd": 27.659524349889796,
  "dvars_std": 1.1247217169421495,
  "dvars_vstd": 0.9323749838567496,
  "efc": 0.5895712655343934,
  "fber": 3523.614990234375,
  "fd_mean": 0.14766274416509176,
  "fd_num": 63,
  "fd_perc": 17.307692307692307,
  "fwhm_avg": 1.8069373333333332,
  "fwhm_x": 1.6916319999999998,
  "fwhm_y": 1.947024,
  "fwhm_z": 1.782156,
  "gcor": 0.0136938,
  "gsr_x": -0.002564177615568042,
  "gsr_y": 0.047004591673612595,
  "provenance": {
    "md5sum": "3bffa64685e0277c4d96016edf1479e3",
    "settings": {
      "fd_thres": 0.2,
      "testing": false
    },
    "software": "mriqc",
    "version": "23.0.0",
    "webapi_port": null,
    "webapi_url": "https://mriqc.nimh.nih.gov/api/v1"
  },
  "size_t": 364,
  "size_x": 78,
  "size_y": 78,
  "size_z": 52,
  "snr": 6.864210548481935,
  "spacing_tr": 1.5,
  "spacing_x": 2.5,
  "spacing_y": 2.5,
  "spacing_z": 2.5,
  "summary_bg_k": 9.673471673592232,
  "summary_bg_mad": 16.236330691487158,
  "summary_bg_mean": 53.01596450805664,
  "summary_bg_median": 12.762530326843262,
  "summary_bg_n": 178757.0,
  "summary_bg_p05": 1.1242533445358276,
  "summary_bg_p95": 249.0078460693357,
  "summary_bg_stdv": 89.32595825195312,
  "summary_fg_k": 2.8764588155336774,
  "summary_fg_mad": 98.48853058955966,
  "summary_fg_mean": 770.562255859375,
  "summary_fg_median": 765.9923706054688,
  "summary_fg_n": 80269.0,
  "summary_fg_p05": 613.173681640625,
  "summary_fg_p95": 950.6479125976562,
  "summary_fg_stdv": 111.59150695800781,
  "tsnr": 46.60319137573242
}