{
  "aor": 0.0007398076923076923,
  "aqi": 0.0145227253021978,
  "bids_meta": {
    "AcquisitionMatrixPE": 78,
    "AcquisitionNumber": 1,
    "AcquisitionTime": "21:12:46.827500",
    "BandwidthPerPixelPhaseEncode": 20.678,
    "BaseResolution": 78,
    "BodyPartExamined": "BRAIN",
    "ConsistencyInfo": "N4_VE11C_LATEST_20160120",
    "ConversionSoftware": "dcm2niix",
    "ConversionSoftwareVersion": "v1.0.20171215 GCC4.8.5",
    "DerivedVendorReportedEchoSpacing": 0.000620007,
    "DeviceSerialNumber": "45031",
    "DwellTime": 3.2e-06,
    "EchoTime": 0.032,
    "EchoTrainLength": 78,
    "EffectiveEchoSpacing": 0.000620007,
    "FlipAngle": 70,
    "ImageOrientationPatientDICOM": [
      0.997758,
      0.00926599,
      -0.0662867,
      -0.010623,
      0.999741,
      -0.0201495
    ],
    "ImageType": [
      "ORIGINAL",
      "PRIMARY",
      "M",
      "ND",
      "NORM",
      "MOSAIC"
    ],
    "InPlanePhaseEncodingDirectionDICOM": "COL",
    "InstitutionAddress": "Washington_and_Faculty_Rd._-_Building_25_25_Princeton_NJ_US_085",
    "InstitutionName": "Princeton_University_-_Neuroscience_Institute",
    "InstitutionalDepartmentName": "Department",
    "MRAcquisitionType": "2D",
    "MagneticFieldStrength": 3,
    "Manufacturer": "Siemens",
    "ManufacturersModelName": "Skyra",
    "Modality": "MR",
    "MultibandAccelerationFactor": 4,
    "PartialFourier": 1,
    "PatientPosition": "HFS",
    "PercentPhaseFOV": 100,
    "PhaseEncodingDirection": "j-",
    "PhaseEncodingSteps": 78,
    "PhaseResolution": 1,
    "PixelBandwidth": 2005,
    "ProcedureStepDescription": "TamirL_Mark",
    "ProtocolName": "EPI_2.5mm_1.5TR_32TE_SMS4_Siemens",
    "PulseSequenceDetails": "%SiemensSeq%_ep2d_bold",
    "ReceiveCoilActiveElements": "HC1-7",
    "ReceiveCoilName": "HeadNeck_64",
    "ReconMatrixPE": 78,
    "RepetitionTime": 1.5,
    "SAR": 0.0662713,
    "ScanOptions": "FS",
    "ScanningSequence": "EP",
    "SequenceName": "_epfid2d1_78",
    "SequenceVariant": "SK",
    "SeriesDescription": "EPI_2.5mm_1.5TR_32TE_SMS4_Siemens",
    "SeriesNumber": 23,
    "ShimSetting": [
      3335,
      8736,
      9215,
      665,
      -48,
      -91,
      201,
      259
    ],
    "SliceThickness": 2.5,
    "SliceTiming": [
      0.6825,
      0,
      0.795,
      0.1125,
      0.91,
      0.2275,
      1.025,
      0.34,
      1.1375,
      0.455,
      1.2525,
      0.5675,
      1.365,
      0.6825,
      0,
      0.795,
      0.1125,
      0.91,
      0.2275,
      1.025,
      0.34,
      1.1375,
      0.455,
      1.2525,
      0.5675,
      1.365,
      0.6825,
      0,
      0.795,
      0.1125,
      0.91,
      0.2275,
      1.025,
      0.34,
      1.1375,
      0.455,
      1.2525,
      0.5675,
      1.365,
      0.6825,
      0,
      0.795,
      0.1125,
      0.91,
      0.2275,
      1.025,
      0.34,
      1.1375,
      0.455,
      1.2525,
      0.5675,
      1.365
    ],
    "SoftwareVersions": "syngo_MR_E11",
    "SpacingBetweenSlices": 2.5,
    "StationName": "AWP45031",
    "TaskName": "sitrep",
    "TotalReadoutTime": 0.0477406,
    "TxRefAmp": 311.313,
    "dataset": "ds004226",
    "modality": "bold",
    "run_id": 10,
    "subject_id": "025",
    "task_id": "sitrep"
  },
  "dummy_trs": 0,
  "dvars_nstd": 26.904823839228662,
  "dvars_std": 1.1564195590633606,
  "dvars_vstd": 0.9653261603581268,
  "efc": 0.5883896062795472,
  "fber": 3579.9423828125,
  "fd_mean": 0.13006084102784837,
  "fd_num": 29,
  "fd_perc": 7.967032967032967,
  "fwhm_avg": 1.8146573333333336,
  "fwhm_x": 1.687688,
  "fwhm_y": 1.952924,
  "fwhm_z": 1.80336,
  "gcor": 0.0106568,
  "gsr_x": -0.0008773594745434821,
  "gsr_y": 0.04625209793448448,
  "provenance": {
    "md5sum": "dcb1f01bc8a9fd1ea4b3066cc19d2ccd",
    "settings": {
      "fd_thres": 0.2,
      "testing": false
    },
    "software": "mriqc",
    "version": "23.0.0",
    "webapi_port": null,
    "webapi_url": "https://mriqc.nimh.nih.gov/api/v1"
  },
  "size_t": 364,
  "size_x": 78,
  "size_y": 78,
  "size_z": 52,
  "snr": 6.767533011778859,
  "spacing_tr": 1.5,
  "spacing_x": 2.5,
  "spacing_y": 2.5,
  "spacing_z": 2.5,
  "summary_bg_k": 10.463624086546151,
  "summary_bg_mad": 15.937050736139003,
  "summary_bg_mean": 52.53660583496094,
  "summary_bg_median": 12.54162883758545,
  "summary_bg_n": 178891.0,
  "summary_bg_p05": 1.087832272052765,
  "summary_bg_p95": 247.99346923828125,
  "summary_bg_stdv": 89.55008697509766,
  "summary_fg_k": 2.9170671354670272,
  "summary_fg_mad": 99.24412925438644,
  "summary_fg_mean": 770.2418212890625,
  "summary_fg_median": 765.9652709960938,
  "summary_fg_n": 80093.0,
  "summary_fg_p05": 610.3749755859375,
  "summary_fg_p95": 952.4504028320313,
  "summary_fg_stdv": 113.181640625,
  "tsnr": 52.613136291503906
}