{
  "aor": 0.009230082417582417,
  "aqi": 0.017645312802197805,
  "bids_meta": {
    "AcquisitionMatrixPE": 78,
    "AcquisitionNumber": 1,
    "AcquisitionTime": "17:39:0.172500",
    "BandwidthPerPixelPhaseEncode": 20.678,
    "BaseResolution": 78,
    "BodyPartExamined": "BRAIN",
    "ConsistencyInfo": "N4_VE11C_LATEST_20160120",
    "ConversionSoftware": "dcm2niix",
    "ConversionSoftwareVersion": "v1.0.20171215 GCC4.8.5",
    "DerivedVendorReportedEchoSpacing": 0.000620007,
    "DeviceSerialNumber": "45031",
    "DwellTime": 3.2e-06,
    "EchoTime": 0.032,
    "EchoTrainLength": 78,
    "EffectiveEchoSpacing": 0.000620007,
    "FlipAngle": 70,
    "ImageOrientationPatientDICOM": [
      0.99856,
      0.0268235,
      0.0464578,
      -0.0179529,
      0.983175,
      -0.181782
    ],
    "ImageType": [
      "ORIGINAL",
      "PRIMARY",
      "M",
      "ND",
      "NORM",
      "MOSAIC"
    ],
    "InPlanePhaseEncodingDirectionDICOM": "COL",
    "InstitutionAddress": "Washington_and_Faculty_Rd._-_Building_25_25_Princeton_NJ_US_085",
    "InstitutionName": "Princeton_University_-_Neuroscience_Institute",
    "InstitutionalDepartmentName": "Department",
    "MRAcquisitionType": "2D",
    "MagneticFieldStrength": 3,
    "Manufacturer": "Siemens",
    "ManufacturersModelName": "Skyra",
    "Modality": "MR",
    "MultibandAccelerationFactor": 4,
    "PartialFourier": 1,
    "PatientPosition": "HFS",
    "PercentPhaseFOV": 100,
    "PhaseEncodingDirection": "j-",
    "PhaseEncodingSteps": 78,
    "PhaseResolution": 1,
    "PixelBandwidth": 2005,
    "ProcedureStepDescription": "TamirL_Mark",
    "ProtocolName": "EPI_2.5mm_1.5TR_32TE_SMS4_Siemens",
    "PulseSequenceDetails": "%SiemensSeq%_ep2d_bold",
    "ReceiveCoilActiveElements": "HC1-7",
    "ReceiveCoilName": "HeadNeck_64",
    "ReconMatrixPE": 78,
    "RepetitionTime": 1.5,
    "SAR": 0.0674688,
    "ScanOptions": "FS",
    "ScanningSequence": "EP",
    "SequenceName": "_epfid2d1_78",
    "SequenceVariant": "SK",
    "SeriesDescription": "EPI_2.5mm_1.5TR_32TE_SMS4_Siemens",
    "SeriesNumber": 14,
    "ShimSetting": [
      3372,
      8818,
      9087,
      430,
      235,
      -368,
      304,
      221
    ],
    "SliceThickness": 2.5,
    "SliceTiming": [
      0.685,
      0,
      0.7975,
      0.115,
      0.9125,
      0.2275,
      1.025,
      0.3425,
      1.14,
      0.455,
      1.2525,
      0.57,
      1.3675,
      0.685,
      0,
      0.7975,
      0.115,
      0.9125,
      0.2275,
      1.025,
      0.3425,
      1.14,
      0.455,
      1.2525,
      0.57,
      1.3675,
      0.685,
      0,
      0.7975,
      0.115,
      0.9125,
      0.2275,
      1.025,
      0.3425,
      1.14,
      0.455,
      1.2525,
      0.57,
      1.3675,
      0.685,
      0,
      0.7975,
      0.115,
      0.9125,
      0.2275,
      1.025,
      0.3425,
      1.14,
      0.455,
      1.2525,
      0.57,
      1.3675
    ],
    "SoftwareVersions": "syngo_MR_E11",
    "SpacingBetweenSlices": 2.5,
    "StationName": "AWP45031",
    "TaskName": "sitrep",
    "TotalReadoutTime": 0.0477406,
    "TxRefAmp": 331.66,
    "dataset": "ds004226",
    "modality": "bold",
    "run_id": 6,
    "subject_id": "029",
    "task_id": "sitrep"
  },
  "dummy_trs": 0,
  "dvars_nstd": 37.43935074280991,
  "dvars_std": 1.4236804209641871,
  "dvars_vstd": 1.0549717830303034,
  "efc": 0.5806098754107443,
  "fber": 2266.196044921875,
  "fd_mean": 0.1765511484406886,
  "fd_num": 70,
  "fd_perc": 19.23076923076923,
  "fwhm_avg": 1.7627426666666668,
  "fwhm_x": 1.642284,
  "fwhm_y": 1.913364,
  "fwhm_z": 1.73258,
  "gcor": 0.0464037,
  "gsr_x": -0.012052112258970737,
  "gsr_y": 0.049272313714027405,
  "provenance": {
    "md5sum": "793b943537eb588e482e1da0d0d18197",
    "settings": {
      "fd_thres": 0.2,
      "testing": false
    },
    "software": "mriqc",
    "version": "23.0.0",
    "webapi_port": null,
    "webapi_url": "https://mriqc.nimh.nih.gov/api/v1"
  },
  "size_t": 364,
  "size_x": 78,
  "size_y": 78,
  "size_z": 52,
  "snr": 7.267048318272818,
  "spacing_tr": 1.5,
  "spacing_x": 2.5,
  "spacing_y": 2.5,
  "spacing_z": 2.5,
  "summary_bg_k": 8.892678635866552,
  "summary_bg_mad": 21.100219261096836,
  "summary_bg_mean": 57.78288269042969,
  "summary_bg_median": 16.2791748046875,
  "summary_bg_n": 185039.0,
  "summary_bg_p05": 1.3430156350135802,
  "summary_bg_p95": 254.90600738525396,
  "summary_bg_stdv": 91.1897964477539,
  "summary_fg_k": 2.642046237203237,
  "summary_fg_mad": 100.41146132340025,
  "summary_fg_mean": 797.42626953125,
  "summary_fg_median": 795.1610717773438,
  "summary_fg_n": 74027.0,
  "summary_fg_p05": 635.9770568847656,
  "summary_fg_p95": 970.8888061523437,
  "summary_fg_stdv": 109.41934967041016,
  "tsnr": 46.20513916015625
}