{
  "aor": 0.0019262362637362635,
  "aqi": 0.010919021236263737,
  "bids_meta": {
    "AcquisitionMatrixPE": 78,
    "AcquisitionNumber": 1,
    "AcquisitionTime": "16:48:25.737500",
    "BandwidthPerPixelPhaseEncode": 20.678,
    "BaseResolution": 78,
    "BodyPartExamined": "BRAIN",
    "ConsistencyInfo": "N4_VE11C_LATEST_20160120",
    "ConversionSoftware": "dcm2niix",
    "ConversionSoftwareVersion": "v1.0.20171215 GCC4.8.5",
    "DerivedVendorReportedEchoSpacing": 0.000620007,
    "DeviceSerialNumber": "45031",
    "DwellTime": 3.2e-06,
    "EchoTime": 0.032,
    "EchoTrainLength": 78,
    "EffectiveEchoSpacing": 0.000620007,
    "FlipAngle": 70,
    "ImageOrientationPatientDICOM": [
      0.99856,
      0.0268235,
      0.0464578,
      -0.0179529,
      0.983175,
      -0.181782
    ],
    "ImageType": [
      "ORIGINAL",
      "PRIMARY",
      "M",
      "ND",
      "NORM",
      "MOSAIC"
    ],
    "InPlanePhaseEncodingDirectionDICOM": "COL",
    "InstitutionAddress": "Washington_and_Faculty_Rd._-_Building_25_25_Princeton_NJ_US_085",
    "InstitutionName": "Princeton_University_-_Neuroscience_Institute",
    "InstitutionalDepartmentName": "Department",
    "MRAcquisitionType": "2D",
    "MagneticFieldStrength": 3,
    "Manufacturer": "Siemens",
    "ManufacturersModelName": "Skyra",
    "Modality": "MR",
    "MultibandAccelerationFactor": 4,
    "PartialFourier": 1,
    "PatientPosition": "HFS",
    "PercentPhaseFOV": 100,
    "PhaseEncodingDirection": "j-",
    "PhaseEncodingSteps": 78,
    "PhaseResolution": 1,
    "PixelBandwidth": 2005,
    "ProcedureStepDescription": "TamirL_Mark",
    "ProtocolName": "EPI_2.5mm_1.5TR_32TE_SMS4_Siemens",
    "PulseSequenceDetails": "%SiemensSeq%_ep2d_bold",
    "ReceiveCoilActiveElements": "HC1-7",
    "ReceiveCoilName": "HeadNeck_64",
    "ReconMatrixPE": 78,
    "RepetitionTime": 1.5,
    "SAR": 0.0674688,
    "ScanOptions": "FS",
    "ScanningSequence": "EP",
    "SequenceName": "_epfid2d1_78",
    "SequenceVariant": "SK",
    "SeriesDescription": "EPI_2.5mm_1.5TR_32TE_SMS4_Siemens",
    "SeriesNumber": 9,
    "ShimSetting": [
      3372,
      8818,
      9087,
      430,
      235,
      -368,
      304,
      221
    ],
    "SliceThickness": 2.5,
    "SliceTiming": [
      0.6825,
      0,
      0.7975,
      0.115,
      0.91,
      0.2275,
      1.025,
      0.3425,
      1.1375,
      0.455,
      1.2525,
      0.57,
      1.3675,
      0.6825,
      0,
      0.7975,
      0.115,
      0.91,
      0.2275,
      1.025,
      0.3425,
      1.1375,
      0.455,
      1.2525,
      0.57,
      1.3675,
      0.6825,
      0,
      0.7975,
      0.115,
      0.91,
      0.2275,
      1.025,
      0.3425,
      1.1375,
      0.455,
      1.2525,
      0.57,
      1.3675,
      0.6825,
      0,
      0.7975,
      0.115,
      0.91,
      0.2275,
      1.025,
      0.3425,
      1.1375,
      0.455,
      1.2525,
      0.57,
      1.3675
    ],
    "SoftwareVersions": "syngo_MR_E11",
    "SpacingBetweenSlices": 2.5,
    "StationName": "AWP45031",
    "TaskName": "sitrep",
    "TotalReadoutTime": 0.0477406,
    "TxRefAmp": 331.66,
    "dataset": "ds004226",
    "modality": "bold",
    "run_id": 1,
    "subject_id": "029",
    "task_id": "sitrep"
  },
  "dummy_trs": 0,
  "dvars_nstd": 31.435410617878773,
  "dvars_std": 1.3256098001652896,
  "dvars_vstd": 0.9954752342975206,
  "efc": 0.5733121578768262,
  "fber": 2857.697021484375,
  "fd_mean": 0.11570947714879282,
  "fd_num": 15,
  "fd_perc": 4.1208791208791204,
  "fwhm_avg": 1.765708,
  "fwhm_x": 1.648464,
  "fwhm_y": 1.914336,
  "fwhm_z": 1.7343240000000002,
  "gcor": 0.0209507,
  "gsr_x": -0.008852396160364151,
  "gsr_y": 0.04459152743220329,
  "provenance": {
    "md5sum": "2041d5e18f03e32b62b2607cacbb6acc",
    "settings": {
      "fd_thres": 0.2,
      "testing": false
    },
    "software": "mriqc",
    "version": "23.0.0",
    "webapi_port": null,
    "webapi_url": "https://mriqc.nimh.nih.gov/api/v1"
  },
  "size_t": 364,
  "size_x": 78,
  "size_y": 78,
  "size_z": 52,
  "snr": 7.212260019925454,
  "spacing_tr": 1.5,
  "spacing_x": 2.5,
  "spacing_y": 2.5,
  "spacing_z": 2.5,
  "summary_bg_k": 9.723925074586282,
  "summary_bg_mad": 18.507188523662787,
  "summary_bg_mean": 54.12514877319336,
  "summary_bg_median": 14.504112243652344,
  "summary_bg_n": 185691.0,
  "summary_bg_p05": 1.320275604724884,
  "summary_bg_p95": 244.34622192382812,
  "summary_bg_stdv": 88.72406768798828,
  "summary_fg_k": 2.439608041431649,
  "summary_fg_mad": 102.01613570943294,
  "summary_fg_mean": 806.8515014648438,
  "summary_fg_median": 803.99853515625,
  "summary_fg_n": 73391.0,
  "summary_fg_p05": 642.2782897949219,
  "summary_fg_p95": 985.5045166015625,
  "summary_fg_stdv": 111.47588348388672,
  "tsnr": 61.111732482910156
}