{
  "aor": 0.00280228021978022,
  "aqi": 0.015932790549450546,
  "bids_meta": {
    "AcquisitionMatrixPE": 78,
    "AcquisitionNumber": 1,
    "AcquisitionTime": "17:32:32.500000",
    "BandwidthPerPixelPhaseEncode": 20.678,
    "BaseResolution": 78,
    "BodyPartExamined": "BRAIN",
    "ConsistencyInfo": "N4_VE11C_LATEST_20160120",
    "ConversionSoftware": "dcm2niix",
    "ConversionSoftwareVersion": "v1.0.20171215 GCC4.8.5",
    "DerivedVendorReportedEchoSpacing": 0.000620007,
    "DeviceSerialNumber": "45031",
    "DwellTime": 3.2e-06,
    "EchoTime": 0.032,
    "EchoTrainLength": 78,
    "EffectiveEchoSpacing": 0.000620007,
    "FlipAngle": 70,
    "ImageOrientationPatientDICOM": [
      0.99837,
      0.0414838,
      -0.039198,
      -0.045685,
      0.992522,
      -0.113193
    ],
    "ImageType": [
      "ORIGINAL",
      "PRIMARY",
      "M",
      "ND",
      "NORM",
      "MOSAIC"
    ],
    "InPlanePhaseEncodingDirectionDICOM": "COL",
    "InstitutionAddress": "Washington_and_Faculty_Rd._-_Building_25_25_Princeton_NJ_US_085",
    "InstitutionName": "Princeton_University_-_Neuroscience_Institute",
    "InstitutionalDepartmentName": "Department",
    "MRAcquisitionType": "2D",
    "MagneticFieldStrength": 3,
    "Manufacturer": "Siemens",
    "ManufacturersModelName": "Skyra",
    "Modality": "MR",
    "MultibandAccelerationFactor": 4,
    "PartialFourier": 1,
    "PatientPosition": "HFS",
    "PercentPhaseFOV": 100,
    "PhaseEncodingDirection": "j-",
    "PhaseEncodingSteps": 78,
    "PhaseResolution": 1,
    "PixelBandwidth": 2005,
    "ProcedureStepDescription": "TamirL_Mark",
    "ProtocolName": "EPI_2.5mm_1.5TR_32TE_SMS4_Siemens",
    "PulseSequenceDetails": "%SiemensSeq%_ep2d_bold",
    "ReceiveCoilActiveElements": "HC1-7",
    "ReceiveCoilName": "HeadNeck_64",
    "ReconMatrixPE": 78,
    "RepetitionTime": 1.5,
    "SAR": 0.0599267,
    "ScanOptions": "FS",
    "ScanningSequence": "EP",
    "SequenceName": "_epfid2d1_78",
    "SequenceVariant": "SK",
    "SeriesDescription": "EPI_2.5mm_1.5TR_32TE_SMS4_Siemens",
    "SeriesNumber": 11,
    "ShimSetting": [
      3315,
      8790,
      9374,
      573,
      -83,
      85,
      489,
      210
    ],
    "SliceThickness": 2.5,
    "SliceTiming": [
      0.6825,
      0,
      0.7975,
      0.115,
      0.91,
      0.2275,
      1.025,
      0.3425,
      1.1375,
      0.455,
      1.2525,
      0.57,
      1.365,
      0.6825,
      0,
      0.7975,
      0.115,
      0.91,
      0.2275,
      1.025,
      0.3425,
      1.1375,
      0.455,
      1.2525,
      0.57,
      1.365,
      0.6825,
      0,
      0.7975,
      0.115,
      0.91,
      0.2275,
      1.025,
      0.3425,
      1.1375,
      0.455,
      1.2525,
      0.57,
      1.365,
      0.6825,
      0,
      0.7975,
      0.115,
      0.91,
      0.2275,
      1.025,
      0.3425,
      1.1375,
      0.455,
      1.2525,
      0.57,
      1.365
    ],
    "SoftwareVersions": "syngo_MR_E11",
    "SpacingBetweenSlices": 2.5,
    "StationName": "AWP45031",
    "TaskName": "sitrep",
    "TotalReadoutTime": 0.0477406,
    "TxRefAmp": 302.804,
    "dataset": "ds004226",
    "modality": "bold",
    "run_id": 3,
    "subject_id": "017",
    "task_id": "sitrep"
  },
  "dummy_trs": 0,
  "dvars_nstd": 31.09179052771351,
  "dvars_std": 1.1556082453168042,
  "dvars_vstd": 1.0065204950137738,
  "efc": 0.5604488382762642,
  "fber": 3400.63818359375,
  "fd_mean": 0.2703403445519953,
  "fd_num": 224,
  "fd_perc": 61.53846153846154,
  "fwhm_avg": 1.7801653333333334,
  "fwhm_x": 1.648736,
  "fwhm_y": 1.953528,
  "fwhm_z": 1.738232,
  "gcor": 0.0106905,
  "gsr_x": -0.013308361172676086,
  "gsr_y": 0.05180751159787178,
  "provenance": {
    "md5sum": "591a43aa8d6e0242ba281229706e7623",
    "settings": {
      "fd_thres": 0.2,
      "testing": false
    },
    "software": "mriqc",
    "version": "23.0.0",
    "webapi_port": null,
    "webapi_url": "https://mriqc.nimh.nih.gov/api/v1"
  },
  "size_t": 364,
  "size_x": 78,
  "size_y": 78,
  "size_z": 52,
  "snr": 6.637402993036908,
  "spacing_tr": 1.5,
  "spacing_x": 2.5,
  "spacing_y": 2.5,
  "spacing_z": 2.5,
  "summary_bg_k": 17.80364704705588,
  "summary_bg_mad": 15.360406580129844,
  "summary_bg_mean": 40.81437301635742,
  "summary_bg_median": 12.15518569946289,
  "summary_bg_n": 185554.0,
  "summary_bg_p05": 1.0480246603488923,
  "summary_bg_p95": 181.0938796997071,
  "summary_bg_stdv": 71.36573791503906,
  "summary_fg_k": 2.548976841317959,
  "summary_fg_mad": 98.167695252297,
  "summary_fg_mean": 738.0888671875,
  "summary_fg_median": 733.9544677734375,
  "summary_fg_n": 73896.0,
  "summary_fg_p05": 575.2039489746094,
  "summary_fg_p95": 914.6138916015625,
  "summary_fg_stdv": 110.57781219482422,
  "tsnr": 47.49829864501953
}