{
  "aor": 0.0032425274725274727,
  "aqi": 0.017931888104395603,
  "bids_meta": {
    "AcquisitionMatrixPE": 78,
    "AcquisitionNumber": 1,
    "AcquisitionTime": "17:51:17.542500",
    "BandwidthPerPixelPhaseEncode": 20.678,
    "BaseResolution": 78,
    "BodyPartExamined": "BRAIN",
    "ConsistencyInfo": "N4_VE11C_LATEST_20160120",
    "ConversionSoftware": "dcm2niix",
    "ConversionSoftwareVersion": "v1.0.20171215 GCC4.8.5",
    "DerivedVendorReportedEchoSpacing": 0.000620007,
    "DeviceSerialNumber": "45031",
    "DwellTime": 3.2e-06,
    "EchoTime": 0.032,
    "EchoTrainLength": 78,
    "EffectiveEchoSpacing": 0.000620007,
    "FlipAngle": 70,
    "ImageOrientationPatientDICOM": [
      0.999593,
      0.0224594,
      0.0175892,
      -0.0207639,
      0.99561,
      -0.0912658
    ],
    "ImageType": [
      "ORIGINAL",
      "PRIMARY",
      "M",
      "ND",
      "NORM",
      "MOSAIC"
    ],
    "InPlanePhaseEncodingDirectionDICOM": "COL",
    "InstitutionAddress": "Washington_and_Faculty_Rd._-_Building_25_25_Princeton_NJ_US_085",
    "InstitutionName": "Princeton_University_-_Neuroscience_Institute",
    "InstitutionalDepartmentName": "Department",
    "MRAcquisitionType": "2D",
    "MagneticFieldStrength": 3,
    "Manufacturer": "Siemens",
    "ManufacturersModelName": "Skyra",
    "Modality": "MR",
    "MultibandAccelerationFactor": 4,
    "PartialFourier": 1,
    "PatientPosition": "HFS",
    "PercentPhaseFOV": 100,
    "PhaseEncodingDirection": "j-",
    "PhaseEncodingSteps": 78,
    "PhaseResolution": 1,
    "PixelBandwidth": 2005,
    "ProcedureStepDescription": "TamirL_Mark",
    "ProtocolName": "EPI_2.5mm_1.5TR_32TE_SMS4_Siemens",
    "PulseSequenceDetails": "%SiemensSeq%_ep2d_bold",
    "ReceiveCoilActiveElements": "HC1-7",
    "ReceiveCoilName": "HeadNeck_64",
    "ReconMatrixPE": 78,
    "RepetitionTime": 1.5,
    "SAR": 0.0635751,
    "ScanOptions": "FS",
    "ScanningSequence": "EP",
    "SequenceName": "_epfid2d1_78",
    "SequenceVariant": "SK",
    "SeriesDescription": "EPI_2.5mm_1.5TR_32TE_SMS4_Siemens",
    "SeriesNumber": 18,
    "ShimSetting": [
      3407,
      8775,
      9441,
      650,
      135,
      271,
      -116,
      348
    ],
    "SliceThickness": 2.5,
    "SliceTiming": [
      0.6825,
      0,
      0.7975,
      0.115,
      0.91,
      0.2275,
      1.025,
      0.3425,
      1.14,
      0.455,
      1.2525,
      0.57,
      1.3675,
      0.6825,
      0,
      0.7975,
      0.115,
      0.91,
      0.2275,
      1.025,
      0.3425,
      1.14,
      0.455,
      1.2525,
      0.57,
      1.3675,
      0.6825,
      0,
      0.7975,
      0.115,
      0.91,
      0.2275,
      1.025,
      0.3425,
      1.14,
      0.455,
      1.2525,
      0.57,
      1.3675,
      0.6825,
      0,
      0.7975,
      0.115,
      0.91,
      0.2275,
      1.025,
      0.3425,
      1.14,
      0.455,
      1.2525,
      0.57,
      1.3675
    ],
    "SoftwareVersions": "syngo_MR_E11",
    "SpacingBetweenSlices": 2.5,
    "StationName": "AWP45031",
    "TaskName": "sitrep",
    "TotalReadoutTime": 0.0477406,
    "TxRefAmp": 300.048,
    "dataset": "ds004226",
    "modality": "bold",
    "run_id": 10,
    "subject_id": "001",
    "task_id": "sitrep"
  },
  "dummy_trs": 0,
  "dvars_nstd": 34.88653997942148,
  "dvars_std": 1.2501558714325054,
  "dvars_vstd": 1.0186001508815439,
  "efc": 0.597124932697501,
  "fber": 3417.872802734375,
  "fd_mean": 0.22983078742739177,
  "fd_num": 148,
  "fd_perc": 40.65934065934066,
  "fwhm_avg": 1.8617773333333334,
  "fwhm_x": 1.778348,
  "fwhm_y": 1.9977440000000002,
  "fwhm_z": 1.8092400000000002,
  "gcor": 0.0355164,
  "gsr_x": -0.005517280660569668,
  "gsr_y": 0.046308841556310654,
  "provenance": {
    "md5sum": "ac077f139d29d4effcdfbcf83cc65bc1",
    "settings": {
      "fd_thres": 0.2,
      "testing": false
    },
    "software": "mriqc",
    "version": "23.0.0",
    "webapi_port": null,
    "webapi_url": "https://mriqc.nimh.nih.gov/api/v1"
  },
  "size_t": 364,
  "size_x": 78,
  "size_y": 78,
  "size_z": 52,
  "snr": 6.8293685065627034,
  "spacing_tr": 1.5,
  "spacing_x": 2.5,
  "spacing_y": 2.5,
  "spacing_z": 2.5,
  "summary_bg_k": 14.890354665315765,
  "summary_bg_mad": 14.151568015878095,
  "summary_bg_mean": 45.081729888916016,
  "summary_bg_median": 11.67066764831543,
  "summary_bg_n": 169968.0,
  "summary_bg_p05": 1.2092138290405274,
  "summary_bg_p95": 208.8280769348144,
  "summary_bg_stdv": 82.0362319946289,
  "summary_fg_k": 2.500403260547209,
  "summary_fg_mad": 97.12438090425864,
  "summary_fg_mean": 736.5573120117188,
  "summary_fg_median": 733.8614501953125,
  "summary_fg_n": 84347.0,
  "summary_fg_p05": 580.7573059082031,
  "summary_fg_p95": 907.6177734375,
  "summary_fg_stdv": 107.45606994628906,
  "tsnr": 44.803218841552734
}