{
  "aor": 0.0024403296703296704,
  "aqi": 0.018304683461538462,
  "bids_meta": {
    "AcquisitionMatrixPE": 78,
    "AcquisitionNumber": 1,
    "AcquisitionTime": "17:18:48.945000",
    "BandwidthPerPixelPhaseEncode": 20.678,
    "BaseResolution": 78,
    "BodyPartExamined": "BRAIN",
    "ConsistencyInfo": "N4_VE11C_LATEST_20160120",
    "ConversionSoftware": "dcm2niix",
    "ConversionSoftwareVersion": "v1.0.20171215 GCC4.8.5",
    "DerivedVendorReportedEchoSpacing": 0.000620007,
    "DeviceSerialNumber": "45031",
    "DwellTime": 3.2e-06,
    "EchoTime": 0.032,
    "EchoTrainLength": 78,
    "EffectiveEchoSpacing": 0.000620007,
    "FlipAngle": 70,
    "ImageOrientationPatientDICOM": [
      0.999593,
      0.0224594,
      0.0175892,
      -0.0207639,
      0.99561,
      -0.0912658
    ],
    "ImageType": [
      "ORIGINAL",
      "PRIMARY",
      "M",
      "ND",
      "NORM",
      "MOSAIC"
    ],
    "InPlanePhaseEncodingDirectionDICOM": "COL",
    "InstitutionAddress": "Washington_and_Faculty_Rd._-_Building_25_25_Princeton_NJ_US_085",
    "InstitutionName": "Princeton_University_-_Neuroscience_Institute",
    "InstitutionalDepartmentName": "Department",
    "MRAcquisitionType": "2D",
    "MagneticFieldStrength": 3,
    "Manufacturer": "Siemens",
    "ManufacturersModelName": "Skyra",
    "Modality": "MR",
    "MultibandAccelerationFactor": 4,
    "PartialFourier": 1,
    "PatientPosition": "HFS",
    "PercentPhaseFOV": 100,
    "PhaseEncodingDirection": "j-",
    "PhaseEncodingSteps": 78,
    "PhaseResolution": 1,
    "PixelBandwidth": 2005,
    "ProcedureStepDescription": "TamirL_Mark",
    "ProtocolName": "EPI_2.5mm_1.5TR_32TE_SMS4_Siemens",
    "PulseSequenceDetails": "%SiemensSeq%_ep2d_bold",
    "ReceiveCoilActiveElements": "HC1-7",
    "ReceiveCoilName": "HeadNeck_64",
    "ReconMatrixPE": 78,
    "RepetitionTime": 1.5,
    "SAR": 0.0635751,
    "ScanOptions": "FS",
    "ScanningSequence": "EP",
    "SequenceName": "_epfid2d1_78",
    "SequenceVariant": "SK",
    "SeriesDescription": "EPI_2.5mm_1.5TR_32TE_SMS4_Siemens",
    "SeriesNumber": 15,
    "ShimSetting": [
      3407,
      8775,
      9441,
      650,
      135,
      271,
      -116,
      348
    ],
    "SliceThickness": 2.5,
    "SliceTiming": [
      0.6825,
      0,
      0.7975,
      0.1125,
      0.91,
      0.2275,
      1.025,
      0.34,
      1.1375,
      0.455,
      1.2525,
      0.57,
      1.365,
      0.6825,
      0,
      0.7975,
      0.1125,
      0.91,
      0.2275,
      1.025,
      0.34,
      1.1375,
      0.455,
      1.2525,
      0.57,
      1.365,
      0.6825,
      0,
      0.7975,
      0.1125,
      0.91,
      0.2275,
      1.025,
      0.34,
      1.1375,
      0.455,
      1.2525,
      0.57,
      1.365,
      0.6825,
      0,
      0.7975,
      0.1125,
      0.91,
      0.2275,
      1.025,
      0.34,
      1.1375,
      0.455,
      1.2525,
      0.57,
      1.365
    ],
    "SoftwareVersions": "syngo_MR_E11",
    "SpacingBetweenSlices": 2.5,
    "StationName": "AWP45031",
    "TaskName": "sitrep",
    "TotalReadoutTime": 0.0477406,
    "TxRefAmp": 300.048,
    "dataset": "ds004226",
    "modality": "bold",
    "run_id": 7,
    "subject_id": "001",
    "task_id": "sitrep"
  },
  "dummy_trs": 0,
  "dvars_nstd": 34.28582357504132,
  "dvars_std": 1.2255323949311292,
  "dvars_vstd": 0.9933283950413224,
  "efc": 0.5990346157904889,
  "fber": 3274.64013671875,
  "fd_mean": 0.20814634785720867,
  "fd_num": 140,
  "fd_perc": 38.46153846153846,
  "fwhm_avg": 1.882424,
  "fwhm_x": 1.8018560000000001,
  "fwhm_y": 2.0200880000000003,
  "fwhm_z": 1.825328,
  "gcor": 0.0356492,
  "gsr_x": -0.006102107930928469,
  "gsr_y": 0.04629689082503319,
  "provenance": {
    "md5sum": "f4e2fd337d5279ce9a8369a5f983bfe6",
    "settings": {
      "fd_thres": 0.2,
      "testing": false
    },
    "software": "mriqc",
    "version": "23.0.0",
    "webapi_port": null,
    "webapi_url": "https://mriqc.nimh.nih.gov/api/v1"
  },
  "size_t": 364,
  "size_x": 78,
  "size_y": 78,
  "size_z": 52,
  "snr": 6.800102087497927,
  "spacing_tr": 1.5,
  "spacing_x": 2.5,
  "spacing_y": 2.5,
  "spacing_z": 2.5,
  "summary_bg_k": 14.947581209944644,
  "summary_bg_mad": 14.460964389633816,
  "summary_bg_mean": 45.70361328125,
  "summary_bg_median": 11.885616302490234,
  "summary_bg_n": 169298.0,
  "summary_bg_p05": 1.2248789370059967,
  "summary_bg_p95": 210.70357818603514,
  "summary_bg_stdv": 83.08848571777344,
  "summary_fg_k": 2.414902189585187,
  "summary_fg_mad": 98.69534744566285,
  "summary_fg_mean": 736.53076171875,
  "summary_fg_median": 733.3095703125,
  "summary_fg_n": 84692.0,
  "summary_fg_p05": 580.3755249023437,
  "summary_fg_p95": 908.7441467285156,
  "summary_fg_stdv": 107.83738708496094,
  "tsnr": 44.73575210571289
}