{
  "aor": 0.001168021978021978,
  "aqi": 0.010042674313186813,
  "bids_meta": {
    "AcquisitionMatrixPE": 78,
    "AcquisitionNumber": 1,
    "AcquisitionTime": "16:16:34.625000",
    "BandwidthPerPixelPhaseEncode": 20.678,
    "BaseResolution": 78,
    "BodyPartExamined": "BRAIN",
    "ConsistencyInfo": "N4_VE11C_LATEST_20160120",
    "ConversionSoftware": "dcm2niix",
    "ConversionSoftwareVersion": "v1.0.20171215 GCC4.8.5",
    "DerivedVendorReportedEchoSpacing": 0.000620007,
    "DeviceSerialNumber": "45031",
    "DwellTime": 3.2e-06,
    "EchoTime": 0.032,
    "EchoTrainLength": 78,
    "EffectiveEchoSpacing": 0.000620007,
    "FlipAngle": 70,
    "ImageOrientationPatientDICOM": [
      0.992953,
      0.0401824,
      -0.111488,
      -0.0475212,
      0.99682,
      -0.0639682
    ],
    "ImageType": [
      "ORIGINAL",
      "PRIMARY",
      "M",
      "ND",
      "NORM",
      "MOSAIC"
    ],
    "InPlanePhaseEncodingDirectionDICOM": "COL",
    "InstitutionAddress": "Washington_and_Faculty_Rd._-_Building_25_25_Princeton_NJ_US_085",
    "InstitutionName": "Princeton_University_-_Neuroscience_Institute",
    "InstitutionalDepartmentName": "Department",
    "MRAcquisitionType": "2D",
    "MagneticFieldStrength": 3,
    "Manufacturer": "Siemens",
    "ManufacturersModelName": "Skyra",
    "Modality": "MR",
    "MultibandAccelerationFactor": 4,
    "PartialFourier": 1,
    "PatientPosition": "HFS",
    "PercentPhaseFOV": 100,
    "PhaseEncodingDirection": "j-",
    "PhaseEncodingSteps": 78,
    "PhaseResolution": 1,
    "PixelBandwidth": 2005,
    "ProcedureStepDescription": "TamirL_Mark",
    "ProtocolName": "EPI_2.5mm_1.5TR_32TE_SMS4_Siemens",
    "PulseSequenceDetails": "%SiemensSeq%_ep2d_bold",
    "ReceiveCoilActiveElements": "HC1-7",
    "ReceiveCoilName": "HeadNeck_64",
    "ReconMatrixPE": 78,
    "RepetitionTime": 1.5,
    "SAR": 0.0638984,
    "ScanOptions": "FS",
    "ScanningSequence": "EP",
    "SequenceName": "_epfid2d1_78",
    "SequenceVariant": "SK",
    "SeriesDescription": "EPI_2.5mm_1.5TR_32TE_SMS4_Siemens",
    "SeriesNumber": 9,
    "ShimSetting": [
      3318,
      8697,
      9235,
      606,
      172,
      -643,
      111,
      500
    ],
    "SliceThickness": 2.5,
    "SliceTiming": [
      0.6825,
      0,
      0.7975,
      0.115,
      0.91,
      0.2275,
      1.025,
      0.3425,
      1.1375,
      0.455,
      1.2525,
      0.57,
      1.3675,
      0.6825,
      0,
      0.7975,
      0.115,
      0.91,
      0.2275,
      1.025,
      0.3425,
      1.1375,
      0.455,
      1.2525,
      0.57,
      1.3675,
      0.6825,
      0,
      0.7975,
      0.115,
      0.91,
      0.2275,
      1.025,
      0.3425,
      1.1375,
      0.455,
      1.2525,
      0.57,
      1.3675,
      0.6825,
      0,
      0.7975,
      0.115,
      0.91,
      0.2275,
      1.025,
      0.3425,
      1.1375,
      0.455,
      1.2525,
      0.57,
      1.3675
    ],
    "SoftwareVersions": "syngo_MR_E11",
    "SpacingBetweenSlices": 2.5,
    "StationName": "AWP45031",
    "TaskName": "sitrep",
    "TotalReadoutTime": 0.0477406,
    "TxRefAmp": 293.588,
    "dataset": "ds004226",
    "modality": "bold",
    "run_id": 1,
    "subject_id": "033",
    "task_id": "sitrep"
  },
  "dummy_trs": 0,
  "dvars_nstd": 28.728856572506896,
  "dvars_std": 1.2841048974380167,
  "dvars_vstd": 1.0017605768870532,
  "efc": 0.5579376667001116,
  "fber": 4300.298828125,
  "fd_mean": 0.11756545543489044,
  "fd_num": 24,
  "fd_perc": 6.593406593406593,
  "fwhm_avg": 1.7803826136316985,
  "fwhm_x": 1.6683358408950957,
  "fwhm_y": 1.9087679999999998,
  "fwhm_z": 1.7640440000000002,
  "gcor": 0.014342,
  "gsr_x": -0.008028168231248856,
  "gsr_y": 0.04090164229273796,
  "provenance": {
    "md5sum": "065e91b6cacb6cb6ddb8dbb9c688201d",
    "settings": {
      "fd_thres": 0.2,
      "testing": false
    },
    "software": "mriqc",
    "version": "23.0.0",
    "webapi_port": null,
    "webapi_url": "https://mriqc.nimh.nih.gov/api/v1"
  },
  "size_t": 364,
  "size_x": 78,
  "size_y": 78,
  "size_z": 52,
  "snr": 6.9641763823335525,
  "spacing_tr": 1.5,
  "spacing_x": 2.500000238418579,
  "spacing_y": 2.5,
  "spacing_z": 2.5,
  "summary_bg_k": 13.861715224432018,
  "summary_bg_mad": 15.509159499958965,
  "summary_bg_mean": 44.38446044921875,
  "summary_bg_median": 12.35063362121582,
  "summary_bg_n": 185462.0,
  "summary_bg_p05": 1.1240799546241762,
  "summary_bg_p95": 206.09152755737296,
  "summary_bg_stdv": 80.19063568115234,
  "summary_fg_k": 2.211053620165451,
  "summary_fg_mad": 112.3459386299084,
  "summary_fg_mean": 847.9765014648438,
  "summary_fg_median": 844.0878295898438,
  "summary_fg_n": 73906.0,
  "summary_fg_p05": 670.1681060791016,
  "summary_fg_p95": 1043.1462707519531,
  "summary_fg_stdv": 121.20343780517578,
  "tsnr": 60.408958435058594
}