{
  "aor": 0.004165082417582418,
  "aqi": 0.020215715109890106,
  "bids_meta": {
    "AcquisitionMatrixPE": 78,
    "AcquisitionNumber": 1,
    "AcquisitionTime": "17:41:22.647500",
    "BandwidthPerPixelPhaseEncode": 20.678,
    "BaseResolution": 78,
    "BodyPartExamined": "BRAIN",
    "ConsistencyInfo": "N4_VE11C_LATEST_20160120",
    "ConversionSoftware": "dcm2niix",
    "ConversionSoftwareVersion": "v1.0.20171215 GCC4.8.5",
    "DerivedVendorReportedEchoSpacing": 0.000620007,
    "DeviceSerialNumber": "45031",
    "DwellTime": 3.2e-06,
    "EchoTime": 0.032,
    "EchoTrainLength": 78,
    "EffectiveEchoSpacing": 0.000620007,
    "FlipAngle": 70,
    "ImageOrientationPatientDICOM": [
      0.992953,
      0.0401824,
      -0.111488,
      -0.0475212,
      0.99682,
      -0.0639682
    ],
    "ImageType": [
      "ORIGINAL",
      "PRIMARY",
      "M",
      "ND",
      "NORM",
      "MOSAIC"
    ],
    "InPlanePhaseEncodingDirectionDICOM": "COL",
    "InstitutionAddress": "Washington_and_Faculty_Rd._-_Building_25_25_Princeton_NJ_US_085",
    "InstitutionName": "Princeton_University_-_Neuroscience_Institute",
    "InstitutionalDepartmentName": "Department",
    "MRAcquisitionType": "2D",
    "MagneticFieldStrength": 3,
    "Manufacturer": "Siemens",
    "ManufacturersModelName": "Skyra",
    "Modality": "MR",
    "MultibandAccelerationFactor": 4,
    "PartialFourier": 1,
    "PatientPosition": "HFS",
    "PercentPhaseFOV": 100,
    "PhaseEncodingDirection": "j-",
    "PhaseEncodingSteps": 78,
    "PhaseResolution": 1,
    "PixelBandwidth": 2005,
    "ProcedureStepDescription": "TamirL_Mark",
    "ProtocolName": "EPI_2.5mm_1.5TR_32TE_SMS4_Siemens",
    "PulseSequenceDetails": "%SiemensSeq%_ep2d_bold",
    "ReceiveCoilActiveElements": "HC1-7",
    "ReceiveCoilName": "HeadNeck_64",
    "ReconMatrixPE": 78,
    "RepetitionTime": 1.5,
    "SAR": 0.0646928,
    "ScanOptions": "FS",
    "ScanningSequence": "EP",
    "SequenceName": "_epfid2d1_78",
    "SequenceVariant": "SK",
    "SeriesDescription": "EPI_2.5mm_1.5TR_32TE_SMS4_Siemens",
    "SeriesNumber": 17,
    "ShimSetting": [
      3336,
      8757,
      9206,
      567,
      214,
      -529,
      96,
      409
    ],
    "SliceThickness": 2.5,
    "SliceTiming": [
      0.6825,
      0,
      0.7975,
      0.1125,
      0.91,
      0.2275,
      1.025,
      0.34,
      1.1375,
      0.455,
      1.2525,
      0.5675,
      1.365,
      0.6825,
      0,
      0.7975,
      0.1125,
      0.91,
      0.2275,
      1.025,
      0.34,
      1.1375,
      0.455,
      1.2525,
      0.5675,
      1.365,
      0.6825,
      0,
      0.7975,
      0.1125,
      0.91,
      0.2275,
      1.025,
      0.34,
      1.1375,
      0.455,
      1.2525,
      0.5675,
      1.365,
      0.6825,
      0,
      0.7975,
      0.1125,
      0.91,
      0.2275,
      1.025,
      0.34,
      1.1375,
      0.455,
      1.2525,
      0.5675,
      1.365
    ],
    "SoftwareVersions": "syngo_MR_E11",
    "SpacingBetweenSlices": 2.5,
    "StationName": "AWP45031",
    "TaskName": "sitrep",
    "TotalReadoutTime": 0.0477406,
    "TxRefAmp": 293.518,
    "dataset": "ds004226",
    "modality": "bold",
    "run_id": 9,
    "subject_id": "033",
    "task_id": "sitrep"
  },
  "dummy_trs": 0,
  "dvars_nstd": 27.72059554090907,
  "dvars_std": 1.1094505313223142,
  "dvars_vstd": 0.9875921628925619,
  "efc": 0.5389103411060648,
  "fber": 8384.314453125,
  "fd_mean": 0.21225285125519586,
  "fd_num": 120,
  "fd_perc": 32.967032967032964,
  "fwhm_avg": 1.7955159467437796,
  "fwhm_x": 1.6752958402313387,
  "fwhm_y": 1.9280560000000002,
  "fwhm_z": 1.7831959999999998,
  "gcor": 0.0289487,
  "gsr_x": 0.009381722658872604,
  "gsr_y": 0.05154794082045555,
  "provenance": {
    "md5sum": "b7fa06e18cecd580ad7e354da5ae3ee5",
    "settings": {
      "fd_thres": 0.2,
      "testing": false
    },
    "software": "mriqc",
    "version": "23.0.0",
    "webapi_port": null,
    "webapi_url": "https://mriqc.nimh.nih.gov/api/v1"
  },
  "size_t": 364,
  "size_x": 78,
  "size_y": 78,
  "size_z": 52,
  "snr": 7.2494467661787265,
  "spacing_tr": 1.5,
  "spacing_x": 2.500000238418579,
  "spacing_y": 2.5,
  "spacing_z": 2.5,
  "summary_bg_k": 17.042708796684327,
  "summary_bg_mad": 11.097697914341339,
  "summary_bg_mean": 38.26124954223633,
  "summary_bg_median": 8.71876335144043,
  "summary_bg_n": 190669.0,
  "summary_bg_p05": 0.6155468463897705,
  "summary_bg_p95": 168.68933410644541,
  "summary_bg_stdv": 75.18579864501953,
  "summary_fg_k": 2.66762411438327,
  "summary_fg_mad": 103.10256895133836,
  "summary_fg_mean": 822.404541015625,
  "summary_fg_median": 820.6648559570312,
  "summary_fg_n": 70467.0,
  "summary_fg_p05": 655.1274047851563,
  "summary_fg_p95": 1000.4194274902342,
  "summary_fg_stdv": 113.20298767089844,
  "tsnr": 44.070159912109375
}