{
  "aor": 0.002356703296703297,
  "aqi": 0.014648360741758239,
  "bids_meta": {
    "AcquisitionMatrixPE": 78,
    "AcquisitionNumber": 1,
    "AcquisitionTime": "17:31:9.332500",
    "BandwidthPerPixelPhaseEncode": 20.678,
    "BaseResolution": 78,
    "BodyPartExamined": "BRAIN",
    "ConsistencyInfo": "N4_VE11C_LATEST_20160120",
    "ConversionSoftware": "dcm2niix",
    "ConversionSoftwareVersion": "v1.0.20171215 GCC4.8.5",
    "DerivedVendorReportedEchoSpacing": 0.000620007,
    "DeviceSerialNumber": "45031",
    "DwellTime": 3.2e-06,
    "EchoTime": 0.032,
    "EchoTrainLength": 78,
    "EffectiveEchoSpacing": 0.000620007,
    "FlipAngle": 70,
    "ImageOrientationPatientDICOM": [
      0.992953,
      0.0401824,
      -0.111488,
      -0.0475212,
      0.99682,
      -0.0639682
    ],
    "ImageType": [
      "ORIGINAL",
      "PRIMARY",
      "M",
      "ND",
      "NORM",
      "MOSAIC"
    ],
    "InPlanePhaseEncodingDirectionDICOM": "COL",
    "InstitutionAddress": "Washington_and_Faculty_Rd._-_Building_25_25_Princeton_NJ_US_085",
    "InstitutionName": "Princeton_University_-_Neuroscience_Institute",
    "InstitutionalDepartmentName": "Department",
    "MRAcquisitionType": "2D",
    "MagneticFieldStrength": 3,
    "Manufacturer": "Siemens",
    "ManufacturersModelName": "Skyra",
    "Modality": "MR",
    "MultibandAccelerationFactor": 4,
    "PartialFourier": 1,
    "PatientPosition": "HFS",
    "PercentPhaseFOV": 100,
    "PhaseEncodingDirection": "j-",
    "PhaseEncodingSteps": 78,
    "PhaseResolution": 1,
    "PixelBandwidth": 2005,
    "ProcedureStepDescription": "TamirL_Mark",
    "ProtocolName": "EPI_2.5mm_1.5TR_32TE_SMS4_Siemens",
    "PulseSequenceDetails": "%SiemensSeq%_ep2d_bold",
    "ReceiveCoilActiveElements": "HC1-7",
    "ReceiveCoilName": "HeadNeck_64",
    "ReconMatrixPE": 78,
    "RepetitionTime": 1.5,
    "SAR": 0.0646928,
    "ScanOptions": "FS",
    "ScanningSequence": "EP",
    "SequenceName": "_epfid2d1_78",
    "SequenceVariant": "SK",
    "SeriesDescription": "EPI_2.5mm_1.5TR_32TE_SMS4_Siemens",
    "SeriesNumber": 16,
    "ShimSetting": [
      3336,
      8757,
      9206,
      567,
      214,
      -529,
      96,
      409
    ],
    "SliceThickness": 2.5,
    "SliceTiming": [
      0.6825,
      0,
      0.795,
      0.1125,
      0.91,
      0.2275,
      1.025,
      0.34,
      1.1375,
      0.455,
      1.2525,
      0.5675,
      1.365,
      0.6825,
      0,
      0.795,
      0.1125,
      0.91,
      0.2275,
      1.025,
      0.34,
      1.1375,
      0.455,
      1.2525,
      0.5675,
      1.365,
      0.6825,
      0,
      0.795,
      0.1125,
      0.91,
      0.2275,
      1.025,
      0.34,
      1.1375,
      0.455,
      1.2525,
      0.5675,
      1.365,
      0.6825,
      0,
      0.795,
      0.1125,
      0.91,
      0.2275,
      1.025,
      0.34,
      1.1375,
      0.455,
      1.2525,
      0.5675,
      1.365
    ],
    "SoftwareVersions": "syngo_MR_E11",
    "SpacingBetweenSlices": 2.5,
    "StationName": "AWP45031",
    "TaskName": "sitrep",
    "TotalReadoutTime": 0.0477406,
    "TxRefAmp": 293.518,
    "dataset": "ds004226",
    "modality": "bold",
    "run_id": 8,
    "subject_id": "033",
    "task_id": "sitrep"
  },
  "dummy_trs": 0,
  "dvars_nstd": 26.66364645112947,
  "dvars_std": 1.1731339227823683,
  "dvars_vstd": 1.0046893749035812,
  "efc": 0.5429023053547881,
  "fber": 7320.033203125,
  "fd_mean": 0.14812622456189511,
  "fd_num": 77,
  "fd_perc": 21.153846153846153,
  "fwhm_avg": 1.7706412806743674,
  "fwhm_x": 1.6565078420231014,
  "fwhm_y": 1.897184,
  "fwhm_z": 1.758232,
  "gcor": 0.0364989,
  "gsr_x": 0.00595590565353632,
  "gsr_y": 0.05085829645395279,
  "provenance": {
    "md5sum": "57226c141336c3c6b0e26065b0db7e41",
    "settings": {
      "fd_thres": 0.2,
      "testing": false
    },
    "software": "mriqc",
    "version": "23.0.0",
    "webapi_port": null,
    "webapi_url": "https://mriqc.nimh.nih.gov/api/v1"
  },
  "size_t": 364,
  "size_x": 78,
  "size_y": 78,
  "size_z": 52,
  "snr": 7.209076589181961,
  "spacing_tr": 1.5,
  "spacing_x": 2.500000238418579,
  "spacing_y": 2.5,
  "spacing_z": 2.5,
  "summary_bg_k": 16.651229420410612,
  "summary_bg_mad": 11.784620203796726,
  "summary_bg_mean": 39.23277282714844,
  "summary_bg_median": 9.31495475769043,
  "summary_bg_n": 189519.0,
  "summary_bg_p05": 0.7354174971580505,
  "summary_bg_p95": 175.51117401123057,
  "summary_bg_stdv": 75.72736358642578,
  "summary_fg_k": 2.6848325593142777,
  "summary_fg_mad": 103.33576389256693,
  "summary_fg_mean": 820.8831176757812,
  "summary_fg_median": 818.51220703125,
  "summary_fg_n": 71241.0,
  "summary_fg_p05": 654.6671142578125,
  "summary_fg_p95": 999.1620483398438,
  "summary_fg_stdv": 113.53832244873047,
  "tsnr": 53.59819793701172
}