{
  "bids_meta": {
    "AcquisitionMatrixPE": 256,
    "AcquisitionNumber": 1,
    "AcquisitionTime": "16:41:36.967500",
    "BaseResolution": 256,
    "BodyPartExamined": "BRAIN",
    "ConsistencyInfo": "N4_VE11C_LATEST_20160120",
    "ConversionSoftware": "dcm2niix",
    "ConversionSoftwareVersion": "v1.0.20171215 GCC4.8.5",
    "DeviceSerialNumber": "45031",
    "DwellTime": 8.2e-06,
    "EchoTime": 0.00298,
    "FlipAngle": 9,
    "ImageOrientationPatientDICOM": [
      -0.00923145,
      0.993948,
      0.109459,
      0.0422948,
      0.109754,
      -0.993059
    ],
    "ImageType": [
      "ORIGINAL",
      "PRIMARY",
      "M",
      "ND",
      "NORM"
    ],
    "InPlanePhaseEncodingDirectionDICOM": "ROW",
    "InstitutionAddress": "Washington_and_Faculty_Rd._-_Building_25_25_Princeton_NJ_US_085",
    "InstitutionName": "Princeton_University_-_Neuroscience_Institute",
    "InstitutionalDepartmentName": "Department",
    "InversionTime": 0.9,
    "MRAcquisitionType": "3D",
    "MagneticFieldStrength": 3,
    "Manufacturer": "Siemens",
    "ManufacturersModelName": "Skyra",
    "Modality": "MR",
    "ParallelReductionFactorInPlane": 2,
    "PartialFourier": 1,
    "PatientPosition": "HFS",
    "PercentPhaseFOV": 100,
    "PhaseEncodingSteps": 255,
    "PhaseResolution": 1,
    "PixelBandwidth": 240,
    "ProcedureStepDescription": "TamirL_Mark",
    "ProtocolName": "T1w_MPR_1iso_iP2",
    "PulseSequenceDetails": "%SiemensSeq%_tfl",
    "ReceiveCoilActiveElements": "HC1-7;NC1,2",
    "ReceiveCoilName": "HeadNeck_64",
    "ReconMatrixPE": 256,
    "RepetitionTime": 2.3,
    "SAR": 0.046721,
    "ScanOptions": "IR",
    "ScanningSequence": "GR_IR",
    "SequenceName": "_tfl3d1_16ns",
    "SequenceVariant": "SK_SP_MP",
    "SeriesDescription": "T1w_MPR_1iso_iP2",
    "SeriesNumber": 6,
    "ShimSetting": [
      3408,
      8615,
      9151,
      341,
      -1,
      -995,
      36,
      91
    ],
    "SliceThickness": 1,
    "SoftwareVersions": "syngo_MR_E11",
    "StationName": "AWP45031",
    "TxRefAmp": 299.954,
    "dataset": "ds004226",
    "modality": "T1w",
    "subject_id": "011"
  },
  "cjv": 0.3369081074147917,
  "cnr": 3.9453172298792203,
  "efc": 0.5065870038725213,
  "fber": 16906.047052460788,
  "fwhm_avg": 3.5331444594616506,
  "fwhm_x": 3.542493378384951,
  "fwhm_y": 3.70986,
  "fwhm_z": 3.34708,
  "icvs_csf": 0.22930524424902968,
  "icvs_gm": 0.4352673187891887,
  "icvs_wm": 0.3354274369617816,
  "inu_med": 0.5910812318325043,
  "inu_range": 0.20058422535657888,
  "provenance": {
    "md5sum": "12665669a7adfe1e78d6542ed0e25486",
    "settings": {
      "testing": false
    },
    "software": "mriqc",
    "version": "23.0.0",
    "warnings": {
      "large_rot_frame": true,
      "small_air_mask": false
    },
    "webapi_port": null,
    "webapi_url": "https://mriqc.nimh.nih.gov/api/v1"
  },
  "qi_1": 0.0,
  "qi_2": 0.0011579311432743683,
  "rpve_csf": 23.699809946085903,
  "rpve_gm": 12.799916640359323,
  "rpve_wm": 18.86429727755513,
  "size_x": 176,
  "size_y": 256,
  "size_z": 256,
  "snr_csf": 1.9593877466070728,
  "snr_gm": 8.721189876151092,
  "snr_total": 10.45211240087776,
  "snr_wm": 20.675759579875116,
  "snrd_csf": 21.19552873266964,
  "snrd_gm": 57.79059325157332,
  "snrd_total": 56.022343161656984,
  "snrd_wm": 89.080907500728,
  "spacing_x": 0.9999990463256836,
  "spacing_y": 1.0,
  "spacing_z": 1.0,
  "summary_bg_k": 13.069859237804007,
  "summary_bg_mad": 0.0,
  "summary_bg_mean": 4.628138601449071,
  "summary_bg_median": 0.0,
  "summary_bg_n": 3973252.0,
  "summary_bg_p05": 0.0,
  "summary_bg_p95": 19.76210195571184,
  "summary_bg_stdv": 7.354397469376575,
  "summary_csf_k": 0.4376360206760328,
  "summary_csf_mad": 130.36809403347357,
  "summary_csf_mean": 248.89199253984862,
  "summary_csf_median": 237.93570754677057,
  "summary_csf_n": 39603.0,
  "summary_csf_p05": 65.38432589918375,
  "summary_csf_p95": 455.9963868409395,
  "summary_csf_stdv": 121.43216876223836,
  "summary_gm_k": 0.1191102032040976,
  "summary_gm_mad": 72.29960009433434,
  "summary_gm_mean": 650.1263212811058,
  "summary_gm_median": 648.7427545823157,
  "summary_gm_n": 36860.0,
  "summary_gm_p05": 529.0578188236802,
  "summary_gm_p95": 776.2196048263459,
  "summary_gm_stdv": 74.38594545510674,
  "summary_wm_k": 0.48385301822038596,
  "summary_wm_mad": 46.04181403151357,
  "summary_wm_mean": 999.151495149819,
  "summary_wm_median": 1000.0000010579824,
  "summary_wm_n": 191316.0,
  "summary_wm_p05": 918.4295726045966,
  "summary_wm_p95": 1076.488746151328,
  "summary_wm_stdv": 48.365690446059325,
  "tpm_overlap_csf": 0.14681666783665243,
  "tpm_overlap_gm": 0.4778527531098478,
  "tpm_overlap_wm": 0.5185665059428535,
  "wm2max": 0.4713626685592619
}