{
  "aor": 0.0010968956043956044,
  "aqi": 0.01567572653846154,
  "bids_meta": {
    "AcquisitionMatrixPE": 78,
    "AcquisitionNumber": 1,
    "AcquisitionTime": "12:33:23.802500",
    "BandwidthPerPixelPhaseEncode": 20.678,
    "BaseResolution": 78,
    "BodyPartExamined": "BRAIN",
    "ConsistencyInfo": "N4_VE11C_LATEST_20160120",
    "ConversionSoftware": "dcm2niix",
    "ConversionSoftwareVersion": "v1.0.20171215 GCC4.8.5",
    "DerivedVendorReportedEchoSpacing": 0.000620007,
    "DeviceSerialNumber": "45031",
    "DwellTime": 3.2e-06,
    "EchoTime": 0.032,
    "EchoTrainLength": 78,
    "EffectiveEchoSpacing": 0.000620007,
    "FlipAngle": 70,
    "ImageOrientationPatientDICOM": [
      0.998334,
      0.0496188,
      0.0294647,
      -0.050224,
      0.998534,
      0.0201675
    ],
    "ImageType": [
      "ORIGINAL",
      "PRIMARY",
      "M",
      "ND",
      "NORM",
      "MOSAIC"
    ],
    "InPlanePhaseEncodingDirectionDICOM": "COL",
    "InstitutionAddress": "Washington_and_Faculty_Rd._-_Building_25_25_Princeton_NJ_US_085",
    "InstitutionName": "Princeton_University_-_Neuroscience_Institute",
    "InstitutionalDepartmentName": "Department",
    "MRAcquisitionType": "2D",
    "MagneticFieldStrength": 3,
    "Manufacturer": "Siemens",
    "ManufacturersModelName": "Skyra",
    "Modality": "MR",
    "MultibandAccelerationFactor": 4,
    "PartialFourier": 1,
    "PatientPosition": "HFS",
    "PercentPhaseFOV": 100,
    "PhaseEncodingDirection": "j-",
    "PhaseEncodingSteps": 78,
    "PhaseResolution": 1,
    "PixelBandwidth": 2005,
    "ProcedureStepDescription": "TamirL_Mark",
    "ProtocolName": "EPI_2.5mm_1.5TR_32TE_SMS4_Siemens",
    "PulseSequenceDetails": "%SiemensSeq%_ep2d_bold",
    "ReceiveCoilActiveElements": "HC1-7",
    "ReceiveCoilName": "HeadNeck_64",
    "ReconMatrixPE": 78,
    "RepetitionTime": 1.5,
    "SAR": 0.0607001,
    "ScanOptions": "FS",
    "ScanningSequence": "EP",
    "SequenceName": "_epfid2d1_78",
    "SequenceVariant": "SK",
    "SeriesDescription": "EPI_2.5mm_1.5TR_32TE_SMS4_Siemens",
    "SeriesNumber": 17,
    "ShimSetting": [
      3377,
      8776,
      9205,
      562,
      91,
      167,
      215,
      109
    ],
    "SliceThickness": 2.5,
    "SliceTiming": [
      0.685,
      0,
      0.7975,
      0.115,
      0.9125,
      0.2275,
      1.025,
      0.3425,
      1.14,
      0.455,
      1.2525,
      0.57,
      1.3675,
      0.685,
      0,
      0.7975,
      0.115,
      0.9125,
      0.2275,
      1.025,
      0.3425,
      1.14,
      0.455,
      1.2525,
      0.57,
      1.3675,
      0.685,
      0,
      0.7975,
      0.115,
      0.9125,
      0.2275,
      1.025,
      0.3425,
      1.14,
      0.455,
      1.2525,
      0.57,
      1.3675,
      0.685,
      0,
      0.7975,
      0.115,
      0.9125,
      0.2275,
      1.025,
      0.3425,
      1.14,
      0.455,
      1.2525,
      0.57,
      1.3675
    ],
    "SoftwareVersions": "syngo_MR_E11",
    "SpacingBetweenSlices": 2.5,
    "StationName": "AWP45031",
    "TaskName": "sitrep",
    "TotalReadoutTime": 0.0477406,
    "TxRefAmp": 303.121,
    "dataset": "ds004226",
    "modality": "bold",
    "run_id": 9,
    "subject_id": "034",
    "task_id": "sitrep"
  },
  "dummy_trs": 0,
  "dvars_nstd": 32.46261606644629,
  "dvars_std": 1.3126338401928366,
  "dvars_vstd": 1.007053381900826,
  "efc": 0.5987176604917819,
  "fber": 3793.010009765625,
  "fd_mean": 0.11700716139750093,
  "fd_num": 33,
  "fd_perc": 9.065934065934066,
  "fwhm_avg": 1.7417946666666666,
  "fwhm_x": 1.622916,
  "fwhm_y": 1.9119879999999998,
  "fwhm_z": 1.6904800000000002,
  "gcor": 0.0210783,
  "gsr_x": -0.012989822775125504,
  "gsr_y": 0.06431778520345688,
  "provenance": {
    "md5sum": "bcb6d42c359bb72f79cf7e08fd5fea0c",
    "settings": {
      "fd_thres": 0.2,
      "testing": false
    },
    "software": "mriqc",
    "version": "23.0.0",
    "webapi_port": null,
    "webapi_url": "https://mriqc.nimh.nih.gov/api/v1"
  },
  "size_t": 364,
  "size_x": 78,
  "size_y": 78,
  "size_z": 52,
  "snr": 7.246813937121707,
  "spacing_tr": 1.5,
  "spacing_x": 2.5,
  "spacing_y": 2.5,
  "spacing_z": 2.5,
  "summary_bg_k": 10.390170626685295,
  "summary_bg_mad": 14.45850876466911,
  "summary_bg_mean": 49.875370025634766,
  "summary_bg_median": 11.64785385131836,
  "summary_bg_n": 172189.0,
  "summary_bg_p05": 1.1727335691452025,
  "summary_bg_p95": 235.00916442871096,
  "summary_bg_stdv": 87.48578643798828,
  "summary_fg_k": 3.078113839761725,
  "summary_fg_mad": 95.69553025544252,
  "summary_fg_mean": 764.7801513671875,
  "summary_fg_median": 762.813232421875,
  "summary_fg_n": 84484.0,
  "summary_fg_p05": 613.9178741455078,
  "summary_fg_p95": 929.0960693359374,
  "summary_fg_stdv": 105.2612533569336,
  "tsnr": 51.47543716430664
}