{
  "aor": 0.000920934065934066,
  "aqi": 0.012397619780219781,
  "bids_meta": {
    "AcquisitionMatrixPE": 78,
    "AcquisitionNumber": 1,
    "AcquisitionTime": "11:23:50.117500",
    "BandwidthPerPixelPhaseEncode": 20.678,
    "BaseResolution": 78,
    "BodyPartExamined": "BRAIN",
    "ConsistencyInfo": "N4_VE11C_LATEST_20160120",
    "ConversionSoftware": "dcm2niix",
    "ConversionSoftwareVersion": "v1.0.20171215 GCC4.8.5",
    "DerivedVendorReportedEchoSpacing": 0.000620007,
    "DeviceSerialNumber": "45031",
    "DwellTime": 3.2e-06,
    "EchoTime": 0.032,
    "EchoTrainLength": 78,
    "EffectiveEchoSpacing": 0.000620007,
    "FlipAngle": 70,
    "ImageOrientationPatientDICOM": [
      0.998334,
      0.0496188,
      0.0294647,
      -0.050224,
      0.998534,
      0.0201675
    ],
    "ImageType": [
      "ORIGINAL",
      "PRIMARY",
      "M",
      "ND",
      "NORM",
      "MOSAIC"
    ],
    "InPlanePhaseEncodingDirectionDICOM": "COL",
    "InstitutionAddress": "Washington_and_Faculty_Rd._-_Building_25_25_Princeton_NJ_US_085",
    "InstitutionName": "Princeton_University_-_Neuroscience_Institute",
    "InstitutionalDepartmentName": "Department",
    "MRAcquisitionType": "2D",
    "MagneticFieldStrength": 3,
    "Manufacturer": "Siemens",
    "ManufacturersModelName": "Skyra",
    "Modality": "MR",
    "MultibandAccelerationFactor": 4,
    "PartialFourier": 1,
    "PatientPosition": "HFS",
    "PercentPhaseFOV": 100,
    "PhaseEncodingDirection": "j-",
    "PhaseEncodingSteps": 78,
    "PhaseResolution": 1,
    "PixelBandwidth": 2005,
    "ProcedureStepDescription": "TamirL_Mark",
    "ProtocolName": "EPI_2.5mm_1.5TR_32TE_SMS4_Siemens",
    "PulseSequenceDetails": "%SiemensSeq%_ep2d_bold",
    "ReceiveCoilActiveElements": "HC1-7",
    "ReceiveCoilName": "HeadNeck_64",
    "ReconMatrixPE": 78,
    "RepetitionTime": 1.5,
    "SAR": 0.0607001,
    "ScanOptions": "FS",
    "ScanningSequence": "EP",
    "SequenceName": "_epfid2d1_78",
    "SequenceVariant": "SK",
    "SeriesDescription": "EPI_2.5mm_1.5TR_32TE_SMS4_Siemens",
    "SeriesNumber": 10,
    "ShimSetting": [
      3377,
      8776,
      9205,
      562,
      91,
      167,
      215,
      109
    ],
    "SliceThickness": 2.5,
    "SliceTiming": [
      0.6825,
      0,
      0.7975,
      0.1125,
      0.91,
      0.2275,
      1.025,
      0.34,
      1.1375,
      0.455,
      1.2525,
      0.5675,
      1.365,
      0.6825,
      0,
      0.7975,
      0.1125,
      0.91,
      0.2275,
      1.025,
      0.34,
      1.1375,
      0.455,
      1.2525,
      0.5675,
      1.365,
      0.6825,
      0,
      0.7975,
      0.1125,
      0.91,
      0.2275,
      1.025,
      0.34,
      1.1375,
      0.455,
      1.2525,
      0.5675,
      1.365,
      0.6825,
      0,
      0.7975,
      0.1125,
      0.91,
      0.2275,
      1.025,
      0.34,
      1.1375,
      0.455,
      1.2525,
      0.5675,
      1.365
    ],
    "SoftwareVersions": "syngo_MR_E11",
    "SpacingBetweenSlices": 2.5,
    "StationName": "AWP45031",
    "TaskName": "sitrep",
    "TotalReadoutTime": 0.0477406,
    "TxRefAmp": 303.121,
    "dataset": "ds004226",
    "modality": "bold",
    "run_id": 2,
    "subject_id": "034",
    "task_id": "sitrep"
  },
  "dummy_trs": 0,
  "dvars_nstd": 33.48590885515152,
  "dvars_std": 1.3113816952617088,
  "dvars_vstd": 0.9939717809641881,
  "efc": 0.6022480380230543,
  "fber": 3690.681884765625,
  "fd_mean": 0.12786332542192622,
  "fd_num": 57,
  "fd_perc": 15.659340659340659,
  "fwhm_avg": 1.7175093333333333,
  "fwhm_x": 1.6066680000000002,
  "fwhm_y": 1.8954999999999997,
  "fwhm_z": 1.6503599999999998,
  "gcor": 0.0186255,
  "gsr_x": -0.017557116225361824,
  "gsr_y": 0.06326249241828918,
  "provenance": {
    "md5sum": "88a837890a713460f95844d29b939a0d",
    "settings": {
      "fd_thres": 0.2,
      "testing": false
    },
    "software": "mriqc",
    "version": "23.0.0",
    "webapi_port": null,
    "webapi_url": "https://mriqc.nimh.nih.gov/api/v1"
  },
  "size_t": 364,
  "size_x": 78,
  "size_y": 78,
  "size_z": 52,
  "snr": 7.202810576265725,
  "spacing_tr": 1.5,
  "spacing_x": 2.5,
  "spacing_y": 2.5,
  "spacing_z": 2.5,
  "summary_bg_k": 10.00307332136128,
  "summary_bg_mad": 14.7982994623366,
  "summary_bg_mean": 50.12744140625,
  "summary_bg_median": 11.897889137268066,
  "summary_bg_n": 171169.0,
  "summary_bg_p05": 1.2505195617675782,
  "summary_bg_p95": 235.6173156738282,
  "summary_bg_stdv": 86.63139343261719,
  "summary_fg_k": 3.266783191952568,
  "summary_fg_mad": 96.71255700921354,
  "summary_fg_mean": 764.8195190429688,
  "summary_fg_median": 763.2034301757812,
  "summary_fg_n": 85679.0,
  "summary_fg_p05": 613.0219482421875,
  "summary_fg_p95": 929.6766662597656,
  "summary_fg_stdv": 105.95849609375,
  "tsnr": 57.76082992553711
}