{
  "aor": 0.0008823076923076923,
  "aqi": 0.02004914478021978,
  "bids_meta": {
    "AcquisitionMatrixPE": 78,
    "AcquisitionNumber": 1,
    "AcquisitionTime": "14:41:42.887500",
    "BandwidthPerPixelPhaseEncode": 20.678,
    "BaseResolution": 78,
    "BodyPartExamined": "BRAIN",
    "ConsistencyInfo": "N4_VE11C_LATEST_20160120",
    "ConversionSoftware": "dcm2niix",
    "ConversionSoftwareVersion": "v1.0.20171215 GCC4.8.5",
    "DerivedVendorReportedEchoSpacing": 0.000620007,
    "DeviceSerialNumber": "45031",
    "DwellTime": 3.2e-06,
    "EchoTime": 0.032,
    "EchoTrainLength": 78,
    "EffectiveEchoSpacing": 0.000620007,
    "FlipAngle": 70,
    "ImageOrientationPatientDICOM": [
      0.999907,
      -0.00241716,
      0.0133921,
      0.0054101,
      0.973596,
      -0.228213
    ],
    "ImageType": [
      "ORIGINAL",
      "PRIMARY",
      "M",
      "ND",
      "NORM",
      "MOSAIC"
    ],
    "InPlanePhaseEncodingDirectionDICOM": "COL",
    "InstitutionAddress": "Washington_and_Faculty_Rd._-_Building_25_25_Princeton_NJ_US_085",
    "InstitutionName": "Princeton_University_-_Neuroscience_Institute",
    "InstitutionalDepartmentName": "Department",
    "MRAcquisitionType": "2D",
    "MagneticFieldStrength": 3,
    "Manufacturer": "Siemens",
    "ManufacturersModelName": "Skyra",
    "Modality": "MR",
    "MultibandAccelerationFactor": 4,
    "PartialFourier": 1,
    "PatientPosition": "HFS",
    "PercentPhaseFOV": 100,
    "PhaseEncodingDirection": "j-",
    "PhaseEncodingSteps": 78,
    "PhaseResolution": 1,
    "PixelBandwidth": 2005,
    "ProcedureStepDescription": "TamirL_Mark",
    "ProtocolName": "EPI_2.5mm_1.5TR_32TE_SMS4_Siemens",
    "PulseSequenceDetails": "%SiemensSeq%_ep2d_bold",
    "ReceiveCoilActiveElements": "HC1-7",
    "ReceiveCoilName": "HeadNeck_64",
    "ReconMatrixPE": 78,
    "RepetitionTime": 1.5,
    "SAR": 0.0623862,
    "ScanOptions": "FS",
    "ScanningSequence": "EP",
    "SequenceName": "_epfid2d1_78",
    "SequenceVariant": "SK",
    "SeriesDescription": "EPI_2.5mm_1.5TR_32TE_SMS4_Siemens",
    "SeriesNumber": 15,
    "ShimSetting": [
      3397,
      8792,
      9136,
      568,
      22,
      -435,
      25,
      222
    ],
    "SliceThickness": 2.5,
    "SliceTiming": [
      0.6825,
      0,
      0.7975,
      0.1125,
      0.91,
      0.2275,
      1.025,
      0.3425,
      1.1375,
      0.455,
      1.2525,
      0.57,
      1.365,
      0.6825,
      0,
      0.7975,
      0.1125,
      0.91,
      0.2275,
      1.025,
      0.3425,
      1.1375,
      0.455,
      1.2525,
      0.57,
      1.365,
      0.6825,
      0,
      0.7975,
      0.1125,
      0.91,
      0.2275,
      1.025,
      0.3425,
      1.1375,
      0.455,
      1.2525,
      0.57,
      1.365,
      0.6825,
      0,
      0.7975,
      0.1125,
      0.91,
      0.2275,
      1.025,
      0.3425,
      1.1375,
      0.455,
      1.2525,
      0.57,
      1.365
    ],
    "SoftwareVersions": "syngo_MR_E11",
    "SpacingBetweenSlices": 2.5,
    "StationName": "AWP45031",
    "TaskName": "sitrep",
    "TotalReadoutTime": 0.0477406,
    "TxRefAmp": 322.319,
    "dataset": "ds004226",
    "modality": "bold",
    "run_id": 7,
    "subject_id": "023",
    "task_id": "sitrep"
  },
  "dummy_trs": 0,
  "dvars_nstd": 32.42556289280991,
  "dvars_std": 1.2696296612121216,
  "dvars_vstd": 0.9478958793663915,
  "efc": 0.5354598535835821,
  "fber": 4728.703125,
  "fd_mean": 0.14500345084099842,
  "fd_num": 72,
  "fd_perc": 19.78021978021978,
  "fwhm_avg": 1.7744626666666667,
  "fwhm_x": 1.691816,
  "fwhm_y": 1.913896,
  "fwhm_z": 1.7176760000000002,
  "gcor": 0.0240775,
  "gsr_x": -0.005078545305877924,
  "gsr_y": 0.04300101473927498,
  "provenance": {
    "md5sum": "489a8c4ba840639f26fd631a2145ba78",
    "settings": {
      "fd_thres": 0.2,
      "testing": false
    },
    "software": "mriqc",
    "version": "23.0.0",
    "webapi_port": null,
    "webapi_url": "https://mriqc.nimh.nih.gov/api/v1"
  },
  "size_t": 364,
  "size_x": 78,
  "size_y": 78,
  "size_z": 52,
  "snr": 7.042985096299883,
  "spacing_tr": 1.5,
  "spacing_x": 2.5,
  "spacing_y": 2.5,
  "spacing_z": 2.5,
  "summary_bg_k": 12.691037050080485,
  "summary_bg_mad": 14.256178982598165,
  "summary_bg_mean": 47.017513275146484,
  "summary_bg_median": 11.148538589477539,
  "summary_bg_n": 198751.0,
  "summary_bg_p05": 0.954494833946228,
  "summary_bg_p95": 235.79718780517578,
  "summary_bg_stdv": 85.40960693359375,
  "summary_fg_k": 2.5566863406539033,
  "summary_fg_mad": 99.10133468036288,
  "summary_fg_mean": 774.5402221679688,
  "summary_fg_median": 774.3826904296875,
  "summary_fg_n": 62671.0,
  "summary_fg_p05": 608.7023315429688,
  "summary_fg_p95": 945.6531066894531,
  "summary_fg_stdv": 109.95004272460938,
  "tsnr": 44.17839050292969
}