{
  "aor": 0.0023350549450549454,
  "aqi": 0.010517557362637361,
  "bids_meta": {
    "AcquisitionMatrixPE": 78,
    "AcquisitionNumber": 1,
    "AcquisitionTime": "14:12:9.670000",
    "BandwidthPerPixelPhaseEncode": 20.678,
    "BaseResolution": 78,
    "BodyPartExamined": "BRAIN",
    "ConsistencyInfo": "N4_VE11C_LATEST_20160120",
    "ConversionSoftware": "dcm2niix",
    "ConversionSoftwareVersion": "v1.0.20171215 GCC4.8.5",
    "DerivedVendorReportedEchoSpacing": 0.000620007,
    "DeviceSerialNumber": "45031",
    "DwellTime": 3.2e-06,
    "EchoTime": 0.032,
    "EchoTrainLength": 78,
    "EffectiveEchoSpacing": 0.000620007,
    "FlipAngle": 70,
    "ImageOrientationPatientDICOM": [
      0.999907,
      -0.00241716,
      0.0133921,
      0.0054101,
      0.973596,
      -0.228213
    ],
    "ImageType": [
      "ORIGINAL",
      "PRIMARY",
      "M",
      "ND",
      "NORM",
      "MOSAIC"
    ],
    "InPlanePhaseEncodingDirectionDICOM": "COL",
    "InstitutionAddress": "Washington_and_Faculty_Rd._-_Building_25_25_Princeton_NJ_US_085",
    "InstitutionName": "Princeton_University_-_Neuroscience_Institute",
    "InstitutionalDepartmentName": "Department",
    "MRAcquisitionType": "2D",
    "MagneticFieldStrength": 3,
    "Manufacturer": "Siemens",
    "ManufacturersModelName": "Skyra",
    "Modality": "MR",
    "MultibandAccelerationFactor": 4,
    "PartialFourier": 1,
    "PatientPosition": "HFS",
    "PercentPhaseFOV": 100,
    "PhaseEncodingDirection": "j-",
    "PhaseEncodingSteps": 78,
    "PhaseResolution": 1,
    "PixelBandwidth": 2005,
    "ProcedureStepDescription": "TamirL_Mark",
    "ProtocolName": "EPI_2.5mm_1.5TR_32TE_SMS4_Siemens",
    "PulseSequenceDetails": "%SiemensSeq%_ep2d_bold",
    "ReceiveCoilActiveElements": "HC1-7",
    "ReceiveCoilName": "HeadNeck_64",
    "ReconMatrixPE": 78,
    "RepetitionTime": 1.5,
    "SAR": 0.0623862,
    "ScanOptions": "FS",
    "ScanningSequence": "EP",
    "SequenceName": "_epfid2d1_78",
    "SequenceVariant": "SK",
    "SeriesDescription": "EPI_2.5mm_1.5TR_32TE_SMS4_Siemens",
    "SeriesNumber": 12,
    "ShimSetting": [
      3397,
      8792,
      9136,
      568,
      22,
      -435,
      25,
      222
    ],
    "SliceThickness": 2.5,
    "SliceTiming": [
      0.6825,
      0,
      0.795,
      0.1125,
      0.91,
      0.2275,
      1.0225,
      0.34,
      1.1375,
      0.455,
      1.25,
      0.5675,
      1.365,
      0.6825,
      0,
      0.795,
      0.1125,
      0.91,
      0.2275,
      1.0225,
      0.34,
      1.1375,
      0.455,
      1.25,
      0.5675,
      1.365,
      0.6825,
      0,
      0.795,
      0.1125,
      0.91,
      0.2275,
      1.0225,
      0.34,
      1.1375,
      0.455,
      1.25,
      0.5675,
      1.365,
      0.6825,
      0,
      0.795,
      0.1125,
      0.91,
      0.2275,
      1.0225,
      0.34,
      1.1375,
      0.455,
      1.25,
      0.5675,
      1.365
    ],
    "SoftwareVersions": "syngo_MR_E11",
    "SpacingBetweenSlices": 2.5,
    "StationName": "AWP45031",
    "TaskName": "sitrep",
    "TotalReadoutTime": 0.0477406,
    "TxRefAmp": 322.319,
    "dataset": "ds004226",
    "modality": "bold",
    "run_id": 4,
    "subject_id": "023",
    "task_id": "sitrep"
  },
  "dummy_trs": 0,
  "dvars_nstd": 32.18347319793389,
  "dvars_std": 1.388616433415978,
  "dvars_vstd": 1.0259432139393936,
  "efc": 0.536041875089058,
  "fber": 4683.92578125,
  "fd_mean": 0.14222166718091553,
  "fd_num": 67,
  "fd_perc": 18.406593406593405,
  "fwhm_avg": 1.7542413333333335,
  "fwhm_x": 1.6797440000000001,
  "fwhm_y": 1.8947880000000001,
  "fwhm_z": 1.6881920000000001,
  "gcor": 0.0254152,
  "gsr_x": -0.004968350287526846,
  "gsr_y": 0.0452030785381794,
  "provenance": {
    "md5sum": "bc903c009ead742faed9c21966e17f33",
    "settings": {
      "fd_thres": 0.2,
      "testing": false
    },
    "software": "mriqc",
    "version": "23.0.0",
    "webapi_port": null,
    "webapi_url": "https://mriqc.nimh.nih.gov/api/v1"
  },
  "size_t": 364,
  "size_x": 78,
  "size_y": 78,
  "size_z": 52,
  "snr": 7.0544754770429305,
  "spacing_tr": 1.5,
  "spacing_x": 2.5,
  "spacing_y": 2.5,
  "spacing_z": 2.5,
  "summary_bg_k": 12.732881908823655,
  "summary_bg_mad": 14.172834781442576,
  "summary_bg_mean": 47.29695510864258,
  "summary_bg_median": 11.176506996154785,
  "summary_bg_n": 198667.0,
  "summary_bg_p05": 0.9989942610263826,
  "summary_bg_p95": 238.93081817626916,
  "summary_bg_stdv": 86.20982360839844,
  "summary_fg_k": 2.3747570757996703,
  "summary_fg_mad": 99.85566647317677,
  "summary_fg_mean": 776.3006591796875,
  "summary_fg_median": 776.6338500976562,
  "summary_fg_n": 62771.0,
  "summary_fg_p05": 609.6395568847656,
  "summary_fg_p95": 946.2650146484375,
  "summary_fg_stdv": 110.0900650024414,
  "tsnr": 56.39738464355469
}