{
  "aor": 0.0010380769230769232,
  "aqi": 0.0187220496978022,
  "bids_meta": {
    "AcquisitionMatrixPE": 78,
    "AcquisitionNumber": 1,
    "AcquisitionTime": "20:12:16.985000",
    "BandwidthPerPixelPhaseEncode": 20.678,
    "BaseResolution": 78,
    "BodyPartExamined": "BRAIN",
    "ConsistencyInfo": "N4_VE11C_LATEST_20160120",
    "ConversionSoftware": "dcm2niix",
    "ConversionSoftwareVersion": "v1.0.20171215 GCC4.8.5",
    "DerivedVendorReportedEchoSpacing": 0.000620007,
    "DeviceSerialNumber": "45031",
    "DwellTime": 3.2e-06,
    "EchoTime": 0.032,
    "EchoTrainLength": 78,
    "EffectiveEchoSpacing": 0.000620007,
    "FlipAngle": 70,
    "ImageOrientationPatientDICOM": [
      0.999795,
      -0.0163502,
      0.0119283,
      0.017277,
      0.996462,
      -0.0822524
    ],
    "ImageType": [
      "ORIGINAL",
      "PRIMARY",
      "M",
      "ND",
      "NORM",
      "MOSAIC"
    ],
    "InPlanePhaseEncodingDirectionDICOM": "COL",
    "InstitutionAddress": "Washington_and_Faculty_Rd._-_Building_25_25_Princeton_NJ_US_085",
    "InstitutionName": "Princeton_University_-_Neuroscience_Institute",
    "InstitutionalDepartmentName": "Department",
    "MRAcquisitionType": "2D",
    "MagneticFieldStrength": 3,
    "Manufacturer": "Siemens",
    "ManufacturersModelName": "Skyra",
    "Modality": "MR",
    "MultibandAccelerationFactor": 4,
    "PartialFourier": 1,
    "PatientPosition": "HFS",
    "PercentPhaseFOV": 100,
    "PhaseEncodingDirection": "j-",
    "PhaseEncodingSteps": 78,
    "PhaseResolution": 1,
    "PixelBandwidth": 2005,
    "ProcedureStepDescription": "TamirL_Mark",
    "ProtocolName": "EPI_2.5mm_1.5TR_32TE_SMS4_Siemens",
    "PulseSequenceDetails": "%SiemensSeq%_ep2d_bold",
    "ReceiveCoilActiveElements": "HC1-7",
    "ReceiveCoilName": "HeadNeck_64",
    "ReconMatrixPE": 78,
    "RepetitionTime": 1.5,
    "SAR": 0.0628115,
    "ScanOptions": "FS",
    "ScanningSequence": "EP",
    "SequenceName": "_epfid2d1_78",
    "SequenceVariant": "SK",
    "SeriesDescription": "EPI_2.5mm_1.5TR_32TE_SMS4_Siemens",
    "SeriesNumber": 13,
    "ShimSetting": [
      3299,
      9151,
      8843,
      31,
      -445,
      2381,
      1338,
      547
    ],
    "SliceThickness": 2.5,
    "SliceTiming": [
      0.6825,
      0,
      0.7975,
      0.115,
      0.91,
      0.2275,
      1.025,
      0.3425,
      1.1375,
      0.455,
      1.2525,
      0.57,
      1.3675,
      0.6825,
      0,
      0.7975,
      0.115,
      0.91,
      0.2275,
      1.025,
      0.3425,
      1.1375,
      0.455,
      1.2525,
      0.57,
      1.3675,
      0.6825,
      0,
      0.7975,
      0.115,
      0.91,
      0.2275,
      1.025,
      0.3425,
      1.1375,
      0.455,
      1.2525,
      0.57,
      1.3675,
      0.6825,
      0,
      0.7975,
      0.115,
      0.91,
      0.2275,
      1.025,
      0.3425,
      1.1375,
      0.455,
      1.2525,
      0.57,
      1.3675
    ],
    "SoftwareVersions": "syngo_MR_E11",
    "SpacingBetweenSlices": 2.5,
    "StationName": "AWP45031",
    "TaskName": "sitrep",
    "TotalReadoutTime": 0.0477406,
    "TxRefAmp": 323.851,
    "dataset": "ds004226",
    "modality": "bold",
    "run_id": 5,
    "subject_id": "032",
    "task_id": "sitrep"
  },
  "dummy_trs": 0,
  "dvars_nstd": 31.317166504407698,
  "dvars_std": 1.1574280042699725,
  "dvars_vstd": 0.9604787135261705,
  "efc": 0.5461634696646782,
  "fber": 5113.92578125,
  "fd_mean": 0.17003459249528158,
  "fd_num": 93,
  "fd_perc": 25.54945054945055,
  "fwhm_avg": 1.7906466666666667,
  "fwhm_x": 1.69904,
  "fwhm_y": 1.924372,
  "fwhm_z": 1.7485279999999999,
  "gcor": 0.0080301,
  "gsr_x": -0.002806978765875101,
  "gsr_y": 0.031550802290439606,
  "provenance": {
    "md5sum": "a12295a0f28947431e93dc1f63ba843c",
    "settings": {
      "fd_thres": 0.2,
      "testing": false
    },
    "software": "mriqc",
    "version": "23.0.0",
    "webapi_port": null,
    "webapi_url": "https://mriqc.nimh.nih.gov/api/v1"
  },
  "size_t": 364,
  "size_x": 78,
  "size_y": 78,
  "size_z": 52,
  "snr": 6.43507106454225,
  "spacing_tr": 1.5,
  "spacing_x": 2.5,
  "spacing_y": 2.5,
  "spacing_z": 2.5,
  "summary_bg_k": 25.384198033642782,
  "summary_bg_mad": 13.428269108441174,
  "summary_bg_mean": 39.324195861816406,
  "summary_bg_median": 10.746332168579102,
  "summary_bg_n": 188674.0,
  "summary_bg_p05": 0.9930205911397934,
  "summary_bg_p95": 165.69234390258802,
  "summary_bg_stdv": 76.7028579711914,
  "summary_fg_k": 2.380902113888057,
  "summary_fg_mad": 110.82999053020656,
  "summary_fg_mean": 786.395751953125,
  "summary_fg_median": 786.4129028320312,
  "summary_fg_n": 70770.0,
  "summary_fg_p05": 603.4308532714844,
  "summary_fg_p95": 977.7362915039065,
  "summary_fg_stdv": 122.20647430419922,
  "tsnr": 43.745601654052734
}