{
  "aor": 0.0011125274725274725,
  "aqi": 0.009747746043956044,
  "bids_meta": {
    "AcquisitionMatrixPE": 78,
    "AcquisitionNumber": 1,
    "AcquisitionTime": "20:44:3.647500",
    "BandwidthPerPixelPhaseEncode": 20.678,
    "BaseResolution": 78,
    "BodyPartExamined": "BRAIN",
    "ConsistencyInfo": "N4_VE11C_LATEST_20160120",
    "ConversionSoftware": "dcm2niix",
    "ConversionSoftwareVersion": "v1.0.20171215 GCC4.8.5",
    "DerivedVendorReportedEchoSpacing": 0.000620007,
    "DeviceSerialNumber": "45031",
    "DwellTime": 3.2e-06,
    "EchoTime": 0.032,
    "EchoTrainLength": 78,
    "EffectiveEchoSpacing": 0.000620007,
    "FlipAngle": 70,
    "ImageOrientationPatientDICOM": [
      0.999795,
      -0.0163502,
      0.0119283,
      0.017277,
      0.996462,
      -0.0822524
    ],
    "ImageType": [
      "ORIGINAL",
      "PRIMARY",
      "M",
      "ND",
      "NORM",
      "MOSAIC"
    ],
    "InPlanePhaseEncodingDirectionDICOM": "COL",
    "InstitutionAddress": "Washington_and_Faculty_Rd._-_Building_25_25_Princeton_NJ_US_085",
    "InstitutionName": "Princeton_University_-_Neuroscience_Institute",
    "InstitutionalDepartmentName": "Department",
    "MRAcquisitionType": "2D",
    "MagneticFieldStrength": 3,
    "Manufacturer": "Siemens",
    "ManufacturersModelName": "Skyra",
    "Modality": "MR",
    "MultibandAccelerationFactor": 4,
    "PartialFourier": 1,
    "PatientPosition": "HFS",
    "PercentPhaseFOV": 100,
    "PhaseEncodingDirection": "j-",
    "PhaseEncodingSteps": 78,
    "PhaseResolution": 1,
    "PixelBandwidth": 2005,
    "ProcedureStepDescription": "TamirL_Mark",
    "ProtocolName": "EPI_2.5mm_1.5TR_32TE_SMS4_Siemens",
    "PulseSequenceDetails": "%SiemensSeq%_ep2d_bold",
    "ReceiveCoilActiveElements": "HC1-7",
    "ReceiveCoilName": "HeadNeck_64",
    "ReconMatrixPE": 78,
    "RepetitionTime": 1.5,
    "SAR": 0.0628115,
    "ScanOptions": "FS",
    "ScanningSequence": "EP",
    "SequenceName": "_epfid2d1_78",
    "SequenceVariant": "SK",
    "SeriesDescription": "EPI_2.5mm_1.5TR_32TE_SMS4_Siemens",
    "SeriesNumber": 16,
    "ShimSetting": [
      3299,
      9151,
      8843,
      31,
      -445,
      2381,
      1338,
      547
    ],
    "SliceThickness": 2.5,
    "SliceTiming": [
      0.6825,
      0,
      0.795,
      0.1125,
      0.91,
      0.2275,
      1.0225,
      0.34,
      1.1375,
      0.455,
      1.25,
      0.5675,
      1.365,
      0.6825,
      0,
      0.795,
      0.1125,
      0.91,
      0.2275,
      1.0225,
      0.34,
      1.1375,
      0.455,
      1.25,
      0.5675,
      1.365,
      0.6825,
      0,
      0.795,
      0.1125,
      0.91,
      0.2275,
      1.0225,
      0.34,
      1.1375,
      0.455,
      1.25,
      0.5675,
      1.365,
      0.6825,
      0,
      0.795,
      0.1125,
      0.91,
      0.2275,
      1.0225,
      0.34,
      1.1375,
      0.455,
      1.25,
      0.5675,
      1.365
    ],
    "SoftwareVersions": "syngo_MR_E11",
    "SpacingBetweenSlices": 2.5,
    "StationName": "AWP45031",
    "TaskName": "sitrep",
    "TotalReadoutTime": 0.0477406,
    "TxRefAmp": 323.851,
    "dataset": "ds004226",
    "modality": "bold",
    "run_id": 8,
    "subject_id": "032",
    "task_id": "sitrep"
  },
  "dummy_trs": 0,
  "dvars_nstd": 29.2972109507438,
  "dvars_std": 1.195204647190083,
  "dvars_vstd": 1.0035870684573005,
  "efc": 0.5408853139745757,
  "fber": 5813.2900390625,
  "fd_mean": 0.1155431472837904,
  "fd_num": 21,
  "fd_perc": 5.769230769230769,
  "fwhm_avg": 1.7725653333333333,
  "fwhm_x": 1.688136,
  "fwhm_y": 1.905008,
  "fwhm_z": 1.7245519999999999,
  "gcor": 0.0154241,
  "gsr_x": -0.0006143643404357135,
  "gsr_y": 0.033240847289562225,
  "provenance": {
    "md5sum": "da04974e7100cc30190959a874405905",
    "settings": {
      "fd_thres": 0.2,
      "testing": false
    },
    "software": "mriqc",
    "version": "23.0.0",
    "webapi_port": null,
    "webapi_url": "https://mriqc.nimh.nih.gov/api/v1"
  },
  "size_t": 364,
  "size_x": 78,
  "size_y": 78,
  "size_z": 52,
  "snr": 6.394141855662172,
  "spacing_tr": 1.5,
  "spacing_x": 2.5,
  "spacing_y": 2.5,
  "spacing_z": 2.5,
  "summary_bg_k": 26.79856546926622,
  "summary_bg_mad": 12.590148790219416,
  "summary_bg_mean": 38.55671691894531,
  "summary_bg_median": 10.132518768310547,
  "summary_bg_n": 189955.0,
  "summary_bg_p05": 0.9582966387271882,
  "summary_bg_p95": 161.5083053588864,
  "summary_bg_stdv": 77.06570434570312,
  "summary_fg_k": 2.520640433377374,
  "summary_fg_mad": 111.45482990513217,
  "summary_fg_mean": 791.8880615234375,
  "summary_fg_median": 791.8804321289062,
  "summary_fg_n": 69674.0,
  "summary_fg_p05": 607.1992340087891,
  "summary_fg_p95": 984.5939147949218,
  "summary_fg_stdv": 123.84378814697266,
  "tsnr": 57.165950775146484
}