{
  "aor": 0.0006767032967032967,
  "aqi": 0.01143668489010989,
  "bids_meta": {
    "AcquisitionMatrixPE": 78,
    "AcquisitionNumber": 1,
    "AcquisitionTime": "19:40:36.217500",
    "BandwidthPerPixelPhaseEncode": 20.678,
    "BaseResolution": 78,
    "BodyPartExamined": "BRAIN",
    "ConsistencyInfo": "N4_VE11C_LATEST_20160120",
    "ConversionSoftware": "dcm2niix",
    "ConversionSoftwareVersion": "v1.0.20171215 GCC4.8.5",
    "DerivedVendorReportedEchoSpacing": 0.000620007,
    "DeviceSerialNumber": "45031",
    "DwellTime": 3.2e-06,
    "EchoTime": 0.032,
    "EchoTrainLength": 78,
    "EffectiveEchoSpacing": 0.000620007,
    "FlipAngle": 70,
    "ImageOrientationPatientDICOM": [
      0.999795,
      -0.0163502,
      0.0119283,
      0.017277,
      0.996462,
      -0.0822524
    ],
    "ImageType": [
      "ORIGINAL",
      "PRIMARY",
      "M",
      "ND",
      "NORM",
      "MOSAIC"
    ],
    "InPlanePhaseEncodingDirectionDICOM": "COL",
    "InstitutionAddress": "Washington_and_Faculty_Rd._-_Building_25_25_Princeton_NJ_US_085",
    "InstitutionName": "Princeton_University_-_Neuroscience_Institute",
    "InstitutionalDepartmentName": "Department",
    "MRAcquisitionType": "2D",
    "MagneticFieldStrength": 3,
    "Manufacturer": "Siemens",
    "ManufacturersModelName": "Skyra",
    "Modality": "MR",
    "MultibandAccelerationFactor": 4,
    "PartialFourier": 1,
    "PatientPosition": "HFS",
    "PercentPhaseFOV": 100,
    "PhaseEncodingDirection": "j-",
    "PhaseEncodingSteps": 78,
    "PhaseResolution": 1,
    "PixelBandwidth": 2005,
    "ProcedureStepDescription": "TamirL_Mark",
    "ProtocolName": "EPI_2.5mm_1.5TR_32TE_SMS4_Siemens",
    "PulseSequenceDetails": "%SiemensSeq%_ep2d_bold",
    "ReceiveCoilActiveElements": "HC1-7",
    "ReceiveCoilName": "HeadNeck_64",
    "ReconMatrixPE": 78,
    "RepetitionTime": 1.5,
    "SAR": 0.0628115,
    "ScanOptions": "FS",
    "ScanningSequence": "EP",
    "SequenceName": "_epfid2d1_78",
    "SequenceVariant": "SK",
    "SeriesDescription": "EPI_2.5mm_1.5TR_32TE_SMS4_Siemens",
    "SeriesNumber": 10,
    "ShimSetting": [
      3299,
      9151,
      8843,
      31,
      -445,
      2381,
      1338,
      547
    ],
    "SliceThickness": 2.5,
    "SliceTiming": [
      0.685,
      0,
      0.7975,
      0.115,
      0.9125,
      0.23,
      1.025,
      0.3425,
      1.14,
      0.4575,
      1.2525,
      0.57,
      1.3675,
      0.685,
      0,
      0.7975,
      0.115,
      0.9125,
      0.23,
      1.025,
      0.3425,
      1.14,
      0.4575,
      1.2525,
      0.57,
      1.3675,
      0.685,
      0,
      0.7975,
      0.115,
      0.9125,
      0.23,
      1.025,
      0.3425,
      1.14,
      0.4575,
      1.2525,
      0.57,
      1.3675,
      0.685,
      0,
      0.7975,
      0.115,
      0.9125,
      0.23,
      1.025,
      0.3425,
      1.14,
      0.4575,
      1.2525,
      0.57,
      1.3675
    ],
    "SoftwareVersions": "syngo_MR_E11",
    "SpacingBetweenSlices": 2.5,
    "StationName": "AWP45031",
    "TaskName": "sitrep",
    "TotalReadoutTime": 0.0477406,
    "TxRefAmp": 323.851,
    "dataset": "ds004226",
    "modality": "bold",
    "run_id": 2,
    "subject_id": "032",
    "task_id": "sitrep"
  },
  "dummy_trs": 0,
  "dvars_nstd": 31.126624346528907,
  "dvars_std": 1.2222207867217638,
  "dvars_vstd": 0.9969995322038574,
  "efc": 0.5605268775512594,
  "fber": 4275.52490234375,
  "fd_mean": 0.16048550081486274,
  "fd_num": 83,
  "fd_perc": 22.802197802197803,
  "fwhm_avg": 1.8683226666666668,
  "fwhm_x": 1.7554839999999998,
  "fwhm_y": 2.03352,
  "fwhm_z": 1.815964,
  "gcor": 0.00734382,
  "gsr_x": -0.00893742498010397,
  "gsr_y": 0.03756098076701164,
  "provenance": {
    "md5sum": "9b72a117ce9bf3d9eafde039cf797327",
    "settings": {
      "fd_thres": 0.2,
      "testing": false
    },
    "software": "mriqc",
    "version": "23.0.0",
    "webapi_port": null,
    "webapi_url": "https://mriqc.nimh.nih.gov/api/v1"
  },
  "size_t": 364,
  "size_x": 78,
  "size_y": 78,
  "size_z": 52,
  "snr": 6.353204614885352,
  "spacing_tr": 1.5,
  "spacing_x": 2.5,
  "spacing_y": 2.5,
  "spacing_z": 2.5,
  "summary_bg_k": 20.79766853229067,
  "summary_bg_mad": 14.013954308588591,
  "summary_bg_mean": 41.00046157836914,
  "summary_bg_median": 11.1774320602417,
  "summary_bg_n": 184096.0,
  "summary_bg_p05": 0.9878517091274261,
  "summary_bg_p95": 181.31658935546875,
  "summary_bg_stdv": 78.68941497802734,
  "summary_fg_k": 2.3036887434900644,
  "summary_fg_mad": 104.8039780646405,
  "summary_fg_mean": 758.3238525390625,
  "summary_fg_median": 761.6530151367188,
  "summary_fg_n": 74305.0,
  "summary_fg_p05": 562.8511596679688,
  "summary_fg_p95": 942.1261474609377,
  "summary_fg_stdv": 119.88404846191406,
  "tsnr": 51.93551254272461
}