{
  "aor": 0.0007764285714285714,
  "aqi": 0.009596967719780221,
  "bids_meta": {
    "AcquisitionMatrixPE": 78,
    "AcquisitionNumber": 1,
    "AcquisitionTime": "20:54:26.295000",
    "BandwidthPerPixelPhaseEncode": 20.678,
    "BaseResolution": 78,
    "BodyPartExamined": "BRAIN",
    "ConsistencyInfo": "N4_VE11C_LATEST_20160120",
    "ConversionSoftware": "dcm2niix",
    "ConversionSoftwareVersion": "v1.0.20171215 GCC4.8.5",
    "DerivedVendorReportedEchoSpacing": 0.000620007,
    "DeviceSerialNumber": "45031",
    "DwellTime": 3.2e-06,
    "EchoTime": 0.032,
    "EchoTrainLength": 78,
    "EffectiveEchoSpacing": 0.000620007,
    "FlipAngle": 70,
    "ImageOrientationPatientDICOM": [
      0.999795,
      -0.0163502,
      0.0119283,
      0.017277,
      0.996462,
      -0.0822524
    ],
    "ImageType": [
      "ORIGINAL",
      "PRIMARY",
      "M",
      "ND",
      "NORM",
      "MOSAIC"
    ],
    "InPlanePhaseEncodingDirectionDICOM": "COL",
    "InstitutionAddress": "Washington_and_Faculty_Rd._-_Building_25_25_Princeton_NJ_US_085",
    "InstitutionName": "Princeton_University_-_Neuroscience_Institute",
    "InstitutionalDepartmentName": "Department",
    "MRAcquisitionType": "2D",
    "MagneticFieldStrength": 3,
    "Manufacturer": "Siemens",
    "ManufacturersModelName": "Skyra",
    "Modality": "MR",
    "MultibandAccelerationFactor": 4,
    "PartialFourier": 1,
    "PatientPosition": "HFS",
    "PercentPhaseFOV": 100,
    "PhaseEncodingDirection": "j-",
    "PhaseEncodingSteps": 78,
    "PhaseResolution": 1,
    "PixelBandwidth": 2005,
    "ProcedureStepDescription": "TamirL_Mark",
    "ProtocolName": "EPI_2.5mm_1.5TR_32TE_SMS4_Siemens",
    "PulseSequenceDetails": "%SiemensSeq%_ep2d_bold",
    "ReceiveCoilActiveElements": "HC1-7",
    "ReceiveCoilName": "HeadNeck_64",
    "ReconMatrixPE": 78,
    "RepetitionTime": 1.5,
    "SAR": 0.0628115,
    "ScanOptions": "FS",
    "ScanningSequence": "EP",
    "SequenceName": "_epfid2d1_78",
    "SequenceVariant": "SK",
    "SeriesDescription": "EPI_2.5mm_1.5TR_32TE_SMS4_Siemens",
    "SeriesNumber": 17,
    "ShimSetting": [
      3299,
      9151,
      8843,
      31,
      -445,
      2381,
      1338,
      547
    ],
    "SliceThickness": 2.5,
    "SliceTiming": [
      0.6825,
      0,
      0.7975,
      0.115,
      0.91,
      0.2275,
      1.025,
      0.3425,
      1.1375,
      0.455,
      1.2525,
      0.57,
      1.365,
      0.6825,
      0,
      0.7975,
      0.115,
      0.91,
      0.2275,
      1.025,
      0.3425,
      1.1375,
      0.455,
      1.2525,
      0.57,
      1.365,
      0.6825,
      0,
      0.7975,
      0.115,
      0.91,
      0.2275,
      1.025,
      0.3425,
      1.1375,
      0.455,
      1.2525,
      0.57,
      1.365,
      0.6825,
      0,
      0.7975,
      0.115,
      0.91,
      0.2275,
      1.025,
      0.3425,
      1.1375,
      0.455,
      1.2525,
      0.57,
      1.365
    ],
    "SoftwareVersions": "syngo_MR_E11",
    "SpacingBetweenSlices": 2.5,
    "StationName": "AWP45031",
    "TaskName": "sitrep",
    "TotalReadoutTime": 0.0477406,
    "TxRefAmp": 323.851,
    "dataset": "ds004226",
    "modality": "bold",
    "run_id": 9,
    "subject_id": "032",
    "task_id": "sitrep"
  },
  "dummy_trs": 0,
  "dvars_nstd": 29.144640820165296,
  "dvars_std": 1.2007999551790636,
  "dvars_vstd": 1.0062129206611568,
  "efc": 0.5432525395889454,
  "fber": 5721.76611328125,
  "fd_mean": 0.13462525207026751,
  "fd_num": 50,
  "fd_perc": 13.736263736263735,
  "fwhm_avg": 1.776008,
  "fwhm_x": 1.6966640000000002,
  "fwhm_y": 1.9094760000000002,
  "fwhm_z": 1.721884,
  "gcor": 0.0115049,
  "gsr_x": -0.0007316524861380458,
  "gsr_y": 0.0347328707575798,
  "provenance": {
    "md5sum": "8f8b8038816ea0dd89f8d885d01262a6",
    "settings": {
      "fd_thres": 0.2,
      "testing": false
    },
    "software": "mriqc",
    "version": "23.0.0",
    "webapi_port": null,
    "webapi_url": "https://mriqc.nimh.nih.gov/api/v1"
  },
  "size_t": 364,
  "size_x": 78,
  "size_y": 78,
  "size_z": 52,
  "snr": 6.423848745386399,
  "spacing_tr": 1.5,
  "spacing_x": 2.5,
  "spacing_y": 2.5,
  "spacing_z": 2.5,
  "summary_bg_k": 26.136987860460245,
  "summary_bg_mad": 12.66979453103159,
  "summary_bg_mean": 39.03517532348633,
  "summary_bg_median": 10.19556713104248,
  "summary_bg_n": 189594.0,
  "summary_bg_p05": 0.9826760143041611,
  "summary_bg_p95": 164.2010238647462,
  "summary_bg_stdv": 77.28020477294922,
  "summary_fg_k": 2.5728808583116045,
  "summary_fg_mad": 110.54349647357884,
  "summary_fg_mean": 786.7814331054688,
  "summary_fg_median": 787.5256958007812,
  "summary_fg_n": 70122.0,
  "summary_fg_p05": 602.223388671875,
  "summary_fg_p95": 977.6649627685547,
  "summary_fg_stdv": 122.59318542480469,
  "tsnr": 57.42697525024414
}