{
  "aor": 0.002603434065934066,
  "aqi": 0.013078774395604398,
  "bids_meta": {
    "AcquisitionMatrixPE": 78,
    "AcquisitionNumber": 1,
    "AcquisitionTime": "16:29:24.305000",
    "BandwidthPerPixelPhaseEncode": 20.678,
    "BaseResolution": 78,
    "BodyPartExamined": "BRAIN",
    "ConsistencyInfo": "N4_VE11C_LATEST_20160120",
    "ConversionSoftware": "dcm2niix",
    "ConversionSoftwareVersion": "v1.0.20171215 GCC4.8.5",
    "DerivedVendorReportedEchoSpacing": 0.000620007,
    "DeviceSerialNumber": "45031",
    "DwellTime": 3.2e-06,
    "EchoTime": 0.032,
    "EchoTrainLength": 78,
    "EffectiveEchoSpacing": 0.000620007,
    "FlipAngle": 70,
    "ImageOrientationPatientDICOM": [
      0.998354,
      0.0541121,
      0.0189772,
      -0.0505745,
      0.986874,
      -0.15337
    ],
    "ImageType": [
      "ORIGINAL",
      "PRIMARY",
      "M",
      "ND",
      "NORM",
      "MOSAIC"
    ],
    "InPlanePhaseEncodingDirectionDICOM": "COL",
    "InstitutionAddress": "Washington_and_Faculty_Rd._-_Building_25_25_Princeton_NJ_US_085",
    "InstitutionName": "Princeton_University_-_Neuroscience_Institute",
    "InstitutionalDepartmentName": "Department",
    "MRAcquisitionType": "2D",
    "MagneticFieldStrength": 3,
    "Manufacturer": "Siemens",
    "ManufacturersModelName": "Skyra",
    "Modality": "MR",
    "MultibandAccelerationFactor": 4,
    "PartialFourier": 1,
    "PatientPosition": "HFS",
    "PercentPhaseFOV": 100,
    "PhaseEncodingDirection": "j-",
    "PhaseEncodingSteps": 78,
    "PhaseResolution": 1,
    "PixelBandwidth": 2005,
    "ProcedureStepDescription": "TamirL_Mark",
    "ProtocolName": "EPI_2.5mm_1.5TR_32TE_SMS4_Siemens",
    "PulseSequenceDetails": "%SiemensSeq%_ep2d_bold",
    "ReceiveCoilActiveElements": "HC1-7",
    "ReceiveCoilName": "HeadNeck_64",
    "ReconMatrixPE": 78,
    "RepetitionTime": 1.5,
    "SAR": 0.054817,
    "ScanOptions": "FS",
    "ScanningSequence": "EP",
    "SequenceName": "_epfid2d1_78",
    "SequenceVariant": "SK",
    "SeriesDescription": "EPI_2.5mm_1.5TR_32TE_SMS4_Siemens",
    "SeriesNumber": 10,
    "ShimSetting": [
      3393,
      8752,
      9237,
      590,
      44,
      -210,
      67,
      156
    ],
    "SliceThickness": 2.5,
    "SliceTiming": [
      0.685,
      0,
      0.7975,
      0.115,
      0.9125,
      0.2275,
      1.025,
      0.3425,
      1.14,
      0.455,
      1.2525,
      0.57,
      1.3675,
      0.685,
      0,
      0.7975,
      0.115,
      0.9125,
      0.2275,
      1.025,
      0.3425,
      1.14,
      0.455,
      1.2525,
      0.57,
      1.3675,
      0.685,
      0,
      0.7975,
      0.115,
      0.9125,
      0.2275,
      1.025,
      0.3425,
      1.14,
      0.455,
      1.2525,
      0.57,
      1.3675,
      0.685,
      0,
      0.7975,
      0.115,
      0.9125,
      0.2275,
      1.025,
      0.3425,
      1.14,
      0.455,
      1.2525,
      0.57,
      1.3675
    ],
    "SoftwareVersions": "syngo_MR_E11",
    "SpacingBetweenSlices": 2.5,
    "StationName": "AWP45031",
    "TaskName": "sitrep",
    "TotalReadoutTime": 0.0477406,
    "TxRefAmp": 338.994,
    "dataset": "ds004226",
    "modality": "bold",
    "run_id": 2,
    "subject_id": "021",
    "task_id": "sitrep"
  },
  "dummy_trs": 0,
  "dvars_nstd": 34.681761654848465,
  "dvars_std": 1.3585351947382924,
  "dvars_vstd": 1.002263192506887,
  "efc": 0.6096164261696383,
  "fber": 1725.20263671875,
  "fd_mean": 0.1617236394846758,
  "fd_num": 97,
  "fd_perc": 26.64835164835165,
  "fwhm_avg": 1.8282346666666667,
  "fwhm_x": 1.7538399999999998,
  "fwhm_y": 1.946812,
  "fwhm_z": 1.7840520000000002,
  "gcor": 0.0122799,
  "gsr_x": 0.0017047072760760784,
  "gsr_y": 0.04060957953333855,
  "provenance": {
    "md5sum": "d8687a68855f92fd3407b595ccd327d7",
    "settings": {
      "fd_thres": 0.2,
      "testing": false
    },
    "software": "mriqc",
    "version": "23.0.0",
    "webapi_port": null,
    "webapi_url": "https://mriqc.nimh.nih.gov/api/v1"
  },
  "size_t": 364,
  "size_x": 78,
  "size_y": 78,
  "size_z": 52,
  "snr": 6.464175086646337,
  "spacing_tr": 1.5,
  "spacing_x": 2.5,
  "spacing_y": 2.5,
  "spacing_z": 2.5,
  "summary_bg_k": 8.953369760296047,
  "summary_bg_mad": 23.241692133278136,
  "summary_bg_mean": 63.69620132446289,
  "summary_bg_median": 18.175024032592773,
  "summary_bg_n": 172760.0,
  "summary_bg_p05": 1.4802621901035309,
  "summary_bg_p95": 306.1578765869139,
  "summary_bg_stdv": 105.82146453857422,
  "summary_fg_k": 2.485034729039719,
  "summary_fg_mad": 108.17281697404209,
  "summary_fg_mean": 811.5167236328125,
  "summary_fg_median": 802.1907958984375,
  "summary_fg_n": 83962.0,
  "summary_fg_p05": 636.3763671875,
  "summary_fg_p95": 1018.4827087402343,
  "summary_fg_stdv": 124.09719848632812,
  "tsnr": 50.05466842651367
}