{
  "aor": 0.001214587912087912,
  "aqi": 0.014127494065934065,
  "bids_meta": {
    "AcquisitionMatrixPE": 78,
    "AcquisitionNumber": 1,
    "AcquisitionTime": "15:31:39.175000",
    "BandwidthPerPixelPhaseEncode": 20.678,
    "BaseResolution": 78,
    "BodyPartExamined": "BRAIN",
    "ConsistencyInfo": "N4_VE11C_LATEST_20160120",
    "ConversionSoftware": "dcm2niix",
    "ConversionSoftwareVersion": "v1.0.20171215 GCC4.8.5",
    "DerivedVendorReportedEchoSpacing": 0.000620007,
    "DeviceSerialNumber": "45031",
    "DwellTime": 3.2e-06,
    "EchoTime": 0.032,
    "EchoTrainLength": 78,
    "EffectiveEchoSpacing": 0.000620007,
    "FlipAngle": 70,
    "ImageOrientationPatientDICOM": [
      0.998957,
      0.00338271,
      -0.0455312,
      -0.00331268,
      0.999993,
      0.00161337
    ],
    "ImageType": [
      "ORIGINAL",
      "PRIMARY",
      "M",
      "ND",
      "NORM",
      "MOSAIC"
    ],
    "InPlanePhaseEncodingDirectionDICOM": "COL",
    "InstitutionAddress": "Washington_and_Faculty_Rd._-_Building_25_25_Princeton_NJ_US_085",
    "InstitutionName": "Princeton_University_-_Neuroscience_Institute",
    "InstitutionalDepartmentName": "Department",
    "MRAcquisitionType": "2D",
    "MagneticFieldStrength": 3,
    "Manufacturer": "Siemens",
    "ManufacturersModelName": "Skyra",
    "Modality": "MR",
    "MultibandAccelerationFactor": 4,
    "PartialFourier": 1,
    "PatientPosition": "HFS",
    "PercentPhaseFOV": 100,
    "PhaseEncodingDirection": "j-",
    "PhaseEncodingSteps": 78,
    "PhaseResolution": 1,
    "PixelBandwidth": 2005,
    "ProcedureStepDescription": "TamirL_Mark",
    "ProtocolName": "EPI_2.5mm_1.5TR_32TE_SMS4_Siemens",
    "PulseSequenceDetails": "%SiemensSeq%_ep2d_bold",
    "ReceiveCoilActiveElements": "HC1-7",
    "ReceiveCoilName": "HeadNeck_64",
    "ReconMatrixPE": 78,
    "RepetitionTime": 1.5,
    "SAR": 0.0577149,
    "ScanOptions": "FS",
    "ScanningSequence": "EP",
    "SequenceName": "_epfid2d1_78",
    "SequenceVariant": "SK",
    "SeriesDescription": "EPI_2.5mm_1.5TR_32TE_SMS4_Siemens",
    "SeriesNumber": 15,
    "ShimSetting": [
      3348,
      8726,
      9355,
      655,
      16,
      158,
      552,
      138
    ],
    "SliceThickness": 2.5,
    "SliceTiming": [
      0.6825,
      0,
      0.795,
      0.1125,
      0.91,
      0.2275,
      1.0225,
      0.34,
      1.1375,
      0.455,
      1.2525,
      0.5675,
      1.365,
      0.6825,
      0,
      0.795,
      0.1125,
      0.91,
      0.2275,
      1.0225,
      0.34,
      1.1375,
      0.455,
      1.2525,
      0.5675,
      1.365,
      0.6825,
      0,
      0.795,
      0.1125,
      0.91,
      0.2275,
      1.0225,
      0.34,
      1.1375,
      0.455,
      1.2525,
      0.5675,
      1.365,
      0.6825,
      0,
      0.795,
      0.1125,
      0.91,
      0.2275,
      1.0225,
      0.34,
      1.1375,
      0.455,
      1.2525,
      0.5675,
      1.365
    ],
    "SoftwareVersions": "syngo_MR_E11",
    "SpacingBetweenSlices": 2.5,
    "StationName": "AWP45031",
    "TaskName": "sitrep",
    "TotalReadoutTime": 0.0477406,
    "TxRefAmp": 324.874,
    "dataset": "ds004226",
    "modality": "bold",
    "run_id": 7,
    "subject_id": "020",
    "task_id": "sitrep"
  },
  "dummy_trs": 0,
  "dvars_nstd": 33.20055105123967,
  "dvars_std": 1.346988108402204,
  "dvars_vstd": 1.0024711530578516,
  "efc": 0.6036765988752065,
  "fber": 2453.052978515625,
  "fd_mean": 0.16307748078128984,
  "fd_num": 101,
  "fd_perc": 27.747252747252748,
  "fwhm_avg": 1.7853919999999999,
  "fwhm_x": 1.668504,
  "fwhm_y": 1.954512,
  "fwhm_z": 1.7331600000000003,
  "gcor": 0.0576073,
  "gsr_x": -0.002650950103998184,
  "gsr_y": 0.06252828240394592,
  "provenance": {
    "md5sum": "61dc314913bad385ffc932f2d7c12485",
    "settings": {
      "fd_thres": 0.2,
      "testing": false
    },
    "software": "mriqc",
    "version": "23.0.0",
    "webapi_port": null,
    "webapi_url": "https://mriqc.nimh.nih.gov/api/v1"
  },
  "size_t": 364,
  "size_x": 78,
  "size_y": 78,
  "size_z": 52,
  "snr": 6.6870585662962085,
  "spacing_tr": 1.5,
  "spacing_x": 2.5,
  "spacing_y": 2.5,
  "spacing_z": 2.5,
  "summary_bg_k": 10.147659953618623,
  "summary_bg_mad": 19.11902240047121,
  "summary_bg_mean": 54.21133804321289,
  "summary_bg_median": 14.802701950073242,
  "summary_bg_n": 171520.0,
  "summary_bg_p05": 1.1232245326042176,
  "summary_bg_p95": 241.19073867797795,
  "summary_bg_stdv": 88.81141662597656,
  "summary_fg_k": 2.734269326123793,
  "summary_fg_mad": 104.76800794856044,
  "summary_fg_mean": 791.363525390625,
  "summary_fg_median": 786.7596435546875,
  "summary_fg_n": 84726.0,
  "summary_fg_p05": 623.9049072265625,
  "summary_fg_p95": 985.8332061767578,
  "summary_fg_stdv": 117.65337371826172,
  "tsnr": 51.075050354003906
}