{
  "aor": 0.001806291208791209,
  "aqi": 0.01650383379120879,
  "bids_meta": {
    "AcquisitionMatrixPE": 78,
    "AcquisitionNumber": 1,
    "AcquisitionTime": "15:51:45.175000",
    "BandwidthPerPixelPhaseEncode": 20.678,
    "BaseResolution": 78,
    "BodyPartExamined": "BRAIN",
    "ConsistencyInfo": "N4_VE11C_LATEST_20160120",
    "ConversionSoftware": "dcm2niix",
    "ConversionSoftwareVersion": "v1.0.20171215 GCC4.8.5",
    "DerivedVendorReportedEchoSpacing": 0.000620007,
    "DeviceSerialNumber": "45031",
    "DwellTime": 3.2e-06,
    "EchoTime": 0.032,
    "EchoTrainLength": 78,
    "EffectiveEchoSpacing": 0.000620007,
    "FlipAngle": 70,
    "ImageOrientationPatientDICOM": [
      0.998957,
      0.00338271,
      -0.0455312,
      -0.00331268,
      0.999993,
      0.00161337
    ],
    "ImageType": [
      "ORIGINAL",
      "PRIMARY",
      "M",
      "ND",
      "NORM",
      "MOSAIC"
    ],
    "InPlanePhaseEncodingDirectionDICOM": "COL",
    "InstitutionAddress": "Washington_and_Faculty_Rd._-_Building_25_25_Princeton_NJ_US_085",
    "InstitutionName": "Princeton_University_-_Neuroscience_Institute",
    "InstitutionalDepartmentName": "Department",
    "MRAcquisitionType": "2D",
    "MagneticFieldStrength": 3,
    "Manufacturer": "Siemens",
    "ManufacturersModelName": "Skyra",
    "Modality": "MR",
    "MultibandAccelerationFactor": 4,
    "PartialFourier": 1,
    "PatientPosition": "HFS",
    "PercentPhaseFOV": 100,
    "PhaseEncodingDirection": "j-",
    "PhaseEncodingSteps": 78,
    "PhaseResolution": 1,
    "PixelBandwidth": 2005,
    "ProcedureStepDescription": "TamirL_Mark",
    "ProtocolName": "EPI_2.5mm_1.5TR_32TE_SMS4_Siemens",
    "PulseSequenceDetails": "%SiemensSeq%_ep2d_bold",
    "ReceiveCoilActiveElements": "HC1-7",
    "ReceiveCoilName": "HeadNeck_64",
    "ReconMatrixPE": 78,
    "RepetitionTime": 1.5,
    "SAR": 0.0577149,
    "ScanOptions": "FS",
    "ScanningSequence": "EP",
    "SequenceName": "_epfid2d1_78",
    "SequenceVariant": "SK",
    "SeriesDescription": "EPI_2.5mm_1.5TR_32TE_SMS4_Siemens",
    "SeriesNumber": 17,
    "ShimSetting": [
      3348,
      8726,
      9355,
      655,
      16,
      158,
      552,
      138
    ],
    "SliceThickness": 2.5,
    "SliceTiming": [
      0.6825,
      0,
      0.7975,
      0.1125,
      0.91,
      0.2275,
      1.025,
      0.34,
      1.1375,
      0.455,
      1.2525,
      0.5675,
      1.365,
      0.6825,
      0,
      0.7975,
      0.1125,
      0.91,
      0.2275,
      1.025,
      0.34,
      1.1375,
      0.455,
      1.2525,
      0.5675,
      1.365,
      0.6825,
      0,
      0.7975,
      0.1125,
      0.91,
      0.2275,
      1.025,
      0.34,
      1.1375,
      0.455,
      1.2525,
      0.5675,
      1.365,
      0.6825,
      0,
      0.7975,
      0.1125,
      0.91,
      0.2275,
      1.025,
      0.34,
      1.1375,
      0.455,
      1.2525,
      0.5675,
      1.365
    ],
    "SoftwareVersions": "syngo_MR_E11",
    "SpacingBetweenSlices": 2.5,
    "StationName": "AWP45031",
    "TaskName": "sitrep",
    "TotalReadoutTime": 0.0477406,
    "TxRefAmp": 324.874,
    "dataset": "ds004226",
    "modality": "bold",
    "run_id": 9,
    "subject_id": "020",
    "task_id": "sitrep"
  },
  "dummy_trs": 0,
  "dvars_nstd": 35.34013474942147,
  "dvars_std": 1.3552560314600546,
  "dvars_vstd": 1.0051372335261701,
  "efc": 0.6009620522187633,
  "fber": 2568.857177734375,
  "fd_mean": 0.1933652711037302,
  "fd_num": 141,
  "fd_perc": 38.73626373626374,
  "fwhm_avg": 1.780536,
  "fwhm_x": 1.6591799999999999,
  "fwhm_y": 1.943412,
  "fwhm_z": 1.7390160000000001,
  "gcor": 0.0775021,
  "gsr_x": -0.00047274105600081384,
  "gsr_y": 0.0639120414853096,
  "provenance": {
    "md5sum": "7a7a554f4675e9a2ef23076ee37db040",
    "settings": {
      "fd_thres": 0.2,
      "testing": false
    },
    "software": "mriqc",
    "version": "23.0.0",
    "webapi_port": null,
    "webapi_url": "https://mriqc.nimh.nih.gov/api/v1"
  },
  "size_t": 364,
  "size_x": 78,
  "size_y": 78,
  "size_z": 52,
  "snr": 6.68242281529552,
  "spacing_tr": 1.5,
  "spacing_x": 2.5,
  "spacing_y": 2.5,
  "spacing_z": 2.5,
  "summary_bg_k": 10.35981864166424,
  "summary_bg_mad": 18.557999052095234,
  "summary_bg_mean": 53.12086486816406,
  "summary_bg_median": 14.422578811645508,
  "summary_bg_n": 172350.0,
  "summary_bg_p05": 1.101186341047287,
  "summary_bg_p95": 237.90281143188463,
  "summary_bg_stdv": 87.40328979492188,
  "summary_fg_k": 2.8663827766985364,
  "summary_fg_mad": 102.84742997702949,
  "summary_fg_mean": 787.2760009765625,
  "summary_fg_median": 783.7149658203125,
  "summary_fg_n": 84130.0,
  "summary_fg_p05": 621.3568664550781,
  "summary_fg_p95": 978.4207305908204,
  "summary_fg_stdv": 117.27936553955078,
  "tsnr": 46.42362976074219
}