{
  "aor": 0.0005753296703296703,
  "aqi": 0.014512159972527474,
  "bids_meta": {
    "AcquisitionMatrixPE": 78,
    "AcquisitionNumber": 1,
    "AcquisitionTime": "15:00:40.845000",
    "BandwidthPerPixelPhaseEncode": 20.678,
    "BaseResolution": 78,
    "BodyPartExamined": "BRAIN",
    "ConsistencyInfo": "N4_VE11C_LATEST_20160120",
    "ConversionSoftware": "dcm2niix",
    "ConversionSoftwareVersion": "v1.0.20171215 GCC4.8.5",
    "DerivedVendorReportedEchoSpacing": 0.000620007,
    "DeviceSerialNumber": "45031",
    "DwellTime": 3.2e-06,
    "EchoTime": 0.032,
    "EchoTrainLength": 78,
    "EffectiveEchoSpacing": 0.000620007,
    "FlipAngle": 70,
    "ImageOrientationPatientDICOM": [
      0.998957,
      0.00338271,
      -0.0455312,
      -0.00331268,
      0.999993,
      0.00161337
    ],
    "ImageType": [
      "ORIGINAL",
      "PRIMARY",
      "M",
      "ND",
      "NORM",
      "MOSAIC"
    ],
    "InPlanePhaseEncodingDirectionDICOM": "COL",
    "InstitutionAddress": "Washington_and_Faculty_Rd._-_Building_25_25_Princeton_NJ_US_085",
    "InstitutionName": "Princeton_University_-_Neuroscience_Institute",
    "InstitutionalDepartmentName": "Department",
    "MRAcquisitionType": "2D",
    "MagneticFieldStrength": 3,
    "Manufacturer": "Siemens",
    "ManufacturersModelName": "Skyra",
    "Modality": "MR",
    "MultibandAccelerationFactor": 4,
    "PartialFourier": 1,
    "PatientPosition": "HFS",
    "PercentPhaseFOV": 100,
    "PhaseEncodingDirection": "j-",
    "PhaseEncodingSteps": 78,
    "PhaseResolution": 1,
    "PixelBandwidth": 2005,
    "ProcedureStepDescription": "TamirL_Mark",
    "ProtocolName": "EPI_2.5mm_1.5TR_32TE_SMS4_Siemens",
    "PulseSequenceDetails": "%SiemensSeq%_ep2d_bold",
    "ReceiveCoilActiveElements": "HC1-7",
    "ReceiveCoilName": "HeadNeck_64",
    "ReconMatrixPE": 78,
    "RepetitionTime": 1.5,
    "SAR": 0.0577149,
    "ScanOptions": "FS",
    "ScanningSequence": "EP",
    "SequenceName": "_epfid2d1_78",
    "SequenceVariant": "SK",
    "SeriesDescription": "EPI_2.5mm_1.5TR_32TE_SMS4_Siemens",
    "SeriesNumber": 12,
    "ShimSetting": [
      3348,
      8726,
      9355,
      655,
      16,
      158,
      552,
      138
    ],
    "SliceThickness": 2.5,
    "SliceTiming": [
      0.6825,
      0,
      0.7975,
      0.115,
      0.91,
      0.2275,
      1.025,
      0.3425,
      1.1375,
      0.455,
      1.2525,
      0.57,
      1.3675,
      0.6825,
      0,
      0.7975,
      0.115,
      0.91,
      0.2275,
      1.025,
      0.3425,
      1.1375,
      0.455,
      1.2525,
      0.57,
      1.3675,
      0.6825,
      0,
      0.7975,
      0.115,
      0.91,
      0.2275,
      1.025,
      0.3425,
      1.1375,
      0.455,
      1.2525,
      0.57,
      1.3675,
      0.6825,
      0,
      0.7975,
      0.115,
      0.91,
      0.2275,
      1.025,
      0.3425,
      1.1375,
      0.455,
      1.2525,
      0.57,
      1.3675
    ],
    "SoftwareVersions": "syngo_MR_E11",
    "SpacingBetweenSlices": 2.5,
    "StationName": "AWP45031",
    "TaskName": "sitrep",
    "TotalReadoutTime": 0.0477406,
    "TxRefAmp": 324.874,
    "dataset": "ds004226",
    "modality": "bold",
    "run_id": 4,
    "subject_id": "020",
    "task_id": "sitrep"
  },
  "dummy_trs": 0,
  "dvars_nstd": 31.18992290011019,
  "dvars_std": 1.280634376170798,
  "dvars_vstd": 0.9731519797796147,
  "efc": 0.6066455186098291,
  "fber": 2266.01220703125,
  "fd_mean": 0.15640889673948652,
  "fd_num": 99,
  "fd_perc": 27.197802197802197,
  "fwhm_avg": 1.7957786666666664,
  "fwhm_x": 1.676144,
  "fwhm_y": 1.959308,
  "fwhm_z": 1.751884,
  "gcor": 0.0355549,
  "gsr_x": -0.006277746055275202,
  "gsr_y": 0.06302040815353394,
  "provenance": {
    "md5sum": "8979ec902a463af2c5d8be5f28fda797",
    "settings": {
      "fd_thres": 0.2,
      "testing": false
    },
    "software": "mriqc",
    "version": "23.0.0",
    "webapi_port": null,
    "webapi_url": "https://mriqc.nimh.nih.gov/api/v1"
  },
  "size_t": 364,
  "size_x": 78,
  "size_y": 78,
  "size_z": 52,
  "snr": 6.735445992874353,
  "spacing_tr": 1.5,
  "spacing_x": 2.5,
  "spacing_y": 2.5,
  "spacing_z": 2.5,
  "summary_bg_k": 10.190240998845566,
  "summary_bg_mad": 20.23091370765504,
  "summary_bg_mean": 55.106231689453125,
  "summary_bg_median": 15.517379760742188,
  "summary_bg_n": 170843.0,
  "summary_bg_p05": 1.0479211330413818,
  "summary_bg_p95": 244.80620880126932,
  "summary_bg_stdv": 89.34810638427734,
  "summary_fg_k": 2.571722034464787,
  "summary_fg_mad": 104.60933222894681,
  "summary_fg_mean": 792.3286743164062,
  "summary_fg_median": 788.010009765625,
  "summary_fg_n": 85532.0,
  "summary_fg_p05": 624.6429016113282,
  "summary_fg_p95": 984.1556182861327,
  "summary_fg_stdv": 116.9937973022461,
  "tsnr": 51.84443283081055
}