{
  "aor": 0.0036240109890109894,
  "aqi": 0.010884236291208792,
  "bids_meta": {
    "AcquisitionMatrixPE": 78,
    "AcquisitionNumber": 1,
    "AcquisitionTime": "16:46:38.822500",
    "BandwidthPerPixelPhaseEncode": 20.678,
    "BaseResolution": 78,
    "BodyPartExamined": "BRAIN",
    "ConsistencyInfo": "N4_VE11C_LATEST_20160120",
    "ConversionSoftware": "dcm2niix",
    "ConversionSoftwareVersion": "v1.0.20171215 GCC4.8.5",
    "DerivedVendorReportedEchoSpacing": 0.000620007,
    "DeviceSerialNumber": "45031",
    "DwellTime": 3.2e-06,
    "EchoTime": 0.032,
    "EchoTrainLength": 78,
    "EffectiveEchoSpacing": 0.000620007,
    "FlipAngle": 70,
    "ImageOrientationPatientDICOM": [
      0.998462,
      -0.00564229,
      0.0551517,
      0.00871343,
      0.998415,
      -0.0556046
    ],
    "ImageType": [
      "ORIGINAL",
      "PRIMARY",
      "M",
      "ND",
      "NORM",
      "MOSAIC"
    ],
    "InPlanePhaseEncodingDirectionDICOM": "COL",
    "InstitutionAddress": "Washington_and_Faculty_Rd._-_Building_25_25_Princeton_NJ_US_085",
    "InstitutionName": "Princeton_University_-_Neuroscience_Institute",
    "InstitutionalDepartmentName": "Department",
    "MRAcquisitionType": "2D",
    "MagneticFieldStrength": 3,
    "Manufacturer": "Siemens",
    "ManufacturersModelName": "Skyra",
    "Modality": "MR",
    "MultibandAccelerationFactor": 4,
    "PartialFourier": 1,
    "PatientPosition": "HFS",
    "PercentPhaseFOV": 100,
    "PhaseEncodingDirection": "j-",
    "PhaseEncodingSteps": 78,
    "PhaseResolution": 1,
    "PixelBandwidth": 2005,
    "ProcedureStepDescription": "TamirL_Mark",
    "ProtocolName": "EPI_2.5mm_1.5TR_32TE_SMS4_Siemens",
    "PulseSequenceDetails": "%SiemensSeq%_ep2d_bold",
    "ReceiveCoilActiveElements": "HC1-7",
    "ReceiveCoilName": "HeadNeck_64",
    "ReconMatrixPE": 78,
    "RepetitionTime": 1.5,
    "SAR": 0.0615667,
    "ScanOptions": "FS",
    "ScanningSequence": "EP",
    "SequenceName": "_epfid2d1_78",
    "SequenceVariant": "SK",
    "SeriesDescription": "EPI_2.5mm_1.5TR_32TE_SMS4_Siemens",
    "SeriesNumber": 14,
    "ShimSetting": [
      3396,
      8850,
      9328,
      274,
      4,
      62,
      204,
      217
    ],
    "SliceThickness": 2.5,
    "SliceTiming": [
      0.6825,
      0,
      0.7975,
      0.115,
      0.91,
      0.2275,
      1.025,
      0.3425,
      1.14,
      0.455,
      1.2525,
      0.57,
      1.3675,
      0.6825,
      0,
      0.7975,
      0.115,
      0.91,
      0.2275,
      1.025,
      0.3425,
      1.14,
      0.455,
      1.2525,
      0.57,
      1.3675,
      0.6825,
      0,
      0.7975,
      0.115,
      0.91,
      0.2275,
      1.025,
      0.3425,
      1.14,
      0.455,
      1.2525,
      0.57,
      1.3675,
      0.6825,
      0,
      0.7975,
      0.115,
      0.91,
      0.2275,
      1.025,
      0.3425,
      1.14,
      0.455,
      1.2525,
      0.57,
      1.3675
    ],
    "SoftwareVersions": "syngo_MR_E11",
    "SpacingBetweenSlices": 2.5,
    "StationName": "AWP45031",
    "TaskName": "sitrep",
    "TotalReadoutTime": 0.0477406,
    "TxRefAmp": 342.526,
    "dataset": "ds004226",
    "modality": "bold",
    "run_id": 6,
    "subject_id": "024",
    "task_id": "sitrep"
  },
  "dummy_trs": 0,
  "dvars_nstd": 30.750948535674933,
  "dvars_std": 1.3228349023415982,
  "dvars_vstd": 1.0383472038016537,
  "efc": 0.5512354399009506,
  "fber": 4776.5517578125,
  "fd_mean": 0.1664454866430999,
  "fd_num": 76,
  "fd_perc": 20.87912087912088,
  "fwhm_avg": 1.708264051140218,
  "fwhm_x": 1.6110520000000002,
  "fwhm_y": 1.905008,
  "fwhm_z": 1.6087321534206536,
  "gcor": 0.0294725,
  "gsr_x": -0.002137146657332778,
  "gsr_y": 0.055549878627061844,
  "provenance": {
    "md5sum": "e4c90fd4fa64fa0c04334435223ffff3",
    "settings": {
      "fd_thres": 0.2,
      "testing": false
    },
    "software": "mriqc",
    "version": "23.0.0",
    "webapi_port": null,
    "webapi_url": "https://mriqc.nimh.nih.gov/api/v1"
  },
  "size_t": 364,
  "size_x": 78,
  "size_y": 78,
  "size_z": 52,
  "snr": 6.758308187876013,
  "spacing_tr": 1.5,
  "spacing_x": 2.5,
  "spacing_y": 2.5,
  "spacing_z": 2.499999761581421,
  "summary_bg_k": 11.825415968946123,
  "summary_bg_mad": 14.666634026675109,
  "summary_bg_mean": 47.311561584472656,
  "summary_bg_median": 11.259866714477539,
  "summary_bg_n": 192325.0,
  "summary_bg_p05": 0.776922345161438,
  "summary_bg_p95": 215.65521545410144,
  "summary_bg_stdv": 80.77095031738281,
  "summary_fg_k": 3.434545945542185,
  "summary_fg_mad": 100.45109631923188,
  "summary_fg_mean": 776.2783203125,
  "summary_fg_median": 770.6829833984375,
  "summary_fg_n": 69120.0,
  "summary_fg_p05": 618.6331237792969,
  "summary_fg_p95": 960.7906127929688,
  "summary_fg_stdv": 114.03407287597656,
  "tsnr": 57.1925048828125
}