{
  "aor": 0.0061196978021978024,
  "aqi": 0.010579161483516484,
  "bids_meta": {
    "AcquisitionMatrixPE": 78,
    "AcquisitionNumber": 1,
    "AcquisitionTime": "17:06:49.140000",
    "BandwidthPerPixelPhaseEncode": 20.678,
    "BaseResolution": 78,
    "BodyPartExamined": "BRAIN",
    "ConsistencyInfo": "N4_VE11C_LATEST_20160120",
    "ConversionSoftware": "dcm2niix",
    "ConversionSoftwareVersion": "v1.0.20171215 GCC4.8.5",
    "DerivedVendorReportedEchoSpacing": 0.000620007,
    "DeviceSerialNumber": "45031",
    "DwellTime": 3.2e-06,
    "EchoTime": 0.032,
    "EchoTrainLength": 78,
    "EffectiveEchoSpacing": 0.000620007,
    "FlipAngle": 70,
    "ImageOrientationPatientDICOM": [
      0.998462,
      -0.00564229,
      0.0551517,
      0.00871343,
      0.998415,
      -0.0556046
    ],
    "ImageType": [
      "ORIGINAL",
      "PRIMARY",
      "M",
      "ND",
      "NORM",
      "MOSAIC"
    ],
    "InPlanePhaseEncodingDirectionDICOM": "COL",
    "InstitutionAddress": "Washington_and_Faculty_Rd._-_Building_25_25_Princeton_NJ_US_085",
    "InstitutionName": "Princeton_University_-_Neuroscience_Institute",
    "InstitutionalDepartmentName": "Department",
    "MRAcquisitionType": "2D",
    "MagneticFieldStrength": 3,
    "Manufacturer": "Siemens",
    "ManufacturersModelName": "Skyra",
    "Modality": "MR",
    "MultibandAccelerationFactor": 4,
    "PartialFourier": 1,
    "PatientPosition": "HFS",
    "PercentPhaseFOV": 100,
    "PhaseEncodingDirection": "j-",
    "PhaseEncodingSteps": 78,
    "PhaseResolution": 1,
    "PixelBandwidth": 2005,
    "ProcedureStepDescription": "TamirL_Mark",
    "ProtocolName": "EPI_2.5mm_1.5TR_32TE_SMS4_Siemens",
    "PulseSequenceDetails": "%SiemensSeq%_ep2d_bold",
    "ReceiveCoilActiveElements": "HC1-7",
    "ReceiveCoilName": "HeadNeck_64",
    "ReconMatrixPE": 78,
    "RepetitionTime": 1.5,
    "SAR": 0.0615667,
    "ScanOptions": "FS",
    "ScanningSequence": "EP",
    "SequenceName": "_epfid2d1_78",
    "SequenceVariant": "SK",
    "SeriesDescription": "EPI_2.5mm_1.5TR_32TE_SMS4_Siemens",
    "SeriesNumber": 16,
    "ShimSetting": [
      3396,
      8850,
      9328,
      274,
      4,
      62,
      204,
      217
    ],
    "SliceThickness": 2.5,
    "SliceTiming": [
      0.6825,
      0,
      0.7975,
      0.115,
      0.91,
      0.2275,
      1.025,
      0.3425,
      1.1375,
      0.455,
      1.2525,
      0.57,
      1.3675,
      0.6825,
      0,
      0.7975,
      0.115,
      0.91,
      0.2275,
      1.025,
      0.3425,
      1.1375,
      0.455,
      1.2525,
      0.57,
      1.3675,
      0.6825,
      0,
      0.7975,
      0.115,
      0.91,
      0.2275,
      1.025,
      0.3425,
      1.1375,
      0.455,
      1.2525,
      0.57,
      1.3675,
      0.6825,
      0,
      0.7975,
      0.115,
      0.91,
      0.2275,
      1.025,
      0.3425,
      1.1375,
      0.455,
      1.2525,
      0.57,
      1.3675
    ],
    "SoftwareVersions": "syngo_MR_E11",
    "SpacingBetweenSlices": 2.5,
    "StationName": "AWP45031",
    "TaskName": "sitrep",
    "TotalReadoutTime": 0.0477406,
    "TxRefAmp": 342.526,
    "dataset": "ds004226",
    "modality": "bold",
    "run_id": 8,
    "subject_id": "024",
    "task_id": "sitrep"
  },
  "dummy_trs": 0,
  "dvars_nstd": 30.389560147658404,
  "dvars_std": 1.3390310749862262,
  "dvars_vstd": 1.08385293553719,
  "efc": 0.5579432189014947,
  "fber": 3768.622314453125,
  "fd_mean": 0.16817856912755705,
  "fd_num": 52,
  "fd_perc": 14.285714285714286,
  "fwhm_avg": 1.7196173857246448,
  "fwhm_x": 1.613468,
  "fwhm_y": 1.897296,
  "fwhm_z": 1.6480881571739345,
  "gcor": 0.0373827,
  "gsr_x": -0.0038803124334663153,
  "gsr_y": 0.0553692951798439,
  "provenance": {
    "md5sum": "a587f3bcb3a31b50e60befe56232b11e",
    "settings": {
      "fd_thres": 0.2,
      "testing": false
    },
    "software": "mriqc",
    "version": "23.0.0",
    "webapi_port": null,
    "webapi_url": "https://mriqc.nimh.nih.gov/api/v1"
  },
  "size_t": 364,
  "size_x": 78,
  "size_y": 78,
  "size_z": 52,
  "snr": 6.715136662894652,
  "spacing_tr": 1.5,
  "spacing_x": 2.5,
  "spacing_y": 2.5,
  "spacing_z": 2.499999761581421,
  "summary_bg_k": 10.794848086679727,
  "summary_bg_mad": 15.85791798305247,
  "summary_bg_mean": 49.156925201416016,
  "summary_bg_median": 12.382137298583984,
  "summary_bg_n": 190920.0,
  "summary_bg_p05": 0.9921523362398148,
  "summary_bg_p95": 222.79202880859373,
  "summary_bg_stdv": 82.19413757324219,
  "summary_fg_k": 2.9968060273186206,
  "summary_fg_mad": 100.35974579801719,
  "summary_fg_mean": 766.9987182617188,
  "summary_fg_median": 761.5628051757812,
  "summary_fg_n": 70084.0,
  "summary_fg_p05": 610.0766906738281,
  "summary_fg_p95": 949.172909545898,
  "summary_fg_stdv": 113.40906524658203,
  "tsnr": 56.84340286254883
}