{
  "aor": 0.000607032967032967,
  "aqi": 0.0077350754120879125,
  "bids_meta": {
    "AcquisitionMatrixPE": 78,
    "AcquisitionNumber": 1,
    "AcquisitionTime": "16:07:54.900000",
    "BandwidthPerPixelPhaseEncode": 20.678,
    "BaseResolution": 78,
    "BodyPartExamined": "BRAIN",
    "ConsistencyInfo": "N4_VE11C_LATEST_20160120",
    "ConversionSoftware": "dcm2niix",
    "ConversionSoftwareVersion": "v1.0.20171215 GCC4.8.5",
    "DerivedVendorReportedEchoSpacing": 0.000620007,
    "DeviceSerialNumber": "45031",
    "DwellTime": 3.2e-06,
    "EchoTime": 0.032,
    "EchoTrainLength": 78,
    "EffectiveEchoSpacing": 0.000620007,
    "FlipAngle": 70,
    "ImageOrientationPatientDICOM": [
      0.998462,
      -0.00564229,
      0.0551517,
      0.00871343,
      0.998415,
      -0.0556046
    ],
    "ImageType": [
      "ORIGINAL",
      "PRIMARY",
      "M",
      "ND",
      "NORM",
      "MOSAIC"
    ],
    "InPlanePhaseEncodingDirectionDICOM": "COL",
    "InstitutionAddress": "Washington_and_Faculty_Rd._-_Building_25_25_Princeton_NJ_US_085",
    "InstitutionName": "Princeton_University_-_Neuroscience_Institute",
    "InstitutionalDepartmentName": "Department",
    "MRAcquisitionType": "2D",
    "MagneticFieldStrength": 3,
    "Manufacturer": "Siemens",
    "ManufacturersModelName": "Skyra",
    "Modality": "MR",
    "MultibandAccelerationFactor": 4,
    "PartialFourier": 1,
    "PatientPosition": "HFS",
    "PercentPhaseFOV": 100,
    "PhaseEncodingDirection": "j-",
    "PhaseEncodingSteps": 78,
    "PhaseResolution": 1,
    "PixelBandwidth": 2005,
    "ProcedureStepDescription": "TamirL_Mark",
    "ProtocolName": "EPI_2.5mm_1.5TR_32TE_SMS4_Siemens",
    "PulseSequenceDetails": "%SiemensSeq%_ep2d_bold",
    "ReceiveCoilActiveElements": "HC1-7",
    "ReceiveCoilName": "HeadNeck_64",
    "ReconMatrixPE": 78,
    "RepetitionTime": 1.5,
    "SAR": 0.0615667,
    "ScanOptions": "FS",
    "ScanningSequence": "EP",
    "SequenceName": "_epfid2d1_78",
    "SequenceVariant": "SK",
    "SeriesDescription": "EPI_2.5mm_1.5TR_32TE_SMS4_Siemens",
    "SeriesNumber": 10,
    "ShimSetting": [
      3396,
      8850,
      9328,
      274,
      4,
      62,
      204,
      217
    ],
    "SliceThickness": 2.5,
    "SliceTiming": [
      0.6825,
      0,
      0.7975,
      0.115,
      0.91,
      0.2275,
      1.025,
      0.3425,
      1.1375,
      0.455,
      1.2525,
      0.57,
      1.365,
      0.6825,
      0,
      0.7975,
      0.115,
      0.91,
      0.2275,
      1.025,
      0.3425,
      1.1375,
      0.455,
      1.2525,
      0.57,
      1.365,
      0.6825,
      0,
      0.7975,
      0.115,
      0.91,
      0.2275,
      1.025,
      0.3425,
      1.1375,
      0.455,
      1.2525,
      0.57,
      1.365,
      0.6825,
      0,
      0.7975,
      0.115,
      0.91,
      0.2275,
      1.025,
      0.3425,
      1.1375,
      0.455,
      1.2525,
      0.57,
      1.365
    ],
    "SoftwareVersions": "syngo_MR_E11",
    "SpacingBetweenSlices": 2.5,
    "StationName": "AWP45031",
    "TaskName": "sitrep",
    "TotalReadoutTime": 0.0477406,
    "TxRefAmp": 342.526,
    "dataset": "ds004226",
    "modality": "bold",
    "run_id": 2,
    "subject_id": "024",
    "task_id": "sitrep"
  },
  "dummy_trs": 0,
  "dvars_nstd": 30.81991335460054,
  "dvars_std": 1.3472148209917356,
  "dvars_vstd": 1.0057415083195598,
  "efc": 0.5592835614427827,
  "fber": 3530.641357421875,
  "fd_mean": 0.13887489099838538,
  "fd_num": 36,
  "fd_perc": 9.89010989010989,
  "fwhm_avg": 1.6725653841800738,
  "fwhm_x": 1.5721,
  "fwhm_y": 1.846096,
  "fwhm_z": 1.5995001525402215,
  "gcor": 0.0326421,
  "gsr_x": -0.011674858629703522,
  "gsr_y": 0.048130448907613754,
  "provenance": {
    "md5sum": "fbb4fb98b4d4676000d17020be8e8f28",
    "settings": {
      "fd_thres": 0.2,
      "testing": false
    },
    "software": "mriqc",
    "version": "23.0.0",
    "webapi_port": null,
    "webapi_url": "https://mriqc.nimh.nih.gov/api/v1"
  },
  "size_t": 364,
  "size_x": 78,
  "size_y": 78,
  "size_z": 52,
  "snr": 6.822436095295115,
  "spacing_tr": 1.5,
  "spacing_x": 2.5,
  "spacing_y": 2.5,
  "spacing_z": 2.499999761581421,
  "summary_bg_k": 10.61113239152167,
  "summary_bg_mad": 16.260347530784966,
  "summary_bg_mean": 49.692020416259766,
  "summary_bg_median": 12.773765563964844,
  "summary_bg_n": 190393.0,
  "summary_bg_p05": 1.1191880702972412,
  "summary_bg_p95": 224.80236511230447,
  "summary_bg_stdv": 82.62469482421875,
  "summary_fg_k": 3.268725188015983,
  "summary_fg_mad": 99.77277684719098,
  "summary_fg_mean": 773.2290649414062,
  "summary_fg_median": 768.6144409179688,
  "summary_fg_n": 70129.0,
  "summary_fg_p05": 620.2178466796875,
  "summary_fg_p95": 955.2617431640621,
  "summary_fg_stdv": 112.65901947021484,
  "tsnr": 69.26258087158203
}