{
  "aor": 0.011745549450549451,
  "aqi": 0.015744858983516484,
  "bids_meta": {
    "AcquisitionMatrixPE": 78,
    "AcquisitionNumber": 1,
    "AcquisitionTime": "16:36:56.920000",
    "BandwidthPerPixelPhaseEncode": 20.678,
    "BaseResolution": 78,
    "BodyPartExamined": "BRAIN",
    "ConsistencyInfo": "N4_VE11C_LATEST_20160120",
    "ConversionSoftware": "dcm2niix",
    "ConversionSoftwareVersion": "v1.0.20171215 GCC4.8.5",
    "DerivedVendorReportedEchoSpacing": 0.000620007,
    "DeviceSerialNumber": "45031",
    "DwellTime": 3.2e-06,
    "EchoTime": 0.032,
    "EchoTrainLength": 78,
    "EffectiveEchoSpacing": 0.000620007,
    "FlipAngle": 70,
    "ImageOrientationPatientDICOM": [
      0.998462,
      -0.00564229,
      0.0551517,
      0.00871343,
      0.998415,
      -0.0556046
    ],
    "ImageType": [
      "ORIGINAL",
      "PRIMARY",
      "M",
      "ND",
      "NORM",
      "MOSAIC"
    ],
    "InPlanePhaseEncodingDirectionDICOM": "COL",
    "InstitutionAddress": "Washington_and_Faculty_Rd._-_Building_25_25_Princeton_NJ_US_085",
    "InstitutionName": "Princeton_University_-_Neuroscience_Institute",
    "InstitutionalDepartmentName": "Department",
    "MRAcquisitionType": "2D",
    "MagneticFieldStrength": 3,
    "Manufacturer": "Siemens",
    "ManufacturersModelName": "Skyra",
    "Modality": "MR",
    "MultibandAccelerationFactor": 4,
    "PartialFourier": 1,
    "PatientPosition": "HFS",
    "PercentPhaseFOV": 100,
    "PhaseEncodingDirection": "j-",
    "PhaseEncodingSteps": 78,
    "PhaseResolution": 1,
    "PixelBandwidth": 2005,
    "ProcedureStepDescription": "TamirL_Mark",
    "ProtocolName": "EPI_2.5mm_1.5TR_32TE_SMS4_Siemens",
    "PulseSequenceDetails": "%SiemensSeq%_ep2d_bold",
    "ReceiveCoilActiveElements": "HC1-7",
    "ReceiveCoilName": "HeadNeck_64",
    "ReconMatrixPE": 78,
    "RepetitionTime": 1.5,
    "SAR": 0.0615667,
    "ScanOptions": "FS",
    "ScanningSequence": "EP",
    "SequenceName": "_epfid2d1_78",
    "SequenceVariant": "SK",
    "SeriesDescription": "EPI_2.5mm_1.5TR_32TE_SMS4_Siemens",
    "SeriesNumber": 13,
    "ShimSetting": [
      3396,
      8850,
      9328,
      274,
      4,
      62,
      204,
      217
    ],
    "SliceThickness": 2.5,
    "SliceTiming": [
      0.685,
      0,
      0.7975,
      0.115,
      0.9125,
      0.2275,
      1.025,
      0.3425,
      1.14,
      0.455,
      1.2525,
      0.57,
      1.3675,
      0.685,
      0,
      0.7975,
      0.115,
      0.9125,
      0.2275,
      1.025,
      0.3425,
      1.14,
      0.455,
      1.2525,
      0.57,
      1.3675,
      0.685,
      0,
      0.7975,
      0.115,
      0.9125,
      0.2275,
      1.025,
      0.3425,
      1.14,
      0.455,
      1.2525,
      0.57,
      1.3675,
      0.685,
      0,
      0.7975,
      0.115,
      0.9125,
      0.2275,
      1.025,
      0.3425,
      1.14,
      0.455,
      1.2525,
      0.57,
      1.3675
    ],
    "SoftwareVersions": "syngo_MR_E11",
    "SpacingBetweenSlices": 2.5,
    "StationName": "AWP45031",
    "TaskName": "sitrep",
    "TotalReadoutTime": 0.0477406,
    "TxRefAmp": 342.526,
    "dataset": "ds004226",
    "modality": "bold",
    "run_id": 5,
    "subject_id": "024",
    "task_id": "sitrep"
  },
  "dummy_trs": 0,
  "dvars_nstd": 29.928192117741048,
  "dvars_std": 1.367500019421487,
  "dvars_vstd": 1.1362922554545454,
  "efc": 0.5530850084184701,
  "fber": 4472.29248046875,
  "fd_mean": 0.1913172076153592,
  "fd_num": 105,
  "fd_perc": 28.846153846153847,
  "fwhm_avg": 1.6997187176686654,
  "fwhm_x": 1.59968,
  "fwhm_y": 1.895092,
  "fwhm_z": 1.604384153005996,
  "gcor": 0.0333199,
  "gsr_x": -0.005077191162854433,
  "gsr_y": 0.05138912424445152,
  "provenance": {
    "md5sum": "699f47927d8937c8921ccd160865cb87",
    "settings": {
      "fd_thres": 0.2,
      "testing": false
    },
    "software": "mriqc",
    "version": "23.0.0",
    "webapi_port": null,
    "webapi_url": "https://mriqc.nimh.nih.gov/api/v1"
  },
  "size_t": 364,
  "size_x": 78,
  "size_y": 78,
  "size_z": 52,
  "snr": 6.853524565185067,
  "spacing_tr": 1.5,
  "spacing_x": 2.5,
  "spacing_y": 2.5,
  "spacing_z": 2.499999761581421,
  "summary_bg_k": 11.196520470328862,
  "summary_bg_mad": 14.974031471515412,
  "summary_bg_mean": 47.98478698730469,
  "summary_bg_median": 11.639323234558105,
  "summary_bg_n": 191863.0,
  "summary_bg_p05": 0.9498752892017366,
  "summary_bg_p95": 216.7982666015625,
  "summary_bg_stdv": 80.7110595703125,
  "summary_fg_k": 3.3511175006674385,
  "summary_fg_mad": 99.42655882424161,
  "summary_fg_mean": 778.6729736328125,
  "summary_fg_median": 773.7938842773438,
  "summary_fg_n": 69205.0,
  "summary_fg_p05": 623.5036376953125,
  "summary_fg_p95": 960.124169921875,
  "summary_fg_stdv": 112.90370178222656,
  "tsnr": 49.97820281982422
}