{
  "bids_meta": {
    "AcquisitionMatrixPE": 256,
    "AcquisitionNumber": 1,
    "AcquisitionTime": "16:08:0.175000",
    "BaseResolution": 256,
    "BodyPartExamined": "BRAIN",
    "ConsistencyInfo": "N4_VE11C_LATEST_20160120",
    "ConversionSoftware": "dcm2niix",
    "ConversionSoftwareVersion": "v1.0.20171215 GCC4.8.5",
    "DeviceSerialNumber": "45031",
    "DwellTime": 8.2e-06,
    "EchoTime": 0.00298,
    "FlipAngle": 9,
    "ImageOrientationPatientDICOM": [
      -0.0207209,
      0.995607,
      -0.0913137,
      0.0195628,
      -0.0909121,
      -0.995667
    ],
    "ImageType": [
      "ORIGINAL",
      "PRIMARY",
      "M",
      "ND",
      "NORM"
    ],
    "InPlanePhaseEncodingDirectionDICOM": "ROW",
    "InstitutionAddress": "Washington_and_Faculty_Rd._-_Building_25_25_Princeton_NJ_US_085",
    "InstitutionName": "Princeton_University_-_Neuroscience_Institute",
    "InstitutionalDepartmentName": "Department",
    "InversionTime": 0.9,
    "MRAcquisitionType": "3D",
    "MagneticFieldStrength": 3,
    "Manufacturer": "Siemens",
    "ManufacturersModelName": "Skyra",
    "Modality": "MR",
    "ParallelReductionFactorInPlane": 2,
    "PartialFourier": 1,
    "PatientPosition": "HFS",
    "PercentPhaseFOV": 100,
    "PhaseEncodingSteps": 255,
    "PhaseResolution": 1,
    "PixelBandwidth": 240,
    "ProcedureStepDescription": "TamirL_Mark",
    "ProtocolName": "T1w_MPR_1iso_iP2",
    "PulseSequenceDetails": "%SiemensSeq%_tfl",
    "ReceiveCoilActiveElements": "HC1-7;NC1,2",
    "ReceiveCoilName": "HeadNeck_64",
    "ReconMatrixPE": 256,
    "RepetitionTime": 2.3,
    "SAR": 0.0709749,
    "ScanOptions": "IR",
    "ScanningSequence": "GR_IR",
    "SequenceName": "_tfl3d1_16ns",
    "SequenceVariant": "SK_SP_MP",
    "SeriesDescription": "T1w_MPR_1iso_iP2",
    "SeriesNumber": 6,
    "ShimSetting": [
      3405,
      8707,
      9226,
      482,
      91,
      -790,
      66,
      227
    ],
    "SliceThickness": 1,
    "SoftwareVersions": "syngo_MR_E11",
    "StationName": "AWP45031",
    "TxRefAmp": 300.048,
    "dataset": "ds004226",
    "modality": "T1w",
    "subject_id": "001"
  },
  "cjv": 0.35042199988679834,
  "cnr": 3.7874705585501687,
  "efc": 0.5068790150225502,
  "fber": -1.0,
  "fwhm_avg": 3.63395425777259,
  "fwhm_x": 3.7888627733177698,
  "fwhm_y": 3.719,
  "fwhm_z": 3.394,
  "icvs_csf": 0.18254978719614154,
  "icvs_gm": 0.4487252625590641,
  "icvs_wm": 0.3687249502447944,
  "inu_med": 0.5756962895393372,
  "inu_range": 0.21039323359727863,
  "provenance": {
    "md5sum": "d8d01252fa793d4b01ef83c32410d57f",
    "settings": {
      "testing": false
    },
    "software": "mriqc",
    "version": "23.0.0",
    "warnings": {
      "large_rot_frame": true,
      "small_air_mask": false
    },
    "webapi_port": null,
    "webapi_url": "https://mriqc.nimh.nih.gov/api/v1"
  },
  "qi_1": 1.6300590337522351e-06,
  "qi_2": 0.0017501767421117728,
  "rpve_csf": 24.776520640743353,
  "rpve_gm": 10.969037811061396,
  "rpve_wm": 15.111036774292305,
  "size_x": 176,
  "size_y": 256,
  "size_z": 256,
  "snr_csf": 1.595544037096172,
  "snr_gm": 8.781322876613618,
  "snr_total": 10.537019518864527,
  "snr_wm": 21.234191642883793,
  "snrd_csf": 20.891754580509488,
  "snrd_gm": 64.8153105788716,
  "snrd_total": 61.19108406545539,
  "snrd_wm": 97.86618703698508,
  "spacing_x": 1.0000019073486328,
  "spacing_y": 1.0,
  "spacing_z": 1.0,
  "summary_bg_k": 10.453687020998471,
  "summary_bg_mad": 0.0,
  "summary_bg_mean": 3.926294750197553,
  "summary_bg_median": 0.0,
  "summary_bg_n": 4044737.0,
  "summary_bg_p05": 0.0,
  "summary_bg_p95": 16.704257123172283,
  "summary_bg_stdv": 6.694205833605588,
  "summary_csf_k": 4.861121880571038,
  "summary_csf_mad": 132.84170219768663,
  "summary_csf_mean": 234.00584057112906,
  "summary_csf_median": 213.4726530034095,
  "summary_csf_n": 36332.0,
  "summary_csf_p05": 55.89230336993933,
  "summary_csf_p95": 469.17994092088185,
  "summary_csf_stdv": 133.79117731330797,
  "summary_gm_k": 0.03969948826605796,
  "summary_gm_mad": 73.77482143682735,
  "summary_gm_mean": 663.2791555562426,
  "summary_gm_median": 662.2850297801197,
  "summary_gm_n": 43509.0,
  "summary_gm_p05": 540.1747957468033,
  "summary_gm_p95": 791.3236540041863,
  "summary_gm_stdv": 75.41886662694337,
  "summary_wm_k": 0.5563128820003818,
  "summary_wm_mad": 44.56793391332417,
  "summary_wm_mean": 1000.051544265003,
  "summary_wm_median": 1000.0000002682209,
  "summary_wm_n": 241658.0,
  "summary_wm_p05": 923.0687907747924,
  "summary_wm_p95": 1077.1426560543478,
  "summary_wm_stdv": 47.09376029209436,
  "tpm_overlap_csf": 0.15489130317108202,
  "tpm_overlap_gm": 0.4682170019452128,
  "tpm_overlap_wm": 0.5052070007986275,
  "wm2max": 0.5190715961090167
}