{
  "aor": 0.0003741208791208791,
  "aqi": 0.01087384532967033,
  "bids_meta": {
    "AcquisitionMatrixPE": 78,
    "AcquisitionNumber": 1,
    "AcquisitionTime": "13:06:46.705000",
    "BandwidthPerPixelPhaseEncode": 20.678,
    "BaseResolution": 78,
    "BodyPartExamined": "BRAIN",
    "ConsistencyInfo": "N4_VE11C_LATEST_20160120",
    "ConversionSoftware": "dcm2niix",
    "ConversionSoftwareVersion": "v1.0.20171215 GCC4.8.5",
    "DerivedVendorReportedEchoSpacing": 0.000620007,
    "DeviceSerialNumber": "45031",
    "DwellTime": 3.2e-06,
    "EchoTime": 0.032,
    "EchoTrainLength": 78,
    "EffectiveEchoSpacing": 0.000620007,
    "FlipAngle": 70,
    "ImageOrientationPatientDICOM": [
      0.995023,
      -0.0544365,
      0.0834678,
      0.052321,
      0.998256,
      0.0273285
    ],
    "ImageType": [
      "ORIGINAL",
      "PRIMARY",
      "M",
      "ND",
      "NORM",
      "MOSAIC"
    ],
    "InPlanePhaseEncodingDirectionDICOM": "COL",
    "InstitutionAddress": "Washington_and_Faculty_Rd._-_Building_25_25_Princeton_NJ_US_085",
    "InstitutionName": "Princeton_University_-_Neuroscience_Institute",
    "InstitutionalDepartmentName": "Department",
    "MRAcquisitionType": "2D",
    "MagneticFieldStrength": 3,
    "Manufacturer": "Siemens",
    "ManufacturersModelName": "Skyra",
    "Modality": "MR",
    "MultibandAccelerationFactor": 4,
    "PartialFourier": 1,
    "PatientPosition": "HFS",
    "PercentPhaseFOV": 100,
    "PhaseEncodingDirection": "j-",
    "PhaseEncodingSteps": 78,
    "PhaseResolution": 1,
    "PixelBandwidth": 2005,
    "ProcedureStepDescription": "TamirL_Mark",
    "ProtocolName": "EPI_2.5mm_1.5TR_32TE_SMS4_Siemens",
    "PulseSequenceDetails": "%SiemensSeq%_ep2d_bold",
    "ReceiveCoilActiveElements": "HC1-7",
    "ReceiveCoilName": "HeadNeck_64",
    "ReconMatrixPE": 78,
    "RepetitionTime": 1.5,
    "SAR": 0.0720139,
    "ScanOptions": "FS",
    "ScanningSequence": "EP",
    "SequenceName": "_epfid2d1_78",
    "SequenceVariant": "SK",
    "SeriesDescription": "EPI_2.5mm_1.5TR_32TE_SMS4_Siemens",
    "SeriesNumber": 13,
    "ShimSetting": [
      3431,
      8712,
      9348,
      623,
      -3,
      106,
      197,
      291
    ],
    "SliceThickness": 2.5,
    "SliceTiming": [
      0.685,
      0,
      0.7975,
      0.115,
      0.9125,
      0.2275,
      1.025,
      0.3425,
      1.14,
      0.4575,
      1.2525,
      0.57,
      1.3675,
      0.685,
      0,
      0.7975,
      0.115,
      0.9125,
      0.2275,
      1.025,
      0.3425,
      1.14,
      0.4575,
      1.2525,
      0.57,
      1.3675,
      0.685,
      0,
      0.7975,
      0.115,
      0.9125,
      0.2275,
      1.025,
      0.3425,
      1.14,
      0.4575,
      1.2525,
      0.57,
      1.3675,
      0.685,
      0,
      0.7975,
      0.115,
      0.9125,
      0.2275,
      1.025,
      0.3425,
      1.14,
      0.4575,
      1.2525,
      0.57,
      1.3675
    ],
    "SoftwareVersions": "syngo_MR_E11",
    "SpacingBetweenSlices": 2.5,
    "StationName": "AWP45031",
    "TaskName": "sitrep",
    "TotalReadoutTime": 0.0477406,
    "TxRefAmp": 296.451,
    "dataset": "ds004226",
    "modality": "bold",
    "run_id": 5,
    "subject_id": "019",
    "task_id": "sitrep"
  },
  "dummy_trs": 0,
  "dvars_nstd": 27.658450943553735,
  "dvars_std": 1.2332828466391184,
  "dvars_vstd": 0.9860606850137738,
  "efc": 0.5712685022208359,
  "fber": 4111.5107421875,
  "fd_mean": 0.10814695205799774,
  "fd_num": 15,
  "fd_perc": 4.1208791208791204,
  "fwhm_avg": 1.7216560541282704,
  "fwhm_x": 1.593448,
  "fwhm_y": 1.8687919999999998,
  "fwhm_z": 1.7027281623848118,
  "gcor": 0.0177532,
  "gsr_x": -0.008423076011240482,
  "gsr_y": 0.04339650273323059,
  "provenance": {
    "md5sum": "49a6c0029d5bf50fc6dc2683113e4f17",
    "settings": {
      "fd_thres": 0.2,
      "testing": false
    },
    "software": "mriqc",
    "version": "23.0.0",
    "webapi_port": null,
    "webapi_url": "https://mriqc.nimh.nih.gov/api/v1"
  },
  "size_t": 364,
  "size_x": 78,
  "size_y": 78,
  "size_z": 52,
  "snr": 6.982047422812544,
  "spacing_tr": 1.5,
  "spacing_x": 2.5,
  "spacing_y": 2.5,
  "spacing_z": 2.499999761581421,
  "summary_bg_k": 13.294833881723392,
  "summary_bg_mad": 14.407823986716181,
  "summary_bg_mean": 46.82891082763672,
  "summary_bg_median": 11.552123069763184,
  "summary_bg_n": 182275.0,
  "summary_bg_p05": 1.1075562357902529,
  "summary_bg_p95": 229.55721740722637,
  "summary_bg_stdv": 87.89392852783203,
  "summary_fg_k": 2.4034927680172133,
  "summary_fg_mad": 104.48427386310362,
  "summary_fg_mean": 773.2591552734375,
  "summary_fg_median": 769.424560546875,
  "summary_fg_n": 76433.0,
  "summary_fg_p05": 616.58583984375,
  "summary_fg_p95": 949.3933593749997,
  "summary_fg_stdv": 110.19969940185547,
  "tsnr": 60.00175094604492
}