{
  "aor": 0.000659945054945055,
  "aqi": 0.012305330686813186,
  "bids_meta": {
    "AcquisitionMatrixPE": 78,
    "AcquisitionNumber": 1,
    "AcquisitionTime": "12:37:38.517500",
    "BandwidthPerPixelPhaseEncode": 20.678,
    "BaseResolution": 78,
    "BodyPartExamined": "BRAIN",
    "ConsistencyInfo": "N4_VE11C_LATEST_20160120",
    "ConversionSoftware": "dcm2niix",
    "ConversionSoftwareVersion": "v1.0.20171215 GCC4.8.5",
    "DerivedVendorReportedEchoSpacing": 0.000620007,
    "DeviceSerialNumber": "45031",
    "DwellTime": 3.2e-06,
    "EchoTime": 0.032,
    "EchoTrainLength": 78,
    "EffectiveEchoSpacing": 0.000620007,
    "FlipAngle": 70,
    "ImageOrientationPatientDICOM": [
      0.995023,
      -0.0544365,
      0.0834678,
      0.052321,
      0.998256,
      0.0273285
    ],
    "ImageType": [
      "ORIGINAL",
      "PRIMARY",
      "M",
      "ND",
      "NORM",
      "MOSAIC"
    ],
    "InPlanePhaseEncodingDirectionDICOM": "COL",
    "InstitutionAddress": "Washington_and_Faculty_Rd._-_Building_25_25_Princeton_NJ_US_085",
    "InstitutionName": "Princeton_University_-_Neuroscience_Institute",
    "InstitutionalDepartmentName": "Department",
    "MRAcquisitionType": "2D",
    "MagneticFieldStrength": 3,
    "Manufacturer": "Siemens",
    "ManufacturersModelName": "Skyra",
    "Modality": "MR",
    "MultibandAccelerationFactor": 4,
    "PartialFourier": 1,
    "PatientPosition": "HFS",
    "PercentPhaseFOV": 100,
    "PhaseEncodingDirection": "j-",
    "PhaseEncodingSteps": 78,
    "PhaseResolution": 1,
    "PixelBandwidth": 2005,
    "ProcedureStepDescription": "TamirL_Mark",
    "ProtocolName": "EPI_2.5mm_1.5TR_32TE_SMS4_Siemens",
    "PulseSequenceDetails": "%SiemensSeq%_ep2d_bold",
    "ReceiveCoilActiveElements": "HC1-7",
    "ReceiveCoilName": "HeadNeck_64",
    "ReconMatrixPE": 78,
    "RepetitionTime": 1.5,
    "SAR": 0.0720139,
    "ScanOptions": "FS",
    "ScanningSequence": "EP",
    "SequenceName": "_epfid2d1_78",
    "SequenceVariant": "SK",
    "SeriesDescription": "EPI_2.5mm_1.5TR_32TE_SMS4_Siemens",
    "SeriesNumber": 10,
    "ShimSetting": [
      3431,
      8712,
      9348,
      623,
      -3,
      106,
      197,
      291
    ],
    "SliceThickness": 2.5,
    "SliceTiming": [
      0.6825,
      0,
      0.7975,
      0.115,
      0.91,
      0.2275,
      1.025,
      0.3425,
      1.1375,
      0.455,
      1.2525,
      0.57,
      1.3675,
      0.6825,
      0,
      0.7975,
      0.115,
      0.91,
      0.2275,
      1.025,
      0.3425,
      1.1375,
      0.455,
      1.2525,
      0.57,
      1.3675,
      0.6825,
      0,
      0.7975,
      0.115,
      0.91,
      0.2275,
      1.025,
      0.3425,
      1.1375,
      0.455,
      1.2525,
      0.57,
      1.3675,
      0.6825,
      0,
      0.7975,
      0.115,
      0.91,
      0.2275,
      1.025,
      0.3425,
      1.1375,
      0.455,
      1.2525,
      0.57,
      1.3675
    ],
    "SoftwareVersions": "syngo_MR_E11",
    "SpacingBetweenSlices": 2.5,
    "StationName": "AWP45031",
    "TaskName": "sitrep",
    "TotalReadoutTime": 0.0477406,
    "TxRefAmp": 296.451,
    "dataset": "ds004226",
    "modality": "bold",
    "run_id": 2,
    "subject_id": "019",
    "task_id": "sitrep"
  },
  "dummy_trs": 0,
  "dvars_nstd": 27.075630103856753,
  "dvars_std": 1.2113574491735533,
  "dvars_vstd": 0.9826882862258955,
  "efc": 0.5692396524352006,
  "fber": 4546.03173828125,
  "fd_mean": 0.10943306236366517,
  "fd_num": 11,
  "fd_perc": 3.021978021978022,
  "fwhm_avg": 1.7367280544895225,
  "fwhm_x": 1.6115359999999999,
  "fwhm_y": 1.884556,
  "fwhm_z": 1.7140921634685673,
  "gcor": 0.0173071,
  "gsr_x": -0.008835135959088802,
  "gsr_y": 0.046523597091436386,
  "provenance": {
    "md5sum": "66165f6cac4f4859838fdc839305f513",
    "settings": {
      "fd_thres": 0.2,
      "testing": false
    },
    "software": "mriqc",
    "version": "23.0.0",
    "webapi_port": null,
    "webapi_url": "https://mriqc.nimh.nih.gov/api/v1"
  },
  "size_t": 364,
  "size_x": 78,
  "size_y": 78,
  "size_z": 52,
  "snr": 6.967527036262594,
  "spacing_tr": 1.5,
  "spacing_x": 2.5,
  "spacing_y": 2.5,
  "spacing_z": 2.499999761581421,
  "summary_bg_k": 13.946941275643407,
  "summary_bg_mad": 13.721516575571735,
  "summary_bg_mean": 45.087615966796875,
  "summary_bg_median": 11.038991928100586,
  "summary_bg_n": 182137.0,
  "summary_bg_p05": 1.0672410011291504,
  "summary_bg_p95": 219.8785736083981,
  "summary_bg_stdv": 85.45946502685547,
  "summary_fg_k": 2.416362127178215,
  "summary_fg_mad": 104.73864366511896,
  "summary_fg_mean": 776.5057373046875,
  "summary_fg_median": 772.9315795898438,
  "summary_fg_n": 76702.0,
  "summary_fg_p05": 619.4889678955078,
  "summary_fg_p95": 954.5659515380859,
  "summary_fg_stdv": 110.93269348144531,
  "tsnr": 58.319557189941406
}