{
  "aor": 0.00046607142857142865,
  "aqi": 0.008516302142857143,
  "bids_meta": {
    "AcquisitionMatrixPE": 78,
    "AcquisitionNumber": 1,
    "AcquisitionTime": "13:55:21.895000",
    "BandwidthPerPixelPhaseEncode": 20.678,
    "BaseResolution": 78,
    "BodyPartExamined": "BRAIN",
    "ConsistencyInfo": "N4_VE11C_LATEST_20160120",
    "ConversionSoftware": "dcm2niix",
    "ConversionSoftwareVersion": "v1.0.20171215 GCC4.8.5",
    "DerivedVendorReportedEchoSpacing": 0.000620007,
    "DeviceSerialNumber": "45031",
    "DwellTime": 3.2e-06,
    "EchoTime": 0.032,
    "EchoTrainLength": 78,
    "EffectiveEchoSpacing": 0.000620007,
    "FlipAngle": 70,
    "ImageOrientationPatientDICOM": [
      0.995023,
      -0.0544365,
      0.0834678,
      0.052321,
      0.998256,
      0.0273285
    ],
    "ImageType": [
      "ORIGINAL",
      "PRIMARY",
      "M",
      "ND",
      "NORM",
      "MOSAIC"
    ],
    "InPlanePhaseEncodingDirectionDICOM": "COL",
    "InstitutionAddress": "Washington_and_Faculty_Rd._-_Building_25_25_Princeton_NJ_US_085",
    "InstitutionName": "Princeton_University_-_Neuroscience_Institute",
    "InstitutionalDepartmentName": "Department",
    "MRAcquisitionType": "2D",
    "MagneticFieldStrength": 3,
    "Manufacturer": "Siemens",
    "ManufacturersModelName": "Skyra",
    "Modality": "MR",
    "MultibandAccelerationFactor": 4,
    "PartialFourier": 1,
    "PatientPosition": "HFS",
    "PercentPhaseFOV": 100,
    "PhaseEncodingDirection": "j-",
    "PhaseEncodingSteps": 78,
    "PhaseResolution": 1,
    "PixelBandwidth": 2005,
    "ProcedureStepDescription": "TamirL_Mark",
    "ProtocolName": "EPI_2.5mm_1.5TR_32TE_SMS4_Siemens",
    "PulseSequenceDetails": "%SiemensSeq%_ep2d_bold",
    "ReceiveCoilActiveElements": "HC1-7",
    "ReceiveCoilName": "HeadNeck_64",
    "ReconMatrixPE": 78,
    "RepetitionTime": 1.5,
    "SAR": 0.0720139,
    "ScanOptions": "FS",
    "ScanningSequence": "EP",
    "SequenceName": "_epfid2d1_78",
    "SequenceVariant": "SK",
    "SeriesDescription": "EPI_2.5mm_1.5TR_32TE_SMS4_Siemens",
    "SeriesNumber": 18,
    "ShimSetting": [
      3431,
      8712,
      9348,
      623,
      -3,
      106,
      197,
      291
    ],
    "SliceThickness": 2.5,
    "SliceTiming": [
      0.6825,
      0,
      0.7975,
      0.115,
      0.91,
      0.2275,
      1.025,
      0.3425,
      1.1375,
      0.455,
      1.2525,
      0.57,
      1.365,
      0.6825,
      0,
      0.7975,
      0.115,
      0.91,
      0.2275,
      1.025,
      0.3425,
      1.1375,
      0.455,
      1.2525,
      0.57,
      1.365,
      0.6825,
      0,
      0.7975,
      0.115,
      0.91,
      0.2275,
      1.025,
      0.3425,
      1.1375,
      0.455,
      1.2525,
      0.57,
      1.365,
      0.6825,
      0,
      0.7975,
      0.115,
      0.91,
      0.2275,
      1.025,
      0.3425,
      1.1375,
      0.455,
      1.2525,
      0.57,
      1.365
    ],
    "SoftwareVersions": "syngo_MR_E11",
    "SpacingBetweenSlices": 2.5,
    "StationName": "AWP45031",
    "TaskName": "sitrep",
    "TotalReadoutTime": 0.0477406,
    "TxRefAmp": 296.451,
    "dataset": "ds004226",
    "modality": "bold",
    "run_id": 10,
    "subject_id": "019",
    "task_id": "sitrep"
  },
  "dummy_trs": 0,
  "dvars_nstd": 26.62966496471075,
  "dvars_std": 1.2299257196418738,
  "dvars_vstd": 1.0031692030854005,
  "efc": 0.5719221197058749,
  "fber": 3953.76123046875,
  "fd_mean": 0.10032142447970341,
  "fd_num": 1,
  "fd_perc": 0.27472527472527475,
  "fwhm_avg": 1.7095800536019692,
  "fwhm_x": 1.591804,
  "fwhm_y": 1.8507639999999999,
  "fwhm_z": 1.6861721608059081,
  "gcor": 0.0186895,
  "gsr_x": -0.00880820769816637,
  "gsr_y": 0.04228861629962921,
  "provenance": {
    "md5sum": "67cf4b9af0533ae77d2bac219f0267ae",
    "settings": {
      "fd_thres": 0.2,
      "testing": false
    },
    "software": "mriqc",
    "version": "23.0.0",
    "webapi_port": null,
    "webapi_url": "https://mriqc.nimh.nih.gov/api/v1"
  },
  "size_t": 364,
  "size_x": 78,
  "size_y": 78,
  "size_z": 52,
  "snr": 6.893060107179267,
  "spacing_tr": 1.5,
  "spacing_x": 2.5,
  "spacing_y": 2.5,
  "spacing_z": 2.499999761581421,
  "summary_bg_k": 12.912322446815121,
  "summary_bg_mad": 14.45840572527409,
  "summary_bg_mean": 46.814613342285156,
  "summary_bg_median": 11.683402061462402,
  "summary_bg_n": 182285.0,
  "summary_bg_p05": 1.1649648666381838,
  "summary_bg_p95": 228.00516357421824,
  "summary_bg_stdv": 86.38307189941406,
  "summary_fg_k": 2.803345773278311,
  "summary_fg_mad": 103.8420602434299,
  "summary_fg_mean": 766.3960571289062,
  "summary_fg_median": 763.032958984375,
  "summary_fg_n": 76474.0,
  "summary_fg_p05": 611.2214965820312,
  "summary_fg_p95": 941.8552520751953,
  "summary_fg_stdv": 110.69509887695312,
  "tsnr": 68.59452056884766
}