{
  "aor": 0.001035828729281768,
  "aqi": 0.010419445082872928,
  "bids_meta": {
    "AcquisitionMatrixPE": 78,
    "AcquisitionNumber": 1,
    "AcquisitionTime": "12:27:53.177500",
    "BandwidthPerPixelPhaseEncode": 20.678,
    "BaseResolution": 78,
    "BodyPartExamined": "BRAIN",
    "ConsistencyInfo": "N4_VE11C_LATEST_20160120",
    "ConversionSoftware": "dcm2niix",
    "ConversionSoftwareVersion": "v1.0.20171215 GCC4.8.5",
    "DerivedVendorReportedEchoSpacing": 0.000620007,
    "DeviceSerialNumber": "45031",
    "DwellTime": 3.2e-06,
    "EchoTime": 0.032,
    "EchoTrainLength": 78,
    "EffectiveEchoSpacing": 0.000620007,
    "FlipAngle": 70,
    "ImageOrientationPatientDICOM": [
      0.995023,
      -0.0544365,
      0.0834678,
      0.052321,
      0.998256,
      0.0273285
    ],
    "ImageType": [
      "ORIGINAL",
      "PRIMARY",
      "M",
      "ND",
      "NORM",
      "MOSAIC"
    ],
    "InPlanePhaseEncodingDirectionDICOM": "COL",
    "InstitutionAddress": "Washington_and_Faculty_Rd._-_Building_25_25_Princeton_NJ_US_085",
    "InstitutionName": "Princeton_University_-_Neuroscience_Institute",
    "InstitutionalDepartmentName": "Department",
    "MRAcquisitionType": "2D",
    "MagneticFieldStrength": 3,
    "Manufacturer": "Siemens",
    "ManufacturersModelName": "Skyra",
    "Modality": "MR",
    "MultibandAccelerationFactor": 4,
    "PartialFourier": 1,
    "PatientPosition": "HFS",
    "PercentPhaseFOV": 100,
    "PhaseEncodingDirection": "j-",
    "PhaseEncodingSteps": 78,
    "PhaseResolution": 1,
    "PixelBandwidth": 2005,
    "ProcedureStepDescription": "TamirL_Mark",
    "ProtocolName": "EPI_2.5mm_1.5TR_32TE_SMS4_Siemens",
    "PulseSequenceDetails": "%SiemensSeq%_ep2d_bold",
    "ReceiveCoilActiveElements": "HC1-7",
    "ReceiveCoilName": "HeadNeck_64",
    "ReconMatrixPE": 78,
    "RepetitionTime": 1.5,
    "SAR": 0.0720139,
    "ScanOptions": "FS",
    "ScanningSequence": "EP",
    "SequenceName": "_epfid2d1_78",
    "SequenceVariant": "SK",
    "SeriesDescription": "EPI_2.5mm_1.5TR_32TE_SMS4_Siemens",
    "SeriesNumber": 9,
    "ShimSetting": [
      3431,
      8712,
      9348,
      623,
      -3,
      106,
      197,
      291
    ],
    "SliceThickness": 2.5,
    "SliceTiming": [
      0.6825,
      0,
      0.7975,
      0.115,
      0.91,
      0.2275,
      1.025,
      0.3425,
      1.14,
      0.455,
      1.2525,
      0.57,
      1.3675,
      0.6825,
      0,
      0.7975,
      0.115,
      0.91,
      0.2275,
      1.025,
      0.3425,
      1.14,
      0.455,
      1.2525,
      0.57,
      1.3675,
      0.6825,
      0,
      0.7975,
      0.115,
      0.91,
      0.2275,
      1.025,
      0.3425,
      1.14,
      0.455,
      1.2525,
      0.57,
      1.3675,
      0.6825,
      0,
      0.7975,
      0.115,
      0.91,
      0.2275,
      1.025,
      0.3425,
      1.14,
      0.455,
      1.2525,
      0.57,
      1.3675
    ],
    "SoftwareVersions": "syngo_MR_E11",
    "SpacingBetweenSlices": 2.5,
    "StationName": "AWP45031",
    "TaskName": "sitrep",
    "TotalReadoutTime": 0.0477406,
    "TxRefAmp": 296.451,
    "dataset": "ds004226",
    "modality": "bold",
    "run_id": 1,
    "subject_id": "019",
    "task_id": "sitrep"
  },
  "dummy_trs": 2,
  "dvars_nstd": 26.812814194819982,
  "dvars_std": 1.2401337601662041,
  "dvars_vstd": 1.008591689556787,
  "efc": 0.5682175675608451,
  "fber": 4769.3759765625,
  "fd_mean": 0.102979881406293,
  "fd_num": 4,
  "fd_perc": 1.1049723756906078,
  "fwhm_avg": 1.7374120544738823,
  "fwhm_x": 1.6126,
  "fwhm_y": 1.886036,
  "fwhm_z": 1.7136001634216464,
  "gcor": 0.0131089,
  "gsr_x": -0.009551863186061382,
  "gsr_y": 0.047825951129198074,
  "provenance": {
    "md5sum": "094807e05730f0b89f11455cebd668b5",
    "settings": {
      "fd_thres": 0.2,
      "testing": false
    },
    "software": "mriqc",
    "version": "23.0.0",
    "webapi_port": null,
    "webapi_url": "https://mriqc.nimh.nih.gov/api/v1"
  },
  "size_t": 362,
  "size_x": 78,
  "size_y": 78,
  "size_z": 52,
  "snr": 6.946629844924133,
  "spacing_tr": 1.5,
  "spacing_x": 2.5,
  "spacing_y": 2.5,
  "spacing_z": 2.499999761581421,
  "summary_bg_k": 14.030111713622158,
  "summary_bg_mad": 13.49043862554996,
  "summary_bg_mean": 44.6218147277832,
  "summary_bg_median": 10.849334716796875,
  "summary_bg_n": 182134.0,
  "summary_bg_p05": 1.0635924279689788,
  "summary_bg_p95": 217.39423904418945,
  "summary_bg_stdv": 84.3743896484375,
  "summary_fg_k": 2.353738701042782,
  "summary_fg_mad": 106.27092536470118,
  "summary_fg_mean": 780.2542724609375,
  "summary_fg_median": 776.8902587890625,
  "summary_fg_n": 76682.0,
  "summary_fg_p05": 620.0001739501953,
  "summary_fg_p95": 959.1674072265624,
  "summary_fg_stdv": 111.83627319335938,
  "tsnr": 61.68260955810547
}