{
  "aor": 0.0006601923076923077,
  "aqi": 0.008997843598901099,
  "bids_meta": {
    "AcquisitionMatrixPE": 78,
    "AcquisitionNumber": 1,
    "AcquisitionTime": "13:45:40.712500",
    "BandwidthPerPixelPhaseEncode": 20.678,
    "BaseResolution": 78,
    "BodyPartExamined": "BRAIN",
    "ConsistencyInfo": "N4_VE11C_LATEST_20160120",
    "ConversionSoftware": "dcm2niix",
    "ConversionSoftwareVersion": "v1.0.20171215 GCC4.8.5",
    "DerivedVendorReportedEchoSpacing": 0.000620007,
    "DeviceSerialNumber": "45031",
    "DwellTime": 3.2e-06,
    "EchoTime": 0.032,
    "EchoTrainLength": 78,
    "EffectiveEchoSpacing": 0.000620007,
    "FlipAngle": 70,
    "ImageOrientationPatientDICOM": [
      0.995023,
      -0.0544365,
      0.0834678,
      0.052321,
      0.998256,
      0.0273285
    ],
    "ImageType": [
      "ORIGINAL",
      "PRIMARY",
      "M",
      "ND",
      "NORM",
      "MOSAIC"
    ],
    "InPlanePhaseEncodingDirectionDICOM": "COL",
    "InstitutionAddress": "Washington_and_Faculty_Rd._-_Building_25_25_Princeton_NJ_US_085",
    "InstitutionName": "Princeton_University_-_Neuroscience_Institute",
    "InstitutionalDepartmentName": "Department",
    "MRAcquisitionType": "2D",
    "MagneticFieldStrength": 3,
    "Manufacturer": "Siemens",
    "ManufacturersModelName": "Skyra",
    "Modality": "MR",
    "MultibandAccelerationFactor": 4,
    "PartialFourier": 1,
    "PatientPosition": "HFS",
    "PercentPhaseFOV": 100,
    "PhaseEncodingDirection": "j-",
    "PhaseEncodingSteps": 78,
    "PhaseResolution": 1,
    "PixelBandwidth": 2005,
    "ProcedureStepDescription": "TamirL_Mark",
    "ProtocolName": "EPI_2.5mm_1.5TR_32TE_SMS4_Siemens",
    "PulseSequenceDetails": "%SiemensSeq%_ep2d_bold",
    "ReceiveCoilActiveElements": "HC1-7",
    "ReceiveCoilName": "HeadNeck_64",
    "ReconMatrixPE": 78,
    "RepetitionTime": 1.5,
    "SAR": 0.0720139,
    "ScanOptions": "FS",
    "ScanningSequence": "EP",
    "SequenceName": "_epfid2d1_78",
    "SequenceVariant": "SK",
    "SeriesDescription": "EPI_2.5mm_1.5TR_32TE_SMS4_Siemens",
    "SeriesNumber": 17,
    "ShimSetting": [
      3431,
      8712,
      9348,
      623,
      -3,
      106,
      197,
      291
    ],
    "SliceThickness": 2.5,
    "SliceTiming": [
      0.685,
      0,
      0.7975,
      0.115,
      0.9125,
      0.2275,
      1.025,
      0.3425,
      1.14,
      0.4575,
      1.2525,
      0.57,
      1.3675,
      0.685,
      0,
      0.7975,
      0.115,
      0.9125,
      0.2275,
      1.025,
      0.3425,
      1.14,
      0.4575,
      1.2525,
      0.57,
      1.3675,
      0.685,
      0,
      0.7975,
      0.115,
      0.9125,
      0.2275,
      1.025,
      0.3425,
      1.14,
      0.4575,
      1.2525,
      0.57,
      1.3675,
      0.685,
      0,
      0.7975,
      0.115,
      0.9125,
      0.2275,
      1.025,
      0.3425,
      1.14,
      0.4575,
      1.2525,
      0.57,
      1.3675
    ],
    "SoftwareVersions": "syngo_MR_E11",
    "SpacingBetweenSlices": 2.5,
    "StationName": "AWP45031",
    "TaskName": "sitrep",
    "TotalReadoutTime": 0.0477406,
    "TxRefAmp": 296.451,
    "dataset": "ds004226",
    "modality": "bold",
    "run_id": 9,
    "subject_id": "019",
    "task_id": "sitrep"
  },
  "dummy_trs": 0,
  "dvars_nstd": 26.296999702617086,
  "dvars_std": 1.2213866084848493,
  "dvars_vstd": 1.002732755647383,
  "efc": 0.5721596648156649,
  "fber": 3961.9189453125,
  "fd_mean": 0.10310010702098028,
  "fd_num": 1,
  "fd_perc": 0.27472527472527475,
  "fwhm_avg": 1.7122827203309428,
  "fwhm_x": 1.597556,
  "fwhm_y": 1.8511600000000001,
  "fwhm_z": 1.6881321609928284,
  "gcor": 0.011481,
  "gsr_x": -0.00875862780958414,
  "gsr_y": 0.042130257934331894,
  "provenance": {
    "md5sum": "97ed4544f4fe6a591c3be701f1af313d",
    "settings": {
      "fd_thres": 0.2,
      "testing": false
    },
    "software": "mriqc",
    "version": "23.0.0",
    "webapi_port": null,
    "webapi_url": "https://mriqc.nimh.nih.gov/api/v1"
  },
  "size_t": 364,
  "size_x": 78,
  "size_y": 78,
  "size_z": 52,
  "snr": 6.897517338687023,
  "spacing_tr": 1.5,
  "spacing_x": 2.5,
  "spacing_y": 2.5,
  "spacing_z": 2.499999761581421,
  "summary_bg_k": 12.699420867112002,
  "summary_bg_mad": 14.635952677072922,
  "summary_bg_mean": 47.10425567626953,
  "summary_bg_median": 11.731586456298828,
  "summary_bg_n": 182255.0,
  "summary_bg_p05": 1.1280255436897277,
  "summary_bg_p95": 229.35398254394528,
  "summary_bg_stdv": 86.75416564941406,
  "summary_fg_k": 2.7607634794802793,
  "summary_fg_mad": 104.4097998869177,
  "summary_fg_mean": 767.7617797851562,
  "summary_fg_median": 764.4408569335938,
  "summary_fg_n": 76516.0,
  "summary_fg_p05": 611.8233032226562,
  "summary_fg_p95": 943.5959167480469,
  "summary_fg_stdv": 110.82768249511719,
  "tsnr": 65.14569091796875
}