{
  "aor": 0.0005915193370165746,
  "aqi": 0.008433521657458563,
  "bids_meta": {
    "AcquisitionMatrixPE": 78,
    "AcquisitionNumber": 1,
    "AcquisitionTime": "14:54:11.822500",
    "BandwidthPerPixelPhaseEncode": 20.678,
    "BaseResolution": 78,
    "BodyPartExamined": "BRAIN",
    "ConsistencyInfo": "N4_VE11C_LATEST_20160120",
    "ConversionSoftware": "dcm2niix",
    "ConversionSoftwareVersion": "v1.0.20171215 GCC4.8.5",
    "DerivedVendorReportedEchoSpacing": 0.000620007,
    "DeviceSerialNumber": "45031",
    "DwellTime": 3.2e-06,
    "EchoTime": 0.032,
    "EchoTrainLength": 78,
    "EffectiveEchoSpacing": 0.000620007,
    "FlipAngle": 70,
    "ImageOrientationPatientDICOM": [
      0.999568,
      -0.0121038,
      -0.0267768,
      0.0150044,
      0.993715,
      0.110926
    ],
    "ImageType": [
      "ORIGINAL",
      "PRIMARY",
      "M",
      "ND",
      "NORM",
      "MOSAIC"
    ],
    "InPlanePhaseEncodingDirectionDICOM": "COL",
    "InstitutionAddress": "Washington_and_Faculty_Rd._-_Building_25_25_Princeton_NJ_US_085",
    "InstitutionName": "Princeton_University_-_Neuroscience_Institute",
    "InstitutionalDepartmentName": "Department",
    "MRAcquisitionType": "2D",
    "MagneticFieldStrength": 3,
    "Manufacturer": "Siemens",
    "ManufacturersModelName": "Skyra",
    "Modality": "MR",
    "MultibandAccelerationFactor": 4,
    "PartialFourier": 1,
    "PatientPosition": "HFS",
    "PercentPhaseFOV": 100,
    "PhaseEncodingDirection": "j-",
    "PhaseEncodingSteps": 78,
    "PhaseResolution": 1,
    "PixelBandwidth": 2005,
    "ProcedureStepDescription": "TamirL_Mark",
    "ProtocolName": "EPI_2.5mm_1.5TR_32TE_SMS4_Siemens",
    "PulseSequenceDetails": "%SiemensSeq%_ep2d_bold",
    "ReceiveCoilActiveElements": "HC1-7",
    "ReceiveCoilName": "HeadNeck_64",
    "ReconMatrixPE": 78,
    "RepetitionTime": 1.5,
    "SAR": 0.0683468,
    "ScanOptions": "FS",
    "ScanningSequence": "EP",
    "SequenceName": "_epfid2d1_78",
    "SequenceVariant": "SK",
    "SeriesDescription": "EPI_2.5mm_1.5TR_32TE_SMS4_Siemens",
    "SeriesNumber": 13,
    "ShimSetting": [
      3363,
      8700,
      9319,
      552,
      60,
      -374,
      478,
      304
    ],
    "SliceThickness": 2.5,
    "SliceTiming": [
      0.6825,
      0,
      0.795,
      0.1125,
      0.91,
      0.2275,
      1.0225,
      0.34,
      1.1375,
      0.455,
      1.2525,
      0.5675,
      1.365,
      0.6825,
      0,
      0.795,
      0.1125,
      0.91,
      0.2275,
      1.0225,
      0.34,
      1.1375,
      0.455,
      1.2525,
      0.5675,
      1.365,
      0.6825,
      0,
      0.795,
      0.1125,
      0.91,
      0.2275,
      1.0225,
      0.34,
      1.1375,
      0.455,
      1.2525,
      0.5675,
      1.365,
      0.6825,
      0,
      0.795,
      0.1125,
      0.91,
      0.2275,
      1.0225,
      0.34,
      1.1375,
      0.455,
      1.2525,
      0.5675,
      1.365
    ],
    "SoftwareVersions": "syngo_MR_E11",
    "SpacingBetweenSlices": 2.5,
    "StationName": "AWP45031",
    "TaskName": "sitrep",
    "TotalReadoutTime": 0.0477406,
    "TxRefAmp": 310.255,
    "dataset": "ds004226",
    "modality": "bold",
    "run_id": 5,
    "subject_id": "031",
    "task_id": "sitrep"
  },
  "dummy_trs": 2,
  "dvars_nstd": 36.35815127468144,
  "dvars_std": 1.4325754359279792,
  "dvars_vstd": 1.0102689397783933,
  "efc": 0.5937474120685029,
  "fber": 2810.72509765625,
  "fd_mean": 0.0979424647039867,
  "fd_num": 9,
  "fd_perc": 2.4861878453038675,
  "fwhm_avg": 1.7458066666666667,
  "fwhm_x": 1.6491320000000003,
  "fwhm_y": 1.888768,
  "fwhm_z": 1.6995200000000001,
  "gcor": 0.020981,
  "gsr_x": -0.020388202741742134,
  "gsr_y": 0.04630479961633682,
  "provenance": {
    "md5sum": "c064f86d122ef78f063707af4cf8808d",
    "settings": {
      "fd_thres": 0.2,
      "testing": false
    },
    "software": "mriqc",
    "version": "23.0.0",
    "webapi_port": null,
    "webapi_url": "https://mriqc.nimh.nih.gov/api/v1"
  },
  "size_t": 362,
  "size_x": 78,
  "size_y": 78,
  "size_z": 52,
  "snr": 6.377203952906149,
  "spacing_tr": 1.5,
  "spacing_x": 2.5,
  "spacing_y": 2.5,
  "spacing_z": 2.5,
  "summary_bg_k": 13.551358028402873,
  "summary_bg_mad": 16.682770874540537,
  "summary_bg_mean": 43.63527297973633,
  "summary_bg_median": 13.565535545349121,
  "summary_bg_n": 171799.0,
  "summary_bg_p05": 1.4100951671600341,
  "summary_bg_p95": 192.54504699707041,
  "summary_bg_stdv": 74.8397216796875,
  "summary_fg_k": 1.5045112303844794,
  "summary_fg_mad": 114.36406574643135,
  "summary_fg_mean": 765.7322998046875,
  "summary_fg_median": 761.9135131835938,
  "summary_fg_n": 86045.0,
  "summary_fg_p05": 591.3032836914062,
  "summary_fg_p95": 964.3367431640626,
  "summary_fg_stdv": 119.47384643554688,
  "tsnr": 65.25537109375
}