{
  "aor": 0.0002508815426997245,
  "aqi": 0.01785008782369146,
  "bids_meta": {
    "AcquisitionMatrixPE": 78,
    "AcquisitionNumber": 1,
    "AcquisitionTime": "14:14:23.505000",
    "BandwidthPerPixelPhaseEncode": 20.678,
    "BaseResolution": 78,
    "BodyPartExamined": "BRAIN",
    "ConsistencyInfo": "N4_VE11C_LATEST_20160120",
    "ConversionSoftware": "dcm2niix",
    "ConversionSoftwareVersion": "v1.0.20171215 GCC4.8.5",
    "DerivedVendorReportedEchoSpacing": 0.000620007,
    "DeviceSerialNumber": "45031",
    "DwellTime": 3.2e-06,
    "EchoTime": 0.032,
    "EchoTrainLength": 78,
    "EffectiveEchoSpacing": 0.000620007,
    "FlipAngle": 70,
    "ImageOrientationPatientDICOM": [
      0.999568,
      -0.0121038,
      -0.0267768,
      0.0150044,
      0.993715,
      0.110926
    ],
    "ImageType": [
      "ORIGINAL",
      "PRIMARY",
      "M",
      "ND",
      "NORM",
      "MOSAIC"
    ],
    "InPlanePhaseEncodingDirectionDICOM": "COL",
    "InstitutionAddress": "Washington_and_Faculty_Rd._-_Building_25_25_Princeton_NJ_US_085",
    "InstitutionName": "Princeton_University_-_Neuroscience_Institute",
    "InstitutionalDepartmentName": "Department",
    "MRAcquisitionType": "2D",
    "MagneticFieldStrength": 3,
    "Manufacturer": "Siemens",
    "ManufacturersModelName": "Skyra",
    "Modality": "MR",
    "MultibandAccelerationFactor": 4,
    "PartialFourier": 1,
    "PatientPosition": "HFS",
    "PercentPhaseFOV": 100,
    "PhaseEncodingDirection": "j-",
    "PhaseEncodingSteps": 78,
    "PhaseResolution": 1,
    "PixelBandwidth": 2005,
    "ProcedureStepDescription": "TamirL_Mark",
    "ProtocolName": "EPI_2.5mm_1.5TR_32TE_SMS4_Siemens",
    "PulseSequenceDetails": "%SiemensSeq%_ep2d_bold",
    "ReceiveCoilActiveElements": "HC1-7",
    "ReceiveCoilName": "HeadNeck_64",
    "ReconMatrixPE": 78,
    "RepetitionTime": 1.5,
    "SAR": 0.0683468,
    "ScanOptions": "FS",
    "ScanningSequence": "EP",
    "SequenceName": "_epfid2d1_78",
    "SequenceVariant": "SK",
    "SeriesDescription": "EPI_2.5mm_1.5TR_32TE_SMS4_Siemens",
    "SeriesNumber": 9,
    "ShimSetting": [
      3363,
      8700,
      9319,
      552,
      60,
      -374,
      478,
      304
    ],
    "SliceThickness": 2.5,
    "SliceTiming": [
      0.6825,
      0,
      0.7975,
      0.115,
      0.9125,
      0.2275,
      1.025,
      0.3425,
      1.14,
      0.455,
      1.2525,
      0.57,
      1.3675,
      0.6825,
      0,
      0.7975,
      0.115,
      0.9125,
      0.2275,
      1.025,
      0.3425,
      1.14,
      0.455,
      1.2525,
      0.57,
      1.3675,
      0.6825,
      0,
      0.7975,
      0.115,
      0.9125,
      0.2275,
      1.025,
      0.3425,
      1.14,
      0.455,
      1.2525,
      0.57,
      1.3675,
      0.6825,
      0,
      0.7975,
      0.115,
      0.9125,
      0.2275,
      1.025,
      0.3425,
      1.14,
      0.455,
      1.2525,
      0.57,
      1.3675
    ],
    "SoftwareVersions": "syngo_MR_E11",
    "SpacingBetweenSlices": 2.5,
    "StationName": "AWP45031",
    "TaskName": "sitrep",
    "TotalReadoutTime": 0.0477406,
    "TxRefAmp": 310.255,
    "dataset": "ds004226",
    "modality": "bold",
    "run_id": 1,
    "subject_id": "031",
    "task_id": "sitrep"
  },
  "dummy_trs": 1,
  "dvars_nstd": 36.59264898035911,
  "dvars_std": 1.3367691821546972,
  "dvars_vstd": 0.9459105613535906,
  "efc": 0.5922623010170788,
  "fber": 3062.394287109375,
  "fd_mean": 0.08804298332108976,
  "fd_num": 8,
  "fd_perc": 2.203856749311295,
  "fwhm_avg": 1.7836373333333333,
  "fwhm_x": 1.68554,
  "fwhm_y": 1.917908,
  "fwhm_z": 1.7474640000000001,
  "gcor": 0.0109001,
  "gsr_x": -0.02062019146978855,
  "gsr_y": 0.046302732080221176,
  "provenance": {
    "md5sum": "a963490a5d2f0dc93cbf064b67c5c3fb",
    "settings": {
      "fd_thres": 0.2,
      "testing": false
    },
    "software": "mriqc",
    "version": "23.0.0",
    "webapi_port": null,
    "webapi_url": "https://mriqc.nimh.nih.gov/api/v1"
  },
  "size_t": 363,
  "size_x": 78,
  "size_y": 78,
  "size_z": 52,
  "snr": 6.390724856215201,
  "spacing_tr": 1.5,
  "spacing_x": 2.5,
  "spacing_y": 2.5,
  "spacing_z": 2.5,
  "summary_bg_k": 14.54108033962633,
  "summary_bg_mad": 16.13588106705829,
  "summary_bg_mean": 42.618675231933594,
  "summary_bg_median": 13.090812683105469,
  "summary_bg_n": 171604.0,
  "summary_bg_p05": 1.3500962972640989,
  "summary_bg_p95": 186.7974174499512,
  "summary_bg_stdv": 74.46694946289062,
  "summary_fg_k": 1.33194527740564,
  "summary_fg_mad": 115.54225671841274,
  "summary_fg_mean": 773.532958984375,
  "summary_fg_median": 768.4185791015625,
  "summary_fg_n": 86010.0,
  "summary_fg_p05": 596.5184875488281,
  "summary_fg_p95": 974.0895568847657,
  "summary_fg_stdv": 120.23896026611328,
  "tsnr": 46.88105773925781
}