{
  "aor": 0.0006787327823691461,
  "aqi": 0.018422288319559228,
  "bids_meta": {
    "AcquisitionMatrixPE": 78,
    "AcquisitionNumber": 1,
    "AcquisitionTime": "16:04:59.422500",
    "BandwidthPerPixelPhaseEncode": 20.678,
    "BaseResolution": 78,
    "BodyPartExamined": "BRAIN",
    "ConsistencyInfo": "N4_VE11C_LATEST_20160120",
    "ConversionSoftware": "dcm2niix",
    "ConversionSoftwareVersion": "v1.0.20171215 GCC4.8.5",
    "DerivedVendorReportedEchoSpacing": 0.000620007,
    "DeviceSerialNumber": "45031",
    "DwellTime": 3.2e-06,
    "EchoTime": 0.032,
    "EchoTrainLength": 78,
    "EffectiveEchoSpacing": 0.000620007,
    "FlipAngle": 70,
    "ImageOrientationPatientDICOM": [
      0.99935,
      0.027155,
      -0.0236903,
      -0.0286126,
      0.99757,
      -0.0635279
    ],
    "ImageType": [
      "ORIGINAL",
      "PRIMARY",
      "M",
      "ND",
      "NORM",
      "MOSAIC"
    ],
    "InPlanePhaseEncodingDirectionDICOM": "COL",
    "InstitutionAddress": "Washington_and_Faculty_Rd._-_Building_25_25_Princeton_NJ_US_085",
    "InstitutionName": "Princeton_University_-_Neuroscience_Institute",
    "InstitutionalDepartmentName": "Department",
    "MRAcquisitionType": "2D",
    "MagneticFieldStrength": 3,
    "Manufacturer": "Siemens",
    "ManufacturersModelName": "Skyra",
    "Modality": "MR",
    "MultibandAccelerationFactor": 4,
    "PartialFourier": 1,
    "PatientPosition": "HFS",
    "PercentPhaseFOV": 100,
    "PhaseEncodingDirection": "j-",
    "PhaseEncodingSteps": 78,
    "PhaseResolution": 1,
    "PixelBandwidth": 2005,
    "ProcedureStepDescription": "TamirL_Mark",
    "ProtocolName": "EPI_2.5mm_1.5TR_32TE_SMS4_Siemens",
    "PulseSequenceDetails": "%SiemensSeq%_ep2d_bold",
    "ReceiveCoilActiveElements": "HC1-7",
    "ReceiveCoilName": "HeadNeck_64",
    "ReconMatrixPE": 78,
    "RepetitionTime": 1.5,
    "SAR": 0.0549176,
    "ScanOptions": "FS",
    "ScanningSequence": "EP",
    "SequenceName": "_epfid2d1_78",
    "SequenceVariant": "SK",
    "SeriesDescription": "EPI_2.5mm_1.5TR_32TE_SMS4_Siemens",
    "SeriesNumber": 9,
    "ShimSetting": [
      3394,
      8735,
      9256,
      688,
      14,
      51,
      323,
      296
    ],
    "SliceThickness": 2.5,
    "SliceTiming": [
      0.685,
      0,
      0.7975,
      0.115,
      0.9125,
      0.2275,
      1.025,
      0.3425,
      1.14,
      0.455,
      1.2525,
      0.57,
      1.3675,
      0.685,
      0,
      0.7975,
      0.115,
      0.9125,
      0.2275,
      1.025,
      0.3425,
      1.14,
      0.455,
      1.2525,
      0.57,
      1.3675,
      0.685,
      0,
      0.7975,
      0.115,
      0.9125,
      0.2275,
      1.025,
      0.3425,
      1.14,
      0.455,
      1.2525,
      0.57,
      1.3675,
      0.685,
      0,
      0.7975,
      0.115,
      0.9125,
      0.2275,
      1.025,
      0.3425,
      1.14,
      0.455,
      1.2525,
      0.57,
      1.3675
    ],
    "SoftwareVersions": "syngo_MR_E11",
    "SpacingBetweenSlices": 2.5,
    "StationName": "AWP45031",
    "TaskName": "sitrep",
    "TotalReadoutTime": 0.0477406,
    "TxRefAmp": 300.633,
    "dataset": "ds004226",
    "modality": "bold",
    "run_id": 1,
    "subject_id": "035",
    "task_id": "sitrep"
  },
  "dummy_trs": 1,
  "dvars_nstd": 30.027315355828733,
  "dvars_std": 1.2261041190055249,
  "dvars_vstd": 0.9421331069337018,
  "efc": 0.5739295832343312,
  "fber": 4795.974609375,
  "fd_mean": 0.15646060332226444,
  "fd_num": 82,
  "fd_perc": 22.58953168044077,
  "fwhm_avg": 1.71148,
  "fwhm_x": 1.591336,
  "fwhm_y": 1.82656,
  "fwhm_z": 1.716544,
  "gcor": 0.0165499,
  "gsr_x": -0.013683957047760487,
  "gsr_y": 0.04725149646401405,
  "provenance": {
    "md5sum": "d6682d9e4377ec9590fd6a2cabc4ed4b",
    "settings": {
      "fd_thres": 0.2,
      "testing": false
    },
    "software": "mriqc",
    "version": "23.0.0",
    "webapi_port": null,
    "webapi_url": "https://mriqc.nimh.nih.gov/api/v1"
  },
  "size_t": 363,
  "size_x": 78,
  "size_y": 78,
  "size_z": 52,
  "snr": 6.789737136660442,
  "spacing_tr": 1.5,
  "spacing_x": 2.5,
  "spacing_y": 2.5,
  "spacing_z": 2.5,
  "summary_bg_k": 14.89795827477564,
  "summary_bg_mad": 12.616473499877745,
  "summary_bg_mean": 39.792747497558594,
  "summary_bg_median": 10.032559394836426,
  "summary_bg_n": 179423.0,
  "summary_bg_p05": 0.9422856748104096,
  "summary_bg_p95": 180.84226074218745,
  "summary_bg_stdv": 73.26821899414062,
  "summary_fg_k": 1.485501333910916,
  "summary_fg_mad": 103.5346627985896,
  "summary_fg_mean": 728.3196411132812,
  "summary_fg_median": 722.3717651367188,
  "summary_fg_n": 79583.0,
  "summary_fg_p05": 573.9897583007812,
  "summary_fg_p95": 905.6660644531249,
  "summary_fg_stdv": 106.39104461669922,
  "tsnr": 47.170928955078125
}