{
  "aor": 0.005507802197802198,
  "aqi": 0.015505414615384613,
  "bids_meta": {
    "AcquisitionMatrixPE": 78,
    "AcquisitionNumber": 1,
    "AcquisitionTime": "12:03:55.742500",
    "BandwidthPerPixelPhaseEncode": 20.678,
    "BaseResolution": 78,
    "BodyPartExamined": "BRAIN",
    "ConsistencyInfo": "N4_VE11C_LATEST_20160120",
    "ConversionSoftware": "dcm2niix",
    "ConversionSoftwareVersion": "v1.0.20171215 GCC4.8.5",
    "DerivedVendorReportedEchoSpacing": 0.000620007,
    "DeviceSerialNumber": "45031",
    "DwellTime": 3.2e-06,
    "EchoTime": 0.032,
    "EchoTrainLength": 78,
    "EffectiveEchoSpacing": 0.000620007,
    "FlipAngle": 70,
    "ImageOrientationPatientDICOM": [
      0.998334,
      0.0496188,
      0.0294647,
      -0.050224,
      0.998534,
      0.0201675
    ],
    "ImageType": [
      "ORIGINAL",
      "PRIMARY",
      "M",
      "ND",
      "NORM",
      "MOSAIC"
    ],
    "InPlanePhaseEncodingDirectionDICOM": "COL",
    "InstitutionAddress": "Washington_and_Faculty_Rd._-_Building_25_25_Princeton_NJ_US_085",
    "InstitutionName": "Princeton_University_-_Neuroscience_Institute",
    "InstitutionalDepartmentName": "Department",
    "MRAcquisitionType": "2D",
    "MagneticFieldStrength": 3,
    "Manufacturer": "Siemens",
    "ManufacturersModelName": "Skyra",
    "Modality": "MR",
    "MultibandAccelerationFactor": 4,
    "PartialFourier": 1,
    "PatientPosition": "HFS",
    "PercentPhaseFOV": 100,
    "PhaseEncodingDirection": "j-",
    "PhaseEncodingSteps": 78,
    "PhaseResolution": 1,
    "PixelBandwidth": 2005,
    "ProcedureStepDescription": "TamirL_Mark",
    "ProtocolName": "EPI_2.5mm_1.5TR_32TE_SMS4_Siemens",
    "PulseSequenceDetails": "%SiemensSeq%_ep2d_bold",
    "ReceiveCoilActiveElements": "HC1-7",
    "ReceiveCoilName": "HeadNeck_64",
    "ReconMatrixPE": 78,
    "RepetitionTime": 1.5,
    "SAR": 0.0607001,
    "ScanOptions": "FS",
    "ScanningSequence": "EP",
    "SequenceName": "_epfid2d1_78",
    "SequenceVariant": "SK",
    "SeriesDescription": "EPI_2.5mm_1.5TR_32TE_SMS4_Siemens",
    "SeriesNumber": 14,
    "ShimSetting": [
      3377,
      8776,
      9205,
      562,
      91,
      167,
      215,
      109
    ],
    "SliceThickness": 2.5,
    "SliceTiming": [
      0.6825,
      0,
      0.7975,
      0.1125,
      0.91,
      0.2275,
      1.025,
      0.34,
      1.1375,
      0.455,
      1.2525,
      0.5675,
      1.365,
      0.6825,
      0,
      0.7975,
      0.1125,
      0.91,
      0.2275,
      1.025,
      0.34,
      1.1375,
      0.455,
      1.2525,
      0.5675,
      1.365,
      0.6825,
      0,
      0.7975,
      0.1125,
      0.91,
      0.2275,
      1.025,
      0.34,
      1.1375,
      0.455,
      1.2525,
      0.5675,
      1.365,
      0.6825,
      0,
      0.7975,
      0.1125,
      0.91,
      0.2275,
      1.025,
      0.34,
      1.1375,
      0.455,
      1.2525,
      0.5675,
      1.365
    ],
    "SoftwareVersions": "syngo_MR_E11",
    "SpacingBetweenSlices": 2.5,
    "StationName": "AWP45031",
    "TaskName": "sitrep",
    "TotalReadoutTime": 0.0477406,
    "TxRefAmp": 303.121,
    "dataset": "ds004226",
    "modality": "bold",
    "run_id": 6,
    "subject_id": "034",
    "task_id": "sitrep"
  },
  "dummy_trs": 0,
  "dvars_nstd": 33.03773048752067,
  "dvars_std": 1.3564061034986237,
  "dvars_vstd": 1.0689628642975209,
  "efc": 0.6020721497668947,
  "fber": 3724.156005859375,
  "fd_mean": 0.14416040808567757,
  "fd_num": 66,
  "fd_perc": 18.13186813186813,
  "fwhm_avg": 1.7173133333333332,
  "fwhm_x": 1.6157119999999998,
  "fwhm_y": 1.90248,
  "fwhm_z": 1.633748,
  "gcor": 0.0201308,
  "gsr_x": -0.01552243810147047,
  "gsr_y": 0.06272891163825989,
  "provenance": {
    "md5sum": "3733a46b9d4a38ca985a83434c910faf",
    "settings": {
      "fd_thres": 0.2,
      "testing": false
    },
    "software": "mriqc",
    "version": "23.0.0",
    "webapi_port": null,
    "webapi_url": "https://mriqc.nimh.nih.gov/api/v1"
  },
  "size_t": 364,
  "size_x": 78,
  "size_y": 78,
  "size_z": 52,
  "snr": 7.206164843036925,
  "spacing_tr": 1.5,
  "spacing_x": 2.5,
  "spacing_y": 2.5,
  "spacing_z": 2.5,
  "summary_bg_k": 9.852195549773901,
  "summary_bg_mad": 14.815691469450405,
  "summary_bg_mean": 50.806087493896484,
  "summary_bg_median": 11.867386817932129,
  "summary_bg_n": 171490.0,
  "summary_bg_p05": 1.2035445094108583,
  "summary_bg_p95": 238.87682189941384,
  "summary_bg_stdv": 87.74368286132812,
  "summary_fg_k": 3.357751585650223,
  "summary_fg_mad": 95.78466375063465,
  "summary_fg_mean": 763.4010009765625,
  "summary_fg_median": 761.0380249023438,
  "summary_fg_n": 85266.0,
  "summary_fg_p05": 612.2078094482422,
  "summary_fg_p95": 929.0166778564453,
  "summary_fg_stdv": 105.60868072509766,
  "tsnr": 52.114112854003906
}