{
  "aor": 0.002640054945054945,
  "aqi": 0.022149201978021976,
  "bids_meta": {
    "AcquisitionMatrixPE": 78,
    "AcquisitionNumber": 1,
    "AcquisitionTime": "12:13:40.047500",
    "BandwidthPerPixelPhaseEncode": 20.678,
    "BaseResolution": 78,
    "BodyPartExamined": "BRAIN",
    "ConsistencyInfo": "N4_VE11C_LATEST_20160120",
    "ConversionSoftware": "dcm2niix",
    "ConversionSoftwareVersion": "v1.0.20171215 GCC4.8.5",
    "DerivedVendorReportedEchoSpacing": 0.000620007,
    "DeviceSerialNumber": "45031",
    "DwellTime": 3.2e-06,
    "EchoTime": 0.032,
    "EchoTrainLength": 78,
    "EffectiveEchoSpacing": 0.000620007,
    "FlipAngle": 70,
    "ImageOrientationPatientDICOM": [
      0.998334,
      0.0496188,
      0.0294647,
      -0.050224,
      0.998534,
      0.0201675
    ],
    "ImageType": [
      "ORIGINAL",
      "PRIMARY",
      "M",
      "ND",
      "NORM",
      "MOSAIC"
    ],
    "InPlanePhaseEncodingDirectionDICOM": "COL",
    "InstitutionAddress": "Washington_and_Faculty_Rd._-_Building_25_25_Princeton_NJ_US_085",
    "InstitutionName": "Princeton_University_-_Neuroscience_Institute",
    "InstitutionalDepartmentName": "Department",
    "MRAcquisitionType": "2D",
    "MagneticFieldStrength": 3,
    "Manufacturer": "Siemens",
    "ManufacturersModelName": "Skyra",
    "Modality": "MR",
    "MultibandAccelerationFactor": 4,
    "PartialFourier": 1,
    "PatientPosition": "HFS",
    "PercentPhaseFOV": 100,
    "PhaseEncodingDirection": "j-",
    "PhaseEncodingSteps": 78,
    "PhaseResolution": 1,
    "PixelBandwidth": 2005,
    "ProcedureStepDescription": "TamirL_Mark",
    "ProtocolName": "EPI_2.5mm_1.5TR_32TE_SMS4_Siemens",
    "PulseSequenceDetails": "%SiemensSeq%_ep2d_bold",
    "ReceiveCoilActiveElements": "HC1-7",
    "ReceiveCoilName": "HeadNeck_64",
    "ReconMatrixPE": 78,
    "RepetitionTime": 1.5,
    "SAR": 0.0607001,
    "ScanOptions": "FS",
    "ScanningSequence": "EP",
    "SequenceName": "_epfid2d1_78",
    "SequenceVariant": "SK",
    "SeriesDescription": "EPI_2.5mm_1.5TR_32TE_SMS4_Siemens",
    "SeriesNumber": 15,
    "ShimSetting": [
      3377,
      8776,
      9205,
      562,
      91,
      167,
      215,
      109
    ],
    "SliceThickness": 2.5,
    "SliceTiming": [
      0.6825,
      0,
      0.795,
      0.1125,
      0.91,
      0.2275,
      1.025,
      0.34,
      1.1375,
      0.455,
      1.2525,
      0.5675,
      1.365,
      0.6825,
      0,
      0.795,
      0.1125,
      0.91,
      0.2275,
      1.025,
      0.34,
      1.1375,
      0.455,
      1.2525,
      0.5675,
      1.365,
      0.6825,
      0,
      0.795,
      0.1125,
      0.91,
      0.2275,
      1.025,
      0.34,
      1.1375,
      0.455,
      1.2525,
      0.5675,
      1.365,
      0.6825,
      0,
      0.795,
      0.1125,
      0.91,
      0.2275,
      1.025,
      0.34,
      1.1375,
      0.455,
      1.2525,
      0.5675,
      1.365
    ],
    "SoftwareVersions": "syngo_MR_E11",
    "SpacingBetweenSlices": 2.5,
    "StationName": "AWP45031",
    "TaskName": "sitrep",
    "TotalReadoutTime": 0.0477406,
    "TxRefAmp": 303.121,
    "dataset": "ds004226",
    "modality": "bold",
    "run_id": 7,
    "subject_id": "034",
    "task_id": "sitrep"
  },
  "dummy_trs": 0,
  "dvars_nstd": 33.44132044049589,
  "dvars_std": 1.2418456107713496,
  "dvars_vstd": 0.9873191393939384,
  "efc": 0.60163900951332,
  "fber": 3728.6806640625,
  "fd_mean": 0.1742309245480349,
  "fd_num": 112,
  "fd_perc": 30.76923076923077,
  "fwhm_avg": 1.7495840000000003,
  "fwhm_x": 1.666956,
  "fwhm_y": 1.968772,
  "fwhm_z": 1.613024,
  "gcor": 0.0246083,
  "gsr_x": -0.015220973640680313,
  "gsr_y": 0.06353047490119934,
  "provenance": {
    "md5sum": "bd2063a01c43f175dc179d5de0f4a5f9",
    "settings": {
      "fd_thres": 0.2,
      "testing": false
    },
    "software": "mriqc",
    "version": "23.0.0",
    "webapi_port": null,
    "webapi_url": "https://mriqc.nimh.nih.gov/api/v1"
  },
  "size_t": 364,
  "size_x": 78,
  "size_y": 78,
  "size_z": 52,
  "snr": 7.109222334079387,
  "spacing_tr": 1.5,
  "spacing_x": 2.5,
  "spacing_y": 2.5,
  "spacing_z": 2.5,
  "summary_bg_k": 10.078904401196183,
  "summary_bg_mad": 14.962815023614517,
  "summary_bg_mean": 50.89250183105469,
  "summary_bg_median": 11.985760688781738,
  "summary_bg_n": 171559.0,
  "summary_bg_p05": 1.2256702303886413,
  "summary_bg_p95": 237.09765472412136,
  "summary_bg_stdv": 87.73902130126953,
  "summary_fg_k": 3.4745739810493887,
  "summary_fg_mad": 96.10341779816187,
  "summary_fg_mean": 762.228515625,
  "summary_fg_median": 760.1048583984375,
  "summary_fg_n": 85460.0,
  "summary_fg_p05": 609.6352111816407,
  "summary_fg_p95": 929.2004211425782,
  "summary_fg_stdv": 106.91751861572266,
  "tsnr": 44.046119689941406
}