{
  "aor": 0.0013403021978021978,
  "aqi": 0.01634901401098901,
  "bids_meta": {
    "AcquisitionMatrixPE": 78,
    "AcquisitionNumber": 1,
    "AcquisitionTime": "11:53:48.757500",
    "BandwidthPerPixelPhaseEncode": 20.678,
    "BaseResolution": 78,
    "BodyPartExamined": "BRAIN",
    "ConsistencyInfo": "N4_VE11C_LATEST_20160120",
    "ConversionSoftware": "dcm2niix",
    "ConversionSoftwareVersion": "v1.0.20171215 GCC4.8.5",
    "DerivedVendorReportedEchoSpacing": 0.000620007,
    "DeviceSerialNumber": "45031",
    "DwellTime": 3.2e-06,
    "EchoTime": 0.032,
    "EchoTrainLength": 78,
    "EffectiveEchoSpacing": 0.000620007,
    "FlipAngle": 70,
    "ImageOrientationPatientDICOM": [
      0.998334,
      0.0496188,
      0.0294647,
      -0.050224,
      0.998534,
      0.0201675
    ],
    "ImageType": [
      "ORIGINAL",
      "PRIMARY",
      "M",
      "ND",
      "NORM",
      "MOSAIC"
    ],
    "InPlanePhaseEncodingDirectionDICOM": "COL",
    "InstitutionAddress": "Washington_and_Faculty_Rd._-_Building_25_25_Princeton_NJ_US_085",
    "InstitutionName": "Princeton_University_-_Neuroscience_Institute",
    "InstitutionalDepartmentName": "Department",
    "MRAcquisitionType": "2D",
    "MagneticFieldStrength": 3,
    "Manufacturer": "Siemens",
    "ManufacturersModelName": "Skyra",
    "Modality": "MR",
    "MultibandAccelerationFactor": 4,
    "PartialFourier": 1,
    "PatientPosition": "HFS",
    "PercentPhaseFOV": 100,
    "PhaseEncodingDirection": "j-",
    "PhaseEncodingSteps": 78,
    "PhaseResolution": 1,
    "PixelBandwidth": 2005,
    "ProcedureStepDescription": "TamirL_Mark",
    "ProtocolName": "EPI_2.5mm_1.5TR_32TE_SMS4_Siemens",
    "PulseSequenceDetails": "%SiemensSeq%_ep2d_bold",
    "ReceiveCoilActiveElements": "HC1-7",
    "ReceiveCoilName": "HeadNeck_64",
    "ReconMatrixPE": 78,
    "RepetitionTime": 1.5,
    "SAR": 0.0607001,
    "ScanOptions": "FS",
    "ScanningSequence": "EP",
    "SequenceName": "_epfid2d1_78",
    "SequenceVariant": "SK",
    "SeriesDescription": "EPI_2.5mm_1.5TR_32TE_SMS4_Siemens",
    "SeriesNumber": 13,
    "ShimSetting": [
      3377,
      8776,
      9205,
      562,
      91,
      167,
      215,
      109
    ],
    "SliceThickness": 2.5,
    "SliceTiming": [
      0.685,
      0,
      0.7975,
      0.115,
      0.9125,
      0.23,
      1.025,
      0.3425,
      1.14,
      0.4575,
      1.2525,
      0.57,
      1.3675,
      0.685,
      0,
      0.7975,
      0.115,
      0.9125,
      0.23,
      1.025,
      0.3425,
      1.14,
      0.4575,
      1.2525,
      0.57,
      1.3675,
      0.685,
      0,
      0.7975,
      0.115,
      0.9125,
      0.23,
      1.025,
      0.3425,
      1.14,
      0.4575,
      1.2525,
      0.57,
      1.3675,
      0.685,
      0,
      0.7975,
      0.115,
      0.9125,
      0.23,
      1.025,
      0.3425,
      1.14,
      0.4575,
      1.2525,
      0.57,
      1.3675
    ],
    "SoftwareVersions": "syngo_MR_E11",
    "SpacingBetweenSlices": 2.5,
    "StationName": "AWP45031",
    "TaskName": "sitrep",
    "TotalReadoutTime": 0.0477406,
    "TxRefAmp": 303.121,
    "dataset": "ds004226",
    "modality": "bold",
    "run_id": 5,
    "subject_id": "034",
    "task_id": "sitrep"
  },
  "dummy_trs": 0,
  "dvars_nstd": 32.915111126694235,
  "dvars_std": 1.2885311717079881,
  "dvars_vstd": 0.9825166016528919,
  "efc": 0.6023806053992868,
  "fber": 3502.62060546875,
  "fd_mean": 0.11706638894243103,
  "fd_num": 23,
  "fd_perc": 6.318681318681318,
  "fwhm_avg": 1.7245986666666664,
  "fwhm_x": 1.6079,
  "fwhm_y": 1.896108,
  "fwhm_z": 1.669788,
  "gcor": 0.0213989,
  "gsr_x": -0.01599230244755745,
  "gsr_y": 0.06258024275302887,
  "provenance": {
    "md5sum": "459c60453e5ea3ef947fcd6e7ad0533f",
    "settings": {
      "fd_thres": 0.2,
      "testing": false
    },
    "software": "mriqc",
    "version": "23.0.0",
    "webapi_port": null,
    "webapi_url": "https://mriqc.nimh.nih.gov/api/v1"
  },
  "size_t": 364,
  "size_x": 78,
  "size_y": 78,
  "size_z": 52,
  "snr": 7.255293339442279,
  "spacing_tr": 1.5,
  "spacing_x": 2.5,
  "spacing_y": 2.5,
  "spacing_z": 2.5,
  "summary_bg_k": 10.068383569079618,
  "summary_bg_mad": 15.018894081799758,
  "summary_bg_mean": 50.775962829589844,
  "summary_bg_median": 12.133857727050781,
  "summary_bg_n": 171490.0,
  "summary_bg_p05": 1.2625328540802,
  "summary_bg_p95": 238.7360191345213,
  "summary_bg_stdv": 87.83258819580078,
  "summary_fg_k": 3.2009875106636585,
  "summary_fg_mad": 95.90863622618107,
  "summary_fg_mean": 764.2050170898438,
  "summary_fg_median": 762.9909057617188,
  "summary_fg_n": 85338.0,
  "summary_fg_p05": 613.1093719482421,
  "summary_fg_p95": 928.3623077392579,
  "summary_fg_stdv": 105.16272735595703,
  "tsnr": 52.289146423339844
}