{
  "aor": 0.0012315934065934065,
  "aqi": 0.012787436510989013,
  "bids_meta": {
    "AcquisitionMatrixPE": 78,
    "AcquisitionNumber": 1,
    "AcquisitionTime": "17:30:8.375000",
    "BandwidthPerPixelPhaseEncode": 20.678,
    "BaseResolution": 78,
    "BodyPartExamined": "BRAIN",
    "ConsistencyInfo": "N4_VE11C_LATEST_20160120",
    "ConversionSoftware": "dcm2niix",
    "ConversionSoftwareVersion": "v1.0.20171215 GCC4.8.5",
    "DerivedVendorReportedEchoSpacing": 0.000620007,
    "DeviceSerialNumber": "45031",
    "DwellTime": 3.2e-06,
    "EchoTime": 0.032,
    "EchoTrainLength": 78,
    "EffectiveEchoSpacing": 0.000620007,
    "FlipAngle": 70,
    "ImageOrientationPatientDICOM": [
      0.999062,
      0.0045509,
      0.0430535,
      -0.0092418,
      0.993956,
      0.109393
    ],
    "ImageType": [
      "ORIGINAL",
      "PRIMARY",
      "M",
      "ND",
      "NORM",
      "MOSAIC"
    ],
    "InPlanePhaseEncodingDirectionDICOM": "COL",
    "InstitutionAddress": "Washington_and_Faculty_Rd._-_Building_25_25_Princeton_NJ_US_085",
    "InstitutionName": "Princeton_University_-_Neuroscience_Institute",
    "InstitutionalDepartmentName": "Department",
    "MRAcquisitionType": "2D",
    "MagneticFieldStrength": 3,
    "Manufacturer": "Siemens",
    "ManufacturersModelName": "Skyra",
    "Modality": "MR",
    "MultibandAccelerationFactor": 4,
    "PartialFourier": 1,
    "PatientPosition": "HFS",
    "PercentPhaseFOV": 100,
    "PhaseEncodingDirection": "j-",
    "PhaseEncodingSteps": 78,
    "PhaseResolution": 1,
    "PixelBandwidth": 2005,
    "ProcedureStepDescription": "TamirL_Mark",
    "ProtocolName": "EPI_2.5mm_1.5TR_32TE_SMS4_Siemens",
    "PulseSequenceDetails": "%SiemensSeq%_ep2d_bold",
    "ReceiveCoilActiveElements": "HC1-7",
    "ReceiveCoilName": "HeadNeck_64",
    "ReconMatrixPE": 78,
    "RepetitionTime": 1.5,
    "SAR": 0.0418499,
    "ScanOptions": "FS",
    "ScanningSequence": "EP",
    "SequenceName": "_epfid2d1_78",
    "SequenceVariant": "SK",
    "SeriesDescription": "EPI_2.5mm_1.5TR_32TE_SMS4_Siemens",
    "SeriesNumber": 13,
    "ShimSetting": [
      3415,
      8730,
      9354,
      761,
      50,
      -99,
      55,
      174
    ],
    "SliceThickness": 2.5,
    "SliceTiming": [
      0.6825,
      0,
      0.7975,
      0.1125,
      0.91,
      0.2275,
      1.025,
      0.34,
      1.1375,
      0.455,
      1.2525,
      0.5675,
      1.365,
      0.6825,
      0,
      0.7975,
      0.1125,
      0.91,
      0.2275,
      1.025,
      0.34,
      1.1375,
      0.455,
      1.2525,
      0.5675,
      1.365,
      0.6825,
      0,
      0.7975,
      0.1125,
      0.91,
      0.2275,
      1.025,
      0.34,
      1.1375,
      0.455,
      1.2525,
      0.5675,
      1.365,
      0.6825,
      0,
      0.7975,
      0.1125,
      0.91,
      0.2275,
      1.025,
      0.34,
      1.1375,
      0.455,
      1.2525,
      0.5675,
      1.365
    ],
    "SoftwareVersions": "syngo_MR_E11",
    "SpacingBetweenSlices": 2.5,
    "StationName": "AWP45031",
    "TaskName": "sitrep",
    "TotalReadoutTime": 0.0477406,
    "TxRefAmp": 299.954,
    "dataset": "ds004226",
    "modality": "bold",
    "run_id": 5,
    "subject_id": "011",
    "task_id": "sitrep"
  },
  "dummy_trs": 0,
  "dvars_nstd": 35.88019744611571,
  "dvars_std": 1.3413811150413222,
  "dvars_vstd": 0.996979709972452,
  "efc": 0.5537819125105881,
  "fber": 3914.983154296875,
  "fd_mean": 0.14875605395777972,
  "fd_num": 79,
  "fd_perc": 21.703296703296704,
  "fwhm_avg": 1.798056,
  "fwhm_x": 1.6427040000000002,
  "fwhm_y": 1.9469319999999999,
  "fwhm_z": 1.804532,
  "gcor": 0.0165513,
  "gsr_x": -0.011850668117403984,
  "gsr_y": 0.058622147887945175,
  "provenance": {
    "md5sum": "213b4a862b9d947070e618292910f94d",
    "settings": {
      "fd_thres": 0.2,
      "testing": false
    },
    "software": "mriqc",
    "version": "23.0.0",
    "webapi_port": null,
    "webapi_url": "https://mriqc.nimh.nih.gov/api/v1"
  },
  "size_t": 364,
  "size_x": 78,
  "size_y": 78,
  "size_z": 52,
  "snr": 6.8824786904384805,
  "spacing_tr": 1.5,
  "spacing_x": 2.5,
  "spacing_y": 2.5,
  "spacing_z": 2.5,
  "summary_bg_k": 9.950646954488757,
  "summary_bg_mad": 14.155792807813915,
  "summary_bg_mean": 45.43846893310547,
  "summary_bg_median": 11.322224617004395,
  "summary_bg_n": 191165.0,
  "summary_bg_p05": 1.1671531200408936,
  "summary_bg_p95": 225.33771972656248,
  "summary_bg_stdv": 80.58985900878906,
  "summary_fg_k": 1.9004442562138335,
  "summary_fg_mad": 102.38859608122061,
  "summary_fg_mean": 741.9268188476562,
  "summary_fg_median": 736.6439819335938,
  "summary_fg_n": 69333.0,
  "summary_fg_p05": 589.0082275390625,
  "summary_fg_p95": 916.0238647460934,
  "summary_fg_stdv": 107.03101348876953,
  "tsnr": 53.18117141723633
}