{
  "aor": 0.0004185872576177285,
  "aqi": 0.00852742432132964,
  "bids_meta": {
    "AcquisitionMatrixPE": 78,
    "AcquisitionNumber": 1,
    "AcquisitionTime": "16:50:26.120000",
    "BandwidthPerPixelPhaseEncode": 20.678,
    "BaseResolution": 78,
    "BodyPartExamined": "BRAIN",
    "ConsistencyInfo": "N4_VE11C_LATEST_20160120",
    "ConversionSoftware": "dcm2niix",
    "ConversionSoftwareVersion": "v1.0.20171215 GCC4.8.5",
    "DerivedVendorReportedEchoSpacing": 0.000620007,
    "DeviceSerialNumber": "45031",
    "DwellTime": 3.2e-06,
    "EchoTime": 0.032,
    "EchoTrainLength": 78,
    "EffectiveEchoSpacing": 0.000620007,
    "FlipAngle": 70,
    "ImageOrientationPatientDICOM": [
      0.999062,
      0.0045509,
      0.0430535,
      -0.0092418,
      0.993956,
      0.109393
    ],
    "ImageType": [
      "ORIGINAL",
      "PRIMARY",
      "M",
      "ND",
      "NORM",
      "MOSAIC"
    ],
    "InPlanePhaseEncodingDirectionDICOM": "COL",
    "InstitutionAddress": "Washington_and_Faculty_Rd._-_Building_25_25_Princeton_NJ_US_085",
    "InstitutionName": "Princeton_University_-_Neuroscience_Institute",
    "InstitutionalDepartmentName": "Department",
    "MRAcquisitionType": "2D",
    "MagneticFieldStrength": 3,
    "Manufacturer": "Siemens",
    "ManufacturersModelName": "Skyra",
    "Modality": "MR",
    "MultibandAccelerationFactor": 4,
    "PartialFourier": 1,
    "PatientPosition": "HFS",
    "PercentPhaseFOV": 100,
    "PhaseEncodingDirection": "j-",
    "PhaseEncodingSteps": 78,
    "PhaseResolution": 1,
    "PixelBandwidth": 2005,
    "ProcedureStepDescription": "TamirL_Mark",
    "ProtocolName": "EPI_2.5mm_1.5TR_32TE_SMS4_Siemens",
    "PulseSequenceDetails": "%SiemensSeq%_ep2d_bold",
    "ReceiveCoilActiveElements": "HC1-7",
    "ReceiveCoilName": "HeadNeck_64",
    "ReconMatrixPE": 78,
    "RepetitionTime": 1.5,
    "SAR": 0.0418499,
    "ScanOptions": "FS",
    "ScanningSequence": "EP",
    "SequenceName": "_epfid2d1_78",
    "SequenceVariant": "SK",
    "SeriesDescription": "EPI_2.5mm_1.5TR_32TE_SMS4_Siemens",
    "SeriesNumber": 9,
    "ShimSetting": [
      3415,
      8730,
      9354,
      761,
      50,
      -99,
      55,
      174
    ],
    "SliceThickness": 2.5,
    "SliceTiming": [
      0.6825,
      0,
      0.7975,
      0.115,
      0.9125,
      0.2275,
      1.025,
      0.3425,
      1.14,
      0.455,
      1.2525,
      0.57,
      1.3675,
      0.6825,
      0,
      0.7975,
      0.115,
      0.9125,
      0.2275,
      1.025,
      0.3425,
      1.14,
      0.455,
      1.2525,
      0.57,
      1.3675,
      0.6825,
      0,
      0.7975,
      0.115,
      0.9125,
      0.2275,
      1.025,
      0.3425,
      1.14,
      0.455,
      1.2525,
      0.57,
      1.3675,
      0.6825,
      0,
      0.7975,
      0.115,
      0.9125,
      0.2275,
      1.025,
      0.3425,
      1.14,
      0.455,
      1.2525,
      0.57,
      1.3675
    ],
    "SoftwareVersions": "syngo_MR_E11",
    "SpacingBetweenSlices": 2.5,
    "StationName": "AWP45031",
    "TaskName": "sitrep",
    "TotalReadoutTime": 0.0477406,
    "TxRefAmp": 299.954,
    "dataset": "ds004226",
    "modality": "bold",
    "run_id": 1,
    "subject_id": "011",
    "task_id": "sitrep"
  },
  "dummy_trs": 3,
  "dvars_nstd": 35.1030512493611,
  "dvars_std": 1.3902546110833336,
  "dvars_vstd": 0.9971277366111114,
  "efc": 0.5522159175377811,
  "fber": 4208.931640625,
  "fd_mean": 0.08712357018074347,
  "fd_num": 1,
  "fd_perc": 0.2770083102493075,
  "fwhm_avg": 1.770348,
  "fwhm_x": 1.6204319999999999,
  "fwhm_y": 1.9143160000000001,
  "fwhm_z": 1.7762959999999999,
  "gcor": 0.0102489,
  "gsr_x": -0.012175223790109158,
  "gsr_y": 0.056881971657276154,
  "provenance": {
    "md5sum": "d9f23352f0a52b18978116686b0c7540",
    "settings": {
      "fd_thres": 0.2,
      "testing": false
    },
    "software": "mriqc",
    "version": "23.0.0",
    "webapi_port": null,
    "webapi_url": "https://mriqc.nimh.nih.gov/api/v1"
  },
  "size_t": 361,
  "size_x": 78,
  "size_y": 78,
  "size_z": 52,
  "snr": 6.817138980199932,
  "spacing_tr": 1.5,
  "spacing_x": 2.5,
  "spacing_y": 2.5,
  "spacing_z": 2.5,
  "summary_bg_k": 10.49789765125814,
  "summary_bg_mad": 13.662856318682234,
  "summary_bg_mean": 44.84192657470703,
  "summary_bg_median": 10.948081970214844,
  "summary_bg_n": 191254.0,
  "summary_bg_p05": 1.1251020669937133,
  "summary_bg_p95": 224.8837417602539,
  "summary_bg_stdv": 80.7816390991211,
  "summary_fg_k": 2.1066538412138796,
  "summary_fg_mad": 103.80152033901764,
  "summary_fg_mean": 745.0399780273438,
  "summary_fg_median": 739.5252685546875,
  "summary_fg_n": 69273.0,
  "summary_fg_p05": 590.3112670898438,
  "summary_fg_p95": 921.8205078125,
  "summary_fg_stdv": 108.4795150756836,
  "tsnr": 64.10172271728516
}