{
  "aor": 0.006479449035812672,
  "aqi": 0.01737751790633609,
  "bids_meta": {
    "AcquisitionMatrixPE": 78,
    "AcquisitionNumber": 1,
    "AcquisitionTime": "18:49:31.267500",
    "BandwidthPerPixelPhaseEncode": 20.678,
    "BaseResolution": 78,
    "BodyPartExamined": "BRAIN",
    "ConsistencyInfo": "N4_VE11C_LATEST_20160120",
    "ConversionSoftware": "dcm2niix",
    "ConversionSoftwareVersion": "v1.0.20171215 GCC4.8.5",
    "DerivedVendorReportedEchoSpacing": 0.000620007,
    "DeviceSerialNumber": "45031",
    "DwellTime": 3.2e-06,
    "EchoTime": 0.032,
    "EchoTrainLength": 78,
    "EffectiveEchoSpacing": 0.000620007,
    "FlipAngle": 70,
    "ImageOrientationPatientDICOM": [
      0.99837,
      0.0414838,
      -0.039198,
      -0.045685,
      0.992522,
      -0.113193
    ],
    "ImageType": [
      "ORIGINAL",
      "PRIMARY",
      "M",
      "ND",
      "NORM",
      "MOSAIC"
    ],
    "InPlanePhaseEncodingDirectionDICOM": "COL",
    "InstitutionAddress": "Washington_and_Faculty_Rd._-_Building_25_25_Princeton_NJ_US_085",
    "InstitutionName": "Princeton_University_-_Neuroscience_Institute",
    "InstitutionalDepartmentName": "Department",
    "MRAcquisitionType": "2D",
    "MagneticFieldStrength": 3,
    "Manufacturer": "Siemens",
    "ManufacturersModelName": "Skyra",
    "Modality": "MR",
    "MultibandAccelerationFactor": 4,
    "PartialFourier": 1,
    "PatientPosition": "HFS",
    "PercentPhaseFOV": 100,
    "PhaseEncodingDirection": "j-",
    "PhaseEncodingSteps": 78,
    "PhaseResolution": 1,
    "PixelBandwidth": 2005,
    "ProcedureStepDescription": "TamirL_Mark",
    "ProtocolName": "EPI_2.5mm_1.5TR_32TE_SMS4_Siemens",
    "PulseSequenceDetails": "%SiemensSeq%_ep2d_bold",
    "ReceiveCoilActiveElements": "HC1-7",
    "ReceiveCoilName": "HeadNeck_64",
    "ReconMatrixPE": 78,
    "RepetitionTime": 1.5,
    "SAR": 0.0599267,
    "ScanOptions": "FS",
    "ScanningSequence": "EP",
    "SequenceName": "_epfid2d1_78",
    "SequenceVariant": "SK",
    "SeriesDescription": "EPI_2.5mm_1.5TR_32TE_SMS4_Siemens",
    "SeriesNumber": 18,
    "ShimSetting": [
      3315,
      8790,
      9374,
      573,
      -83,
      85,
      489,
      210
    ],
    "SliceThickness": 2.5,
    "SliceTiming": [
      0.6825,
      0,
      0.7975,
      0.115,
      0.91,
      0.2275,
      1.025,
      0.3425,
      1.14,
      0.455,
      1.2525,
      0.57,
      1.3675,
      0.6825,
      0,
      0.7975,
      0.115,
      0.91,
      0.2275,
      1.025,
      0.3425,
      1.14,
      0.455,
      1.2525,
      0.57,
      1.3675,
      0.6825,
      0,
      0.7975,
      0.115,
      0.91,
      0.2275,
      1.025,
      0.3425,
      1.14,
      0.455,
      1.2525,
      0.57,
      1.3675,
      0.6825,
      0,
      0.7975,
      0.115,
      0.91,
      0.2275,
      1.025,
      0.3425,
      1.14,
      0.455,
      1.2525,
      0.57,
      1.3675
    ],
    "SoftwareVersions": "syngo_MR_E11",
    "SpacingBetweenSlices": 2.5,
    "StationName": "AWP45031",
    "TaskName": "sitrep",
    "TotalReadoutTime": 0.0477406,
    "TxRefAmp": 302.804,
    "dataset": "ds004226",
    "modality": "bold",
    "run_id": 10,
    "subject_id": "017",
    "task_id": "sitrep"
  },
  "dummy_trs": 1,
  "dvars_nstd": 29.597165107624335,
  "dvars_std": 1.2050103235911604,
  "dvars_vstd": 1.0610219146685091,
  "efc": 0.5624777223347477,
  "fber": 3340.396484375,
  "fd_mean": 0.2749083417740927,
  "fd_num": 257,
  "fd_perc": 70.79889807162535,
  "fwhm_avg": 1.7899319999999996,
  "fwhm_x": 1.6651,
  "fwhm_y": 1.9723199999999999,
  "fwhm_z": 1.732376,
  "gcor": 0.00693433,
  "gsr_x": -0.01416501309722662,
  "gsr_y": 0.04991525039076805,
  "provenance": {
    "md5sum": "bb216e25a97d71b20a3e08ac1b929c29",
    "settings": {
      "fd_thres": 0.2,
      "testing": false
    },
    "software": "mriqc",
    "version": "23.0.0",
    "webapi_port": null,
    "webapi_url": "https://mriqc.nimh.nih.gov/api/v1"
  },
  "size_t": 363,
  "size_x": 78,
  "size_y": 78,
  "size_z": 52,
  "snr": 6.592268467543718,
  "spacing_tr": 1.5,
  "spacing_x": 2.5,
  "spacing_y": 2.5,
  "spacing_z": 2.5,
  "summary_bg_k": 16.41538878135494,
  "summary_bg_mad": 15.605005490353852,
  "summary_bg_mean": 42.14088821411133,
  "summary_bg_median": 12.290769577026367,
  "summary_bg_n": 185627.0,
  "summary_bg_p05": 1.08169686794281,
  "summary_bg_p95": 187.60583648681606,
  "summary_bg_stdv": 72.95669555664062,
  "summary_fg_k": 2.253529230979469,
  "summary_fg_mad": 98.98197723857767,
  "summary_fg_mean": 732.4884033203125,
  "summary_fg_median": 727.9757080078125,
  "summary_fg_n": 73863.0,
  "summary_fg_p05": 570.111328125,
  "summary_fg_p95": 910.8117797851561,
  "summary_fg_stdv": 110.42796325683594,
  "tsnr": 45.19517517089844
}