{
  "aor": 0.004251071428571429,
  "aqi": 0.01365386151098901,
  "bids_meta": {
    "AcquisitionMatrixPE": 78,
    "AcquisitionNumber": 1,
    "AcquisitionTime": "17:22:15.040000",
    "BandwidthPerPixelPhaseEncode": 20.678,
    "BaseResolution": 78,
    "BodyPartExamined": "BRAIN",
    "ConsistencyInfo": "N4_VE11C_LATEST_20160120",
    "ConversionSoftware": "dcm2niix",
    "ConversionSoftwareVersion": "v1.0.20171215 GCC4.8.5",
    "DerivedVendorReportedEchoSpacing": 0.000620007,
    "DeviceSerialNumber": "45031",
    "DwellTime": 3.2e-06,
    "EchoTime": 0.032,
    "EchoTrainLength": 78,
    "EffectiveEchoSpacing": 0.000620007,
    "FlipAngle": 70,
    "ImageOrientationPatientDICOM": [
      0.99837,
      0.0414838,
      -0.039198,
      -0.045685,
      0.992522,
      -0.113193
    ],
    "ImageType": [
      "ORIGINAL",
      "PRIMARY",
      "M",
      "ND",
      "NORM",
      "MOSAIC"
    ],
    "InPlanePhaseEncodingDirectionDICOM": "COL",
    "InstitutionAddress": "Washington_and_Faculty_Rd._-_Building_25_25_Princeton_NJ_US_085",
    "InstitutionName": "Princeton_University_-_Neuroscience_Institute",
    "InstitutionalDepartmentName": "Department",
    "MRAcquisitionType": "2D",
    "MagneticFieldStrength": 3,
    "Manufacturer": "Siemens",
    "ManufacturersModelName": "Skyra",
    "Modality": "MR",
    "MultibandAccelerationFactor": 4,
    "PartialFourier": 1,
    "PatientPosition": "HFS",
    "PercentPhaseFOV": 100,
    "PhaseEncodingDirection": "j-",
    "PhaseEncodingSteps": 78,
    "PhaseResolution": 1,
    "PixelBandwidth": 2005,
    "ProcedureStepDescription": "TamirL_Mark",
    "ProtocolName": "EPI_2.5mm_1.5TR_32TE_SMS4_Siemens",
    "PulseSequenceDetails": "%SiemensSeq%_ep2d_bold",
    "ReceiveCoilActiveElements": "HC1-7",
    "ReceiveCoilName": "HeadNeck_64",
    "ReconMatrixPE": 78,
    "RepetitionTime": 1.5,
    "SAR": 0.0599267,
    "ScanOptions": "FS",
    "ScanningSequence": "EP",
    "SequenceName": "_epfid2d1_78",
    "SequenceVariant": "SK",
    "SeriesDescription": "EPI_2.5mm_1.5TR_32TE_SMS4_Siemens",
    "SeriesNumber": 10,
    "ShimSetting": [
      3315,
      8790,
      9374,
      573,
      -83,
      85,
      489,
      210
    ],
    "SliceThickness": 2.5,
    "SliceTiming": [
      0.685,
      0,
      0.7975,
      0.115,
      0.9125,
      0.23,
      1.025,
      0.3425,
      1.14,
      0.4575,
      1.2525,
      0.57,
      1.3675,
      0.685,
      0,
      0.7975,
      0.115,
      0.9125,
      0.23,
      1.025,
      0.3425,
      1.14,
      0.4575,
      1.2525,
      0.57,
      1.3675,
      0.685,
      0,
      0.7975,
      0.115,
      0.9125,
      0.23,
      1.025,
      0.3425,
      1.14,
      0.4575,
      1.2525,
      0.57,
      1.3675,
      0.685,
      0,
      0.7975,
      0.115,
      0.9125,
      0.23,
      1.025,
      0.3425,
      1.14,
      0.4575,
      1.2525,
      0.57,
      1.3675
    ],
    "SoftwareVersions": "syngo_MR_E11",
    "SpacingBetweenSlices": 2.5,
    "StationName": "AWP45031",
    "TaskName": "sitrep",
    "TotalReadoutTime": 0.0477406,
    "TxRefAmp": 302.804,
    "dataset": "ds004226",
    "modality": "bold",
    "run_id": 2,
    "subject_id": "017",
    "task_id": "sitrep"
  },
  "dummy_trs": 0,
  "dvars_nstd": 32.73602495099174,
  "dvars_std": 1.2194216630578503,
  "dvars_vstd": 1.0446233823966937,
  "efc": 0.5588923368823653,
  "fber": 3587.342041015625,
  "fd_mean": 0.27143114034822985,
  "fd_num": 214,
  "fd_perc": 58.79120879120879,
  "fwhm_avg": 1.777929333333333,
  "fwhm_x": 1.64618,
  "fwhm_y": 1.9526119999999998,
  "fwhm_z": 1.734996,
  "gcor": 0.0116266,
  "gsr_x": -0.01320774108171463,
  "gsr_y": 0.05153010040521622,
  "provenance": {
    "md5sum": "a268839d3b72708c948d532c1cae8bda",
    "settings": {
      "fd_thres": 0.2,
      "testing": false
    },
    "software": "mriqc",
    "version": "23.0.0",
    "webapi_port": null,
    "webapi_url": "https://mriqc.nimh.nih.gov/api/v1"
  },
  "size_t": 364,
  "size_x": 78,
  "size_y": 78,
  "size_z": 52,
  "snr": 6.593853784975031,
  "spacing_tr": 1.5,
  "spacing_x": 2.5,
  "spacing_y": 2.5,
  "spacing_z": 2.5,
  "summary_bg_k": 18.766248448471906,
  "summary_bg_mad": 15.027199799346274,
  "summary_bg_mean": 40.28079605102539,
  "summary_bg_median": 11.890214920043945,
  "summary_bg_n": 185784.0,
  "summary_bg_p05": 1.045662087202072,
  "summary_bg_p95": 179.02330627441407,
  "summary_bg_stdv": 70.8309555053711,
  "summary_fg_k": 2.4158414878198515,
  "summary_fg_mad": 99.7216042669563,
  "summary_fg_mean": 740.085693359375,
  "summary_fg_median": 735.759033203125,
  "summary_fg_n": 73670.0,
  "summary_fg_p05": 575.1008453369141,
  "summary_fg_p95": 918.5920532226563,
  "summary_fg_stdv": 111.58179473876953,
  "tsnr": 49.218448638916016
}