{
  "aor": 0.001498956043956044,
  "aqi": 0.01993044013736264,
  "bids_meta": {
    "AcquisitionMatrixPE": 78,
    "AcquisitionNumber": 1,
    "AcquisitionTime": "18:14:35.022500",
    "BandwidthPerPixelPhaseEncode": 20.678,
    "BaseResolution": 78,
    "BodyPartExamined": "BRAIN",
    "ConsistencyInfo": "N4_VE11C_LATEST_20160120",
    "ConversionSoftware": "dcm2niix",
    "ConversionSoftwareVersion": "v1.0.20171215 GCC4.8.5",
    "DerivedVendorReportedEchoSpacing": 0.000620007,
    "DeviceSerialNumber": "45031",
    "DwellTime": 3.2e-06,
    "EchoTime": 0.032,
    "EchoTrainLength": 78,
    "EffectiveEchoSpacing": 0.000620007,
    "FlipAngle": 70,
    "ImageOrientationPatientDICOM": [
      0.99837,
      0.0414838,
      -0.039198,
      -0.045685,
      0.992522,
      -0.113193
    ],
    "ImageType": [
      "ORIGINAL",
      "PRIMARY",
      "M",
      "ND",
      "NORM",
      "MOSAIC"
    ],
    "InPlanePhaseEncodingDirectionDICOM": "COL",
    "InstitutionAddress": "Washington_and_Faculty_Rd._-_Building_25_25_Princeton_NJ_US_085",
    "InstitutionName": "Princeton_University_-_Neuroscience_Institute",
    "InstitutionalDepartmentName": "Department",
    "MRAcquisitionType": "2D",
    "MagneticFieldStrength": 3,
    "Manufacturer": "Siemens",
    "ManufacturersModelName": "Skyra",
    "Modality": "MR",
    "MultibandAccelerationFactor": 4,
    "PartialFourier": 1,
    "PatientPosition": "HFS",
    "PercentPhaseFOV": 100,
    "PhaseEncodingDirection": "j-",
    "PhaseEncodingSteps": 78,
    "PhaseResolution": 1,
    "PixelBandwidth": 2005,
    "ProcedureStepDescription": "TamirL_Mark",
    "ProtocolName": "EPI_2.5mm_1.5TR_32TE_SMS4_Siemens",
    "PulseSequenceDetails": "%SiemensSeq%_ep2d_bold",
    "ReceiveCoilActiveElements": "HC1-7",
    "ReceiveCoilName": "HeadNeck_64",
    "ReconMatrixPE": 78,
    "RepetitionTime": 1.5,
    "SAR": 0.0599267,
    "ScanOptions": "FS",
    "ScanningSequence": "EP",
    "SequenceName": "_epfid2d1_78",
    "SequenceVariant": "SK",
    "SeriesDescription": "EPI_2.5mm_1.5TR_32TE_SMS4_Siemens",
    "SeriesNumber": 15,
    "ShimSetting": [
      3315,
      8790,
      9374,
      573,
      -83,
      85,
      489,
      210
    ],
    "SliceThickness": 2.5,
    "SliceTiming": [
      0.6825,
      0,
      0.795,
      0.1125,
      0.91,
      0.2275,
      1.025,
      0.34,
      1.1375,
      0.455,
      1.2525,
      0.5675,
      1.365,
      0.6825,
      0,
      0.795,
      0.1125,
      0.91,
      0.2275,
      1.025,
      0.34,
      1.1375,
      0.455,
      1.2525,
      0.5675,
      1.365,
      0.6825,
      0,
      0.795,
      0.1125,
      0.91,
      0.2275,
      1.025,
      0.34,
      1.1375,
      0.455,
      1.2525,
      0.5675,
      1.365,
      0.6825,
      0,
      0.795,
      0.1125,
      0.91,
      0.2275,
      1.025,
      0.34,
      1.1375,
      0.455,
      1.2525,
      0.5675,
      1.365
    ],
    "SoftwareVersions": "syngo_MR_E11",
    "SpacingBetweenSlices": 2.5,
    "StationName": "AWP45031",
    "TaskName": "sitrep",
    "TotalReadoutTime": 0.0477406,
    "TxRefAmp": 302.804,
    "dataset": "ds004226",
    "modality": "bold",
    "run_id": 7,
    "subject_id": "017",
    "task_id": "sitrep"
  },
  "dummy_trs": 0,
  "dvars_nstd": 31.069751156198357,
  "dvars_std": 1.1350555463360885,
  "dvars_vstd": 0.9799091167768595,
  "efc": 0.5629360874044824,
  "fber": 3195.115966796875,
  "fd_mean": 0.29965386925800797,
  "fd_num": 255,
  "fd_perc": 70.05494505494505,
  "fwhm_avg": 1.79438,
  "fwhm_x": 1.66586,
  "fwhm_y": 1.973368,
  "fwhm_z": 1.743912,
  "gcor": 0.0102812,
  "gsr_x": -0.01446046493947506,
  "gsr_y": 0.05015573278069496,
  "provenance": {
    "md5sum": "5f050cb618908852ebb6362ba5c92dad",
    "settings": {
      "fd_thres": 0.2,
      "testing": false
    },
    "software": "mriqc",
    "version": "23.0.0",
    "webapi_port": null,
    "webapi_url": "https://mriqc.nimh.nih.gov/api/v1"
  },
  "size_t": 364,
  "size_x": 78,
  "size_y": 78,
  "size_z": 52,
  "snr": 6.6190397126762495,
  "spacing_tr": 1.5,
  "spacing_x": 2.5,
  "spacing_y": 2.5,
  "spacing_z": 2.5,
  "summary_bg_k": 17.08659698910074,
  "summary_bg_mad": 15.95464210592448,
  "summary_bg_mean": 42.024864196777344,
  "summary_bg_median": 12.585451126098633,
  "summary_bg_n": 185420.0,
  "summary_bg_p05": 1.065915870666504,
  "summary_bg_p95": 186.94781112670893,
  "summary_bg_stdv": 72.46176147460938,
  "summary_fg_k": 2.3446017194263806,
  "summary_fg_mad": 98.14909938096503,
  "summary_fg_mean": 732.7455444335938,
  "summary_fg_median": 728.4730834960938,
  "summary_fg_n": 74039.0,
  "summary_fg_p05": 569.9954162597656,
  "summary_fg_p95": 909.9273925781248,
  "summary_fg_stdv": 110.05647277832031,
  "tsnr": 42.554595947265625
}