{
  "aor": 0.003990274725274725,
  "aqi": 0.015884266703296703,
  "bids_meta": {
    "AcquisitionMatrixPE": 78,
    "AcquisitionNumber": 1,
    "AcquisitionTime": "17:43:10.092500",
    "BandwidthPerPixelPhaseEncode": 20.678,
    "BaseResolution": 78,
    "BodyPartExamined": "BRAIN",
    "ConsistencyInfo": "N4_VE11C_LATEST_20160120",
    "ConversionSoftware": "dcm2niix",
    "ConversionSoftwareVersion": "v1.0.20171215 GCC4.8.5",
    "DerivedVendorReportedEchoSpacing": 0.000620007,
    "DeviceSerialNumber": "45031",
    "DwellTime": 3.2e-06,
    "EchoTime": 0.032,
    "EchoTrainLength": 78,
    "EffectiveEchoSpacing": 0.000620007,
    "FlipAngle": 70,
    "ImageOrientationPatientDICOM": [
      0.99837,
      0.0414838,
      -0.039198,
      -0.045685,
      0.992522,
      -0.113193
    ],
    "ImageType": [
      "ORIGINAL",
      "PRIMARY",
      "M",
      "ND",
      "NORM",
      "MOSAIC"
    ],
    "InPlanePhaseEncodingDirectionDICOM": "COL",
    "InstitutionAddress": "Washington_and_Faculty_Rd._-_Building_25_25_Princeton_NJ_US_085",
    "InstitutionName": "Princeton_University_-_Neuroscience_Institute",
    "InstitutionalDepartmentName": "Department",
    "MRAcquisitionType": "2D",
    "MagneticFieldStrength": 3,
    "Manufacturer": "Siemens",
    "ManufacturersModelName": "Skyra",
    "Modality": "MR",
    "MultibandAccelerationFactor": 4,
    "PartialFourier": 1,
    "PatientPosition": "HFS",
    "PercentPhaseFOV": 100,
    "PhaseEncodingDirection": "j-",
    "PhaseEncodingSteps": 78,
    "PhaseResolution": 1,
    "PixelBandwidth": 2005,
    "ProcedureStepDescription": "TamirL_Mark",
    "ProtocolName": "EPI_2.5mm_1.5TR_32TE_SMS4_Siemens",
    "PulseSequenceDetails": "%SiemensSeq%_ep2d_bold",
    "ReceiveCoilActiveElements": "HC1-7",
    "ReceiveCoilName": "HeadNeck_64",
    "ReconMatrixPE": 78,
    "RepetitionTime": 1.5,
    "SAR": 0.0599267,
    "ScanOptions": "FS",
    "ScanningSequence": "EP",
    "SequenceName": "_epfid2d1_78",
    "SequenceVariant": "SK",
    "SeriesDescription": "EPI_2.5mm_1.5TR_32TE_SMS4_Siemens",
    "SeriesNumber": 12,
    "ShimSetting": [
      3315,
      8790,
      9374,
      573,
      -83,
      85,
      489,
      210
    ],
    "SliceThickness": 2.5,
    "SliceTiming": [
      0.6825,
      0,
      0.7975,
      0.115,
      0.91,
      0.2275,
      1.025,
      0.3425,
      1.14,
      0.455,
      1.2525,
      0.57,
      1.3675,
      0.6825,
      0,
      0.7975,
      0.115,
      0.91,
      0.2275,
      1.025,
      0.3425,
      1.14,
      0.455,
      1.2525,
      0.57,
      1.3675,
      0.6825,
      0,
      0.7975,
      0.115,
      0.91,
      0.2275,
      1.025,
      0.3425,
      1.14,
      0.455,
      1.2525,
      0.57,
      1.3675,
      0.6825,
      0,
      0.7975,
      0.115,
      0.91,
      0.2275,
      1.025,
      0.3425,
      1.14,
      0.455,
      1.2525,
      0.57,
      1.3675
    ],
    "SoftwareVersions": "syngo_MR_E11",
    "SpacingBetweenSlices": 2.5,
    "StationName": "AWP45031",
    "TaskName": "sitrep",
    "TotalReadoutTime": 0.0477406,
    "TxRefAmp": 302.804,
    "dataset": "ds004226",
    "modality": "bold",
    "run_id": 4,
    "subject_id": "017",
    "task_id": "sitrep"
  },
  "dummy_trs": 0,
  "dvars_nstd": 31.379223211322333,
  "dvars_std": 1.2102863367493113,
  "dvars_vstd": 1.0424686637741052,
  "efc": 0.560674422162087,
  "fber": 3358.58544921875,
  "fd_mean": 0.27109681373689665,
  "fd_num": 235,
  "fd_perc": 64.56043956043956,
  "fwhm_avg": 1.779908,
  "fwhm_x": 1.651704,
  "fwhm_y": 1.955296,
  "fwhm_z": 1.732724,
  "gcor": 0.0111295,
  "gsr_x": -0.013396497815847397,
  "gsr_y": 0.05161221697926521,
  "provenance": {
    "md5sum": "1dc5edfbdff0df03283b70bba158a794",
    "settings": {
      "fd_thres": 0.2,
      "testing": false
    },
    "software": "mriqc",
    "version": "23.0.0",
    "webapi_port": null,
    "webapi_url": "https://mriqc.nimh.nih.gov/api/v1"
  },
  "size_t": 364,
  "size_x": 78,
  "size_y": 78,
  "size_z": 52,
  "snr": 6.622579968548119,
  "spacing_tr": 1.5,
  "spacing_x": 2.5,
  "spacing_y": 2.5,
  "spacing_z": 2.5,
  "summary_bg_k": 17.51406653226736,
  "summary_bg_mad": 15.252952486089008,
  "summary_bg_mean": 40.815216064453125,
  "summary_bg_median": 12.172119140625,
  "summary_bg_n": 185526.0,
  "summary_bg_p05": 1.1138445138931274,
  "summary_bg_p95": 181.70702743530273,
  "summary_bg_stdv": 71.20574951171875,
  "summary_fg_k": 2.51075833329116,
  "summary_fg_mad": 98.65335968752157,
  "summary_fg_mean": 736.7760620117188,
  "summary_fg_median": 733.3796997070312,
  "summary_fg_n": 73934.0,
  "summary_fg_p05": 572.8307006835937,
  "summary_fg_p95": 913.0727294921872,
  "summary_fg_stdv": 110.738525390625,
  "tsnr": 46.92171096801758
}