{
  "bids_meta": {
    "AcquisitionMatrixPE": 256,
    "AcquisitionNumber": 1,
    "AcquisitionTime": "11:28:7.997500",
    "BaseResolution": 256,
    "BodyPartExamined": "BRAIN",
    "ConsistencyInfo": "N4_VE11C_LATEST_20160120",
    "ConversionSoftware": "dcm2niix",
    "ConversionSoftwareVersion": "v1.0.20171215 GCC4.8.5",
    "DeviceSerialNumber": "45031",
    "DwellTime": 8.2e-06,
    "EchoTime": 0.00298,
    "FlipAngle": 9,
    "ImageOrientationPatientDICOM": [
      -0.00666223,
      0.994482,
      -0.104696,
      -0.00969841,
      -0.104758,
      -0.99445
    ],
    "ImageType": [
      "ORIGINAL",
      "PRIMARY",
      "M",
      "ND",
      "NORM"
    ],
    "InPlanePhaseEncodingDirectionDICOM": "ROW",
    "InstitutionAddress": "Washington_and_Faculty_Rd._-_Building_25_25_Princeton_NJ_US_085",
    "InstitutionName": "Princeton_University_-_Neuroscience_Institute",
    "InstitutionalDepartmentName": "Department",
    "InversionTime": 0.9,
    "MRAcquisitionType": "3D",
    "MagneticFieldStrength": 3,
    "Manufacturer": "Siemens",
    "ManufacturersModelName": "Skyra",
    "Modality": "MR",
    "ParallelReductionFactorInPlane": 2,
    "PartialFourier": 1,
    "PatientPosition": "HFS",
    "PercentPhaseFOV": 100,
    "PhaseEncodingSteps": 255,
    "PhaseResolution": 1,
    "PixelBandwidth": 240,
    "ProcedureStepDescription": "TamirL_Mark",
    "ProtocolName": "T1w_MPR_1iso_iP2",
    "PulseSequenceDetails": "%SiemensSeq%_tfl",
    "ReceiveCoilActiveElements": "HC1-7;NC1",
    "ReceiveCoilName": "HeadNeck_64",
    "ReconMatrixPE": 256,
    "RepetitionTime": 2.3,
    "SAR": 0.0658025,
    "ScanOptions": "IR",
    "ScanningSequence": "GR_IR",
    "SequenceName": "_tfl3d1_16ns",
    "SequenceVariant": "SK_SP_MP",
    "SeriesDescription": "T1w_MPR_1iso_iP2",
    "SeriesNumber": 6,
    "ShimSetting": [
      3370,
      8753,
      8999,
      558,
      169,
      -879,
      367,
      59
    ],
    "SliceThickness": 1,
    "SoftwareVersions": "syngo_MR_E11",
    "StationName": "AWP45031",
    "TxRefAmp": 337.72,
    "dataset": "ds004226",
    "modality": "T1w",
    "subject_id": "003"
  },
  "cjv": 0.3156917634346009,
  "cnr": 4.061865649070459,
  "efc": 0.5349726851465639,
  "fber": 17014.16475886658,
  "fwhm_avg": 3.4501126258047665,
  "fwhm_x": 3.5611078774142997,
  "fwhm_y": 3.57259,
  "fwhm_z": 3.21664,
  "icvs_csf": 0.21991001421484624,
  "icvs_gm": 0.44902375828560903,
  "icvs_wm": 0.3310662274995448,
  "inu_med": 0.595733642578125,
  "inu_range": 0.19768229424953454,
  "provenance": {
    "md5sum": "77d1f03b893f7d126571009d5fc087fe",
    "settings": {
      "testing": false
    },
    "software": "mriqc",
    "version": "23.0.0",
    "warnings": {
      "large_rot_frame": true,
      "small_air_mask": false
    },
    "webapi_port": null,
    "webapi_url": "https://mriqc.nimh.nih.gov/api/v1"
  },
  "qi_1": 0.0,
  "qi_2": 0.0012069717368045072,
  "rpve_csf": 20.499671181720927,
  "rpve_gm": 10.600356921630235,
  "rpve_wm": 16.40180960876768,
  "size_x": 176,
  "size_y": 256,
  "size_z": 256,
  "snr_csf": 2.2313758614400103,
  "snr_gm": 9.562171945151826,
  "snr_total": 10.64910015113506,
  "snr_wm": 20.15375264681335,
  "snrd_csf": 19.625205283777774,
  "snrd_gm": 62.79054950622599,
  "snrd_total": 59.41467728402079,
  "snrd_wm": 95.8282770620586,
  "spacing_x": 1.0000005960464478,
  "spacing_y": 1.0,
  "spacing_z": 1.0,
  "summary_bg_k": 9.112873766452571,
  "summary_bg_mad": 0.0,
  "summary_bg_mean": 4.339866143268962,
  "summary_bg_median": 0.0,
  "summary_bg_n": 4005594.0,
  "summary_bg_p05": 0.0,
  "summary_bg_p95": 18.668916273862123,
  "summary_bg_stdv": 6.836566432072159,
  "summary_csf_k": 4.030938598530592,
  "summary_csf_mad": 78.13594435103626,
  "summary_csf_mean": 216.2594025324143,
  "summary_csf_median": 204.7955504618585,
  "summary_csf_n": 51271.0,
  "summary_csf_p05": 91.30541537329555,
  "summary_csf_p95": 385.64847948774695,
  "summary_csf_stdv": 91.77904843559006,
  "summary_gm_k": 0.4802696079088271,
  "summary_gm_mad": 62.18557812594147,
  "summary_gm_mean": 656.1810095391046,
  "summary_gm_median": 655.2402873747051,
  "summary_gm_n": 29341.0,
  "summary_gm_p05": 543.1213156282902,
  "summary_gm_p95": 772.000119663775,
  "summary_gm_stdv": 68.52304320480391,
  "summary_wm_k": 0.6466292542034031,
  "summary_wm_mad": 46.652214939411245,
  "summary_wm_mean": 999.2403933511326,
  "summary_wm_median": 999.9999728389084,
  "summary_wm_n": 213307.0,
  "summary_wm_p05": 916.6754312776029,
  "summary_wm_p95": 1078.5781797543168,
  "summary_wm_stdv": 49.61843316832605,
  "tpm_overlap_csf": 0.17086225410240757,
  "tpm_overlap_gm": 0.45873038410562855,
  "tpm_overlap_wm": 0.5046383793093907,
  "wm2max": 0.5268783343212804
}