{
  "bids_meta": {
    "AcquisitionMatrixPE": 256,
    "AcquisitionNumber": 1,
    "AcquisitionTime": "11:04:38.525000",
    "BaseResolution": 256,
    "BodyPartExamined": "BRAIN",
    "ConsistencyInfo": "N4_VE11C_LATEST_20160120",
    "ConversionSoftware": "dcm2niix",
    "ConversionSoftwareVersion": "v1.0.20171215 GCC4.8.5",
    "DeviceSerialNumber": "45031",
    "DwellTime": 8.2e-06,
    "EchoTime": 0.00298,
    "FlipAngle": 9,
    "ImageOrientationPatientDICOM": [
      -0.0502212,
      0.998533,
      0.0202356,
      0.0284173,
      0.0216817,
      -0.999361
    ],
    "ImageType": [
      "ORIGINAL",
      "PRIMARY",
      "M",
      "ND",
      "NORM"
    ],
    "InPlanePhaseEncodingDirectionDICOM": "ROW",
    "InstitutionAddress": "Washington_and_Faculty_Rd._-_Building_25_25_Princeton_NJ_US_085",
    "InstitutionName": "Princeton_University_-_Neuroscience_Institute",
    "InstitutionalDepartmentName": "Department",
    "InversionTime": 0.9,
    "MRAcquisitionType": "3D",
    "MagneticFieldStrength": 3,
    "Manufacturer": "Siemens",
    "ManufacturersModelName": "Skyra",
    "Modality": "MR",
    "ParallelReductionFactorInPlane": 2,
    "PartialFourier": 1,
    "PatientPosition": "HFS",
    "PercentPhaseFOV": 100,
    "PhaseEncodingSteps": 255,
    "PhaseResolution": 1,
    "PixelBandwidth": 240,
    "ProcedureStepDescription": "TamirL_Mark",
    "ProtocolName": "T1w_MPR_1iso_iP2",
    "PulseSequenceDetails": "%SiemensSeq%_tfl",
    "ReceiveCoilActiveElements": "HC1-7;NC1",
    "ReceiveCoilName": "HeadNeck_64",
    "ReconMatrixPE": 256,
    "RepetitionTime": 2.3,
    "SAR": 0.0677653,
    "ScanOptions": "IR",
    "ScanningSequence": "GR_IR",
    "SequenceName": "_tfl3d1_16ns",
    "SequenceVariant": "SK_SP_MP",
    "SeriesDescription": "T1w_MPR_1iso_iP2",
    "SeriesNumber": 6,
    "ShimSetting": [
      3389,
      8737,
      9103,
      463,
      77,
      -562,
      236,
      128
    ],
    "SliceThickness": 1,
    "SoftwareVersions": "syngo_MR_E11",
    "StationName": "AWP45031",
    "TxRefAmp": 303.121,
    "dataset": "ds004226",
    "modality": "T1w",
    "subject_id": "034"
  },
  "cjv": 0.3000851558639557,
  "cnr": 4.363987012657053,
  "efc": 0.536814060003427,
  "fber": 17019.84361473898,
  "fwhm_avg": 3.3770165988896323,
  "fwhm_x": 3.423669796668897,
  "fwhm_y": 3.53346,
  "fwhm_z": 3.17392,
  "icvs_csf": 0.17323233227663698,
  "icvs_gm": 0.49187559293211824,
  "icvs_wm": 0.3348920747912448,
  "inu_med": 0.5946508049964905,
  "inu_range": 0.2379464566707611,
  "provenance": {
    "md5sum": "207de9e9d3ed8904c02b8e34fd1ca5b1",
    "settings": {
      "testing": false
    },
    "software": "mriqc",
    "version": "23.0.0",
    "warnings": {
      "large_rot_frame": true,
      "small_air_mask": false
    },
    "webapi_port": null,
    "webapi_url": "https://mriqc.nimh.nih.gov/api/v1"
  },
  "qi_1": 0.0,
  "qi_2": 0.001216619257457331,
  "rpve_csf": 23.995693983526447,
  "rpve_gm": 9.708988586396831,
  "rpve_wm": 15.662739008188703,
  "size_x": 176,
  "size_y": 256,
  "size_z": 256,
  "snr_csf": 2.0056518741528206,
  "snr_gm": 10.682704868530045,
  "snr_total": 10.710084803581703,
  "snr_wm": 19.44189766806224,
  "snrd_csf": 25.87852092046402,
  "snrd_gm": 59.80928509916956,
  "snrd_total": 59.20091889434162,
  "snrd_wm": 91.91495066339128,
  "spacing_x": 1.0000029802322388,
  "spacing_y": 1.0,
  "spacing_z": 1.0,
  "summary_bg_k": 8.969983072238453,
  "summary_bg_mad": 0.0,
  "summary_bg_mean": 4.7090129960238105,
  "summary_bg_median": 0.0,
  "summary_bg_n": 3988030.0,
  "summary_bg_p05": 0.0,
  "summary_bg_p95": 19.16952846199274,
  "summary_bg_stdv": 7.12763692613601,
  "summary_csf_k": 10.7195001651641,
  "summary_csf_mad": 128.9581566699062,
  "summary_csf_mean": 296.6721621045499,
  "summary_csf_median": 281.5485466942191,
  "summary_csf_n": 21905.0,
  "summary_csf_p05": 102.79737689569593,
  "summary_csf_p95": 514.1055232539773,
  "summary_csf_stdv": 140.37437088030967,
  "summary_gm_k": 0.45418835844698746,
  "summary_gm_mad": 56.81842688884059,
  "summary_gm_mean": 651.101961214171,
  "summary_gm_median": 650.7024628743529,
  "summary_gm_n": 48278.0,
  "summary_gm_p05": 550.3543522780761,
  "summary_gm_p95": 751.2378978529946,
  "summary_gm_stdv": 60.911139241186675,
  "summary_wm_k": 0.7845248458290164,
  "summary_wm_mad": 48.000577339085694,
  "summary_wm_mean": 999.6755844547741,
  "summary_wm_median": 999.9999945238233,
  "summary_wm_n": 215758.0,
  "summary_wm_p05": 914.9859456606209,
  "summary_wm_p95": 1082.4851642251015,
  "summary_wm_stdv": 51.43518879603516,
  "tpm_overlap_csf": 0.1450889733202449,
  "tpm_overlap_gm": 0.46641977560148506,
  "tpm_overlap_wm": 0.49476082598690535,
  "wm2max": 0.5409285123199298
}