{
  "aor": 0.0012843956043956041,
  "aqi": 0.008049063846153845,
  "bids_meta": {
    "AcquisitionMatrixPE": 78,
    "AcquisitionNumber": 1,
    "AcquisitionTime": "20:41:51.697500",
    "BandwidthPerPixelPhaseEncode": 20.678,
    "BaseResolution": 78,
    "BodyPartExamined": "BRAIN",
    "ConsistencyInfo": "N4_VE11C_LATEST_20160120",
    "ConversionSoftware": "dcm2niix",
    "ConversionSoftwareVersion": "v1.0.20171215 GCC4.8.5",
    "DerivedVendorReportedEchoSpacing": 0.000620007,
    "DeviceSerialNumber": "45031",
    "DwellTime": 3.2e-06,
    "EchoTime": 0.032,
    "EchoTrainLength": 78,
    "EffectiveEchoSpacing": 0.000620007,
    "FlipAngle": 70,
    "ImageOrientationPatientDICOM": [
      0.997758,
      0.00926599,
      -0.0662867,
      -0.010623,
      0.999741,
      -0.0201495
    ],
    "ImageType": [
      "ORIGINAL",
      "PRIMARY",
      "M",
      "ND",
      "NORM",
      "MOSAIC"
    ],
    "InPlanePhaseEncodingDirectionDICOM": "COL",
    "InstitutionAddress": "Washington_and_Faculty_Rd._-_Building_25_25_Princeton_NJ_US_085",
    "InstitutionName": "Princeton_University_-_Neuroscience_Institute",
    "InstitutionalDepartmentName": "Department",
    "MRAcquisitionType": "2D",
    "MagneticFieldStrength": 3,
    "Manufacturer": "Siemens",
    "ManufacturersModelName": "Skyra",
    "Modality": "MR",
    "MultibandAccelerationFactor": 4,
    "PartialFourier": 1,
    "PatientPosition": "HFS",
    "PercentPhaseFOV": 100,
    "PhaseEncodingDirection": "j-",
    "PhaseEncodingSteps": 78,
    "PhaseResolution": 1,
    "PixelBandwidth": 2005,
    "ProcedureStepDescription": "TamirL_Mark",
    "ProtocolName": "EPI_2.5mm_1.5TR_32TE_SMS4_Siemens",
    "PulseSequenceDetails": "%SiemensSeq%_ep2d_bold",
    "ReceiveCoilActiveElements": "HC1-7",
    "ReceiveCoilName": "HeadNeck_64",
    "ReconMatrixPE": 78,
    "RepetitionTime": 1.5,
    "SAR": 0.0662713,
    "ScanOptions": "FS",
    "ScanningSequence": "EP",
    "SequenceName": "_epfid2d1_78",
    "SequenceVariant": "SK",
    "SeriesDescription": "EPI_2.5mm_1.5TR_32TE_SMS4_Siemens",
    "SeriesNumber": 20,
    "ShimSetting": [
      3335,
      8736,
      9215,
      665,
      -48,
      -91,
      201,
      259
    ],
    "SliceThickness": 2.5,
    "SliceTiming": [
      0.6825,
      0,
      0.7975,
      0.115,
      0.91,
      0.2275,
      1.025,
      0.3425,
      1.1375,
      0.455,
      1.2525,
      0.57,
      1.365,
      0.6825,
      0,
      0.7975,
      0.115,
      0.91,
      0.2275,
      1.025,
      0.3425,
      1.1375,
      0.455,
      1.2525,
      0.57,
      1.365,
      0.6825,
      0,
      0.7975,
      0.115,
      0.91,
      0.2275,
      1.025,
      0.3425,
      1.1375,
      0.455,
      1.2525,
      0.57,
      1.365,
      0.6825,
      0,
      0.7975,
      0.115,
      0.91,
      0.2275,
      1.025,
      0.3425,
      1.1375,
      0.455,
      1.2525,
      0.57,
      1.365
    ],
    "SoftwareVersions": "syngo_MR_E11",
    "SpacingBetweenSlices": 2.5,
    "StationName": "AWP45031",
    "TaskName": "sitrep",
    "TotalReadoutTime": 0.0477406,
    "TxRefAmp": 311.313,
    "dataset": "ds004226",
    "modality": "bold",
    "run_id": 7,
    "subject_id": "025",
    "task_id": "sitrep"
  },
  "dummy_trs": 0,
  "dvars_nstd": 26.16171567286502,
  "dvars_std": 1.2386600502754816,
  "dvars_vstd": 1.0130643057851232,
  "efc": 0.5878830535854631,
  "fber": 3482.48291015625,
  "fd_mean": 0.10144174803760954,
  "fd_num": 4,
  "fd_perc": 1.098901098901099,
  "fwhm_avg": 1.767792,
  "fwhm_x": 1.6466999999999998,
  "fwhm_y": 1.903564,
  "fwhm_z": 1.7531120000000002,
  "gcor": 0.012327,
  "gsr_x": -0.004386296961456537,
  "gsr_y": 0.0418396070599556,
  "provenance": {
    "md5sum": "1cc0c75fca918da46d1813d07c070676",
    "settings": {
      "fd_thres": 0.2,
      "testing": false
    },
    "software": "mriqc",
    "version": "23.0.0",
    "webapi_port": null,
    "webapi_url": "https://mriqc.nimh.nih.gov/api/v1"
  },
  "size_t": 364,
  "size_x": 78,
  "size_y": 78,
  "size_z": 52,
  "snr": 6.773628690242246,
  "spacing_tr": 1.5,
  "spacing_x": 2.5,
  "spacing_y": 2.5,
  "spacing_z": 2.5,
  "summary_bg_k": 10.48713846170618,
  "summary_bg_mad": 16.552218458759228,
  "summary_bg_mean": 52.56477737426758,
  "summary_bg_median": 12.885295867919922,
  "summary_bg_n": 179224.0,
  "summary_bg_p05": 0.991627362370491,
  "summary_bg_p95": 246.1108024597168,
  "summary_bg_stdv": 89.45442962646484,
  "summary_fg_k": 2.912539052845336,
  "summary_fg_mad": 100.92626381492114,
  "summary_fg_mean": 772.7864990234375,
  "summary_fg_median": 769.5326538085938,
  "summary_fg_n": 79693.0,
  "summary_fg_p05": 612.2122680664063,
  "summary_fg_p95": 955.8204345703124,
  "summary_fg_stdv": 113.60643768310547,
  "tsnr": 64.51123046875
}