{
  "aor": 0.01091815934065934,
  "aqi": 0.01603631370879121,
  "bids_meta": {
    "AcquisitionMatrixPE": 78,
    "AcquisitionNumber": 1,
    "AcquisitionTime": "21:02:33.810000",
    "BandwidthPerPixelPhaseEncode": 20.678,
    "BaseResolution": 78,
    "BodyPartExamined": "BRAIN",
    "ConsistencyInfo": "N4_VE11C_LATEST_20160120",
    "ConversionSoftware": "dcm2niix",
    "ConversionSoftwareVersion": "v1.0.20171215 GCC4.8.5",
    "DerivedVendorReportedEchoSpacing": 0.000620007,
    "DeviceSerialNumber": "45031",
    "DwellTime": 3.2e-06,
    "EchoTime": 0.032,
    "EchoTrainLength": 78,
    "EffectiveEchoSpacing": 0.000620007,
    "FlipAngle": 70,
    "ImageOrientationPatientDICOM": [
      0.997758,
      0.00926599,
      -0.0662867,
      -0.010623,
      0.999741,
      -0.0201495
    ],
    "ImageType": [
      "ORIGINAL",
      "PRIMARY",
      "M",
      "ND",
      "NORM",
      "MOSAIC"
    ],
    "InPlanePhaseEncodingDirectionDICOM": "COL",
    "InstitutionAddress": "Washington_and_Faculty_Rd._-_Building_25_25_Princeton_NJ_US_085",
    "InstitutionName": "Princeton_University_-_Neuroscience_Institute",
    "InstitutionalDepartmentName": "Department",
    "MRAcquisitionType": "2D",
    "MagneticFieldStrength": 3,
    "Manufacturer": "Siemens",
    "ManufacturersModelName": "Skyra",
    "Modality": "MR",
    "MultibandAccelerationFactor": 4,
    "PartialFourier": 1,
    "PatientPosition": "HFS",
    "PercentPhaseFOV": 100,
    "PhaseEncodingDirection": "j-",
    "PhaseEncodingSteps": 78,
    "PhaseResolution": 1,
    "PixelBandwidth": 2005,
    "ProcedureStepDescription": "TamirL_Mark",
    "ProtocolName": "EPI_2.5mm_1.5TR_32TE_SMS4_Siemens",
    "PulseSequenceDetails": "%SiemensSeq%_ep2d_bold",
    "ReceiveCoilActiveElements": "HC1-7",
    "ReceiveCoilName": "HeadNeck_64",
    "ReconMatrixPE": 78,
    "RepetitionTime": 1.5,
    "SAR": 0.0662713,
    "ScanOptions": "FS",
    "ScanningSequence": "EP",
    "SequenceName": "_epfid2d1_78",
    "SequenceVariant": "SK",
    "SeriesDescription": "EPI_2.5mm_1.5TR_32TE_SMS4_Siemens",
    "SeriesNumber": 22,
    "ShimSetting": [
      3335,
      8736,
      9215,
      665,
      -48,
      -91,
      201,
      259
    ],
    "SliceThickness": 2.5,
    "SliceTiming": [
      0.6825,
      0,
      0.7975,
      0.115,
      0.91,
      0.2275,
      1.025,
      0.3425,
      1.14,
      0.455,
      1.2525,
      0.57,
      1.3675,
      0.6825,
      0,
      0.7975,
      0.115,
      0.91,
      0.2275,
      1.025,
      0.3425,
      1.14,
      0.455,
      1.2525,
      0.57,
      1.3675,
      0.6825,
      0,
      0.7975,
      0.115,
      0.91,
      0.2275,
      1.025,
      0.3425,
      1.14,
      0.455,
      1.2525,
      0.57,
      1.3675,
      0.6825,
      0,
      0.7975,
      0.115,
      0.91,
      0.2275,
      1.025,
      0.3425,
      1.14,
      0.455,
      1.2525,
      0.57,
      1.3675
    ],
    "SoftwareVersions": "syngo_MR_E11",
    "SpacingBetweenSlices": 2.5,
    "StationName": "AWP45031",
    "TaskName": "sitrep",
    "TotalReadoutTime": 0.0477406,
    "TxRefAmp": 311.313,
    "dataset": "ds004226",
    "modality": "bold",
    "run_id": 9,
    "subject_id": "025",
    "task_id": "sitrep"
  },
  "dummy_trs": 0,
  "dvars_nstd": 30.12776124212118,
  "dvars_std": 1.3241570965289264,
  "dvars_vstd": 1.1211213237741051,
  "efc": 0.5877753682969102,
  "fber": 3709.919677734375,
  "fd_mean": 0.16167563348034175,
  "fd_num": 69,
  "fd_perc": 18.956043956043956,
  "fwhm_avg": 1.8079600000000002,
  "fwhm_x": 1.6850840000000002,
  "fwhm_y": 1.9398319999999998,
  "fwhm_z": 1.7989640000000002,
  "gcor": 0.0129353,
  "gsr_x": -0.0011470135068520904,
  "gsr_y": 0.046908121556043625,
  "provenance": {
    "md5sum": "d40f3d12a1cd3570811bda229a0dfac4",
    "settings": {
      "fd_thres": 0.2,
      "testing": false
    },
    "software": "mriqc",
    "version": "23.0.0",
    "webapi_port": null,
    "webapi_url": "https://mriqc.nimh.nih.gov/api/v1"
  },
  "size_t": 364,
  "size_x": 78,
  "size_y": 78,
  "size_z": 52,
  "snr": 6.844982368389471,
  "spacing_tr": 1.5,
  "spacing_x": 2.5,
  "spacing_y": 2.5,
  "spacing_z": 2.5,
  "summary_bg_k": 10.230434740271077,
  "summary_bg_mad": 15.688231982697976,
  "summary_bg_mean": 52.0661735534668,
  "summary_bg_median": 12.319826126098633,
  "summary_bg_n": 178973.0,
  "summary_bg_p05": 1.076147198677063,
  "summary_bg_p95": 245.7785766601562,
  "summary_bg_stdv": 88.72221374511719,
  "summary_fg_k": 2.89218495618535,
  "summary_fg_mad": 98.62277377749625,
  "summary_fg_mean": 771.1666870117188,
  "summary_fg_median": 766.8685302734375,
  "summary_fg_n": 79934.0,
  "summary_fg_p05": 612.8139923095703,
  "summary_fg_p95": 951.996383666992,
  "summary_fg_stdv": 112.03297424316406,
  "tsnr": 48.772525787353516
}