{
  "bids_meta": {
    "AcquisitionMatrixPE": 256,
    "AcquisitionNumber": 1,
    "AcquisitionTime": "18:38:53.660000",
    "BaseResolution": 256,
    "BodyPartExamined": "BRAIN",
    "ConsistencyInfo": "N4_VE11C_LATEST_20160120",
    "ConversionSoftware": "dcm2niix",
    "ConversionSoftwareVersion": "v1.0.20171215 GCC4.8.5",
    "DeviceSerialNumber": "45031",
    "DwellTime": 8.2e-06,
    "EchoTime": 0.00298,
    "FlipAngle": 9,
    "ImageOrientationPatientDICOM": [
      -0.0199675,
      0.999786,
      0.00540561,
      -0.0425501,
      0.00455202,
      -0.999084
    ],
    "ImageType": [
      "ORIGINAL",
      "PRIMARY",
      "M",
      "ND",
      "NORM"
    ],
    "InPlanePhaseEncodingDirectionDICOM": "ROW",
    "InstitutionAddress": "Washington_and_Faculty_Rd._-_Building_25_25_Princeton_NJ_US_085",
    "InstitutionName": "Princeton_University_-_Neuroscience_Institute",
    "InstitutionalDepartmentName": "Department",
    "InversionTime": 0.9,
    "MRAcquisitionType": "3D",
    "MagneticFieldStrength": 3,
    "Manufacturer": "Siemens",
    "ManufacturersModelName": "Skyra",
    "Modality": "MR",
    "ParallelReductionFactorInPlane": 2,
    "PartialFourier": 1,
    "PatientPosition": "HFS",
    "PercentPhaseFOV": 100,
    "PhaseEncodingSteps": 255,
    "PhaseResolution": 1,
    "PixelBandwidth": 240,
    "ProcedureStepDescription": "TamirL_Mark",
    "ProtocolName": "T1w_MPR_1iso_iP2",
    "PulseSequenceDetails": "%SiemensSeq%_tfl",
    "ReceiveCoilActiveElements": "HC1-7;NC1",
    "ReceiveCoilName": "HeadNeck_64",
    "ReconMatrixPE": 256,
    "RepetitionTime": 2.3,
    "SAR": 0.0777426,
    "ScanOptions": "IR",
    "ScanningSequence": "GR_IR",
    "SequenceName": "_tfl3d1_16ns",
    "SequenceVariant": "SK_SP_MP",
    "SeriesDescription": "T1w_MPR_1iso_iP2",
    "SeriesNumber": 6,
    "ShimSetting": [
      3375,
      8689,
      9063,
      350,
      158,
      -1012,
      184,
      439
    ],
    "SliceThickness": 1,
    "SoftwareVersions": "syngo_MR_E11",
    "StationName": "AWP45031",
    "TxRefAmp": 295.845,
    "dataset": "ds004226",
    "modality": "T1w",
    "subject_id": "005"
  },
  "cjv": 0.31715189910815617,
  "cnr": 4.129132744072942,
  "efc": 0.5053646980766889,
  "fber": -1.0,
  "fwhm_avg": 3.5227186198698566,
  "fwhm_x": 3.6818958596095706,
  "fwhm_y": 3.60651,
  "fwhm_z": 3.27975,
  "icvs_csf": 0.1979382378493877,
  "icvs_gm": 0.4732759306731343,
  "icvs_wm": 0.32878583147747803,
  "inu_med": 0.6127719581127167,
  "inu_range": 0.22764857262372967,
  "provenance": {
    "md5sum": "024a0650fe4d981f6592a2b9494bc0b5",
    "settings": {
      "testing": false
    },
    "software": "mriqc",
    "version": "23.0.0",
    "warnings": {
      "large_rot_frame": true,
      "small_air_mask": false
    },
    "webapi_port": null,
    "webapi_url": "https://mriqc.nimh.nih.gov/api/v1"
  },
  "qi_1": 0.0001672433693537839,
  "qi_2": 0.0009831140344756832,
  "rpve_csf": 25.94512984954301,
  "rpve_gm": 11.891318696697462,
  "rpve_wm": 18.92802058253325,
  "size_x": 176,
  "size_y": 256,
  "size_z": 256,
  "snr_csf": 1.8427194909645854,
  "snr_gm": 9.770152742171621,
  "snr_total": 10.6904048037649,
  "snr_wm": 20.458342178158492,
  "snrd_csf": 20.67063660190254,
  "snrd_gm": 55.903851593910794,
  "snrd_total": 53.94385893999805,
  "snrd_wm": 85.25708862418082,
  "spacing_x": 1.0000065565109253,
  "spacing_y": 1.0,
  "spacing_z": 1.0,
  "summary_bg_k": 13.240882125291645,
  "summary_bg_mad": 0.0,
  "summary_bg_mean": 4.498843318741469,
  "summary_bg_median": 0.0,
  "summary_bg_n": 3821521.0,
  "summary_bg_p05": 0.0,
  "summary_bg_p95": 18.483239382505417,
  "summary_bg_stdv": 7.684245484526968,
  "summary_csf_k": 8.13934196149296,
  "summary_csf_mad": 122.6838158628568,
  "summary_csf_mean": 257.5309766596946,
  "summary_csf_median": 242.45064992643893,
  "summary_csf_n": 28390.0,
  "summary_csf_p05": 72.28932736124844,
  "summary_csf_p95": 488.9850418874992,
  "summary_csf_stdv": 131.56987869111174,
  "summary_gm_k": 0.29291043334432443,
  "summary_gm_mad": 63.21987474294654,
  "summary_gm_mean": 655.6479070842784,
  "summary_gm_median": 655.709130462259,
  "summary_gm_n": 39121.0,
  "summary_gm_p05": 544.5664936490357,
  "summary_gm_p95": 767.6219022497535,
  "summary_gm_stdv": 67.11264062968641,
  "summary_wm_k": 0.6007015295067437,
  "summary_wm_mad": 45.972627545963974,
  "summary_wm_mean": 999.1219720619926,
  "summary_wm_median": 999.9999973811209,
  "summary_wm_n": 176388.0,
  "summary_wm_p05": 917.7576888129115,
  "summary_wm_p95": 1077.45936242491,
  "summary_wm_stdv": 48.879677248959226,
  "tpm_overlap_csf": 0.153805225277435,
  "tpm_overlap_gm": 0.4833757353517511,
  "tpm_overlap_wm": 0.5001171343467447,
  "wm2max": 0.4481168841990277
}