{
  "aor": 0.003658873626373626,
  "aqi": 0.01747880739010989,
  "bids_meta": {
    "AcquisitionMatrixPE": 78,
    "AcquisitionNumber": 1,
    "AcquisitionTime": "17:08:13.735000",
    "BandwidthPerPixelPhaseEncode": 20.678,
    "BaseResolution": 78,
    "BodyPartExamined": "BRAIN",
    "ConsistencyInfo": "N4_VE11C_LATEST_20160120",
    "ConversionSoftware": "dcm2niix",
    "ConversionSoftwareVersion": "v1.0.20171215 GCC4.8.5",
    "DerivedVendorReportedEchoSpacing": 0.000620007,
    "DeviceSerialNumber": "45031",
    "DwellTime": 3.2e-06,
    "EchoTime": 0.032,
    "EchoTrainLength": 78,
    "EffectiveEchoSpacing": 0.000620007,
    "FlipAngle": 70,
    "ImageOrientationPatientDICOM": [
      0.999593,
      0.0224594,
      0.0175892,
      -0.0207639,
      0.99561,
      -0.0912658
    ],
    "ImageType": [
      "ORIGINAL",
      "PRIMARY",
      "M",
      "ND",
      "NORM",
      "MOSAIC"
    ],
    "InPlanePhaseEncodingDirectionDICOM": "COL",
    "InstitutionAddress": "Washington_and_Faculty_Rd._-_Building_25_25_Princeton_NJ_US_085",
    "InstitutionName": "Princeton_University_-_Neuroscience_Institute",
    "InstitutionalDepartmentName": "Department",
    "MRAcquisitionType": "2D",
    "MagneticFieldStrength": 3,
    "Manufacturer": "Siemens",
    "ManufacturersModelName": "Skyra",
    "Modality": "MR",
    "MultibandAccelerationFactor": 4,
    "PartialFourier": 1,
    "PatientPosition": "HFS",
    "PercentPhaseFOV": 100,
    "PhaseEncodingDirection": "j-",
    "PhaseEncodingSteps": 78,
    "PhaseResolution": 1,
    "PixelBandwidth": 2005,
    "ProcedureStepDescription": "TamirL_Mark",
    "ProtocolName": "EPI_2.5mm_1.5TR_32TE_SMS4_Siemens",
    "PulseSequenceDetails": "%SiemensSeq%_ep2d_bold",
    "ReceiveCoilActiveElements": "HC1-7",
    "ReceiveCoilName": "HeadNeck_64",
    "ReconMatrixPE": 78,
    "RepetitionTime": 1.5,
    "SAR": 0.0635751,
    "ScanOptions": "FS",
    "ScanningSequence": "EP",
    "SequenceName": "_epfid2d1_78",
    "SequenceVariant": "SK",
    "SeriesDescription": "EPI_2.5mm_1.5TR_32TE_SMS4_Siemens",
    "SeriesNumber": 14,
    "ShimSetting": [
      3407,
      8775,
      9441,
      650,
      135,
      271,
      -116,
      348
    ],
    "SliceThickness": 2.5,
    "SliceTiming": [
      0.685,
      0,
      0.7975,
      0.115,
      0.9125,
      0.2275,
      1.025,
      0.3425,
      1.14,
      0.455,
      1.2525,
      0.57,
      1.3675,
      0.685,
      0,
      0.7975,
      0.115,
      0.9125,
      0.2275,
      1.025,
      0.3425,
      1.14,
      0.455,
      1.2525,
      0.57,
      1.3675,
      0.685,
      0,
      0.7975,
      0.115,
      0.9125,
      0.2275,
      1.025,
      0.3425,
      1.14,
      0.455,
      1.2525,
      0.57,
      1.3675,
      0.685,
      0,
      0.7975,
      0.115,
      0.9125,
      0.2275,
      1.025,
      0.3425,
      1.14,
      0.455,
      1.2525,
      0.57,
      1.3675
    ],
    "SoftwareVersions": "syngo_MR_E11",
    "SpacingBetweenSlices": 2.5,
    "StationName": "AWP45031",
    "TaskName": "sitrep",
    "TotalReadoutTime": 0.0477406,
    "TxRefAmp": 300.048,
    "dataset": "ds004226",
    "modality": "bold",
    "run_id": 6,
    "subject_id": "001",
    "task_id": "sitrep"
  },
  "dummy_trs": 0,
  "dvars_nstd": 34.47956409404958,
  "dvars_std": 1.2536198237741054,
  "dvars_vstd": 1.0260869311294762,
  "efc": 0.5990640904398064,
  "fber": 3284.3212890625,
  "fd_mean": 0.26368773953379376,
  "fd_num": 174,
  "fd_perc": 47.8021978021978,
  "fwhm_avg": 1.8409680000000002,
  "fwhm_x": 1.77054,
  "fwhm_y": 1.985668,
  "fwhm_z": 1.766696,
  "gcor": 0.0389724,
  "gsr_x": -0.005653553642332554,
  "gsr_y": 0.049269307404756546,
  "provenance": {
    "md5sum": "18f7af8e8040c0b0177a0b688ab1f2cf",
    "settings": {
      "fd_thres": 0.2,
      "testing": false
    },
    "software": "mriqc",
    "version": "23.0.0",
    "webapi_port": null,
    "webapi_url": "https://mriqc.nimh.nih.gov/api/v1"
  },
  "size_t": 364,
  "size_x": 78,
  "size_y": 78,
  "size_z": 52,
  "snr": 6.78463836087674,
  "spacing_tr": 1.5,
  "spacing_x": 2.5,
  "spacing_y": 2.5,
  "spacing_z": 2.5,
  "summary_bg_k": 13.152472163899915,
  "summary_bg_mad": 14.844990447477707,
  "summary_bg_mean": 48.10252380371094,
  "summary_bg_median": 12.100351333618164,
  "summary_bg_n": 170650.0,
  "summary_bg_p05": 1.231471586227417,
  "summary_bg_p95": 227.9146713256828,
  "summary_bg_stdv": 87.51777648925781,
  "summary_fg_k": 2.259819662166109,
  "summary_fg_mad": 98.55576529710054,
  "summary_fg_mean": 735.0594482421875,
  "summary_fg_median": 731.6220092773438,
  "summary_fg_n": 84747.0,
  "summary_fg_p05": 578.6676513671875,
  "summary_fg_p95": 908.8909606933594,
  "summary_fg_stdv": 107.83444213867188,
  "tsnr": 44.66167449951172
}