{
  "aor": 0.0016605219780219782,
  "aqi": 0.013081277005494506,
  "bids_meta": {
    "AcquisitionMatrixPE": 78,
    "AcquisitionNumber": 1,
    "AcquisitionTime": "16:46:53.587500",
    "BandwidthPerPixelPhaseEncode": 20.678,
    "BaseResolution": 78,
    "BodyPartExamined": "BRAIN",
    "ConsistencyInfo": "N4_VE11C_LATEST_20160120",
    "ConversionSoftware": "dcm2niix",
    "ConversionSoftwareVersion": "v1.0.20171215 GCC4.8.5",
    "DerivedVendorReportedEchoSpacing": 0.000620007,
    "DeviceSerialNumber": "45031",
    "DwellTime": 3.2e-06,
    "EchoTime": 0.032,
    "EchoTrainLength": 78,
    "EffectiveEchoSpacing": 0.000620007,
    "FlipAngle": 70,
    "ImageOrientationPatientDICOM": [
      0.999593,
      0.0224594,
      0.0175892,
      -0.0207639,
      0.99561,
      -0.0912658
    ],
    "ImageType": [
      "ORIGINAL",
      "PRIMARY",
      "M",
      "ND",
      "NORM",
      "MOSAIC"
    ],
    "InPlanePhaseEncodingDirectionDICOM": "COL",
    "InstitutionAddress": "Washington_and_Faculty_Rd._-_Building_25_25_Princeton_NJ_US_085",
    "InstitutionName": "Princeton_University_-_Neuroscience_Institute",
    "InstitutionalDepartmentName": "Department",
    "MRAcquisitionType": "2D",
    "MagneticFieldStrength": 3,
    "Manufacturer": "Siemens",
    "ManufacturersModelName": "Skyra",
    "Modality": "MR",
    "MultibandAccelerationFactor": 4,
    "PartialFourier": 1,
    "PatientPosition": "HFS",
    "PercentPhaseFOV": 100,
    "PhaseEncodingDirection": "j-",
    "PhaseEncodingSteps": 78,
    "PhaseResolution": 1,
    "PixelBandwidth": 2005,
    "ProcedureStepDescription": "TamirL_Mark",
    "ProtocolName": "EPI_2.5mm_1.5TR_32TE_SMS4_Siemens",
    "PulseSequenceDetails": "%SiemensSeq%_ep2d_bold",
    "ReceiveCoilActiveElements": "HC1-7",
    "ReceiveCoilName": "HeadNeck_64",
    "ReconMatrixPE": 78,
    "RepetitionTime": 1.5,
    "SAR": 0.0635751,
    "ScanOptions": "FS",
    "ScanningSequence": "EP",
    "SequenceName": "_epfid2d1_78",
    "SequenceVariant": "SK",
    "SeriesDescription": "EPI_2.5mm_1.5TR_32TE_SMS4_Siemens",
    "SeriesNumber": 12,
    "ShimSetting": [
      3407,
      8775,
      9441,
      650,
      135,
      271,
      -116,
      348
    ],
    "SliceThickness": 2.5,
    "SliceTiming": [
      0.6825,
      0,
      0.7975,
      0.1125,
      0.91,
      0.2275,
      1.025,
      0.3425,
      1.1375,
      0.455,
      1.2525,
      0.57,
      1.365,
      0.6825,
      0,
      0.7975,
      0.1125,
      0.91,
      0.2275,
      1.025,
      0.3425,
      1.1375,
      0.455,
      1.2525,
      0.57,
      1.365,
      0.6825,
      0,
      0.7975,
      0.1125,
      0.91,
      0.2275,
      1.025,
      0.3425,
      1.1375,
      0.455,
      1.2525,
      0.57,
      1.365,
      0.6825,
      0,
      0.7975,
      0.1125,
      0.91,
      0.2275,
      1.025,
      0.3425,
      1.1375,
      0.455,
      1.2525,
      0.57,
      1.365
    ],
    "SoftwareVersions": "syngo_MR_E11",
    "SpacingBetweenSlices": 2.5,
    "StationName": "AWP45031",
    "TaskName": "sitrep",
    "TotalReadoutTime": 0.0477406,
    "TxRefAmp": 300.048,
    "dataset": "ds004226",
    "modality": "bold",
    "run_id": 4,
    "subject_id": "001",
    "task_id": "sitrep"
  },
  "dummy_trs": 0,
  "dvars_nstd": 32.649173221625354,
  "dvars_std": 1.2791079260606066,
  "dvars_vstd": 1.018019082396695,
  "efc": 0.5966695836383941,
  "fber": 3730.830322265625,
  "fd_mean": 0.19765387537417028,
  "fd_num": 143,
  "fd_perc": 39.285714285714285,
  "fwhm_avg": 1.8657973333333338,
  "fwhm_x": 1.7821000000000002,
  "fwhm_y": 2.0020160000000002,
  "fwhm_z": 1.813276,
  "gcor": 0.030232,
  "gsr_x": -0.006915687117725611,
  "gsr_y": 0.04733617976307869,
  "provenance": {
    "md5sum": "2ac6bb70889077bae5501976b3b0b9a9",
    "settings": {
      "fd_thres": 0.2,
      "testing": false
    },
    "software": "mriqc",
    "version": "23.0.0",
    "webapi_port": null,
    "webapi_url": "https://mriqc.nimh.nih.gov/api/v1"
  },
  "size_t": 364,
  "size_x": 78,
  "size_y": 78,
  "size_z": 52,
  "snr": 6.8037877955462065,
  "spacing_tr": 1.5,
  "spacing_x": 2.5,
  "spacing_y": 2.5,
  "spacing_z": 2.5,
  "summary_bg_k": 16.35615354714446,
  "summary_bg_mad": 13.775566835788801,
  "summary_bg_mean": 44.63235092163086,
  "summary_bg_median": 11.310613632202148,
  "summary_bg_n": 169452.0,
  "summary_bg_p05": 1.1650476694107057,
  "summary_bg_p95": 207.72720413207983,
  "summary_bg_stdv": 82.92794799804688,
  "summary_fg_k": 2.331898106985336,
  "summary_fg_mad": 99.0064097702547,
  "summary_fg_mean": 742.6650390625,
  "summary_fg_median": 739.3145141601562,
  "summary_fg_n": 84592.0,
  "summary_fg_p05": 584.4945739746094,
  "summary_fg_p95": 916.4651458740234,
  "summary_fg_stdv": 108.66155242919922,
  "tsnr": 52.56847381591797
}