{
  "aor": 0.0023570054945054944,
  "aqi": 0.020031514835164833,
  "bids_meta": {
    "AcquisitionMatrixPE": 78,
    "AcquisitionNumber": 1,
    "AcquisitionTime": "17:29:30.527500",
    "BandwidthPerPixelPhaseEncode": 20.678,
    "BaseResolution": 78,
    "BodyPartExamined": "BRAIN",
    "ConsistencyInfo": "N4_VE11C_LATEST_20160120",
    "ConversionSoftware": "dcm2niix",
    "ConversionSoftwareVersion": "v1.0.20171215 GCC4.8.5",
    "DerivedVendorReportedEchoSpacing": 0.000620007,
    "DeviceSerialNumber": "45031",
    "DwellTime": 3.2e-06,
    "EchoTime": 0.032,
    "EchoTrainLength": 78,
    "EffectiveEchoSpacing": 0.000620007,
    "FlipAngle": 70,
    "ImageOrientationPatientDICOM": [
      0.999593,
      0.0224594,
      0.0175892,
      -0.0207639,
      0.99561,
      -0.0912658
    ],
    "ImageType": [
      "ORIGINAL",
      "PRIMARY",
      "M",
      "ND",
      "NORM",
      "MOSAIC"
    ],
    "InPlanePhaseEncodingDirectionDICOM": "COL",
    "InstitutionAddress": "Washington_and_Faculty_Rd._-_Building_25_25_Princeton_NJ_US_085",
    "InstitutionName": "Princeton_University_-_Neuroscience_Institute",
    "InstitutionalDepartmentName": "Department",
    "MRAcquisitionType": "2D",
    "MagneticFieldStrength": 3,
    "Manufacturer": "Siemens",
    "ManufacturersModelName": "Skyra",
    "Modality": "MR",
    "MultibandAccelerationFactor": 4,
    "PartialFourier": 1,
    "PatientPosition": "HFS",
    "PercentPhaseFOV": 100,
    "PhaseEncodingDirection": "j-",
    "PhaseEncodingSteps": 78,
    "PhaseResolution": 1,
    "PixelBandwidth": 2005,
    "ProcedureStepDescription": "TamirL_Mark",
    "ProtocolName": "EPI_2.5mm_1.5TR_32TE_SMS4_Siemens",
    "PulseSequenceDetails": "%SiemensSeq%_ep2d_bold",
    "ReceiveCoilActiveElements": "HC1-7",
    "ReceiveCoilName": "HeadNeck_64",
    "ReconMatrixPE": 78,
    "RepetitionTime": 1.5,
    "SAR": 0.0635751,
    "ScanOptions": "FS",
    "ScanningSequence": "EP",
    "SequenceName": "_epfid2d1_78",
    "SequenceVariant": "SK",
    "SeriesDescription": "EPI_2.5mm_1.5TR_32TE_SMS4_Siemens",
    "SeriesNumber": 16,
    "ShimSetting": [
      3407,
      8775,
      9441,
      650,
      135,
      271,
      -116,
      348
    ],
    "SliceThickness": 2.5,
    "SliceTiming": [
      0.6825,
      0,
      0.7975,
      0.115,
      0.91,
      0.2275,
      1.025,
      0.3425,
      1.1375,
      0.455,
      1.2525,
      0.57,
      1.365,
      0.6825,
      0,
      0.7975,
      0.115,
      0.91,
      0.2275,
      1.025,
      0.3425,
      1.1375,
      0.455,
      1.2525,
      0.57,
      1.365,
      0.6825,
      0,
      0.7975,
      0.115,
      0.91,
      0.2275,
      1.025,
      0.3425,
      1.1375,
      0.455,
      1.2525,
      0.57,
      1.365,
      0.6825,
      0,
      0.7975,
      0.115,
      0.91,
      0.2275,
      1.025,
      0.3425,
      1.1375,
      0.455,
      1.2525,
      0.57,
      1.365
    ],
    "SoftwareVersions": "syngo_MR_E11",
    "SpacingBetweenSlices": 2.5,
    "StationName": "AWP45031",
    "TaskName": "sitrep",
    "TotalReadoutTime": 0.0477406,
    "TxRefAmp": 300.048,
    "dataset": "ds004226",
    "modality": "bold",
    "run_id": 8,
    "subject_id": "001",
    "task_id": "sitrep"
  },
  "dummy_trs": 0,
  "dvars_nstd": 35.08680029385677,
  "dvars_std": 1.2144644886776863,
  "dvars_vstd": 0.998782452506888,
  "efc": 0.5978691333199191,
  "fber": 3502.5205078125,
  "fd_mean": 0.2620225923515333,
  "fd_num": 170,
  "fd_perc": 46.7032967032967,
  "fwhm_avg": 1.8699026666666665,
  "fwhm_x": 1.790532,
  "fwhm_y": 2.012028,
  "fwhm_z": 1.8071480000000002,
  "gcor": 0.0346938,
  "gsr_x": -0.006352910306304693,
  "gsr_y": 0.047053419053554535,
  "provenance": {
    "md5sum": "877a89794168c3945428f5f2254a3e46",
    "settings": {
      "fd_thres": 0.2,
      "testing": false
    },
    "software": "mriqc",
    "version": "23.0.0",
    "webapi_port": null,
    "webapi_url": "https://mriqc.nimh.nih.gov/api/v1"
  },
  "size_t": 364,
  "size_x": 78,
  "size_y": 78,
  "size_z": 52,
  "snr": 6.8277473273276685,
  "spacing_tr": 1.5,
  "spacing_x": 2.5,
  "spacing_y": 2.5,
  "spacing_z": 2.5,
  "summary_bg_k": 15.430658449893965,
  "summary_bg_mad": 14.334691290065107,
  "summary_bg_mean": 45.12754821777344,
  "summary_bg_median": 11.663019180297852,
  "summary_bg_n": 169557.0,
  "summary_bg_p05": 1.1202027320861818,
  "summary_bg_p95": 206.6860534667966,
  "summary_bg_stdv": 82.11910247802734,
  "summary_fg_k": 2.296177943247078,
  "summary_fg_mad": 97.93694356423612,
  "summary_fg_mean": 736.4249877929688,
  "summary_fg_median": 732.9818115234375,
  "summary_fg_n": 84420.0,
  "summary_fg_p05": 580.7206481933594,
  "summary_fg_p95": 908.6343200683594,
  "summary_fg_stdv": 107.35275268554688,
  "tsnr": 41.87702560424805
}