{
  "bids_meta": {
    "AcquisitionMatrixPE": 256,
    "AcquisitionNumber": 1,
    "AcquisitionTime": "19:18:1.117500",
    "BaseResolution": 256,
    "BodyPartExamined": "BRAIN",
    "ConsistencyInfo": "N4_VE11C_LATEST_20160120",
    "ConversionSoftware": "dcm2niix",
    "ConversionSoftwareVersion": "v1.0.20171215 GCC4.8.5",
    "DeviceSerialNumber": "45031",
    "DwellTime": 8.2e-06,
    "EchoTime": 0.00298,
    "FlipAngle": 9,
    "ImageOrientationPatientDICOM": [
      -0.056803,
      0.996412,
      -0.0627423,
      0.0427856,
      -0.0603565,
      -0.997259
    ],
    "ImageType": [
      "ORIGINAL",
      "PRIMARY",
      "M",
      "ND",
      "NORM"
    ],
    "InPlanePhaseEncodingDirectionDICOM": "ROW",
    "InstitutionAddress": "Washington_and_Faculty_Rd._-_Building_25_25_Princeton_NJ_US_085",
    "InstitutionName": "Princeton_University_-_Neuroscience_Institute",
    "InstitutionalDepartmentName": "Department",
    "InversionTime": 0.9,
    "MRAcquisitionType": "3D",
    "MagneticFieldStrength": 3,
    "Manufacturer": "Siemens",
    "ManufacturersModelName": "Skyra",
    "Modality": "MR",
    "ParallelReductionFactorInPlane": 2,
    "PartialFourier": 1,
    "PatientPosition": "HFS",
    "PercentPhaseFOV": 100,
    "PhaseEncodingSteps": 255,
    "PhaseResolution": 1,
    "PixelBandwidth": 240,
    "ProcedureStepDescription": "TamirL_Mark",
    "ProtocolName": "T1w_MPR_1iso_iP2",
    "PulseSequenceDetails": "%SiemensSeq%_tfl",
    "ReceiveCoilActiveElements": "HC1-7;NC1",
    "ReceiveCoilName": "HeadNeck_64",
    "ReconMatrixPE": 256,
    "RepetitionTime": 2.3,
    "SAR": 0.070879,
    "ScanOptions": "IR",
    "ScanningSequence": "GR_IR",
    "SequenceName": "_tfl3d1_16ns",
    "SequenceVariant": "SK_SP_MP",
    "SeriesDescription": "T1w_MPR_1iso_iP2",
    "SeriesNumber": 6,
    "ShimSetting": [
      3368,
      8686,
      9112,
      124,
      36,
      -849,
      515,
      28
    ],
    "SliceThickness": 1,
    "SoftwareVersions": "syngo_MR_E11",
    "StationName": "AWP45031",
    "TxRefAmp": 347.161,
    "dataset": "ds004226",
    "modality": "T1w",
    "subject_id": "006"
  },
  "cjv": 0.3237697252342118,
  "cnr": 4.0926268279985765,
  "efc": 0.556427380113181,
  "fber": 20806.549415619345,
  "fwhm_avg": 3.6031540597077565,
  "fwhm_x": 3.6559621791232697,
  "fwhm_y": 3.82199,
  "fwhm_z": 3.33151,
  "icvs_csf": 0.19023790906338595,
  "icvs_gm": 0.46781377439349964,
  "icvs_wm": 0.3419483165431144,
  "inu_med": 0.60148686170578,
  "inu_range": 0.229922816157341,
  "provenance": {
    "md5sum": "cdb76f741629050f3bc58b4cae45feb1",
    "settings": {
      "testing": false
    },
    "software": "mriqc",
    "version": "23.0.0",
    "warnings": {
      "large_rot_frame": true,
      "small_air_mask": false
    },
    "webapi_port": null,
    "webapi_url": "https://mriqc.nimh.nih.gov/api/v1"
  },
  "qi_1": 6.355998037644458e-06,
  "qi_2": 0.0007015346222268537,
  "rpve_csf": 24.51781532678913,
  "rpve_gm": 10.86931111259759,
  "rpve_wm": 16.40084176096738,
  "size_x": 176,
  "size_y": 256,
  "size_z": 256,
  "snr_csf": 1.6810754287152114,
  "snr_gm": 9.12299948586222,
  "snr_total": 10.275641907834432,
  "snr_wm": 20.022850808925863,
  "snrd_csf": 18.177296193911143,
  "snrd_gm": 52.93641300816854,
  "snrd_total": 51.085560203335746,
  "snrd_wm": 82.14297140792755,
  "spacing_x": 0.9999994039535522,
  "spacing_y": 1.0,
  "spacing_z": 1.0,
  "summary_bg_k": 485.763971080747,
  "summary_bg_mad": 0.0,
  "summary_bg_mean": 4.52239045335946,
  "summary_bg_median": 0.0,
  "summary_bg_n": 3993394.0,
  "summary_bg_p05": 0.0,
  "summary_bg_p95": 18.86908578686416,
  "summary_bg_stdv": 7.975562340131662,
  "summary_csf_k": 0.6083373255920219,
  "summary_csf_mad": 128.96955092372713,
  "summary_csf_mean": 235.14506882136737,
  "summary_csf_median": 221.28851178102195,
  "summary_csf_n": 28517.0,
  "summary_csf_p05": 47.169636312872186,
  "summary_csf_p95": 480.6722610332069,
  "summary_csf_stdv": 131.63277984253514,
  "summary_gm_k": 0.18239202830269008,
  "summary_gm_mad": 67.42834801479364,
  "summary_gm_mean": 646.46454970821,
  "summary_gm_median": 644.4423817843199,
  "summary_gm_n": 55956.0,
  "summary_gm_p05": 532.2667441354133,
  "summary_gm_p95": 766.9837039988488,
  "summary_gm_stdv": 70.63867802282715,
  "summary_wm_k": 0.5284298893461306,
  "summary_wm_mad": 47.690439035843895,
  "summary_wm_mean": 999.5775406603277,
  "summary_wm_median": 999.9999836180359,
  "summary_wm_n": 211177.0,
  "summary_wm_p05": 917.6593564078212,
  "summary_wm_p95": 1080.278247455135,
  "summary_wm_stdv": 49.94281910582893,
  "tpm_overlap_csf": 0.14328723739480495,
  "tpm_overlap_gm": 0.4726204147779243,
  "tpm_overlap_wm": 0.5039099788456208,
  "wm2max": 0.6158692541819755
}