{
  "aor": 0.0007153846153846155,
  "aqi": 0.009745208626373627,
  "bids_meta": {
    "AcquisitionMatrixPE": 78,
    "AcquisitionNumber": 1,
    "AcquisitionTime": "11:19:28.745000",
    "BandwidthPerPixelPhaseEncode": 20.678,
    "BaseResolution": 78,
    "BodyPartExamined": "BRAIN",
    "ConsistencyInfo": "N4_VE11C_LATEST_20160120",
    "ConversionSoftware": "dcm2niix",
    "ConversionSoftwareVersion": "v1.0.20171215 GCC4.8.5",
    "DerivedVendorReportedEchoSpacing": 0.000620007,
    "DeviceSerialNumber": "45031",
    "DwellTime": 3.2e-06,
    "EchoTime": 0.032,
    "EchoTrainLength": 78,
    "EffectiveEchoSpacing": 0.000620007,
    "FlipAngle": 70,
    "ImageOrientationPatientDICOM": [
      0.999935,
      -0.0110973,
      -0.00247595,
      0.0106462,
      0.99026,
      -0.138819
    ],
    "ImageType": [
      "ORIGINAL",
      "PRIMARY",
      "M",
      "ND",
      "NORM",
      "MOSAIC"
    ],
    "InPlanePhaseEncodingDirectionDICOM": "COL",
    "InstitutionAddress": "Washington_and_Faculty_Rd._-_Building_25_25_Princeton_NJ_US_085",
    "InstitutionName": "Princeton_University_-_Neuroscience_Institute",
    "InstitutionalDepartmentName": "Department",
    "MRAcquisitionType": "2D",
    "MagneticFieldStrength": 3,
    "Manufacturer": "Siemens",
    "ManufacturersModelName": "Skyra",
    "Modality": "MR",
    "MultibandAccelerationFactor": 4,
    "PartialFourier": 1,
    "PatientPosition": "HFS",
    "PercentPhaseFOV": 100,
    "PhaseEncodingDirection": "j-",
    "PhaseEncodingSteps": 78,
    "PhaseResolution": 1,
    "PixelBandwidth": 2005,
    "ProcedureStepDescription": "TamirL_Mark",
    "ProtocolName": "EPI_2.5mm_1.5TR_32TE_SMS4_Siemens",
    "PulseSequenceDetails": "%SiemensSeq%_ep2d_bold",
    "ReceiveCoilActiveElements": "HC1-7",
    "ReceiveCoilName": "HeadNeck_64",
    "ReconMatrixPE": 78,
    "RepetitionTime": 1.5,
    "SAR": 0.0421454,
    "ScanOptions": "FS",
    "ScanningSequence": "EP",
    "SequenceName": "_epfid2d1_78",
    "SequenceVariant": "SK",
    "SeriesDescription": "EPI_2.5mm_1.5TR_32TE_SMS4_Siemens",
    "SeriesNumber": 11,
    "ShimSetting": [
      3366,
      8769,
      9288,
      354,
      -71,
      -105,
      500,
      178
    ],
    "SliceThickness": 2.5,
    "SliceTiming": [
      0.685,
      0,
      0.7975,
      0.115,
      0.9125,
      0.23,
      1.025,
      0.3425,
      1.14,
      0.4575,
      1.2525,
      0.57,
      1.3675,
      0.685,
      0,
      0.7975,
      0.115,
      0.9125,
      0.23,
      1.025,
      0.3425,
      1.14,
      0.4575,
      1.2525,
      0.57,
      1.3675,
      0.685,
      0,
      0.7975,
      0.115,
      0.9125,
      0.23,
      1.025,
      0.3425,
      1.14,
      0.4575,
      1.2525,
      0.57,
      1.3675,
      0.685,
      0,
      0.7975,
      0.115,
      0.9125,
      0.23,
      1.025,
      0.3425,
      1.14,
      0.4575,
      1.2525,
      0.57,
      1.3675
    ],
    "SoftwareVersions": "syngo_MR_E11",
    "SpacingBetweenSlices": 2.5,
    "StationName": "AWP45031",
    "TaskName": "sitrep",
    "TotalReadoutTime": 0.0477406,
    "TxRefAmp": 332.022,
    "dataset": "ds004226",
    "modality": "bold",
    "run_id": 3,
    "subject_id": "026",
    "task_id": "sitrep"
  },
  "dummy_trs": 0,
  "dvars_nstd": 35.83298871278236,
  "dvars_std": 1.3019341744352633,
  "dvars_vstd": 0.9945795869146001,
  "efc": 0.5713329694480059,
  "fber": 2189.885498046875,
  "fd_mean": 0.19066238611328734,
  "fd_num": 157,
  "fd_perc": 43.13186813186813,
  "fwhm_avg": 1.719824,
  "fwhm_x": 1.628256,
  "fwhm_y": 1.835012,
  "fwhm_z": 1.6962039999999998,
  "gcor": 0.00906595,
  "gsr_x": 0.004685617052018642,
  "gsr_y": 0.04687654227018356,
  "provenance": {
    "md5sum": "a2900759c46659c4d9a6504de770fd0e",
    "settings": {
      "fd_thres": 0.2,
      "testing": false
    },
    "software": "mriqc",
    "version": "23.0.0",
    "webapi_port": null,
    "webapi_url": "https://mriqc.nimh.nih.gov/api/v1"
  },
  "size_t": 364,
  "size_x": 78,
  "size_y": 78,
  "size_z": 52,
  "snr": 6.466860274659383,
  "spacing_tr": 1.5,
  "spacing_x": 2.5,
  "spacing_y": 2.5,
  "spacing_z": 2.5,
  "summary_bg_k": 13.83985128652996,
  "summary_bg_mad": 20.28977659690542,
  "summary_bg_mean": 51.124305725097656,
  "summary_bg_median": 15.940914154052734,
  "summary_bg_n": 185792.0,
  "summary_bg_p05": 1.3455238401889802,
  "summary_bg_p95": 222.8745223999022,
  "summary_bg_stdv": 86.48655700683594,
  "summary_fg_k": 2.5637844241872916,
  "summary_fg_mad": 105.99479251132169,
  "summary_fg_mean": 776.1085815429688,
  "summary_fg_median": 770.447509765625,
  "summary_fg_n": 73800.0,
  "summary_fg_p05": 604.7435668945312,
  "summary_fg_p95": 968.7642944335938,
  "summary_fg_stdv": 119.13699340820312,
  "tsnr": 55.51935577392578
}