{
  "aor": 0.0011432142857142858,
  "aqi": 0.013825036263736264,
  "bids_meta": {
    "AcquisitionMatrixPE": 78,
    "AcquisitionNumber": 1,
    "AcquisitionTime": "11:39:38.612500",
    "BandwidthPerPixelPhaseEncode": 20.678,
    "BaseResolution": 78,
    "BodyPartExamined": "BRAIN",
    "ConsistencyInfo": "N4_VE11C_LATEST_20160120",
    "ConversionSoftware": "dcm2niix",
    "ConversionSoftwareVersion": "v1.0.20171215 GCC4.8.5",
    "DerivedVendorReportedEchoSpacing": 0.000620007,
    "DeviceSerialNumber": "45031",
    "DwellTime": 3.2e-06,
    "EchoTime": 0.032,
    "EchoTrainLength": 78,
    "EffectiveEchoSpacing": 0.000620007,
    "FlipAngle": 70,
    "ImageOrientationPatientDICOM": [
      0.999935,
      -0.0110973,
      -0.00247595,
      0.0106462,
      0.99026,
      -0.138819
    ],
    "ImageType": [
      "ORIGINAL",
      "PRIMARY",
      "M",
      "ND",
      "NORM",
      "MOSAIC"
    ],
    "InPlanePhaseEncodingDirectionDICOM": "COL",
    "InstitutionAddress": "Washington_and_Faculty_Rd._-_Building_25_25_Princeton_NJ_US_085",
    "InstitutionName": "Princeton_University_-_Neuroscience_Institute",
    "InstitutionalDepartmentName": "Department",
    "MRAcquisitionType": "2D",
    "MagneticFieldStrength": 3,
    "Manufacturer": "Siemens",
    "ManufacturersModelName": "Skyra",
    "Modality": "MR",
    "MultibandAccelerationFactor": 4,
    "PartialFourier": 1,
    "PatientPosition": "HFS",
    "PercentPhaseFOV": 100,
    "PhaseEncodingDirection": "j-",
    "PhaseEncodingSteps": 78,
    "PhaseResolution": 1,
    "PixelBandwidth": 2005,
    "ProcedureStepDescription": "TamirL_Mark",
    "ProtocolName": "EPI_2.5mm_1.5TR_32TE_SMS4_Siemens",
    "PulseSequenceDetails": "%SiemensSeq%_ep2d_bold",
    "ReceiveCoilActiveElements": "HC1-7",
    "ReceiveCoilName": "HeadNeck_64",
    "ReconMatrixPE": 78,
    "RepetitionTime": 1.5,
    "SAR": 0.0421454,
    "ScanOptions": "FS",
    "ScanningSequence": "EP",
    "SequenceName": "_epfid2d1_78",
    "SequenceVariant": "SK",
    "SeriesDescription": "EPI_2.5mm_1.5TR_32TE_SMS4_Siemens",
    "SeriesNumber": 13,
    "ShimSetting": [
      3366,
      8769,
      9288,
      354,
      -71,
      -105,
      500,
      178
    ],
    "SliceThickness": 2.5,
    "SliceTiming": [
      0.6825,
      0,
      0.795,
      0.1125,
      0.91,
      0.2275,
      1.025,
      0.34,
      1.1375,
      0.455,
      1.2525,
      0.5675,
      1.365,
      0.6825,
      0,
      0.795,
      0.1125,
      0.91,
      0.2275,
      1.025,
      0.34,
      1.1375,
      0.455,
      1.2525,
      0.5675,
      1.365,
      0.6825,
      0,
      0.795,
      0.1125,
      0.91,
      0.2275,
      1.025,
      0.34,
      1.1375,
      0.455,
      1.2525,
      0.5675,
      1.365,
      0.6825,
      0,
      0.795,
      0.1125,
      0.91,
      0.2275,
      1.025,
      0.34,
      1.1375,
      0.455,
      1.2525,
      0.5675,
      1.365
    ],
    "SoftwareVersions": "syngo_MR_E11",
    "SpacingBetweenSlices": 2.5,
    "StationName": "AWP45031",
    "TaskName": "sitrep",
    "TotalReadoutTime": 0.0477406,
    "TxRefAmp": 332.022,
    "dataset": "ds004226",
    "modality": "bold",
    "run_id": 5,
    "subject_id": "026",
    "task_id": "sitrep"
  },
  "dummy_trs": 0,
  "dvars_nstd": 36.95318781123967,
  "dvars_std": 1.290423950413223,
  "dvars_vstd": 0.9946222828374651,
  "efc": 0.5735206738843233,
  "fber": 2004.698486328125,
  "fd_mean": 0.2271078472743998,
  "fd_num": 190,
  "fd_perc": 52.1978021978022,
  "fwhm_avg": 1.722632,
  "fwhm_x": 1.62872,
  "fwhm_y": 1.8290600000000001,
  "fwhm_z": 1.710116,
  "gcor": 0.0238208,
  "gsr_x": 0.0031178873032331467,
  "gsr_y": 0.046907320618629456,
  "provenance": {
    "md5sum": "bf180e77b7427959e542cbda1fc48baf",
    "settings": {
      "fd_thres": 0.2,
      "testing": false
    },
    "software": "mriqc",
    "version": "23.0.0",
    "webapi_port": null,
    "webapi_url": "https://mriqc.nimh.nih.gov/api/v1"
  },
  "size_t": 364,
  "size_x": 78,
  "size_y": 78,
  "size_z": 52,
  "snr": 6.492861657741764,
  "spacing_tr": 1.5,
  "spacing_x": 2.5,
  "spacing_y": 2.5,
  "spacing_z": 2.5,
  "summary_bg_k": 13.732139519931746,
  "summary_bg_mad": 21.039252989616358,
  "summary_bg_mean": 51.774810791015625,
  "summary_bg_median": 16.5806884765625,
  "summary_bg_n": 185638.0,
  "summary_bg_p05": 1.398352587223053,
  "summary_bg_p95": 225.62987213134755,
  "summary_bg_stdv": 86.831787109375,
  "summary_fg_k": 2.5525184286944516,
  "summary_fg_mad": 105.05391381461075,
  "summary_fg_mean": 771.351318359375,
  "summary_fg_median": 765.55810546875,
  "summary_fg_n": 74000.0,
  "summary_fg_p05": 601.7784301757813,
  "summary_fg_p95": 962.0284637451172,
  "summary_fg_stdv": 117.9068603515625,
  "tsnr": 48.513526916503906
}