{
  "aor": 0.000437465564738292,
  "aqi": 0.00832948867768595,
  "bids_meta": {
    "AcquisitionMatrixPE": 78,
    "AcquisitionNumber": 1,
    "AcquisitionTime": "11:09:41.730000",
    "BandwidthPerPixelPhaseEncode": 20.678,
    "BaseResolution": 78,
    "BodyPartExamined": "BRAIN",
    "ConsistencyInfo": "N4_VE11C_LATEST_20160120",
    "ConversionSoftware": "dcm2niix",
    "ConversionSoftwareVersion": "v1.0.20171215 GCC4.8.5",
    "DerivedVendorReportedEchoSpacing": 0.000620007,
    "DeviceSerialNumber": "45031",
    "DwellTime": 3.2e-06,
    "EchoTime": 0.032,
    "EchoTrainLength": 78,
    "EffectiveEchoSpacing": 0.000620007,
    "FlipAngle": 70,
    "ImageOrientationPatientDICOM": [
      0.999935,
      -0.0110973,
      -0.00247595,
      0.0106462,
      0.99026,
      -0.138819
    ],
    "ImageType": [
      "ORIGINAL",
      "PRIMARY",
      "M",
      "ND",
      "NORM",
      "MOSAIC"
    ],
    "InPlanePhaseEncodingDirectionDICOM": "COL",
    "InstitutionAddress": "Washington_and_Faculty_Rd._-_Building_25_25_Princeton_NJ_US_085",
    "InstitutionName": "Princeton_University_-_Neuroscience_Institute",
    "InstitutionalDepartmentName": "Department",
    "MRAcquisitionType": "2D",
    "MagneticFieldStrength": 3,
    "Manufacturer": "Siemens",
    "ManufacturersModelName": "Skyra",
    "Modality": "MR",
    "MultibandAccelerationFactor": 4,
    "PartialFourier": 1,
    "PatientPosition": "HFS",
    "PercentPhaseFOV": 100,
    "PhaseEncodingDirection": "j-",
    "PhaseEncodingSteps": 78,
    "PhaseResolution": 1,
    "PixelBandwidth": 2005,
    "ProcedureStepDescription": "TamirL_Mark",
    "ProtocolName": "EPI_2.5mm_1.5TR_32TE_SMS4_Siemens",
    "PulseSequenceDetails": "%SiemensSeq%_ep2d_bold",
    "ReceiveCoilActiveElements": "HC1-7",
    "ReceiveCoilName": "HeadNeck_64",
    "ReconMatrixPE": 78,
    "RepetitionTime": 1.5,
    "SAR": 0.0421454,
    "ScanOptions": "FS",
    "ScanningSequence": "EP",
    "SequenceName": "_epfid2d1_78",
    "SequenceVariant": "SK",
    "SeriesDescription": "EPI_2.5mm_1.5TR_32TE_SMS4_Siemens",
    "SeriesNumber": 10,
    "ShimSetting": [
      3366,
      8769,
      9288,
      354,
      -71,
      -105,
      500,
      178
    ],
    "SliceThickness": 2.5,
    "SliceTiming": [
      0.6825,
      0,
      0.7975,
      0.115,
      0.91,
      0.2275,
      1.025,
      0.3425,
      1.14,
      0.455,
      1.2525,
      0.57,
      1.3675,
      0.6825,
      0,
      0.7975,
      0.115,
      0.91,
      0.2275,
      1.025,
      0.3425,
      1.14,
      0.455,
      1.2525,
      0.57,
      1.3675,
      0.6825,
      0,
      0.7975,
      0.115,
      0.91,
      0.2275,
      1.025,
      0.3425,
      1.14,
      0.455,
      1.2525,
      0.57,
      1.3675,
      0.6825,
      0,
      0.7975,
      0.115,
      0.91,
      0.2275,
      1.025,
      0.3425,
      1.14,
      0.455,
      1.2525,
      0.57,
      1.3675
    ],
    "SoftwareVersions": "syngo_MR_E11",
    "SpacingBetweenSlices": 2.5,
    "StationName": "AWP45031",
    "TaskName": "sitrep",
    "TotalReadoutTime": 0.0477406,
    "TxRefAmp": 332.022,
    "dataset": "ds004226",
    "modality": "bold",
    "run_id": 2,
    "subject_id": "026",
    "task_id": "sitrep"
  },
  "dummy_trs": 1,
  "dvars_nstd": 35.522106902983424,
  "dvars_std": 1.3220364520994483,
  "dvars_vstd": 1.006037578176795,
  "efc": 0.5713973681294798,
  "fber": 2213.081298828125,
  "fd_mean": 0.18134491475297093,
  "fd_num": 139,
  "fd_perc": 38.29201101928375,
  "fwhm_avg": 1.7142426666666666,
  "fwhm_x": 1.6183679999999998,
  "fwhm_y": 1.8345040000000001,
  "fwhm_z": 1.689856,
  "gcor": 0.0160327,
  "gsr_x": 0.004337328486144543,
  "gsr_y": 0.04698488861322403,
  "provenance": {
    "md5sum": "baed1a648a934c9e086e76ef0144c22b",
    "settings": {
      "fd_thres": 0.2,
      "testing": false
    },
    "software": "mriqc",
    "version": "23.0.0",
    "webapi_port": null,
    "webapi_url": "https://mriqc.nimh.nih.gov/api/v1"
  },
  "size_t": 363,
  "size_x": 78,
  "size_y": 78,
  "size_z": 52,
  "snr": 6.4989406280760225,
  "spacing_tr": 1.5,
  "spacing_x": 2.5,
  "spacing_y": 2.5,
  "spacing_z": 2.5,
  "summary_bg_k": 13.786700298929855,
  "summary_bg_mad": 20.299420942887426,
  "summary_bg_mean": 51.228004455566406,
  "summary_bg_median": 15.947933197021484,
  "summary_bg_n": 185838.0,
  "summary_bg_p05": 1.3378048300743104,
  "summary_bg_p95": 223.6899284362792,
  "summary_bg_stdv": 86.66383361816406,
  "summary_fg_k": 2.6866361230352807,
  "summary_fg_mad": 105.65232985898193,
  "summary_fg_mean": 776.4645385742188,
  "summary_fg_median": 771.5341796875,
  "summary_fg_n": 73793.0,
  "summary_fg_p05": 605.540771484375,
  "summary_fg_p95": 967.5118041992183,
  "summary_fg_stdv": 118.71611022949219,
  "tsnr": 60.12199401855469
}