{
  "aor": 0.001111346153846154,
  "aqi": 0.020622730576923078,
  "bids_meta": {
    "AcquisitionMatrixPE": 78,
    "AcquisitionNumber": 1,
    "AcquisitionTime": "12:10:12.402500",
    "BandwidthPerPixelPhaseEncode": 20.678,
    "BaseResolution": 78,
    "BodyPartExamined": "BRAIN",
    "ConsistencyInfo": "N4_VE11C_LATEST_20160120",
    "ConversionSoftware": "dcm2niix",
    "ConversionSoftwareVersion": "v1.0.20171215 GCC4.8.5",
    "DerivedVendorReportedEchoSpacing": 0.000620007,
    "DeviceSerialNumber": "45031",
    "DwellTime": 3.2e-06,
    "EchoTime": 0.032,
    "EchoTrainLength": 78,
    "EffectiveEchoSpacing": 0.000620007,
    "FlipAngle": 70,
    "ImageOrientationPatientDICOM": [
      0.999935,
      -0.0110973,
      -0.00247595,
      0.0106462,
      0.99026,
      -0.138819
    ],
    "ImageType": [
      "ORIGINAL",
      "PRIMARY",
      "M",
      "ND",
      "NORM",
      "MOSAIC"
    ],
    "InPlanePhaseEncodingDirectionDICOM": "COL",
    "InstitutionAddress": "Washington_and_Faculty_Rd._-_Building_25_25_Princeton_NJ_US_085",
    "InstitutionName": "Princeton_University_-_Neuroscience_Institute",
    "InstitutionalDepartmentName": "Department",
    "MRAcquisitionType": "2D",
    "MagneticFieldStrength": 3,
    "Manufacturer": "Siemens",
    "ManufacturersModelName": "Skyra",
    "Modality": "MR",
    "MultibandAccelerationFactor": 4,
    "PartialFourier": 1,
    "PatientPosition": "HFS",
    "PercentPhaseFOV": 100,
    "PhaseEncodingDirection": "j-",
    "PhaseEncodingSteps": 78,
    "PhaseResolution": 1,
    "PixelBandwidth": 2005,
    "ProcedureStepDescription": "TamirL_Mark",
    "ProtocolName": "EPI_2.5mm_1.5TR_32TE_SMS4_Siemens",
    "PulseSequenceDetails": "%SiemensSeq%_ep2d_bold",
    "ReceiveCoilActiveElements": "HC1-7",
    "ReceiveCoilName": "HeadNeck_64",
    "ReconMatrixPE": 78,
    "RepetitionTime": 1.5,
    "SAR": 0.0421454,
    "ScanOptions": "FS",
    "ScanningSequence": "EP",
    "SequenceName": "_epfid2d1_78",
    "SequenceVariant": "SK",
    "SeriesDescription": "EPI_2.5mm_1.5TR_32TE_SMS4_Siemens",
    "SeriesNumber": 16,
    "ShimSetting": [
      3366,
      8769,
      9288,
      354,
      -71,
      -105,
      500,
      178
    ],
    "SliceThickness": 2.5,
    "SliceTiming": [
      0.6825,
      0,
      0.795,
      0.1125,
      0.91,
      0.2275,
      1.025,
      0.34,
      1.1375,
      0.455,
      1.2525,
      0.5675,
      1.365,
      0.6825,
      0,
      0.795,
      0.1125,
      0.91,
      0.2275,
      1.025,
      0.34,
      1.1375,
      0.455,
      1.2525,
      0.5675,
      1.365,
      0.6825,
      0,
      0.795,
      0.1125,
      0.91,
      0.2275,
      1.025,
      0.34,
      1.1375,
      0.455,
      1.2525,
      0.5675,
      1.365,
      0.6825,
      0,
      0.795,
      0.1125,
      0.91,
      0.2275,
      1.025,
      0.34,
      1.1375,
      0.455,
      1.2525,
      0.5675,
      1.365
    ],
    "SoftwareVersions": "syngo_MR_E11",
    "SpacingBetweenSlices": 2.5,
    "StationName": "AWP45031",
    "TaskName": "sitrep",
    "TotalReadoutTime": 0.0477406,
    "TxRefAmp": 332.022,
    "dataset": "ds004226",
    "modality": "bold",
    "run_id": 8,
    "subject_id": "026",
    "task_id": "sitrep"
  },
  "dummy_trs": 0,
  "dvars_nstd": 36.291819112782385,
  "dvars_std": 1.2297380354269978,
  "dvars_vstd": 0.9566807703581265,
  "efc": 0.5760760574344521,
  "fber": 1682.78955078125,
  "fd_mean": 0.21875964311498194,
  "fd_num": 173,
  "fd_perc": 47.527472527472526,
  "fwhm_avg": 1.745852,
  "fwhm_x": 1.64926,
  "fwhm_y": 1.841104,
  "fwhm_z": 1.747192,
  "gcor": 0.0107226,
  "gsr_x": 0.001239474629983306,
  "gsr_y": 0.04311220720410347,
  "provenance": {
    "md5sum": "7765f686c07dee261e313cd5109c2b34",
    "settings": {
      "fd_thres": 0.2,
      "testing": false
    },
    "software": "mriqc",
    "version": "23.0.0",
    "webapi_port": null,
    "webapi_url": "https://mriqc.nimh.nih.gov/api/v1"
  },
  "size_t": 364,
  "size_x": 78,
  "size_y": 78,
  "size_z": 52,
  "snr": 6.538895812647106,
  "spacing_tr": 1.5,
  "spacing_x": 2.5,
  "spacing_y": 2.5,
  "spacing_z": 2.5,
  "summary_bg_k": 13.295779291680407,
  "summary_bg_mad": 22.784904532693197,
  "summary_bg_mean": 53.23127746582031,
  "summary_bg_median": 18.051708221435547,
  "summary_bg_n": 185562.0,
  "summary_bg_p05": 1.5072266280651094,
  "summary_bg_p95": 231.10123138427724,
  "summary_bg_stdv": 87.5871353149414,
  "summary_fg_k": 2.5167707516881705,
  "summary_fg_mad": 105.15435866706078,
  "summary_fg_mean": 770.142822265625,
  "summary_fg_median": 763.636474609375,
  "summary_fg_n": 73818.0,
  "summary_fg_p05": 602.8607818603516,
  "summary_fg_p95": 959.7923309326172,
  "summary_fg_stdv": 116.78291320800781,
  "tsnr": 41.48612976074219
}