{
  "bids_meta": {
    "AcquisitionMatrixPE": 256,
    "AcquisitionNumber": 1,
    "AcquisitionTime": "17:03:53.400000",
    "BaseResolution": 256,
    "BodyPartExamined": "BRAIN",
    "ConsistencyInfo": "N4_VE11C_LATEST_20160120",
    "ConversionSoftware": "dcm2niix",
    "ConversionSoftwareVersion": "v1.0.20171215 GCC4.8.5",
    "DeviceSerialNumber": "45031",
    "DwellTime": 8.2e-06,
    "EchoTime": 0.00298,
    "FlipAngle": 9,
    "ImageOrientationPatientDICOM": [
      -0.0456145,
      0.992514,
      -0.113289,
      -0.0342049,
      -0.114893,
      -0.992789
    ],
    "ImageType": [
      "ORIGINAL",
      "PRIMARY",
      "M",
      "ND",
      "NORM"
    ],
    "InPlanePhaseEncodingDirectionDICOM": "ROW",
    "InstitutionAddress": "Washington_and_Faculty_Rd._-_Building_25_25_Princeton_NJ_US_085",
    "InstitutionName": "Princeton_University_-_Neuroscience_Institute",
    "InstitutionalDepartmentName": "Department",
    "InversionTime": 0.9,
    "MRAcquisitionType": "3D",
    "MagneticFieldStrength": 3,
    "Manufacturer": "Siemens",
    "ManufacturersModelName": "Skyra",
    "Modality": "MR",
    "ParallelReductionFactorInPlane": 2,
    "PartialFourier": 1,
    "PatientPosition": "HFS",
    "PercentPhaseFOV": 100,
    "PhaseEncodingSteps": 255,
    "PhaseResolution": 1,
    "PixelBandwidth": 240,
    "ProcedureStepDescription": "TamirL_Mark",
    "ProtocolName": "T1w_MPR_1iso_iP2",
    "PulseSequenceDetails": "%SiemensSeq%_tfl",
    "ReceiveCoilActiveElements": "HC1-7;NC1",
    "ReceiveCoilName": "HeadNeck_64",
    "ReconMatrixPE": 256,
    "RepetitionTime": 2.3,
    "SAR": 0.0669018,
    "ScanOptions": "IR",
    "ScanningSequence": "GR_IR",
    "SequenceName": "_tfl3d1_16ns",
    "SequenceVariant": "SK_SP_MP",
    "SeriesDescription": "T1w_MPR_1iso_iP2",
    "SeriesNumber": 6,
    "ShimSetting": [
      3317,
      8700,
      9181,
      312,
      108,
      -887,
      673,
      163
    ],
    "SliceThickness": 1,
    "SoftwareVersions": "syngo_MR_E11",
    "StationName": "AWP45031",
    "TxRefAmp": 302.804,
    "dataset": "ds004226",
    "modality": "T1w",
    "subject_id": "017"
  },
  "cjv": 0.3350326296320665,
  "cnr": 3.9202859310190816,
  "efc": 0.4888499852421232,
  "fber": -1.0,
  "fwhm_avg": 3.707994396045175,
  "fwhm_x": 3.7770131881355273,
  "fwhm_y": 3.90564,
  "fwhm_z": 3.44133,
  "icvs_csf": 0.22267636210164943,
  "icvs_gm": 0.44458346799085563,
  "icvs_wm": 0.33274016990749494,
  "inu_med": 0.5967536270618439,
  "inu_range": 0.21390607208013535,
  "provenance": {
    "md5sum": "3e90fd2a37fa7e1256dd223581ae551f",
    "settings": {
      "testing": false
    },
    "software": "mriqc",
    "version": "23.0.0",
    "warnings": {
      "large_rot_frame": true,
      "small_air_mask": false
    },
    "webapi_port": null,
    "webapi_url": "https://mriqc.nimh.nih.gov/api/v1"
  },
  "qi_1": 0.0,
  "qi_2": 0.0010178599682499534,
  "rpve_csf": 23.932206645302045,
  "rpve_gm": 12.351115967621817,
  "rpve_wm": 18.32536713571792,
  "size_x": 176,
  "size_y": 256,
  "size_z": 256,
  "snr_csf": 1.6390019532745337,
  "snr_gm": 9.210528707205253,
  "snr_total": 10.714838692765888,
  "snr_wm": 21.294985417817877,
  "snrd_csf": 19.258985113225414,
  "snrd_gm": 64.28136031303204,
  "snrd_total": 60.20003830093301,
  "snrd_wm": 97.05976947654155,
  "spacing_x": 0.9999938607215881,
  "spacing_y": 1.0,
  "spacing_z": 1.0,
  "summary_bg_k": 11.429912049463788,
  "summary_bg_mad": 0.0,
  "summary_bg_mean": 3.8291640353862424,
  "summary_bg_median": 0.0,
  "summary_bg_n": 4198693.0,
  "summary_bg_p05": 0.0,
  "summary_bg_p95": 17.713650975376368,
  "summary_bg_stdv": 6.7498241979319475,
  "summary_csf_k": 0.19977302461257507,
  "summary_csf_mad": 117.71959997839173,
  "summary_csf_mean": 218.15350904504282,
  "summary_csf_median": 198.42396750487387,
  "summary_csf_n": 48738.0,
  "summary_csf_p05": 52.43063108250499,
  "summary_csf_p95": 445.9111966023222,
  "summary_csf_stdv": 121.06265735639764,
  "summary_gm_k": 0.14182488388839376,
  "summary_gm_mad": 68.71638936395917,
  "summary_gm_mean": 663.0591870202736,
  "summary_gm_median": 662.2863289490342,
  "summary_gm_n": 40702.0,
  "summary_gm_p05": 544.8168540596962,
  "summary_gm_p95": 785.7447048824278,
  "summary_gm_stdv": 71.90447086767973,
  "summary_wm_k": 0.5884524115713639,
  "summary_wm_mad": 44.428700019801184,
  "summary_wm_mean": 999.5531062801599,
  "summary_wm_median": 999.9999704770744,
  "summary_wm_n": 191812.0,
  "summary_wm_p05": 922.0421481393278,
  "summary_wm_p95": 1075.2940859012306,
  "summary_wm_stdv": 46.9592884960588,
  "tpm_overlap_csf": 0.15151915533765686,
  "tpm_overlap_gm": 0.4826173378772855,
  "tpm_overlap_wm": 0.5300097248416828,
  "wm2max": 0.42115530894311665
}