{
  "bids_meta": {
    "AcquisitionMatrixPE": 256,
    "AcquisitionNumber": 1,
    "AcquisitionTime": "08:55:49.360000",
    "BaseResolution": 256,
    "BodyPartExamined": "BRAIN",
    "ConsistencyInfo": "N4_VE11C_LATEST_20160120",
    "ConversionSoftware": "dcm2niix",
    "ConversionSoftwareVersion": "v1.0.20171215 GCC4.8.5",
    "DeviceSerialNumber": "45031",
    "DwellTime": 8.2e-06,
    "EchoTime": 0.00298,
    "FlipAngle": 9,
    "ImageOrientationPatientDICOM": [
      0.000379518,
      0.999258,
      0.0385106,
      0.051798,
      0.0384392,
      -0.997918
    ],
    "ImageType": [
      "ORIGINAL",
      "PRIMARY",
      "M",
      "ND",
      "NORM"
    ],
    "InPlanePhaseEncodingDirectionDICOM": "ROW",
    "InstitutionAddress": "Washington_and_Faculty_Rd._-_Building_25_25_Princeton_NJ_US_085",
    "InstitutionName": "Princeton_University_-_Neuroscience_Institute",
    "InstitutionalDepartmentName": "Department",
    "InversionTime": 0.9,
    "MRAcquisitionType": "3D",
    "MagneticFieldStrength": 3,
    "Manufacturer": "Siemens",
    "ManufacturersModelName": "Skyra",
    "Modality": "MR",
    "ParallelReductionFactorInPlane": 2,
    "PartialFourier": 1,
    "PatientPosition": "HFS",
    "PercentPhaseFOV": 100,
    "PhaseEncodingSteps": 255,
    "PhaseResolution": 1,
    "PixelBandwidth": 240,
    "ProcedureStepDescription": "TamirL_Mark",
    "ProtocolName": "T1w_MPR_1iso_iP2",
    "PulseSequenceDetails": "%SiemensSeq%_tfl",
    "ReceiveCoilActiveElements": "HC1-7;NC1",
    "ReceiveCoilName": "HeadNeck_64",
    "ReconMatrixPE": 256,
    "RepetitionTime": 2.3,
    "SAR": 0.071837,
    "ScanOptions": "IR",
    "ScanningSequence": "GR_IR",
    "SequenceName": "_tfl3d1_16ns",
    "SequenceVariant": "SK_SP_MP",
    "SeriesDescription": "T1w_MPR_1iso_iP2",
    "SeriesNumber": 6,
    "ShimSetting": [
      3390,
      8651,
      9122,
      334,
      -14,
      -1253,
      626,
      41
    ],
    "SliceThickness": 1,
    "SoftwareVersions": "syngo_MR_E11",
    "StationName": "AWP45031",
    "TxRefAmp": 300.378,
    "dataset": "ds004226",
    "modality": "T1w",
    "subject_id": "009"
  },
  "cjv": 0.30511174818961756,
  "cnr": 4.241234287034163,
  "efc": 0.5072919712510848,
  "fber": 24223.123318246635,
  "fwhm_avg": 3.5276800713519303,
  "fwhm_x": 3.5912602140557897,
  "fwhm_y": 3.69647,
  "fwhm_z": 3.29531,
  "icvs_csf": 0.19005659167439296,
  "icvs_gm": 0.47687141480672607,
  "icvs_wm": 0.333071993518881,
  "inu_med": 0.600030779838562,
  "inu_range": 0.22088627517223358,
  "provenance": {
    "md5sum": "4dcc1da98fe7dab7b141b1492f3bf10f",
    "settings": {
      "testing": false
    },
    "software": "mriqc",
    "version": "23.0.0",
    "warnings": {
      "large_rot_frame": true,
      "small_air_mask": false
    },
    "webapi_port": null,
    "webapi_url": "https://mriqc.nimh.nih.gov/api/v1"
  },
  "qi_1": 0.00011504661149967664,
  "qi_2": 0.00043544750236896863,
  "rpve_csf": 30.686092236905463,
  "rpve_gm": 13.464352565449229,
  "rpve_wm": 21.13309555304183,
  "size_x": 176,
  "size_y": 256,
  "size_z": 256,
  "snr_csf": 1.622105700177786,
  "snr_gm": 9.850635020909582,
  "snr_total": 10.668393367224638,
  "snr_wm": 20.532439380586545,
  "snrd_csf": 9.196905656650825,
  "snrd_gm": 27.547322546329234,
  "snrd_total": 26.43850461770619,
  "snrd_wm": 42.571285650138506,
  "spacing_x": 0.9999999403953552,
  "spacing_y": 1.0,
  "spacing_z": 1.0,
  "summary_bg_k": 176.615386426464,
  "summary_bg_mad": 0.0,
  "summary_bg_mean": 5.140635928351208,
  "summary_bg_median": 0.0,
  "summary_bg_n": 3730433.0,
  "summary_bg_p05": 0.0,
  "summary_bg_p95": 19.303666189312935,
  "summary_bg_stdv": 15.389161545924088,
  "summary_csf_k": 2.02185870253738,
  "summary_csf_mad": 136.25035354155216,
  "summary_csf_mean": 231.42412776214871,
  "summary_csf_median": 216.03541930019855,
  "summary_csf_n": 18551.0,
  "summary_csf_p05": 45.47191994264722,
  "summary_csf_p95": 465.4062951467931,
  "summary_csf_stdv": 133.1784953685942,
  "summary_gm_k": 0.2780975888143571,
  "summary_gm_mad": 61.91480537018194,
  "summary_gm_mean": 647.9751400998616,
  "summary_gm_median": 647.0869223922491,
  "summary_gm_n": 47271.0,
  "summary_gm_p05": 540.1363296024501,
  "summary_gm_p95": 758.7041605561972,
  "summary_gm_stdv": 65.68917400186183,
  "summary_wm_k": 0.6380446426134867,
  "summary_wm_mad": 45.76311701274317,
  "summary_wm_mean": 998.3554862037813,
  "summary_wm_median": 999.9999879226089,
  "summary_wm_n": 165909.0,
  "summary_wm_p05": 915.872954249382,
  "summary_wm_p95": 1074.9530020207167,
  "summary_wm_stdv": 48.70327171954646,
  "tpm_overlap_csf": 0.12662308135537684,
  "tpm_overlap_gm": 0.46829963246811224,
  "tpm_overlap_wm": 0.4908586168181495,
  "wm2max": 0.5883264344954451
}