{
  "aor": 0.0003149175824175824,
  "aqi": 0.01225714337912088,
  "bids_meta": {
    "AcquisitionMatrixPE": 78,
    "AcquisitionNumber": 1,
    "AcquisitionTime": "21:04:32.017500",
    "BandwidthPerPixelPhaseEncode": 20.678,
    "BaseResolution": 78,
    "BodyPartExamined": "BRAIN",
    "ConsistencyInfo": "N4_VE11C_LATEST_20160120",
    "ConversionSoftware": "dcm2niix",
    "ConversionSoftwareVersion": "v1.0.20171215 GCC4.8.5",
    "DerivedVendorReportedEchoSpacing": 0.000620007,
    "DeviceSerialNumber": "45031",
    "DwellTime": 3.2e-06,
    "EchoTime": 0.032,
    "EchoTrainLength": 78,
    "EffectiveEchoSpacing": 0.000620007,
    "FlipAngle": 70,
    "ImageOrientationPatientDICOM": [
      0.999795,
      -0.0163502,
      0.0119283,
      0.017277,
      0.996462,
      -0.0822524
    ],
    "ImageType": [
      "ORIGINAL",
      "PRIMARY",
      "M",
      "ND",
      "NORM",
      "MOSAIC"
    ],
    "InPlanePhaseEncodingDirectionDICOM": "COL",
    "InstitutionAddress": "Washington_and_Faculty_Rd._-_Building_25_25_Princeton_NJ_US_085",
    "InstitutionName": "Princeton_University_-_Neuroscience_Institute",
    "InstitutionalDepartmentName": "Department",
    "MRAcquisitionType": "2D",
    "MagneticFieldStrength": 3,
    "Manufacturer": "Siemens",
    "ManufacturersModelName": "Skyra",
    "Modality": "MR",
    "MultibandAccelerationFactor": 4,
    "PartialFourier": 1,
    "PatientPosition": "HFS",
    "PercentPhaseFOV": 100,
    "PhaseEncodingDirection": "j-",
    "PhaseEncodingSteps": 78,
    "PhaseResolution": 1,
    "PixelBandwidth": 2005,
    "ProcedureStepDescription": "TamirL_Mark",
    "ProtocolName": "EPI_2.5mm_1.5TR_32TE_SMS4_Siemens",
    "PulseSequenceDetails": "%SiemensSeq%_ep2d_bold",
    "ReceiveCoilActiveElements": "HC1-7",
    "ReceiveCoilName": "HeadNeck_64",
    "ReconMatrixPE": 78,
    "RepetitionTime": 1.5,
    "SAR": 0.0628115,
    "ScanOptions": "FS",
    "ScanningSequence": "EP",
    "SequenceName": "_epfid2d1_78",
    "SequenceVariant": "SK",
    "SeriesDescription": "EPI_2.5mm_1.5TR_32TE_SMS4_Siemens",
    "SeriesNumber": 18,
    "ShimSetting": [
      3299,
      9151,
      8843,
      31,
      -445,
      2381,
      1338,
      547
    ],
    "SliceThickness": 2.5,
    "SliceTiming": [
      0.6825,
      0,
      0.7975,
      0.1125,
      0.91,
      0.2275,
      1.025,
      0.3425,
      1.1375,
      0.455,
      1.2525,
      0.57,
      1.365,
      0.6825,
      0,
      0.7975,
      0.1125,
      0.91,
      0.2275,
      1.025,
      0.3425,
      1.1375,
      0.455,
      1.2525,
      0.57,
      1.365,
      0.6825,
      0,
      0.7975,
      0.1125,
      0.91,
      0.2275,
      1.025,
      0.3425,
      1.1375,
      0.455,
      1.2525,
      0.57,
      1.365,
      0.6825,
      0,
      0.7975,
      0.1125,
      0.91,
      0.2275,
      1.025,
      0.3425,
      1.1375,
      0.455,
      1.2525,
      0.57,
      1.365
    ],
    "SoftwareVersions": "syngo_MR_E11",
    "SpacingBetweenSlices": 2.5,
    "StationName": "AWP45031",
    "TaskName": "sitrep",
    "TotalReadoutTime": 0.0477406,
    "TxRefAmp": 323.851,
    "dataset": "ds004226",
    "modality": "bold",
    "run_id": 10,
    "subject_id": "032",
    "task_id": "sitrep"
  },
  "dummy_trs": 0,
  "dvars_nstd": 29.35781723245176,
  "dvars_std": 1.1651822350413223,
  "dvars_vstd": 0.9687779773002742,
  "efc": 0.54376591257979,
  "fber": 5200.33984375,
  "fd_mean": 0.12128000890417726,
  "fd_num": 36,
  "fd_perc": 9.89010989010989,
  "fwhm_avg": 1.7659133333333334,
  "fwhm_x": 1.680104,
  "fwhm_y": 1.902704,
  "fwhm_z": 1.714932,
  "gcor": 0.011476,
  "gsr_x": -0.0007948281127028167,
  "gsr_y": 0.03160512447357178,
  "provenance": {
    "md5sum": "651555daeb1985e706ba41cfce20fa1c",
    "settings": {
      "fd_thres": 0.2,
      "testing": false
    },
    "software": "mriqc",
    "version": "23.0.0",
    "webapi_port": null,
    "webapi_url": "https://mriqc.nimh.nih.gov/api/v1"
  },
  "size_t": 364,
  "size_x": 78,
  "size_y": 78,
  "size_z": 52,
  "snr": 6.427617761430905,
  "spacing_tr": 1.5,
  "spacing_x": 2.5,
  "spacing_y": 2.5,
  "spacing_z": 2.5,
  "summary_bg_k": 26.188175182225976,
  "summary_bg_mad": 13.282477731704114,
  "summary_bg_mean": 39.50507354736328,
  "summary_bg_median": 10.69123363494873,
  "summary_bg_n": 189621.0,
  "summary_bg_p05": 0.9905848503112793,
  "summary_bg_p95": 165.41232299804688,
  "summary_bg_stdv": 77.48217010498047,
  "summary_fg_k": 2.559789669068004,
  "summary_fg_mad": 111.02051903185838,
  "summary_fg_mean": 788.2546997070312,
  "summary_fg_median": 788.833984375,
  "summary_fg_n": 70004.0,
  "summary_fg_p05": 605.7426483154297,
  "summary_fg_p95": 977.9722442626949,
  "summary_fg_stdv": 122.72483825683594,
  "tsnr": 52.80634689331055
}