{
  "bids_meta": {
    "AcquisitionMatrixPE": 256,
    "AcquisitionNumber": 1,
    "AcquisitionTime": "14:45:45.745000",
    "BaseResolution": 256,
    "BodyPartExamined": "BRAIN",
    "ConsistencyInfo": "N4_VE11C_LATEST_20160120",
    "ConversionSoftware": "dcm2niix",
    "ConversionSoftwareVersion": "v1.0.20171215 GCC4.8.5",
    "DeviceSerialNumber": "45031",
    "DwellTime": 8.2e-06,
    "EchoTime": 0.00298,
    "FlipAngle": 9,
    "ImageOrientationPatientDICOM": [
      -0.0583227,
      0.982778,
      -0.175343,
      0.0758882,
      -0.170769,
      -0.982384
    ],
    "ImageType": [
      "ORIGINAL",
      "PRIMARY",
      "M",
      "ND",
      "NORM"
    ],
    "InPlanePhaseEncodingDirectionDICOM": "ROW",
    "InstitutionAddress": "Washington_and_Faculty_Rd._-_Building_25_25_Princeton_NJ_US_085",
    "InstitutionName": "Princeton_University_-_Neuroscience_Institute",
    "InstitutionalDepartmentName": "Department",
    "InversionTime": 0.9,
    "MRAcquisitionType": "3D",
    "MagneticFieldStrength": 3,
    "Manufacturer": "Siemens",
    "ManufacturersModelName": "Skyra",
    "Modality": "MR",
    "ParallelReductionFactorInPlane": 2,
    "PartialFourier": 1,
    "PatientPosition": "HFS",
    "PercentPhaseFOV": 100,
    "PhaseEncodingSteps": 255,
    "PhaseResolution": 1,
    "PixelBandwidth": 240,
    "ProcedureStepDescription": "TamirL_Mark",
    "ProtocolName": "T1w_MPR_1iso_iP2",
    "PulseSequenceDetails": "%SiemensSeq%_tfl",
    "ReceiveCoilActiveElements": "HC1-7;NC1",
    "ReceiveCoilName": "HeadNeck_64",
    "ReconMatrixPE": 256,
    "RepetitionTime": 2.3,
    "SAR": 0.0710242,
    "ScanOptions": "IR",
    "ScanningSequence": "GR_IR",
    "SequenceName": "_tfl3d1_16ns",
    "SequenceVariant": "SK_SP_MP",
    "SeriesDescription": "T1w_MPR_1iso_iP2",
    "SeriesNumber": 6,
    "ShimSetting": [
      3357,
      8703,
      9030,
      567,
      148,
      -650,
      329,
      -18
    ],
    "SliceThickness": 1,
    "SoftwareVersions": "syngo_MR_E11",
    "StationName": "AWP45031",
    "TxRefAmp": 320.526,
    "dataset": "ds004226",
    "modality": "T1w",
    "subject_id": "013"
  },
  "cjv": 0.37361124753136604,
  "cnr": 3.584487714822107,
  "efc": 0.5087009094570515,
  "fber": 16260.97256515775,
  "fwhm_avg": 3.378605773460194,
  "fwhm_x": 3.5090173203805812,
  "fwhm_y": 3.45864,
  "fwhm_z": 3.16816,
  "icvs_csf": 0.2047697536376337,
  "icvs_gm": 0.4442680345102658,
  "icvs_wm": 0.35096221185210047,
  "inu_med": 0.5714060068130493,
  "inu_range": 0.19475020170211788,
  "provenance": {
    "md5sum": "2ad5a29125da83a8b2b766dbc8b10afe",
    "settings": {
      "testing": false
    },
    "software": "mriqc",
    "version": "23.0.0",
    "warnings": {
      "large_rot_frame": true,
      "small_air_mask": false
    },
    "webapi_port": null,
    "webapi_url": "https://mriqc.nimh.nih.gov/api/v1"
  },
  "qi_1": 0.0,
  "qi_2": 0.0009593152945397677,
  "rpve_csf": 23.924591827996515,
  "rpve_gm": 11.706460234895186,
  "rpve_wm": 16.805237419105005,
  "size_x": 176,
  "size_y": 256,
  "size_z": 256,
  "snr_csf": 1.5273995485515275,
  "snr_gm": 8.939849113768785,
  "snr_total": 10.62520552889174,
  "snr_wm": 21.408367924354906,
  "snrd_csf": 23.717018299816,
  "snrd_gm": 69.92128358019828,
  "snrd_total": 65.5166944673753,
  "snrd_wm": 102.91178152211164,
  "spacing_x": 0.9999979138374329,
  "spacing_y": 1.0,
  "spacing_z": 1.0,
  "summary_bg_k": 13.322549646880791,
  "summary_bg_mad": 0.0,
  "summary_bg_mean": 3.6204612227027693,
  "summary_bg_median": 0.0,
  "summary_bg_n": 4086577.0,
  "summary_bg_p05": 0.0,
  "summary_bg_p95": 15.649133753031492,
  "summary_bg_stdv": 6.366258559444981,
  "summary_csf_k": 25.775957885133234,
  "summary_csf_mad": 108.41400341678899,
  "summary_csf_mean": 255.46742977007912,
  "summary_csf_median": 230.4690607264638,
  "summary_csf_n": 36691.0,
  "summary_csf_p05": 78.1440510135144,
  "summary_csf_p95": 495.69139251485467,
  "summary_csf_stdv": 150.88777540098684,
  "summary_gm_k": -0.05552850645710494,
  "summary_gm_mad": 75.48001071680278,
  "summary_gm_mean": 679.9684136318936,
  "summary_gm_median": 679.4569345861673,
  "summary_gm_n": 29074.0,
  "summary_gm_p05": 555.7535808010027,
  "summary_gm_p95": 806.3978299386799,
  "summary_gm_stdv": 76.00186992879904,
  "summary_wm_k": 0.5896605205270999,
  "summary_wm_mad": 44.29365898351301,
  "summary_wm_mean": 999.4681445050742,
  "summary_wm_median": 1000.0406174696982,
  "summary_wm_n": 199523.0,
  "summary_wm_p05": 922.2827139124274,
  "summary_wm_p95": 1074.5874000750482,
  "summary_wm_stdv": 46.712487141550795,
  "tpm_overlap_csf": 0.16293746004104712,
  "tpm_overlap_gm": 0.4679208882654547,
  "tpm_overlap_wm": 0.5081654294662404,
  "wm2max": 0.4701794246766099
}