{
  "aor": 0.00022903846153846154,
  "aqi": 0.006792510906593407,
  "bids_meta": {
    "AcquisitionMatrixPE": 78,
    "AcquisitionNumber": 1,
    "AcquisitionTime": "09:04:50.540000",
    "BandwidthPerPixelPhaseEncode": 20.678,
    "BaseResolution": 78,
    "BodyPartExamined": "BRAIN",
    "ConsistencyInfo": "N4_VE11C_LATEST_20160120",
    "ConversionSoftware": "dcm2niix",
    "ConversionSoftwareVersion": "v1.0.20171215 GCC4.8.5",
    "DerivedVendorReportedEchoSpacing": 0.000620007,
    "DeviceSerialNumber": "45031",
    "DwellTime": 3.2e-06,
    "EchoTime": 0.032,
    "EchoTrainLength": 78,
    "EffectiveEchoSpacing": 0.000620007,
    "FlipAngle": 70,
    "ImageOrientationPatientDICOM": [
      0.998658,
      -0.0023452,
      0.0517461,
      0.000348599,
      0.999256,
      0.03856
    ],
    "ImageType": [
      "ORIGINAL",
      "PRIMARY",
      "M",
      "ND",
      "NORM",
      "MOSAIC"
    ],
    "InPlanePhaseEncodingDirectionDICOM": "COL",
    "InstitutionAddress": "Washington_and_Faculty_Rd._-_Building_25_25_Princeton_NJ_US_085",
    "InstitutionName": "Princeton_University_-_Neuroscience_Institute",
    "InstitutionalDepartmentName": "Department",
    "MRAcquisitionType": "2D",
    "MagneticFieldStrength": 3,
    "Manufacturer": "Siemens",
    "ManufacturersModelName": "Skyra",
    "Modality": "MR",
    "MultibandAccelerationFactor": 4,
    "PartialFourier": 1,
    "PatientPosition": "HFS",
    "PercentPhaseFOV": 100,
    "PhaseEncodingDirection": "j-",
    "PhaseEncodingSteps": 78,
    "PhaseResolution": 1,
    "PixelBandwidth": 2005,
    "ProcedureStepDescription": "TamirL_Mark",
    "ProtocolName": "EPI_2.5mm_1.5TR_32TE_SMS4_Siemens",
    "PulseSequenceDetails": "%SiemensSeq%_ep2d_bold",
    "ReceiveCoilActiveElements": "HC1-7",
    "ReceiveCoilName": "HeadNeck_64",
    "ReconMatrixPE": 78,
    "RepetitionTime": 1.5,
    "SAR": 0.0643473,
    "ScanOptions": "FS",
    "ScanningSequence": "EP",
    "SequenceName": "_epfid2d1_78",
    "SequenceVariant": "SK",
    "SeriesDescription": "EPI_2.5mm_1.5TR_32TE_SMS4_Siemens",
    "SeriesNumber": 9,
    "ShimSetting": [
      3399,
      8740,
      9248,
      489,
      1,
      -302,
      809,
      98
    ],
    "SliceThickness": 2.5,
    "SliceTiming": [
      0.6825,
      0,
      0.7975,
      0.1125,
      0.91,
      0.2275,
      1.025,
      0.34,
      1.1375,
      0.455,
      1.2525,
      0.57,
      1.365,
      0.6825,
      0,
      0.7975,
      0.1125,
      0.91,
      0.2275,
      1.025,
      0.34,
      1.1375,
      0.455,
      1.2525,
      0.57,
      1.365,
      0.6825,
      0,
      0.7975,
      0.1125,
      0.91,
      0.2275,
      1.025,
      0.34,
      1.1375,
      0.455,
      1.2525,
      0.57,
      1.365,
      0.6825,
      0,
      0.7975,
      0.1125,
      0.91,
      0.2275,
      1.025,
      0.34,
      1.1375,
      0.455,
      1.2525,
      0.57,
      1.365
    ],
    "SoftwareVersions": "syngo_MR_E11",
    "SpacingBetweenSlices": 2.5,
    "StationName": "AWP45031",
    "TaskName": "sitrep",
    "TotalReadoutTime": 0.0477406,
    "TxRefAmp": 300.378,
    "dataset": "ds004226",
    "modality": "bold",
    "run_id": 1,
    "subject_id": "009",
    "task_id": "sitrep"
  },
  "dummy_trs": 0,
  "dvars_nstd": 29.396029322506905,
  "dvars_std": 1.3141560117906321,
  "dvars_vstd": 0.9931416213498623,
  "efc": 0.5266932017825163,
  "fber": 6322.26953125,
  "fd_mean": 0.12234001494756037,
  "fd_num": 23,
  "fd_perc": 6.318681318681318,
  "fwhm_avg": 1.6937226666666667,
  "fwhm_x": 1.551712,
  "fwhm_y": 1.8623480000000001,
  "fwhm_z": 1.667108,
  "gcor": 0.0102429,
  "gsr_x": -0.01317576877772808,
  "gsr_y": 0.04814359173178673,
  "provenance": {
    "md5sum": "6d3d65b15788e52d106d34cf467c2119",
    "settings": {
      "fd_thres": 0.2,
      "testing": false
    },
    "software": "mriqc",
    "version": "23.0.0",
    "webapi_port": null,
    "webapi_url": "https://mriqc.nimh.nih.gov/api/v1"
  },
  "size_t": 364,
  "size_x": 78,
  "size_y": 78,
  "size_z": 52,
  "snr": 7.117909014954985,
  "spacing_tr": 1.5,
  "spacing_x": 2.5,
  "spacing_y": 2.5,
  "spacing_z": 2.5,
  "summary_bg_k": 11.731428304378559,
  "summary_bg_mad": 11.586322036888431,
  "summary_bg_mean": 41.7763786315918,
  "summary_bg_median": 9.242945671081543,
  "summary_bg_n": 199655.0,
  "summary_bg_p05": 0.7706931829452515,
  "summary_bg_p95": 198.92303161621092,
  "summary_bg_stdv": 75.70896911621094,
  "summary_fg_k": 2.6677709768309903,
  "summary_fg_mad": 99.60962183010324,
  "summary_fg_mean": 758.2134399414062,
  "summary_fg_median": 754.44189453125,
  "summary_fg_n": 61853.0,
  "summary_fg_p05": 607.276416015625,
  "summary_fg_p95": 927.6571533203123,
  "summary_fg_stdv": 105.9912109375,
  "tsnr": 70.31837463378906
}