{
  "aor": 0.0008377747252747253,
  "aqi": 0.007643935082417583,
  "bids_meta": {
    "AcquisitionMatrixPE": 78,
    "AcquisitionNumber": 1,
    "AcquisitionTime": "10:04:32.415000",
    "BandwidthPerPixelPhaseEncode": 20.678,
    "BaseResolution": 78,
    "BodyPartExamined": "BRAIN",
    "ConsistencyInfo": "N4_VE11C_LATEST_20160120",
    "ConversionSoftware": "dcm2niix",
    "ConversionSoftwareVersion": "v1.0.20171215 GCC4.8.5",
    "DerivedVendorReportedEchoSpacing": 0.000620007,
    "DeviceSerialNumber": "45031",
    "DwellTime": 3.2e-06,
    "EchoTime": 0.032,
    "EchoTrainLength": 78,
    "EffectiveEchoSpacing": 0.000620007,
    "FlipAngle": 70,
    "ImageOrientationPatientDICOM": [
      0.998658,
      -0.0023452,
      0.0517461,
      0.000348599,
      0.999256,
      0.03856
    ],
    "ImageType": [
      "ORIGINAL",
      "PRIMARY",
      "M",
      "ND",
      "NORM",
      "MOSAIC"
    ],
    "InPlanePhaseEncodingDirectionDICOM": "COL",
    "InstitutionAddress": "Washington_and_Faculty_Rd._-_Building_25_25_Princeton_NJ_US_085",
    "InstitutionName": "Princeton_University_-_Neuroscience_Institute",
    "InstitutionalDepartmentName": "Department",
    "MRAcquisitionType": "2D",
    "MagneticFieldStrength": 3,
    "Manufacturer": "Siemens",
    "ManufacturersModelName": "Skyra",
    "Modality": "MR",
    "MultibandAccelerationFactor": 4,
    "PartialFourier": 1,
    "PatientPosition": "HFS",
    "PercentPhaseFOV": 100,
    "PhaseEncodingDirection": "j-",
    "PhaseEncodingSteps": 78,
    "PhaseResolution": 1,
    "PixelBandwidth": 2005,
    "ProcedureStepDescription": "TamirL_Mark",
    "ProtocolName": "EPI_2.5mm_1.5TR_32TE_SMS4_Siemens",
    "PulseSequenceDetails": "%SiemensSeq%_ep2d_bold",
    "ReceiveCoilActiveElements": "HC1-7",
    "ReceiveCoilName": "HeadNeck_64",
    "ReconMatrixPE": 78,
    "RepetitionTime": 1.5,
    "SAR": 0.0643473,
    "ScanOptions": "FS",
    "ScanningSequence": "EP",
    "SequenceName": "_epfid2d1_78",
    "SequenceVariant": "SK",
    "SeriesDescription": "EPI_2.5mm_1.5TR_32TE_SMS4_Siemens",
    "SeriesNumber": 15,
    "ShimSetting": [
      3399,
      8740,
      9248,
      489,
      1,
      -302,
      809,
      98
    ],
    "SliceThickness": 2.5,
    "SliceTiming": [
      0.6825,
      0,
      0.7975,
      0.115,
      0.91,
      0.2275,
      1.025,
      0.3425,
      1.1375,
      0.455,
      1.2525,
      0.57,
      1.365,
      0.6825,
      0,
      0.7975,
      0.115,
      0.91,
      0.2275,
      1.025,
      0.3425,
      1.1375,
      0.455,
      1.2525,
      0.57,
      1.365,
      0.6825,
      0,
      0.7975,
      0.115,
      0.91,
      0.2275,
      1.025,
      0.3425,
      1.1375,
      0.455,
      1.2525,
      0.57,
      1.365,
      0.6825,
      0,
      0.7975,
      0.115,
      0.91,
      0.2275,
      1.025,
      0.3425,
      1.1375,
      0.455,
      1.2525,
      0.57,
      1.365
    ],
    "SoftwareVersions": "syngo_MR_E11",
    "SpacingBetweenSlices": 2.5,
    "StationName": "AWP45031",
    "TaskName": "sitrep",
    "TotalReadoutTime": 0.0477406,
    "TxRefAmp": 300.378,
    "dataset": "ds004226",
    "modality": "bold",
    "run_id": 7,
    "subject_id": "009",
    "task_id": "sitrep"
  },
  "dummy_trs": 0,
  "dvars_nstd": 30.08160351542701,
  "dvars_std": 1.3299717742148764,
  "dvars_vstd": 1.0069690917630856,
  "efc": 0.5310318358892003,
  "fber": 5726.49853515625,
  "fd_mean": 0.11102635824787001,
  "fd_num": 12,
  "fd_perc": 3.2967032967032965,
  "fwhm_avg": 1.702724,
  "fwhm_x": 1.559532,
  "fwhm_y": 1.863736,
  "fwhm_z": 1.684904,
  "gcor": 0.0218837,
  "gsr_x": -0.011927997693419456,
  "gsr_y": 0.04814876243472099,
  "provenance": {
    "md5sum": "9f3c827d62633d45d4fa3f6a23c57fbe",
    "settings": {
      "fd_thres": 0.2,
      "testing": false
    },
    "software": "mriqc",
    "version": "23.0.0",
    "webapi_port": null,
    "webapi_url": "https://mriqc.nimh.nih.gov/api/v1"
  },
  "size_t": 364,
  "size_x": 78,
  "size_y": 78,
  "size_z": 52,
  "snr": 7.094272545146503,
  "spacing_tr": 1.5,
  "spacing_x": 2.5,
  "spacing_y": 2.5,
  "spacing_z": 2.5,
  "summary_bg_k": 11.018583717173357,
  "summary_bg_mad": 12.09431756569948,
  "summary_bg_mean": 43.64352035522461,
  "summary_bg_median": 9.63679313659668,
  "summary_bg_n": 199237.0,
  "summary_bg_p05": 0.8093667507171631,
  "summary_bg_p95": 210.22451171874994,
  "summary_bg_stdv": 78.82511901855469,
  "summary_fg_k": 2.6809661664460807,
  "summary_fg_mad": 99.1625969912716,
  "summary_fg_mean": 749.7943115234375,
  "summary_fg_median": 746.259033203125,
  "summary_fg_n": 62273.0,
  "summary_fg_p05": 599.3803833007812,
  "summary_fg_p95": 918.0644775390625,
  "summary_fg_stdv": 105.19091796875,
  "tsnr": 66.26403045654297
}