{
  "aor": 0.0005368131868131868,
  "aqi": 0.00895021978021978,
  "bids_meta": {
    "AcquisitionMatrixPE": 78,
    "AcquisitionNumber": 1,
    "AcquisitionTime": "11:02:57.557500",
    "BandwidthPerPixelPhaseEncode": 20.678,
    "BaseResolution": 78,
    "BodyPartExamined": "BRAIN",
    "ConsistencyInfo": "N4_VE11C_LATEST_20160120",
    "ConversionSoftware": "dcm2niix",
    "ConversionSoftwareVersion": "v1.0.20171215 GCC4.8.5",
    "DerivedVendorReportedEchoSpacing": 0.000620007,
    "DeviceSerialNumber": "45031",
    "DwellTime": 3.2e-06,
    "EchoTime": 0.032,
    "EchoTrainLength": 78,
    "EffectiveEchoSpacing": 0.000620007,
    "FlipAngle": 70,
    "ImageOrientationPatientDICOM": [
      0.999951,
      0.00981703,
      0.00131988,
      -0.00959913,
      0.993272,
      -0.115406
    ],
    "ImageType": [
      "ORIGINAL",
      "PRIMARY",
      "M",
      "ND",
      "NORM",
      "MOSAIC"
    ],
    "InPlanePhaseEncodingDirectionDICOM": "COL",
    "InstitutionAddress": "Washington_and_Faculty_Rd._-_Building_25_25_Princeton_NJ_US_085",
    "InstitutionName": "Princeton_University_-_Neuroscience_Institute",
    "InstitutionalDepartmentName": "Department",
    "MRAcquisitionType": "2D",
    "MagneticFieldStrength": 3,
    "Manufacturer": "Siemens",
    "ManufacturersModelName": "Skyra",
    "Modality": "MR",
    "MultibandAccelerationFactor": 4,
    "PartialFourier": 1,
    "PatientPosition": "HFS",
    "PercentPhaseFOV": 100,
    "PhaseEncodingDirection": "j-",
    "PhaseEncodingSteps": 78,
    "PhaseResolution": 1,
    "PixelBandwidth": 2005,
    "ProcedureStepDescription": "TamirL_Mark",
    "ProtocolName": "EPI_2.5mm_1.5TR_32TE_SMS4_Siemens",
    "PulseSequenceDetails": "%SiemensSeq%_ep2d_bold",
    "ReceiveCoilActiveElements": "HC1-7",
    "ReceiveCoilName": "HeadNeck_64",
    "ReconMatrixPE": 78,
    "RepetitionTime": 1.5,
    "SAR": 0.0618152,
    "ScanOptions": "FS",
    "ScanningSequence": "EP",
    "SequenceName": "_epfid2d1_78",
    "SequenceVariant": "SK",
    "SeriesDescription": "EPI_2.5mm_1.5TR_32TE_SMS4_Siemens",
    "SeriesNumber": 15,
    "ShimSetting": [
      3396,
      8837,
      9218,
      498,
      76,
      194,
      139,
      268
    ],
    "SliceThickness": 2.5,
    "SliceTiming": [
      0.6825,
      0,
      0.795,
      0.1125,
      0.91,
      0.2275,
      1.025,
      0.34,
      1.1375,
      0.455,
      1.2525,
      0.5675,
      1.365,
      0.6825,
      0,
      0.795,
      0.1125,
      0.91,
      0.2275,
      1.025,
      0.34,
      1.1375,
      0.455,
      1.2525,
      0.5675,
      1.365,
      0.6825,
      0,
      0.795,
      0.1125,
      0.91,
      0.2275,
      1.025,
      0.34,
      1.1375,
      0.455,
      1.2525,
      0.5675,
      1.365,
      0.6825,
      0,
      0.795,
      0.1125,
      0.91,
      0.2275,
      1.025,
      0.34,
      1.1375,
      0.455,
      1.2525,
      0.5675,
      1.365
    ],
    "SoftwareVersions": "syngo_MR_E11",
    "SpacingBetweenSlices": 2.5,
    "StationName": "AWP45031",
    "TaskName": "sitrep",
    "TotalReadoutTime": 0.0477406,
    "TxRefAmp": 303.42,
    "dataset": "ds004226",
    "modality": "bold",
    "run_id": 7,
    "subject_id": "012",
    "task_id": "sitrep"
  },
  "dummy_trs": 0,
  "dvars_nstd": 33.082130589669426,
  "dvars_std": 1.368822009669422,
  "dvars_vstd": 0.9892853230854002,
  "efc": 0.5487026421576825,
  "fber": 6309.259765625,
  "fd_mean": 0.1280169191138317,
  "fd_num": 55,
  "fd_perc": 15.10989010989011,
  "fwhm_avg": 1.7839639999999999,
  "fwhm_x": 1.653644,
  "fwhm_y": 1.9420559999999998,
  "fwhm_z": 1.756192,
  "gcor": 0.0217375,
  "gsr_x": -0.01939227432012558,
  "gsr_y": 0.06161272153258324,
  "provenance": {
    "md5sum": "88a9ac60b8ae1fc5d4769d26e676e5ab",
    "settings": {
      "fd_thres": 0.2,
      "testing": false
    },
    "software": "mriqc",
    "version": "23.0.0",
    "webapi_port": null,
    "webapi_url": "https://mriqc.nimh.nih.gov/api/v1"
  },
  "size_t": 364,
  "size_x": 78,
  "size_y": 78,
  "size_z": 52,
  "snr": 6.558123057914263,
  "spacing_tr": 1.5,
  "spacing_x": 2.5,
  "spacing_y": 2.5,
  "spacing_z": 2.5,
  "summary_bg_k": 18.159938971550226,
  "summary_bg_mad": 10.89581740524148,
  "summary_bg_mean": 41.53742599487305,
  "summary_bg_median": 8.703937530517578,
  "summary_bg_n": 190898.0,
  "summary_bg_p05": 0.7600742399692535,
  "summary_bg_p95": 196.05331497192384,
  "summary_bg_stdv": 79.48113250732422,
  "summary_fg_k": 1.845011759967849,
  "summary_fg_mad": 102.54767900969551,
  "summary_fg_mean": 717.47265625,
  "summary_fg_median": 711.7559204101562,
  "summary_fg_n": 69311.0,
  "summary_fg_p05": 561.8630676269531,
  "summary_fg_p95": 895.2290649414062,
  "summary_fg_stdv": 108.52964782714844,
  "tsnr": 62.96709442138672
}