{
  "aor": 0.005388296703296704,
  "aqi": 0.01364605173076923,
  "bids_meta": {
    "AcquisitionMatrixPE": 78,
    "AcquisitionNumber": 1,
    "AcquisitionTime": "11:12:50.005000",
    "BandwidthPerPixelPhaseEncode": 20.678,
    "BaseResolution": 78,
    "BodyPartExamined": "BRAIN",
    "ConsistencyInfo": "N4_VE11C_LATEST_20160120",
    "ConversionSoftware": "dcm2niix",
    "ConversionSoftwareVersion": "v1.0.20171215 GCC4.8.5",
    "DerivedVendorReportedEchoSpacing": 0.000620007,
    "DeviceSerialNumber": "45031",
    "DwellTime": 3.2e-06,
    "EchoTime": 0.032,
    "EchoTrainLength": 78,
    "EffectiveEchoSpacing": 0.000620007,
    "FlipAngle": 70,
    "ImageOrientationPatientDICOM": [
      0.999951,
      0.00981703,
      0.00131988,
      -0.00959913,
      0.993272,
      -0.115406
    ],
    "ImageType": [
      "ORIGINAL",
      "PRIMARY",
      "M",
      "ND",
      "NORM",
      "MOSAIC"
    ],
    "InPlanePhaseEncodingDirectionDICOM": "COL",
    "InstitutionAddress": "Washington_and_Faculty_Rd._-_Building_25_25_Princeton_NJ_US_085",
    "InstitutionName": "Princeton_University_-_Neuroscience_Institute",
    "InstitutionalDepartmentName": "Department",
    "MRAcquisitionType": "2D",
    "MagneticFieldStrength": 3,
    "Manufacturer": "Siemens",
    "ManufacturersModelName": "Skyra",
    "Modality": "MR",
    "MultibandAccelerationFactor": 4,
    "PartialFourier": 1,
    "PatientPosition": "HFS",
    "PercentPhaseFOV": 100,
    "PhaseEncodingDirection": "j-",
    "PhaseEncodingSteps": 78,
    "PhaseResolution": 1,
    "PixelBandwidth": 2005,
    "ProcedureStepDescription": "TamirL_Mark",
    "ProtocolName": "EPI_2.5mm_1.5TR_32TE_SMS4_Siemens",
    "PulseSequenceDetails": "%SiemensSeq%_ep2d_bold",
    "ReceiveCoilActiveElements": "HC1-7",
    "ReceiveCoilName": "HeadNeck_64",
    "ReconMatrixPE": 78,
    "RepetitionTime": 1.5,
    "SAR": 0.0618152,
    "ScanOptions": "FS",
    "ScanningSequence": "EP",
    "SequenceName": "_epfid2d1_78",
    "SequenceVariant": "SK",
    "SeriesDescription": "EPI_2.5mm_1.5TR_32TE_SMS4_Siemens",
    "SeriesNumber": 16,
    "ShimSetting": [
      3396,
      8837,
      9218,
      498,
      76,
      194,
      139,
      268
    ],
    "SliceThickness": 2.5,
    "SliceTiming": [
      0.6825,
      0,
      0.7975,
      0.115,
      0.91,
      0.2275,
      1.025,
      0.3425,
      1.14,
      0.455,
      1.2525,
      0.57,
      1.3675,
      0.6825,
      0,
      0.7975,
      0.115,
      0.91,
      0.2275,
      1.025,
      0.3425,
      1.14,
      0.455,
      1.2525,
      0.57,
      1.3675,
      0.6825,
      0,
      0.7975,
      0.115,
      0.91,
      0.2275,
      1.025,
      0.3425,
      1.14,
      0.455,
      1.2525,
      0.57,
      1.3675,
      0.6825,
      0,
      0.7975,
      0.115,
      0.91,
      0.2275,
      1.025,
      0.3425,
      1.14,
      0.455,
      1.2525,
      0.57,
      1.3675
    ],
    "SoftwareVersions": "syngo_MR_E11",
    "SpacingBetweenSlices": 2.5,
    "StationName": "AWP45031",
    "TaskName": "sitrep",
    "TotalReadoutTime": 0.0477406,
    "TxRefAmp": 303.42,
    "dataset": "ds004226",
    "modality": "bold",
    "run_id": 8,
    "subject_id": "012",
    "task_id": "sitrep"
  },
  "dummy_trs": 0,
  "dvars_nstd": 32.36358283719008,
  "dvars_std": 1.369306607327824,
  "dvars_vstd": 1.0546021661432514,
  "efc": 0.5492620435834497,
  "fber": 6528.35888671875,
  "fd_mean": 0.1504673381280007,
  "fd_num": 89,
  "fd_perc": 24.45054945054945,
  "fwhm_avg": 1.789756,
  "fwhm_x": 1.683116,
  "fwhm_y": 1.9805240000000002,
  "fwhm_z": 1.7056280000000001,
  "gcor": 0.0182485,
  "gsr_x": -0.018637770786881447,
  "gsr_y": 0.06236118823289871,
  "provenance": {
    "md5sum": "31e5f282426b0c3da568eed7487fefde",
    "settings": {
      "fd_thres": 0.2,
      "testing": false
    },
    "software": "mriqc",
    "version": "23.0.0",
    "webapi_port": null,
    "webapi_url": "https://mriqc.nimh.nih.gov/api/v1"
  },
  "size_t": 364,
  "size_x": 78,
  "size_y": 78,
  "size_z": 52,
  "snr": 6.527638465733772,
  "spacing_tr": 1.5,
  "spacing_x": 2.5,
  "spacing_y": 2.5,
  "spacing_z": 2.5,
  "summary_bg_k": 17.00947315976227,
  "summary_bg_mad": 10.977730719703946,
  "summary_bg_mean": 42.272647857666016,
  "summary_bg_median": 8.715887069702148,
  "summary_bg_n": 190896.0,
  "summary_bg_p05": 0.7452588230371475,
  "summary_bg_p95": 197.79385375976562,
  "summary_bg_stdv": 80.25995635986328,
  "summary_fg_k": 1.9712794637637447,
  "summary_fg_mad": 102.29149939051892,
  "summary_fg_mean": 718.1954345703125,
  "summary_fg_median": 712.2051391601562,
  "summary_fg_n": 69411.0,
  "summary_fg_p05": 561.2227478027344,
  "summary_fg_p95": 897.6979370117188,
  "summary_fg_stdv": 109.10530853271484,
  "tsnr": 51.49492645263672
}