{
  "aor": 0.0002527197802197802,
  "aqi": 0.021131034340659344,
  "bids_meta": {
    "AcquisitionMatrixPE": 78,
    "AcquisitionNumber": 1,
    "AcquisitionTime": "11:32:7.552500",
    "BandwidthPerPixelPhaseEncode": 20.678,
    "BaseResolution": 78,
    "BodyPartExamined": "BRAIN",
    "ConsistencyInfo": "N4_VE11C_LATEST_20160120",
    "ConversionSoftware": "dcm2niix",
    "ConversionSoftwareVersion": "v1.0.20171215 GCC4.8.5",
    "DerivedVendorReportedEchoSpacing": 0.000620007,
    "DeviceSerialNumber": "45031",
    "DwellTime": 3.2e-06,
    "EchoTime": 0.032,
    "EchoTrainLength": 78,
    "EffectiveEchoSpacing": 0.000620007,
    "FlipAngle": 70,
    "ImageOrientationPatientDICOM": [
      0.999951,
      0.00981703,
      0.00131988,
      -0.00959913,
      0.993272,
      -0.115406
    ],
    "ImageType": [
      "ORIGINAL",
      "PRIMARY",
      "M",
      "ND",
      "NORM",
      "MOSAIC"
    ],
    "InPlanePhaseEncodingDirectionDICOM": "COL",
    "InstitutionAddress": "Washington_and_Faculty_Rd._-_Building_25_25_Princeton_NJ_US_085",
    "InstitutionName": "Princeton_University_-_Neuroscience_Institute",
    "InstitutionalDepartmentName": "Department",
    "MRAcquisitionType": "2D",
    "MagneticFieldStrength": 3,
    "Manufacturer": "Siemens",
    "ManufacturersModelName": "Skyra",
    "Modality": "MR",
    "MultibandAccelerationFactor": 4,
    "PartialFourier": 1,
    "PatientPosition": "HFS",
    "PercentPhaseFOV": 100,
    "PhaseEncodingDirection": "j-",
    "PhaseEncodingSteps": 78,
    "PhaseResolution": 1,
    "PixelBandwidth": 2005,
    "ProcedureStepDescription": "TamirL_Mark",
    "ProtocolName": "EPI_2.5mm_1.5TR_32TE_SMS4_Siemens",
    "PulseSequenceDetails": "%SiemensSeq%_ep2d_bold",
    "ReceiveCoilActiveElements": "HC1-7",
    "ReceiveCoilName": "HeadNeck_64",
    "ReconMatrixPE": 78,
    "RepetitionTime": 1.5,
    "SAR": 0.0618152,
    "ScanOptions": "FS",
    "ScanningSequence": "EP",
    "SequenceName": "_epfid2d1_78",
    "SequenceVariant": "SK",
    "SeriesDescription": "EPI_2.5mm_1.5TR_32TE_SMS4_Siemens",
    "SeriesNumber": 18,
    "ShimSetting": [
      3396,
      8837,
      9218,
      498,
      76,
      194,
      139,
      268
    ],
    "SliceThickness": 2.5,
    "SliceTiming": [
      0.6825,
      0,
      0.795,
      0.1125,
      0.91,
      0.2275,
      1.0225,
      0.34,
      1.1375,
      0.455,
      1.2525,
      0.5675,
      1.365,
      0.6825,
      0,
      0.795,
      0.1125,
      0.91,
      0.2275,
      1.0225,
      0.34,
      1.1375,
      0.455,
      1.2525,
      0.5675,
      1.365,
      0.6825,
      0,
      0.795,
      0.1125,
      0.91,
      0.2275,
      1.0225,
      0.34,
      1.1375,
      0.455,
      1.2525,
      0.5675,
      1.365,
      0.6825,
      0,
      0.795,
      0.1125,
      0.91,
      0.2275,
      1.0225,
      0.34,
      1.1375,
      0.455,
      1.2525,
      0.5675,
      1.365
    ],
    "SoftwareVersions": "syngo_MR_E11",
    "SpacingBetweenSlices": 2.5,
    "StationName": "AWP45031",
    "TaskName": "sitrep",
    "TotalReadoutTime": 0.0477406,
    "TxRefAmp": 303.42,
    "dataset": "ds004226",
    "modality": "bold",
    "run_id": 10,
    "subject_id": "012",
    "task_id": "sitrep"
  },
  "dummy_trs": 0,
  "dvars_nstd": 32.526407352231416,
  "dvars_std": 1.2326904635261706,
  "dvars_vstd": 0.9249804257575767,
  "efc": 0.5466051781302638,
  "fber": 6403.25732421875,
  "fd_mean": 0.1530982005177648,
  "fd_num": 99,
  "fd_perc": 27.197802197802197,
  "fwhm_avg": 1.8042293333333335,
  "fwhm_x": 1.690356,
  "fwhm_y": 1.988804,
  "fwhm_z": 1.7335280000000002,
  "gcor": 0.0149642,
  "gsr_x": -0.01632940024137497,
  "gsr_y": 0.06347812712192535,
  "provenance": {
    "md5sum": "81b152a07d3aedbb70a86cd0b120bc99",
    "settings": {
      "fd_thres": 0.2,
      "testing": false
    },
    "software": "mriqc",
    "version": "23.0.0",
    "webapi_port": null,
    "webapi_url": "https://mriqc.nimh.nih.gov/api/v1"
  },
  "size_t": 364,
  "size_x": 78,
  "size_y": 78,
  "size_z": 52,
  "snr": 6.614932694807427,
  "spacing_tr": 1.5,
  "spacing_x": 2.5,
  "spacing_y": 2.5,
  "spacing_z": 2.5,
  "summary_bg_k": 17.430552019017476,
  "summary_bg_mad": 11.034237135105585,
  "summary_bg_mean": 41.256195068359375,
  "summary_bg_median": 8.798256874084473,
  "summary_bg_n": 191361.0,
  "summary_bg_p05": 0.7548314332962036,
  "summary_bg_p95": 191.6379852294922,
  "summary_bg_stdv": 78.45085144042969,
  "summary_fg_k": 1.9615987229293816,
  "summary_fg_mad": 101.2575508462901,
  "summary_fg_mean": 720.3993530273438,
  "summary_fg_median": 714.5409545898438,
  "summary_fg_n": 68935.0,
  "summary_fg_p05": 565.2107055664062,
  "summary_fg_p95": 897.4989685058594,
  "summary_fg_stdv": 108.01860046386719,
  "tsnr": 44.167320251464844
}