{
  "aor": 0.0005461157024793388,
  "aqi": 0.009114044848484847,
  "bids_meta": {
    "AcquisitionMatrixPE": 78,
    "AcquisitionNumber": 1,
    "AcquisitionTime": "11:42:49.977500",
    "BandwidthPerPixelPhaseEncode": 20.678,
    "BaseResolution": 78,
    "BodyPartExamined": "BRAIN",
    "ConsistencyInfo": "N4_VE11C_LATEST_20160120",
    "ConversionSoftware": "dcm2niix",
    "ConversionSoftwareVersion": "v1.0.20171215 GCC4.8.5",
    "DerivedVendorReportedEchoSpacing": 0.000620007,
    "DeviceSerialNumber": "45031",
    "DwellTime": 3.2e-06,
    "EchoTime": 0.032,
    "EchoTrainLength": 78,
    "EffectiveEchoSpacing": 0.000620007,
    "FlipAngle": 70,
    "ImageOrientationPatientDICOM": [
      0.997521,
      0.0161029,
      -0.0684997,
      -0.0191534,
      0.998843,
      -0.0441132
    ],
    "ImageType": [
      "ORIGINAL",
      "PRIMARY",
      "M",
      "ND",
      "NORM",
      "MOSAIC"
    ],
    "InPlanePhaseEncodingDirectionDICOM": "COL",
    "InstitutionAddress": "Washington_and_Faculty_Rd._-_Building_25_25_Princeton_NJ_US_085",
    "InstitutionName": "Princeton_University_-_Neuroscience_Institute",
    "InstitutionalDepartmentName": "Department",
    "MRAcquisitionType": "2D",
    "MagneticFieldStrength": 3,
    "Manufacturer": "Siemens",
    "ManufacturersModelName": "Skyra",
    "Modality": "MR",
    "MultibandAccelerationFactor": 4,
    "PartialFourier": 1,
    "PatientPosition": "HFS",
    "PercentPhaseFOV": 100,
    "PhaseEncodingDirection": "j-",
    "PhaseEncodingSteps": 78,
    "PhaseResolution": 1,
    "PixelBandwidth": 2005,
    "ProcedureStepDescription": "TamirL_Mark",
    "ProtocolName": "EPI_2.5mm_1.5TR_32TE_SMS4_Siemens",
    "PulseSequenceDetails": "%SiemensSeq%_ep2d_bold",
    "ReceiveCoilActiveElements": "HC1-7",
    "ReceiveCoilName": "HeadNeck_64",
    "ReconMatrixPE": 78,
    "RepetitionTime": 1.5,
    "SAR": 0.0672807,
    "ScanOptions": "FS",
    "ScanningSequence": "EP",
    "SequenceName": "_epfid2d1_78",
    "SequenceVariant": "SK",
    "SeriesDescription": "EPI_2.5mm_1.5TR_32TE_SMS4_Siemens",
    "SeriesNumber": 9,
    "ShimSetting": [
      3331,
      8818,
      9353,
      506,
      -47,
      102,
      167,
      178
    ],
    "SliceThickness": 2.5,
    "SliceTiming": [
      0.685,
      0,
      0.7975,
      0.115,
      0.9125,
      0.2275,
      1.025,
      0.3425,
      1.14,
      0.455,
      1.2525,
      0.57,
      1.3675,
      0.685,
      0,
      0.7975,
      0.115,
      0.9125,
      0.2275,
      1.025,
      0.3425,
      1.14,
      0.455,
      1.2525,
      0.57,
      1.3675,
      0.685,
      0,
      0.7975,
      0.115,
      0.9125,
      0.2275,
      1.025,
      0.3425,
      1.14,
      0.455,
      1.2525,
      0.57,
      1.3675,
      0.685,
      0,
      0.7975,
      0.115,
      0.9125,
      0.2275,
      1.025,
      0.3425,
      1.14,
      0.455,
      1.2525,
      0.57,
      1.3675
    ],
    "SoftwareVersions": "syngo_MR_E11",
    "SpacingBetweenSlices": 2.5,
    "StationName": "AWP45031",
    "TaskName": "sitrep",
    "TotalReadoutTime": 0.0477406,
    "TxRefAmp": 335.542,
    "dataset": "ds004226",
    "modality": "bold",
    "run_id": 1,
    "subject_id": "014",
    "task_id": "sitrep"
  },
  "dummy_trs": 1,
  "dvars_nstd": 35.88503625787293,
  "dvars_std": 1.3643783497237572,
  "dvars_vstd": 1.0044629679281771,
  "efc": 0.6045023688759684,
  "fber": 2553.497802734375,
  "fd_mean": 0.18482262216019424,
  "fd_num": 165,
  "fd_perc": 45.45454545454545,
  "fwhm_avg": 1.7798906666666667,
  "fwhm_x": 1.656996,
  "fwhm_y": 1.909244,
  "fwhm_z": 1.7734320000000001,
  "gcor": 0.0145935,
  "gsr_x": 0.00022528601402882487,
  "gsr_y": 0.05113322660326958,
  "provenance": {
    "md5sum": "b333746d86f147ea2087d4e14e57af13",
    "settings": {
      "fd_thres": 0.2,
      "testing": false
    },
    "software": "mriqc",
    "version": "23.0.0",
    "webapi_port": null,
    "webapi_url": "https://mriqc.nimh.nih.gov/api/v1"
  },
  "size_t": 363,
  "size_x": 78,
  "size_y": 78,
  "size_z": 52,
  "snr": 6.846769132515385,
  "spacing_tr": 1.5,
  "spacing_x": 2.5,
  "spacing_y": 2.5,
  "spacing_z": 2.5,
  "summary_bg_k": 8.892758262392935,
  "summary_bg_mad": 19.0224657387086,
  "summary_bg_mean": 61.9296760559082,
  "summary_bg_median": 15.015471458435059,
  "summary_bg_n": 174451.0,
  "summary_bg_p05": 1.3785584568977356,
  "summary_bg_p95": 297.8865203857422,
  "summary_bg_stdv": 103.96775817871094,
  "summary_fg_k": 2.0727210697670264,
  "summary_fg_mad": 106.72998548765523,
  "summary_fg_mean": 794.6162109375,
  "summary_fg_median": 787.0406494140625,
  "summary_fg_n": 82543.0,
  "summary_fg_p05": 631.5436218261718,
  "summary_fg_p95": 987.020959472656,
  "summary_fg_stdv": 114.94996643066406,
  "tsnr": 61.51357650756836
}