{
  "aor": 0.0005615659340659341,
  "aqi": 0.013983190247252749,
  "bids_meta": {
    "AcquisitionMatrixPE": 78,
    "AcquisitionNumber": 1,
    "AcquisitionTime": "13:01:55.385000",
    "BandwidthPerPixelPhaseEncode": 20.678,
    "BaseResolution": 78,
    "BodyPartExamined": "BRAIN",
    "ConsistencyInfo": "N4_VE11C_LATEST_20160120",
    "ConversionSoftware": "dcm2niix",
    "ConversionSoftwareVersion": "v1.0.20171215 GCC4.8.5",
    "DerivedVendorReportedEchoSpacing": 0.000620007,
    "DeviceSerialNumber": "45031",
    "DwellTime": 3.2e-06,
    "EchoTime": 0.032,
    "EchoTrainLength": 78,
    "EffectiveEchoSpacing": 0.000620007,
    "FlipAngle": 70,
    "ImageOrientationPatientDICOM": [
      0.997521,
      0.0161029,
      -0.0684997,
      -0.0191534,
      0.998843,
      -0.0441132
    ],
    "ImageType": [
      "ORIGINAL",
      "PRIMARY",
      "M",
      "ND",
      "NORM",
      "MOSAIC"
    ],
    "InPlanePhaseEncodingDirectionDICOM": "COL",
    "InstitutionAddress": "Washington_and_Faculty_Rd._-_Building_25_25_Princeton_NJ_US_085",
    "InstitutionName": "Princeton_University_-_Neuroscience_Institute",
    "InstitutionalDepartmentName": "Department",
    "MRAcquisitionType": "2D",
    "MagneticFieldStrength": 3,
    "Manufacturer": "Siemens",
    "ManufacturersModelName": "Skyra",
    "Modality": "MR",
    "MultibandAccelerationFactor": 4,
    "PartialFourier": 1,
    "PatientPosition": "HFS",
    "PercentPhaseFOV": 100,
    "PhaseEncodingDirection": "j-",
    "PhaseEncodingSteps": 78,
    "PhaseResolution": 1,
    "PixelBandwidth": 2005,
    "ProcedureStepDescription": "TamirL_Mark",
    "ProtocolName": "EPI_2.5mm_1.5TR_32TE_SMS4_Siemens",
    "PulseSequenceDetails": "%SiemensSeq%_ep2d_bold",
    "ReceiveCoilActiveElements": "HC1-7",
    "ReceiveCoilName": "HeadNeck_64",
    "ReconMatrixPE": 78,
    "RepetitionTime": 1.5,
    "SAR": 0.0672807,
    "ScanOptions": "FS",
    "ScanningSequence": "EP",
    "SequenceName": "_epfid2d1_78",
    "SequenceVariant": "SK",
    "SeriesDescription": "EPI_2.5mm_1.5TR_32TE_SMS4_Siemens",
    "SeriesNumber": 17,
    "ShimSetting": [
      3331,
      8818,
      9353,
      506,
      -47,
      102,
      167,
      178
    ],
    "SliceThickness": 2.5,
    "SliceTiming": [
      0.685,
      0,
      0.7975,
      0.115,
      0.9125,
      0.23,
      1.025,
      0.3425,
      1.14,
      0.4575,
      1.2525,
      0.57,
      1.3675,
      0.685,
      0,
      0.7975,
      0.115,
      0.9125,
      0.23,
      1.025,
      0.3425,
      1.14,
      0.4575,
      1.2525,
      0.57,
      1.3675,
      0.685,
      0,
      0.7975,
      0.115,
      0.9125,
      0.23,
      1.025,
      0.3425,
      1.14,
      0.4575,
      1.2525,
      0.57,
      1.3675,
      0.685,
      0,
      0.7975,
      0.115,
      0.9125,
      0.23,
      1.025,
      0.3425,
      1.14,
      0.4575,
      1.2525,
      0.57,
      1.3675
    ],
    "SoftwareVersions": "syngo_MR_E11",
    "SpacingBetweenSlices": 2.5,
    "StationName": "AWP45031",
    "TaskName": "sitrep",
    "TotalReadoutTime": 0.0477406,
    "TxRefAmp": 335.542,
    "dataset": "ds004226",
    "modality": "bold",
    "run_id": 9,
    "subject_id": "014",
    "task_id": "sitrep"
  },
  "dummy_trs": 0,
  "dvars_nstd": 36.98230454947659,
  "dvars_std": 1.2798822967493109,
  "dvars_vstd": 0.9907813528650137,
  "efc": 0.6005603058939966,
  "fber": 3061.404052734375,
  "fd_mean": 0.21594251324432776,
  "fd_num": 186,
  "fd_perc": 51.0989010989011,
  "fwhm_avg": 1.7806666666666668,
  "fwhm_x": 1.6582640000000002,
  "fwhm_y": 1.933512,
  "fwhm_z": 1.750224,
  "gcor": 0.029955,
  "gsr_x": 0.006567378528416157,
  "gsr_y": 0.05256901681423187,
  "provenance": {
    "md5sum": "2b5be9497f14e38a3906d0af0c0444fa",
    "settings": {
      "fd_thres": 0.2,
      "testing": false
    },
    "software": "mriqc",
    "version": "23.0.0",
    "webapi_port": null,
    "webapi_url": "https://mriqc.nimh.nih.gov/api/v1"
  },
  "size_t": 364,
  "size_x": 78,
  "size_y": 78,
  "size_z": 52,
  "snr": 6.781947021759449,
  "spacing_tr": 1.5,
  "spacing_x": 2.5,
  "spacing_y": 2.5,
  "spacing_z": 2.5,
  "summary_bg_k": 9.325110681593522,
  "summary_bg_mad": 17.45267292735986,
  "summary_bg_mean": 60.77972412109375,
  "summary_bg_median": 13.643207550048828,
  "summary_bg_n": 175590.0,
  "summary_bg_p05": 1.2071938753128053,
  "summary_bg_p95": 290.1054641723632,
  "summary_bg_stdv": 102.77583312988281,
  "summary_fg_k": 2.4943837841004015,
  "summary_fg_mad": 105.4070091427729,
  "summary_fg_mean": 788.6925659179688,
  "summary_fg_median": 781.5142822265625,
  "summary_fg_n": 81607.0,
  "summary_fg_p05": 624.8299926757812,
  "summary_fg_p95": 979.1404541015625,
  "summary_fg_stdv": 115.23379516601562,
  "tsnr": 51.44890594482422
}