{
  "aor": 0.0015721428571428568,
  "aqi": 0.012584881318681318,
  "bids_meta": {
    "AcquisitionMatrixPE": 78,
    "AcquisitionNumber": 1,
    "AcquisitionTime": "16:58:59.825000",
    "BandwidthPerPixelPhaseEncode": 20.678,
    "BaseResolution": 78,
    "BodyPartExamined": "BRAIN",
    "ConsistencyInfo": "N4_VE11C_LATEST_20160120",
    "ConversionSoftware": "dcm2niix",
    "ConversionSoftwareVersion": "v1.0.20171215 GCC4.8.5",
    "DerivedVendorReportedEchoSpacing": 0.000620007,
    "DeviceSerialNumber": "45031",
    "DwellTime": 3.2e-06,
    "EchoTime": 0.032,
    "EchoTrainLength": 78,
    "EffectiveEchoSpacing": 0.000620007,
    "FlipAngle": 70,
    "ImageOrientationPatientDICOM": [
      0.998354,
      0.0541121,
      0.0189772,
      -0.0505745,
      0.986874,
      -0.15337
    ],
    "ImageType": [
      "ORIGINAL",
      "PRIMARY",
      "M",
      "ND",
      "NORM",
      "MOSAIC"
    ],
    "InPlanePhaseEncodingDirectionDICOM": "COL",
    "InstitutionAddress": "Washington_and_Faculty_Rd._-_Building_25_25_Princeton_NJ_US_085",
    "InstitutionName": "Princeton_University_-_Neuroscience_Institute",
    "InstitutionalDepartmentName": "Department",
    "MRAcquisitionType": "2D",
    "MagneticFieldStrength": 3,
    "Manufacturer": "Siemens",
    "ManufacturersModelName": "Skyra",
    "Modality": "MR",
    "MultibandAccelerationFactor": 4,
    "PartialFourier": 1,
    "PatientPosition": "HFS",
    "PercentPhaseFOV": 100,
    "PhaseEncodingDirection": "j-",
    "PhaseEncodingSteps": 78,
    "PhaseResolution": 1,
    "PixelBandwidth": 2005,
    "ProcedureStepDescription": "TamirL_Mark",
    "ProtocolName": "EPI_2.5mm_1.5TR_32TE_SMS4_Siemens",
    "PulseSequenceDetails": "%SiemensSeq%_ep2d_bold",
    "ReceiveCoilActiveElements": "HC1-7",
    "ReceiveCoilName": "HeadNeck_64",
    "ReconMatrixPE": 78,
    "RepetitionTime": 1.5,
    "SAR": 0.054817,
    "ScanOptions": "FS",
    "ScanningSequence": "EP",
    "SequenceName": "_epfid2d1_78",
    "SequenceVariant": "SK",
    "SeriesDescription": "EPI_2.5mm_1.5TR_32TE_SMS4_Siemens",
    "SeriesNumber": 13,
    "ShimSetting": [
      3393,
      8752,
      9237,
      590,
      44,
      -210,
      67,
      156
    ],
    "SliceThickness": 2.5,
    "SliceTiming": [
      0.6825,
      0,
      0.7975,
      0.115,
      0.91,
      0.2275,
      1.025,
      0.3425,
      1.14,
      0.455,
      1.2525,
      0.57,
      1.3675,
      0.6825,
      0,
      0.7975,
      0.115,
      0.91,
      0.2275,
      1.025,
      0.3425,
      1.14,
      0.455,
      1.2525,
      0.57,
      1.3675,
      0.6825,
      0,
      0.7975,
      0.115,
      0.91,
      0.2275,
      1.025,
      0.3425,
      1.14,
      0.455,
      1.2525,
      0.57,
      1.3675,
      0.6825,
      0,
      0.7975,
      0.115,
      0.91,
      0.2275,
      1.025,
      0.3425,
      1.14,
      0.455,
      1.2525,
      0.57,
      1.3675
    ],
    "SoftwareVersions": "syngo_MR_E11",
    "SpacingBetweenSlices": 2.5,
    "StationName": "AWP45031",
    "TaskName": "sitrep",
    "TotalReadoutTime": 0.0477406,
    "TxRefAmp": 338.994,
    "dataset": "ds004226",
    "modality": "bold",
    "run_id": 5,
    "subject_id": "021",
    "task_id": "sitrep"
  },
  "dummy_trs": 0,
  "dvars_nstd": 34.78342429338843,
  "dvars_std": 1.3449668510743793,
  "dvars_vstd": 1.0016653757024803,
  "efc": 0.6109227700456671,
  "fber": 1673.584716796875,
  "fd_mean": 0.15171818841645918,
  "fd_num": 85,
  "fd_perc": 23.35164835164835,
  "fwhm_avg": 1.8366453333333332,
  "fwhm_x": 1.759472,
  "fwhm_y": 1.9557120000000001,
  "fwhm_z": 1.7947520000000001,
  "gcor": 0.0167616,
  "gsr_x": 0.0028854834381490946,
  "gsr_y": 0.03967045992612839,
  "provenance": {
    "md5sum": "2a8084f173ca282bc7062c40664506a1",
    "settings": {
      "fd_thres": 0.2,
      "testing": false
    },
    "software": "mriqc",
    "version": "23.0.0",
    "webapi_port": null,
    "webapi_url": "https://mriqc.nimh.nih.gov/api/v1"
  },
  "size_t": 364,
  "size_x": 78,
  "size_y": 78,
  "size_z": 52,
  "snr": 6.429186866689305,
  "spacing_tr": 1.5,
  "spacing_x": 2.5,
  "spacing_y": 2.5,
  "spacing_z": 2.5,
  "summary_bg_k": 8.776809306862958,
  "summary_bg_mad": 23.76067381782591,
  "summary_bg_mean": 64.95555114746094,
  "summary_bg_median": 18.5151424407959,
  "summary_bg_n": 172809.0,
  "summary_bg_p05": 1.461083149909973,
  "summary_bg_p95": 311.0652587890625,
  "summary_bg_stdv": 107.04302215576172,
  "summary_fg_k": 2.3958629197825436,
  "summary_fg_mad": 109.00266338790964,
  "summary_fg_mean": 810.902587890625,
  "summary_fg_median": 801.0747680664062,
  "summary_fg_n": 84055.0,
  "summary_fg_p05": 635.1353698730469,
  "summary_fg_p95": 1020.8486328125,
  "summary_fg_stdv": 124.59896087646484,
  "tsnr": 51.27984619140625
}