{
  "aor": 0.0029177472527472533,
  "aqi": 0.014576856868131868,
  "bids_meta": {
    "AcquisitionMatrixPE": 78,
    "AcquisitionNumber": 1,
    "AcquisitionTime": "17:18:35.855000",
    "BandwidthPerPixelPhaseEncode": 20.678,
    "BaseResolution": 78,
    "BodyPartExamined": "BRAIN",
    "ConsistencyInfo": "N4_VE11C_LATEST_20160120",
    "ConversionSoftware": "dcm2niix",
    "ConversionSoftwareVersion": "v1.0.20171215 GCC4.8.5",
    "DerivedVendorReportedEchoSpacing": 0.000620007,
    "DeviceSerialNumber": "45031",
    "DwellTime": 3.2e-06,
    "EchoTime": 0.032,
    "EchoTrainLength": 78,
    "EffectiveEchoSpacing": 0.000620007,
    "FlipAngle": 70,
    "ImageOrientationPatientDICOM": [
      0.998354,
      0.0541121,
      0.0189772,
      -0.0505745,
      0.986874,
      -0.15337
    ],
    "ImageType": [
      "ORIGINAL",
      "PRIMARY",
      "M",
      "ND",
      "NORM",
      "MOSAIC"
    ],
    "InPlanePhaseEncodingDirectionDICOM": "COL",
    "InstitutionAddress": "Washington_and_Faculty_Rd._-_Building_25_25_Princeton_NJ_US_085",
    "InstitutionName": "Princeton_University_-_Neuroscience_Institute",
    "InstitutionalDepartmentName": "Department",
    "MRAcquisitionType": "2D",
    "MagneticFieldStrength": 3,
    "Manufacturer": "Siemens",
    "ManufacturersModelName": "Skyra",
    "Modality": "MR",
    "MultibandAccelerationFactor": 4,
    "PartialFourier": 1,
    "PatientPosition": "HFS",
    "PercentPhaseFOV": 100,
    "PhaseEncodingDirection": "j-",
    "PhaseEncodingSteps": 78,
    "PhaseResolution": 1,
    "PixelBandwidth": 2005,
    "ProcedureStepDescription": "TamirL_Mark",
    "ProtocolName": "EPI_2.5mm_1.5TR_32TE_SMS4_Siemens",
    "PulseSequenceDetails": "%SiemensSeq%_ep2d_bold",
    "ReceiveCoilActiveElements": "HC1-7",
    "ReceiveCoilName": "HeadNeck_64",
    "ReconMatrixPE": 78,
    "RepetitionTime": 1.5,
    "SAR": 0.054817,
    "ScanOptions": "FS",
    "ScanningSequence": "EP",
    "SequenceName": "_epfid2d1_78",
    "SequenceVariant": "SK",
    "SeriesDescription": "EPI_2.5mm_1.5TR_32TE_SMS4_Siemens",
    "SeriesNumber": 15,
    "ShimSetting": [
      3393,
      8752,
      9237,
      590,
      44,
      -210,
      67,
      156
    ],
    "SliceThickness": 2.5,
    "SliceTiming": [
      0.6825,
      0,
      0.795,
      0.1125,
      0.91,
      0.2275,
      1.0225,
      0.34,
      1.1375,
      0.455,
      1.25,
      0.5675,
      1.365,
      0.6825,
      0,
      0.795,
      0.1125,
      0.91,
      0.2275,
      1.0225,
      0.34,
      1.1375,
      0.455,
      1.25,
      0.5675,
      1.365,
      0.6825,
      0,
      0.795,
      0.1125,
      0.91,
      0.2275,
      1.0225,
      0.34,
      1.1375,
      0.455,
      1.25,
      0.5675,
      1.365,
      0.6825,
      0,
      0.795,
      0.1125,
      0.91,
      0.2275,
      1.0225,
      0.34,
      1.1375,
      0.455,
      1.25,
      0.5675,
      1.365
    ],
    "SoftwareVersions": "syngo_MR_E11",
    "SpacingBetweenSlices": 2.5,
    "StationName": "AWP45031",
    "TaskName": "sitrep",
    "TotalReadoutTime": 0.0477406,
    "TxRefAmp": 338.994,
    "dataset": "ds004226",
    "modality": "bold",
    "run_id": 7,
    "subject_id": "021",
    "task_id": "sitrep"
  },
  "dummy_trs": 0,
  "dvars_nstd": 34.786117164765834,
  "dvars_std": 1.307053799669421,
  "dvars_vstd": 0.9933662160606068,
  "efc": 0.6111422533645381,
  "fber": 1685.6661376953125,
  "fd_mean": 0.15477138978822813,
  "fd_num": 78,
  "fd_perc": 21.428571428571427,
  "fwhm_avg": 1.846648,
  "fwhm_x": 1.773328,
  "fwhm_y": 1.96188,
  "fwhm_z": 1.8047360000000001,
  "gcor": 0.0183235,
  "gsr_x": 0.004411523696035147,
  "gsr_y": 0.039984915405511856,
  "provenance": {
    "md5sum": "2fcedb03d477aa01628b4742d749b406",
    "settings": {
      "fd_thres": 0.2,
      "testing": false
    },
    "software": "mriqc",
    "version": "23.0.0",
    "webapi_port": null,
    "webapi_url": "https://mriqc.nimh.nih.gov/api/v1"
  },
  "size_t": 364,
  "size_x": 78,
  "size_y": 78,
  "size_z": 52,
  "snr": 6.411009885504765,
  "spacing_tr": 1.5,
  "spacing_x": 2.5,
  "spacing_y": 2.5,
  "spacing_z": 2.5,
  "summary_bg_k": 8.844642762968228,
  "summary_bg_mad": 23.602510290608123,
  "summary_bg_mean": 65.09539031982422,
  "summary_bg_median": 18.334630966186523,
  "summary_bg_n": 172707.0,
  "summary_bg_p05": 1.4392963171005249,
  "summary_bg_p95": 313.02891845703124,
  "summary_bg_stdv": 107.71903991699219,
  "summary_fg_k": 2.4904381556333215,
  "summary_fg_mad": 108.48632255180166,
  "summary_fg_mean": 809.3217163085938,
  "summary_fg_median": 799.54443359375,
  "summary_fg_n": 84157.0,
  "summary_fg_p05": 634.8930297851563,
  "summary_fg_p95": 1019.010498046875,
  "summary_fg_stdv": 124.71353149414062,
  "tsnr": 47.123348236083984
}