{
  "aor": 0.001507107438016529,
  "aqi": 0.012650918898071626,
  "bids_meta": {
    "AcquisitionMatrixPE": 78,
    "AcquisitionNumber": 1,
    "AcquisitionTime": "16:39:15.917500",
    "BandwidthPerPixelPhaseEncode": 20.678,
    "BaseResolution": 78,
    "BodyPartExamined": "BRAIN",
    "ConsistencyInfo": "N4_VE11C_LATEST_20160120",
    "ConversionSoftware": "dcm2niix",
    "ConversionSoftwareVersion": "v1.0.20171215 GCC4.8.5",
    "DerivedVendorReportedEchoSpacing": 0.000620007,
    "DeviceSerialNumber": "45031",
    "DwellTime": 3.2e-06,
    "EchoTime": 0.032,
    "EchoTrainLength": 78,
    "EffectiveEchoSpacing": 0.000620007,
    "FlipAngle": 70,
    "ImageOrientationPatientDICOM": [
      0.998354,
      0.0541121,
      0.0189772,
      -0.0505745,
      0.986874,
      -0.15337
    ],
    "ImageType": [
      "ORIGINAL",
      "PRIMARY",
      "M",
      "ND",
      "NORM",
      "MOSAIC"
    ],
    "InPlanePhaseEncodingDirectionDICOM": "COL",
    "InstitutionAddress": "Washington_and_Faculty_Rd._-_Building_25_25_Princeton_NJ_US_085",
    "InstitutionName": "Princeton_University_-_Neuroscience_Institute",
    "InstitutionalDepartmentName": "Department",
    "MRAcquisitionType": "2D",
    "MagneticFieldStrength": 3,
    "Manufacturer": "Siemens",
    "ManufacturersModelName": "Skyra",
    "Modality": "MR",
    "MultibandAccelerationFactor": 4,
    "PartialFourier": 1,
    "PatientPosition": "HFS",
    "PercentPhaseFOV": 100,
    "PhaseEncodingDirection": "j-",
    "PhaseEncodingSteps": 78,
    "PhaseResolution": 1,
    "PixelBandwidth": 2005,
    "ProcedureStepDescription": "TamirL_Mark",
    "ProtocolName": "EPI_2.5mm_1.5TR_32TE_SMS4_Siemens",
    "PulseSequenceDetails": "%SiemensSeq%_ep2d_bold",
    "ReceiveCoilActiveElements": "HC1-7",
    "ReceiveCoilName": "HeadNeck_64",
    "ReconMatrixPE": 78,
    "RepetitionTime": 1.5,
    "SAR": 0.054817,
    "ScanOptions": "FS",
    "ScanningSequence": "EP",
    "SequenceName": "_epfid2d1_78",
    "SequenceVariant": "SK",
    "SeriesDescription": "EPI_2.5mm_1.5TR_32TE_SMS4_Siemens",
    "SeriesNumber": 11,
    "ShimSetting": [
      3393,
      8752,
      9237,
      590,
      44,
      -210,
      67,
      156
    ],
    "SliceThickness": 2.5,
    "SliceTiming": [
      0.6825,
      0,
      0.7975,
      0.1125,
      0.91,
      0.2275,
      1.025,
      0.3425,
      1.1375,
      0.455,
      1.2525,
      0.57,
      1.365,
      0.6825,
      0,
      0.7975,
      0.1125,
      0.91,
      0.2275,
      1.025,
      0.3425,
      1.1375,
      0.455,
      1.2525,
      0.57,
      1.365,
      0.6825,
      0,
      0.7975,
      0.1125,
      0.91,
      0.2275,
      1.025,
      0.3425,
      1.1375,
      0.455,
      1.2525,
      0.57,
      1.365,
      0.6825,
      0,
      0.7975,
      0.1125,
      0.91,
      0.2275,
      1.025,
      0.3425,
      1.1375,
      0.455,
      1.2525,
      0.57,
      1.365
    ],
    "SoftwareVersions": "syngo_MR_E11",
    "SpacingBetweenSlices": 2.5,
    "StationName": "AWP45031",
    "TaskName": "sitrep",
    "TotalReadoutTime": 0.0477406,
    "TxRefAmp": 338.994,
    "dataset": "ds004226",
    "modality": "bold",
    "run_id": 3,
    "subject_id": "021",
    "task_id": "sitrep"
  },
  "dummy_trs": 1,
  "dvars_nstd": 34.91854036447509,
  "dvars_std": 1.3670529156353581,
  "dvars_vstd": 1.0038221201657453,
  "efc": 0.6099174103211569,
  "fber": 1709.9210205078125,
  "fd_mean": 0.15129353060583955,
  "fd_num": 83,
  "fd_perc": 22.865013774104682,
  "fwhm_avg": 1.8362706666666668,
  "fwhm_x": 1.769324,
  "fwhm_y": 1.959968,
  "fwhm_z": 1.7795200000000002,
  "gcor": 0.015693,
  "gsr_x": 0.0023356392048299313,
  "gsr_y": 0.0412231981754303,
  "provenance": {
    "md5sum": "d7439a9fb261b56c53b803cf71d15057",
    "settings": {
      "fd_thres": 0.2,
      "testing": false
    },
    "software": "mriqc",
    "version": "23.0.0",
    "webapi_port": null,
    "webapi_url": "https://mriqc.nimh.nih.gov/api/v1"
  },
  "size_t": 363,
  "size_x": 78,
  "size_y": 78,
  "size_z": 52,
  "snr": 6.462744194741673,
  "spacing_tr": 1.5,
  "spacing_x": 2.5,
  "spacing_y": 2.5,
  "spacing_z": 2.5,
  "summary_bg_k": 8.82905180016715,
  "summary_bg_mad": 23.939099520691713,
  "summary_bg_mean": 64.0641860961914,
  "summary_bg_median": 18.485383987426758,
  "summary_bg_n": 172866.0,
  "summary_bg_p05": 1.2591231763362885,
  "summary_bg_p95": 304.7720947265625,
  "summary_bg_stdv": 105.51692199707031,
  "summary_fg_k": 2.328094935558836,
  "summary_fg_mad": 109.0110790377095,
  "summary_fg_mean": 812.1743774414062,
  "summary_fg_median": 803.2373657226562,
  "summary_fg_n": 84090.0,
  "summary_fg_p05": 635.9583618164062,
  "summary_fg_p95": 1021.086962890625,
  "summary_fg_stdv": 124.28661346435547,
  "tsnr": 50.35659408569336
}