{
  "aor": 0.000955922865013774,
  "aqi": 0.00936454782369146,
  "bids_meta": {
    "AcquisitionMatrixPE": 78,
    "AcquisitionNumber": 1,
    "AcquisitionTime": "16:19:32.325000",
    "BandwidthPerPixelPhaseEncode": 20.678,
    "BaseResolution": 78,
    "BodyPartExamined": "BRAIN",
    "ConsistencyInfo": "N4_VE11C_LATEST_20160120",
    "ConversionSoftware": "dcm2niix",
    "ConversionSoftwareVersion": "v1.0.20171215 GCC4.8.5",
    "DerivedVendorReportedEchoSpacing": 0.000620007,
    "DeviceSerialNumber": "45031",
    "DwellTime": 3.2e-06,
    "EchoTime": 0.032,
    "EchoTrainLength": 78,
    "EffectiveEchoSpacing": 0.000620007,
    "FlipAngle": 70,
    "ImageOrientationPatientDICOM": [
      0.998354,
      0.0541121,
      0.0189772,
      -0.0505745,
      0.986874,
      -0.15337
    ],
    "ImageType": [
      "ORIGINAL",
      "PRIMARY",
      "M",
      "ND",
      "NORM",
      "MOSAIC"
    ],
    "InPlanePhaseEncodingDirectionDICOM": "COL",
    "InstitutionAddress": "Washington_and_Faculty_Rd._-_Building_25_25_Princeton_NJ_US_085",
    "InstitutionName": "Princeton_University_-_Neuroscience_Institute",
    "InstitutionalDepartmentName": "Department",
    "MRAcquisitionType": "2D",
    "MagneticFieldStrength": 3,
    "Manufacturer": "Siemens",
    "ManufacturersModelName": "Skyra",
    "Modality": "MR",
    "MultibandAccelerationFactor": 4,
    "PartialFourier": 1,
    "PatientPosition": "HFS",
    "PercentPhaseFOV": 100,
    "PhaseEncodingDirection": "j-",
    "PhaseEncodingSteps": 78,
    "PhaseResolution": 1,
    "PixelBandwidth": 2005,
    "ProcedureStepDescription": "TamirL_Mark",
    "ProtocolName": "EPI_2.5mm_1.5TR_32TE_SMS4_Siemens",
    "PulseSequenceDetails": "%SiemensSeq%_ep2d_bold",
    "ReceiveCoilActiveElements": "HC1-7",
    "ReceiveCoilName": "HeadNeck_64",
    "ReconMatrixPE": 78,
    "RepetitionTime": 1.5,
    "SAR": 0.054817,
    "ScanOptions": "FS",
    "ScanningSequence": "EP",
    "SequenceName": "_epfid2d1_78",
    "SequenceVariant": "SK",
    "SeriesDescription": "EPI_2.5mm_1.5TR_32TE_SMS4_Siemens",
    "SeriesNumber": 9,
    "ShimSetting": [
      3393,
      8752,
      9237,
      590,
      44,
      -210,
      67,
      156
    ],
    "SliceThickness": 2.5,
    "SliceTiming": [
      0.685,
      0,
      0.7975,
      0.115,
      0.9125,
      0.23,
      1.025,
      0.3425,
      1.14,
      0.4575,
      1.2525,
      0.57,
      1.3675,
      0.685,
      0,
      0.7975,
      0.115,
      0.9125,
      0.23,
      1.025,
      0.3425,
      1.14,
      0.4575,
      1.2525,
      0.57,
      1.3675,
      0.685,
      0,
      0.7975,
      0.115,
      0.9125,
      0.23,
      1.025,
      0.3425,
      1.14,
      0.4575,
      1.2525,
      0.57,
      1.3675,
      0.685,
      0,
      0.7975,
      0.115,
      0.9125,
      0.23,
      1.025,
      0.3425,
      1.14,
      0.4575,
      1.2525,
      0.57,
      1.3675
    ],
    "SoftwareVersions": "syngo_MR_E11",
    "SpacingBetweenSlices": 2.5,
    "StationName": "AWP45031",
    "TaskName": "sitrep",
    "TotalReadoutTime": 0.0477406,
    "TxRefAmp": 338.994,
    "dataset": "ds004226",
    "modality": "bold",
    "run_id": 1,
    "subject_id": "021",
    "task_id": "sitrep"
  },
  "dummy_trs": 1,
  "dvars_nstd": 34.95077796538673,
  "dvars_std": 1.375098263563537,
  "dvars_vstd": 0.9972386043093924,
  "efc": 0.6094478723029599,
  "fber": 1727.4102783203125,
  "fd_mean": 0.1395449945517485,
  "fd_num": 49,
  "fd_perc": 13.49862258953168,
  "fwhm_avg": 1.8153213333333333,
  "fwhm_x": 1.74346,
  "fwhm_y": 1.935268,
  "fwhm_z": 1.767236,
  "gcor": 0.0121625,
  "gsr_x": 0.002062832470983267,
  "gsr_y": 0.040892742574214935,
  "provenance": {
    "md5sum": "8e01dc7f72efb4ce23730fb1aa098747",
    "settings": {
      "fd_thres": 0.2,
      "testing": false
    },
    "software": "mriqc",
    "version": "23.0.0",
    "webapi_port": null,
    "webapi_url": "https://mriqc.nimh.nih.gov/api/v1"
  },
  "size_t": 363,
  "size_x": 78,
  "size_y": 78,
  "size_z": 52,
  "snr": 6.434725811599034,
  "spacing_tr": 1.5,
  "spacing_x": 2.5,
  "spacing_y": 2.5,
  "spacing_z": 2.5,
  "summary_bg_k": 9.240286962096556,
  "summary_bg_mad": 23.237415026315,
  "summary_bg_mean": 64.04134368896484,
  "summary_bg_median": 18.265310287475586,
  "summary_bg_n": 172871.0,
  "summary_bg_p05": 1.5184981226921082,
  "summary_bg_p95": 310.21360778808594,
  "summary_bg_stdv": 106.88544464111328,
  "summary_fg_k": 2.4787097120391293,
  "summary_fg_mad": 108.91497774644651,
  "summary_fg_mean": 812.3021240234375,
  "summary_fg_median": 802.9601440429688,
  "summary_fg_n": 84085.0,
  "summary_fg_p05": 637.2197509765625,
  "summary_fg_p95": 1021.0181396484376,
  "summary_fg_stdv": 124.78470611572266,
  "tsnr": 56.80868148803711
}