{
  "aor": 0.0012445329670329667,
  "aqi": 0.02286839368131868,
  "bids_meta": {
    "AcquisitionMatrixPE": 78,
    "AcquisitionNumber": 1,
    "AcquisitionTime": "19:36:59.590000",
    "BandwidthPerPixelPhaseEncode": 20.678,
    "BaseResolution": 78,
    "BodyPartExamined": "BRAIN",
    "ConsistencyInfo": "N4_VE11C_LATEST_20160120",
    "ConversionSoftware": "dcm2niix",
    "ConversionSoftwareVersion": "v1.0.20171215 GCC4.8.5",
    "DerivedVendorReportedEchoSpacing": 0.000620007,
    "DeviceSerialNumber": "45031",
    "DwellTime": 3.2e-06,
    "EchoTime": 0.032,
    "EchoTrainLength": 78,
    "EffectiveEchoSpacing": 0.000620007,
    "FlipAngle": 70,
    "ImageOrientationPatientDICOM": [
      0.997468,
      0.0593433,
      0.039203,
      -0.056815,
      0.996412,
      -0.0627311
    ],
    "ImageType": [
      "ORIGINAL",
      "PRIMARY",
      "M",
      "ND",
      "NORM",
      "MOSAIC"
    ],
    "InPlanePhaseEncodingDirectionDICOM": "COL",
    "InstitutionAddress": "Washington_and_Faculty_Rd._-_Building_25_25_Princeton_NJ_US_085",
    "InstitutionName": "Princeton_University_-_Neuroscience_Institute",
    "InstitutionalDepartmentName": "Department",
    "MRAcquisitionType": "2D",
    "MagneticFieldStrength": 3,
    "Manufacturer": "Siemens",
    "ManufacturersModelName": "Skyra",
    "Modality": "MR",
    "MultibandAccelerationFactor": 4,
    "PartialFourier": 1,
    "PatientPosition": "HFS",
    "PercentPhaseFOV": 100,
    "PhaseEncodingDirection": "j-",
    "PhaseEncodingSteps": 78,
    "PhaseResolution": 1,
    "PixelBandwidth": 2005,
    "ProcedureStepDescription": "TamirL_Mark",
    "ProtocolName": "EPI_2.5mm_1.5TR_32TE_SMS4_Siemens",
    "PulseSequenceDetails": "%SiemensSeq%_ep2d_bold",
    "ReceiveCoilActiveElements": "HC1-7",
    "ReceiveCoilName": "HeadNeck_64",
    "ReconMatrixPE": 78,
    "RepetitionTime": 1.5,
    "SAR": 0.0634892,
    "ScanOptions": "FS",
    "ScanningSequence": "EP",
    "SequenceName": "_epfid2d1_78",
    "SequenceVariant": "SK",
    "SeriesDescription": "EPI_2.5mm_1.5TR_32TE_SMS4_Siemens",
    "SeriesNumber": 10,
    "ShimSetting": [
      3397,
      8809,
      9342,
      406,
      195,
      -131,
      254,
      203
    ],
    "SliceThickness": 2.5,
    "SliceTiming": [
      0.685,
      0,
      0.7975,
      0.115,
      0.9125,
      0.2275,
      1.025,
      0.3425,
      1.14,
      0.4575,
      1.2525,
      0.57,
      1.3675,
      0.685,
      0,
      0.7975,
      0.115,
      0.9125,
      0.2275,
      1.025,
      0.3425,
      1.14,
      0.4575,
      1.2525,
      0.57,
      1.3675,
      0.685,
      0,
      0.7975,
      0.115,
      0.9125,
      0.2275,
      1.025,
      0.3425,
      1.14,
      0.4575,
      1.2525,
      0.57,
      1.3675,
      0.685,
      0,
      0.7975,
      0.115,
      0.9125,
      0.2275,
      1.025,
      0.3425,
      1.14,
      0.4575,
      1.2525,
      0.57,
      1.3675
    ],
    "SoftwareVersions": "syngo_MR_E11",
    "SpacingBetweenSlices": 2.5,
    "StationName": "AWP45031",
    "TaskName": "sitrep",
    "TotalReadoutTime": 0.0477406,
    "TxRefAmp": 347.161,
    "dataset": "ds004226",
    "modality": "bold",
    "run_id": 2,
    "subject_id": "006",
    "task_id": "sitrep"
  },
  "dummy_trs": 0,
  "dvars_nstd": 33.38314833526172,
  "dvars_std": 1.1581348083471072,
  "dvars_vstd": 0.9624281843250689,
  "efc": 0.597586656506344,
  "fber": 1669.733154296875,
  "fd_mean": 0.22135811667240343,
  "fd_num": 134,
  "fd_perc": 36.81318681318681,
  "fwhm_avg": 1.7701186666666668,
  "fwhm_x": 1.671356,
  "fwhm_y": 1.953916,
  "fwhm_z": 1.6850840000000002,
  "gcor": 0.0184787,
  "gsr_x": 0.0015619304031133652,
  "gsr_y": 0.06267224252223969,
  "provenance": {
    "md5sum": "98007ee9195792b212ea3829de047771",
    "settings": {
      "fd_thres": 0.2,
      "testing": false
    },
    "software": "mriqc",
    "version": "23.0.0",
    "webapi_port": null,
    "webapi_url": "https://mriqc.nimh.nih.gov/api/v1"
  },
  "size_t": 364,
  "size_x": 78,
  "size_y": 78,
  "size_z": 52,
  "snr": 6.979397823906081,
  "spacing_tr": 1.5,
  "spacing_x": 2.5,
  "spacing_y": 2.5,
  "spacing_z": 2.5,
  "summary_bg_k": 7.775596769568326,
  "summary_bg_mad": 23.75211712954023,
  "summary_bg_mean": 67.17064666748047,
  "summary_bg_median": 18.411977767944336,
  "summary_bg_n": 181626.0,
  "summary_bg_p05": 1.3877606391906738,
  "summary_bg_p95": 318.36177825927734,
  "summary_bg_stdv": 108.30284118652344,
  "summary_fg_k": 2.7327855892611437,
  "summary_fg_mad": 100.22916748983215,
  "summary_fg_mean": 790.2149047851562,
  "summary_fg_median": 780.8617553710938,
  "summary_fg_n": 76626.0,
  "summary_fg_p05": 637.1731719970703,
  "summary_fg_p95": 978.0997772216797,
  "summary_fg_stdv": 111.88023376464844,
  "tsnr": 38.63679504394531
}