{
  "aor": 0.003178543956043956,
  "aqi": 0.019581180714285717,
  "bids_meta": {
    "AcquisitionMatrixPE": 78,
    "AcquisitionNumber": 1,
    "AcquisitionTime": "20:45:16.507500",
    "BandwidthPerPixelPhaseEncode": 20.678,
    "BaseResolution": 78,
    "BodyPartExamined": "BRAIN",
    "ConsistencyInfo": "N4_VE11C_LATEST_20160120",
    "ConversionSoftware": "dcm2niix",
    "ConversionSoftwareVersion": "v1.0.20171215 GCC4.8.5",
    "DerivedVendorReportedEchoSpacing": 0.000620007,
    "DeviceSerialNumber": "45031",
    "DwellTime": 3.2e-06,
    "EchoTime": 0.032,
    "EchoTrainLength": 78,
    "EffectiveEchoSpacing": 0.000620007,
    "FlipAngle": 70,
    "ImageOrientationPatientDICOM": [
      0.997468,
      0.0593433,
      0.039203,
      -0.056815,
      0.996412,
      -0.0627311
    ],
    "ImageType": [
      "ORIGINAL",
      "PRIMARY",
      "M",
      "ND",
      "NORM",
      "MOSAIC"
    ],
    "InPlanePhaseEncodingDirectionDICOM": "COL",
    "InstitutionAddress": "Washington_and_Faculty_Rd._-_Building_25_25_Princeton_NJ_US_085",
    "InstitutionName": "Princeton_University_-_Neuroscience_Institute",
    "InstitutionalDepartmentName": "Department",
    "MRAcquisitionType": "2D",
    "MagneticFieldStrength": 3,
    "Manufacturer": "Siemens",
    "ManufacturersModelName": "Skyra",
    "Modality": "MR",
    "MultibandAccelerationFactor": 4,
    "PartialFourier": 1,
    "PatientPosition": "HFS",
    "PercentPhaseFOV": 100,
    "PhaseEncodingDirection": "j-",
    "PhaseEncodingSteps": 78,
    "PhaseResolution": 1,
    "PixelBandwidth": 2005,
    "ProcedureStepDescription": "TamirL_Mark",
    "ProtocolName": "EPI_2.5mm_1.5TR_32TE_SMS4_Siemens",
    "PulseSequenceDetails": "%SiemensSeq%_ep2d_bold",
    "ReceiveCoilActiveElements": "HC1-7",
    "ReceiveCoilName": "HeadNeck_64",
    "ReconMatrixPE": 78,
    "RepetitionTime": 1.5,
    "SAR": 0.0634892,
    "ScanOptions": "FS",
    "ScanningSequence": "EP",
    "SequenceName": "_epfid2d1_78",
    "SequenceVariant": "SK",
    "SeriesDescription": "EPI_2.5mm_1.5TR_32TE_SMS4_Siemens",
    "SeriesNumber": 17,
    "ShimSetting": [
      3397,
      8809,
      9342,
      406,
      195,
      -131,
      254,
      203
    ],
    "SliceThickness": 2.5,
    "SliceTiming": [
      0.6825,
      0,
      0.7975,
      0.115,
      0.91,
      0.2275,
      1.025,
      0.3425,
      1.1375,
      0.455,
      1.2525,
      0.57,
      1.3675,
      0.6825,
      0,
      0.7975,
      0.115,
      0.91,
      0.2275,
      1.025,
      0.3425,
      1.1375,
      0.455,
      1.2525,
      0.57,
      1.3675,
      0.6825,
      0,
      0.7975,
      0.115,
      0.91,
      0.2275,
      1.025,
      0.3425,
      1.1375,
      0.455,
      1.2525,
      0.57,
      1.3675,
      0.6825,
      0,
      0.7975,
      0.115,
      0.91,
      0.2275,
      1.025,
      0.3425,
      1.1375,
      0.455,
      1.2525,
      0.57,
      1.3675
    ],
    "SoftwareVersions": "syngo_MR_E11",
    "SpacingBetweenSlices": 2.5,
    "StationName": "AWP45031",
    "TaskName": "sitrep",
    "TotalReadoutTime": 0.0477406,
    "TxRefAmp": 347.161,
    "dataset": "ds004226",
    "modality": "bold",
    "run_id": 9,
    "subject_id": "006",
    "task_id": "sitrep"
  },
  "dummy_trs": 0,
  "dvars_nstd": 34.21995961617077,
  "dvars_std": 1.2268721221763095,
  "dvars_vstd": 0.9919261544352617,
  "efc": 0.6034702077842882,
  "fber": 1328.3507080078125,
  "fd_mean": 0.1977235640673634,
  "fd_num": 91,
  "fd_perc": 25.0,
  "fwhm_avg": 1.740878666666667,
  "fwhm_x": 1.6295480000000002,
  "fwhm_y": 1.913828,
  "fwhm_z": 1.67926,
  "gcor": 0.0172974,
  "gsr_x": -0.0032937212381511927,
  "gsr_y": 0.06342072784900665,
  "provenance": {
    "md5sum": "ff7901cfe2940f4c1e4cda05c31905cb",
    "settings": {
      "fd_thres": 0.2,
      "testing": false
    },
    "software": "mriqc",
    "version": "23.0.0",
    "webapi_port": null,
    "webapi_url": "https://mriqc.nimh.nih.gov/api/v1"
  },
  "size_t": 364,
  "size_x": 78,
  "size_y": 78,
  "size_z": 52,
  "snr": 7.027744978903312,
  "spacing_tr": 1.5,
  "spacing_x": 2.5,
  "spacing_y": 2.5,
  "spacing_z": 2.5,
  "summary_bg_k": 7.428856956461486,
  "summary_bg_mad": 26.424284243229934,
  "summary_bg_mean": 70.19808959960938,
  "summary_bg_median": 20.391498565673828,
  "summary_bg_n": 181334.0,
  "summary_bg_p05": 1.3987915217876434,
  "summary_bg_p95": 323.4007781982423,
  "summary_bg_stdv": 110.14012145996094,
  "summary_fg_k": 2.6463489508379165,
  "summary_fg_mad": 99.19662155390331,
  "summary_fg_mean": 779.198974609375,
  "summary_fg_median": 770.593505859375,
  "summary_fg_n": 76884.0,
  "summary_fg_p05": 629.6430847167969,
  "summary_fg_p95": 961.6840057373047,
  "summary_fg_stdv": 109.64946746826172,
  "tsnr": 41.499732971191406
}