{
  "aor": 0.0039634340659340656,
  "aqi": 0.02119505835164835,
  "bids_meta": {
    "AcquisitionMatrixPE": 78,
    "AcquisitionNumber": 1,
    "AcquisitionTime": "19:46:42.767500",
    "BandwidthPerPixelPhaseEncode": 20.678,
    "BaseResolution": 78,
    "BodyPartExamined": "BRAIN",
    "ConsistencyInfo": "N4_VE11C_LATEST_20160120",
    "ConversionSoftware": "dcm2niix",
    "ConversionSoftwareVersion": "v1.0.20171215 GCC4.8.5",
    "DerivedVendorReportedEchoSpacing": 0.000620007,
    "DeviceSerialNumber": "45031",
    "DwellTime": 3.2e-06,
    "EchoTime": 0.032,
    "EchoTrainLength": 78,
    "EffectiveEchoSpacing": 0.000620007,
    "FlipAngle": 70,
    "ImageOrientationPatientDICOM": [
      0.997468,
      0.0593433,
      0.039203,
      -0.056815,
      0.996412,
      -0.0627311
    ],
    "ImageType": [
      "ORIGINAL",
      "PRIMARY",
      "M",
      "ND",
      "NORM",
      "MOSAIC"
    ],
    "InPlanePhaseEncodingDirectionDICOM": "COL",
    "InstitutionAddress": "Washington_and_Faculty_Rd._-_Building_25_25_Princeton_NJ_US_085",
    "InstitutionName": "Princeton_University_-_Neuroscience_Institute",
    "InstitutionalDepartmentName": "Department",
    "MRAcquisitionType": "2D",
    "MagneticFieldStrength": 3,
    "Manufacturer": "Siemens",
    "ManufacturersModelName": "Skyra",
    "Modality": "MR",
    "MultibandAccelerationFactor": 4,
    "PartialFourier": 1,
    "PatientPosition": "HFS",
    "PercentPhaseFOV": 100,
    "PhaseEncodingDirection": "j-",
    "PhaseEncodingSteps": 78,
    "PhaseResolution": 1,
    "PixelBandwidth": 2005,
    "ProcedureStepDescription": "TamirL_Mark",
    "ProtocolName": "EPI_2.5mm_1.5TR_32TE_SMS4_Siemens",
    "PulseSequenceDetails": "%SiemensSeq%_ep2d_bold",
    "ReceiveCoilActiveElements": "HC1-7",
    "ReceiveCoilName": "HeadNeck_64",
    "ReconMatrixPE": 78,
    "RepetitionTime": 1.5,
    "SAR": 0.0634892,
    "ScanOptions": "FS",
    "ScanningSequence": "EP",
    "SequenceName": "_epfid2d1_78",
    "SequenceVariant": "SK",
    "SeriesDescription": "EPI_2.5mm_1.5TR_32TE_SMS4_Siemens",
    "SeriesNumber": 11,
    "ShimSetting": [
      3397,
      8809,
      9342,
      406,
      195,
      -131,
      254,
      203
    ],
    "SliceThickness": 2.5,
    "SliceTiming": [
      0.6825,
      0,
      0.7975,
      0.1125,
      0.91,
      0.2275,
      1.025,
      0.34,
      1.1375,
      0.455,
      1.2525,
      0.5675,
      1.365,
      0.6825,
      0,
      0.7975,
      0.1125,
      0.91,
      0.2275,
      1.025,
      0.34,
      1.1375,
      0.455,
      1.2525,
      0.5675,
      1.365,
      0.6825,
      0,
      0.7975,
      0.1125,
      0.91,
      0.2275,
      1.025,
      0.34,
      1.1375,
      0.455,
      1.2525,
      0.5675,
      1.365,
      0.6825,
      0,
      0.7975,
      0.1125,
      0.91,
      0.2275,
      1.025,
      0.34,
      1.1375,
      0.455,
      1.2525,
      0.5675,
      1.365
    ],
    "SoftwareVersions": "syngo_MR_E11",
    "SpacingBetweenSlices": 2.5,
    "StationName": "AWP45031",
    "TaskName": "sitrep",
    "TotalReadoutTime": 0.0477406,
    "TxRefAmp": 347.161,
    "dataset": "ds004226",
    "modality": "bold",
    "run_id": 3,
    "subject_id": "006",
    "task_id": "sitrep"
  },
  "dummy_trs": 0,
  "dvars_nstd": 35.44704718898072,
  "dvars_std": 1.27126325245179,
  "dvars_vstd": 1.0194072944628096,
  "efc": 0.6003306092664086,
  "fber": 1460.7218017578125,
  "fd_mean": 0.23944344641087123,
  "fd_num": 139,
  "fd_perc": 38.18681318681319,
  "fwhm_avg": 1.754592,
  "fwhm_x": 1.6398199999999998,
  "fwhm_y": 1.93448,
  "fwhm_z": 1.6894760000000002,
  "gcor": 0.0253836,
  "gsr_x": -0.0013823140179738402,
  "gsr_y": 0.06219574064016342,
  "provenance": {
    "md5sum": "ef26d25e5ea9f7f6a179002ddfd19a62",
    "settings": {
      "fd_thres": 0.2,
      "testing": false
    },
    "software": "mriqc",
    "version": "23.0.0",
    "webapi_port": null,
    "webapi_url": "https://mriqc.nimh.nih.gov/api/v1"
  },
  "size_t": 364,
  "size_x": 78,
  "size_y": 78,
  "size_z": 52,
  "snr": 7.033733130854511,
  "spacing_tr": 1.5,
  "spacing_x": 2.5,
  "spacing_y": 2.5,
  "spacing_z": 2.5,
  "summary_bg_k": 7.799614162140298,
  "summary_bg_mad": 24.873539580763513,
  "summary_bg_mean": 68.42620086669922,
  "summary_bg_median": 19.494117736816406,
  "summary_bg_n": 181337.0,
  "summary_bg_p05": 1.5978190183639527,
  "summary_bg_p95": 322.3096984863281,
  "summary_bg_stdv": 109.3685302734375,
  "summary_fg_k": 2.7799235456225544,
  "summary_fg_mad": 99.61188410155482,
  "summary_fg_mean": 787.8442993164062,
  "summary_fg_median": 778.8927612304688,
  "summary_fg_n": 76751.0,
  "summary_fg_p05": 636.544189453125,
  "summary_fg_p95": 972.916015625,
  "summary_fg_stdv": 110.73603057861328,
  "tsnr": 40.51469421386719
}