{
  "aor": 0.002731565934065934,
  "aqi": 0.022258760164835162,
  "bids_meta": {
    "AcquisitionMatrixPE": 78,
    "AcquisitionNumber": 1,
    "AcquisitionTime": "20:35:36.687500",
    "BandwidthPerPixelPhaseEncode": 20.678,
    "BaseResolution": 78,
    "BodyPartExamined": "BRAIN",
    "ConsistencyInfo": "N4_VE11C_LATEST_20160120",
    "ConversionSoftware": "dcm2niix",
    "ConversionSoftwareVersion": "v1.0.20171215 GCC4.8.5",
    "DerivedVendorReportedEchoSpacing": 0.000620007,
    "DeviceSerialNumber": "45031",
    "DwellTime": 3.2e-06,
    "EchoTime": 0.032,
    "EchoTrainLength": 78,
    "EffectiveEchoSpacing": 0.000620007,
    "FlipAngle": 70,
    "ImageOrientationPatientDICOM": [
      0.997468,
      0.0593433,
      0.039203,
      -0.056815,
      0.996412,
      -0.0627311
    ],
    "ImageType": [
      "ORIGINAL",
      "PRIMARY",
      "M",
      "ND",
      "NORM",
      "MOSAIC"
    ],
    "InPlanePhaseEncodingDirectionDICOM": "COL",
    "InstitutionAddress": "Washington_and_Faculty_Rd._-_Building_25_25_Princeton_NJ_US_085",
    "InstitutionName": "Princeton_University_-_Neuroscience_Institute",
    "InstitutionalDepartmentName": "Department",
    "MRAcquisitionType": "2D",
    "MagneticFieldStrength": 3,
    "Manufacturer": "Siemens",
    "ManufacturersModelName": "Skyra",
    "Modality": "MR",
    "MultibandAccelerationFactor": 4,
    "PartialFourier": 1,
    "PatientPosition": "HFS",
    "PercentPhaseFOV": 100,
    "PhaseEncodingDirection": "j-",
    "PhaseEncodingSteps": 78,
    "PhaseResolution": 1,
    "PixelBandwidth": 2005,
    "ProcedureStepDescription": "TamirL_Mark",
    "ProtocolName": "EPI_2.5mm_1.5TR_32TE_SMS4_Siemens",
    "PulseSequenceDetails": "%SiemensSeq%_ep2d_bold",
    "ReceiveCoilActiveElements": "HC1-7",
    "ReceiveCoilName": "HeadNeck_64",
    "ReconMatrixPE": 78,
    "RepetitionTime": 1.5,
    "SAR": 0.0634892,
    "ScanOptions": "FS",
    "ScanningSequence": "EP",
    "SequenceName": "_epfid2d1_78",
    "SequenceVariant": "SK",
    "SeriesDescription": "EPI_2.5mm_1.5TR_32TE_SMS4_Siemens",
    "SeriesNumber": 16,
    "ShimSetting": [
      3397,
      8809,
      9342,
      406,
      195,
      -131,
      254,
      203
    ],
    "SliceThickness": 2.5,
    "SliceTiming": [
      0.685,
      0,
      0.7975,
      0.115,
      0.9125,
      0.2275,
      1.025,
      0.3425,
      1.14,
      0.4575,
      1.2525,
      0.57,
      1.3675,
      0.685,
      0,
      0.7975,
      0.115,
      0.9125,
      0.2275,
      1.025,
      0.3425,
      1.14,
      0.4575,
      1.2525,
      0.57,
      1.3675,
      0.685,
      0,
      0.7975,
      0.115,
      0.9125,
      0.2275,
      1.025,
      0.3425,
      1.14,
      0.4575,
      1.2525,
      0.57,
      1.3675,
      0.685,
      0,
      0.7975,
      0.115,
      0.9125,
      0.2275,
      1.025,
      0.3425,
      1.14,
      0.4575,
      1.2525,
      0.57,
      1.3675
    ],
    "SoftwareVersions": "syngo_MR_E11",
    "SpacingBetweenSlices": 2.5,
    "StationName": "AWP45031",
    "TaskName": "sitrep",
    "TotalReadoutTime": 0.0477406,
    "TxRefAmp": 347.161,
    "dataset": "ds004226",
    "modality": "bold",
    "run_id": 8,
    "subject_id": "006",
    "task_id": "sitrep"
  },
  "dummy_trs": 0,
  "dvars_nstd": 34.57451757848483,
  "dvars_std": 1.1899490682644622,
  "dvars_vstd": 0.9691050683195593,
  "efc": 0.6031944484489296,
  "fber": 1326.9083251953125,
  "fd_mean": 0.21001068430418576,
  "fd_num": 97,
  "fd_perc": 26.64835164835165,
  "fwhm_avg": 1.7348,
  "fwhm_x": 1.64288,
  "fwhm_y": 1.9330279999999997,
  "fwhm_z": 1.628492,
  "gcor": 0.0216822,
  "gsr_x": -0.00368783762678504,
  "gsr_y": 0.06332851201295853,
  "provenance": {
    "md5sum": "f232b0b66e4a0f89a65bd3c7bcbab268",
    "settings": {
      "fd_thres": 0.2,
      "testing": false
    },
    "software": "mriqc",
    "version": "23.0.0",
    "webapi_port": null,
    "webapi_url": "https://mriqc.nimh.nih.gov/api/v1"
  },
  "size_t": 364,
  "size_x": 78,
  "size_y": 78,
  "size_z": 52,
  "snr": 6.993824397690089,
  "spacing_tr": 1.5,
  "spacing_x": 2.5,
  "spacing_y": 2.5,
  "spacing_z": 2.5,
  "summary_bg_k": 7.835320942375208,
  "summary_bg_mad": 26.6595466884773,
  "summary_bg_mean": 70.72796630859375,
  "summary_bg_median": 20.712217330932617,
  "summary_bg_n": 181443.0,
  "summary_bg_p05": 1.5271157026290894,
  "summary_bg_p95": 326.4057250976562,
  "summary_bg_stdv": 110.64224243164062,
  "summary_fg_k": 2.650672076840973,
  "summary_fg_mad": 99.43316465688022,
  "summary_fg_mean": 780.5741577148438,
  "summary_fg_median": 771.5421142578125,
  "summary_fg_n": 76861.0,
  "summary_fg_p05": 629.539306640625,
  "summary_fg_p95": 965.3789672851562,
  "summary_fg_stdv": 110.31690979003906,
  "tsnr": 39.73432159423828
}