{
  "aor": 0.0009665109890109888,
  "aqi": 0.009747611181318682,
  "bids_meta": {
    "AcquisitionMatrixPE": 78,
    "AcquisitionNumber": 1,
    "AcquisitionTime": "18:19:50.125000",
    "BandwidthPerPixelPhaseEncode": 20.678,
    "BaseResolution": 78,
    "BodyPartExamined": "BRAIN",
    "ConsistencyInfo": "N4_VE11C_LATEST_20160120",
    "ConversionSoftware": "dcm2niix",
    "ConversionSoftwareVersion": "v1.0.20171215 GCC4.8.5",
    "DerivedVendorReportedEchoSpacing": 0.000620007,
    "DeviceSerialNumber": "45031",
    "DwellTime": 3.2e-06,
    "EchoTime": 0.032,
    "EchoTrainLength": 78,
    "EffectiveEchoSpacing": 0.000620007,
    "FlipAngle": 70,
    "ImageOrientationPatientDICOM": [
      0.99856,
      0.0268235,
      0.0464578,
      -0.0179529,
      0.983175,
      -0.181782
    ],
    "ImageType": [
      "ORIGINAL",
      "PRIMARY",
      "M",
      "ND",
      "NORM",
      "MOSAIC"
    ],
    "InPlanePhaseEncodingDirectionDICOM": "COL",
    "InstitutionAddress": "Washington_and_Faculty_Rd._-_Building_25_25_Princeton_NJ_US_085",
    "InstitutionName": "Princeton_University_-_Neuroscience_Institute",
    "InstitutionalDepartmentName": "Department",
    "MRAcquisitionType": "2D",
    "MagneticFieldStrength": 3,
    "Manufacturer": "Siemens",
    "ManufacturersModelName": "Skyra",
    "Modality": "MR",
    "MultibandAccelerationFactor": 4,
    "PartialFourier": 1,
    "PatientPosition": "HFS",
    "PercentPhaseFOV": 100,
    "PhaseEncodingDirection": "j-",
    "PhaseEncodingSteps": 78,
    "PhaseResolution": 1,
    "PixelBandwidth": 2005,
    "ProcedureStepDescription": "TamirL_Mark",
    "ProtocolName": "EPI_2.5mm_1.5TR_32TE_SMS4_Siemens",
    "PulseSequenceDetails": "%SiemensSeq%_ep2d_bold",
    "ReceiveCoilActiveElements": "HC1-7",
    "ReceiveCoilName": "HeadNeck_64",
    "ReconMatrixPE": 78,
    "RepetitionTime": 1.5,
    "SAR": 0.0674688,
    "ScanOptions": "FS",
    "ScanningSequence": "EP",
    "SequenceName": "_epfid2d1_78",
    "SequenceVariant": "SK",
    "SeriesDescription": "EPI_2.5mm_1.5TR_32TE_SMS4_Siemens",
    "SeriesNumber": 18,
    "ShimSetting": [
      3372,
      8818,
      9087,
      430,
      235,
      -368,
      304,
      221
    ],
    "SliceThickness": 2.5,
    "SliceTiming": [
      0.6825,
      0,
      0.7975,
      0.115,
      0.91,
      0.2275,
      1.025,
      0.3425,
      1.1375,
      0.455,
      1.2525,
      0.57,
      1.3675,
      0.6825,
      0,
      0.7975,
      0.115,
      0.91,
      0.2275,
      1.025,
      0.3425,
      1.1375,
      0.455,
      1.2525,
      0.57,
      1.3675,
      0.6825,
      0,
      0.7975,
      0.115,
      0.91,
      0.2275,
      1.025,
      0.3425,
      1.1375,
      0.455,
      1.2525,
      0.57,
      1.3675,
      0.6825,
      0,
      0.7975,
      0.115,
      0.91,
      0.2275,
      1.025,
      0.3425,
      1.1375,
      0.455,
      1.2525,
      0.57,
      1.3675
    ],
    "SoftwareVersions": "syngo_MR_E11",
    "SpacingBetweenSlices": 2.5,
    "StationName": "AWP45031",
    "TaskName": "sitrep",
    "TotalReadoutTime": 0.0477406,
    "TxRefAmp": 331.66,
    "dataset": "ds004226",
    "modality": "bold",
    "run_id": 10,
    "subject_id": "029",
    "task_id": "sitrep"
  },
  "dummy_trs": 0,
  "dvars_nstd": 37.123013851184595,
  "dvars_std": 1.490874751184573,
  "dvars_vstd": 1.0112349712672184,
  "efc": 0.5810879816409521,
  "fber": 2272.780029296875,
  "fd_mean": 0.12603429521623746,
  "fd_num": 23,
  "fd_perc": 6.318681318681318,
  "fwhm_avg": 1.7563533333333334,
  "fwhm_x": 1.6295000000000002,
  "fwhm_y": 1.913316,
  "fwhm_z": 1.7262440000000001,
  "gcor": 0.0264485,
  "gsr_x": -0.010922178626060486,
  "gsr_y": 0.04918798431754112,
  "provenance": {
    "md5sum": "78281091430499359a197307080f4c78",
    "settings": {
      "fd_thres": 0.2,
      "testing": false
    },
    "software": "mriqc",
    "version": "23.0.0",
    "webapi_port": null,
    "webapi_url": "https://mriqc.nimh.nih.gov/api/v1"
  },
  "size_t": 364,
  "size_x": 78,
  "size_y": 78,
  "size_z": 52,
  "snr": 7.219748178281125,
  "spacing_tr": 1.5,
  "spacing_x": 2.5,
  "spacing_y": 2.5,
  "spacing_z": 2.5,
  "summary_bg_k": 8.869377435833295,
  "summary_bg_mad": 20.639910823825417,
  "summary_bg_mean": 58.22957992553711,
  "summary_bg_median": 16.05982780456543,
  "summary_bg_n": 185126.0,
  "summary_bg_p05": 1.393280267715454,
  "summary_bg_p95": 257.9587173461914,
  "summary_bg_stdv": 92.84878540039062,
  "summary_fg_k": 2.591571574333525,
  "summary_fg_mad": 100.35137539364635,
  "summary_fg_mean": 793.8644409179688,
  "summary_fg_median": 791.5191040039062,
  "summary_fg_n": 73947.0,
  "summary_fg_p05": 632.0741821289063,
  "summary_fg_p95": 968.6929382324219,
  "summary_fg_stdv": 109.63176727294922,
  "tsnr": 65.3408203125
}