{
  "aor": 0.0016404407713498622,
  "aqi": 0.010621477162534435,
  "bids_meta": {
    "AcquisitionMatrixPE": 78,
    "AcquisitionNumber": 1,
    "AcquisitionTime": "18:09:50.132500",
    "BandwidthPerPixelPhaseEncode": 20.678,
    "BaseResolution": 78,
    "BodyPartExamined": "BRAIN",
    "ConsistencyInfo": "N4_VE11C_LATEST_20160120",
    "ConversionSoftware": "dcm2niix",
    "ConversionSoftwareVersion": "v1.0.20171215 GCC4.8.5",
    "DerivedVendorReportedEchoSpacing": 0.000620007,
    "DeviceSerialNumber": "45031",
    "DwellTime": 3.2e-06,
    "EchoTime": 0.032,
    "EchoTrainLength": 78,
    "EffectiveEchoSpacing": 0.000620007,
    "FlipAngle": 70,
    "ImageOrientationPatientDICOM": [
      0.99856,
      0.0268235,
      0.0464578,
      -0.0179529,
      0.983175,
      -0.181782
    ],
    "ImageType": [
      "ORIGINAL",
      "PRIMARY",
      "M",
      "ND",
      "NORM",
      "MOSAIC"
    ],
    "InPlanePhaseEncodingDirectionDICOM": "COL",
    "InstitutionAddress": "Washington_and_Faculty_Rd._-_Building_25_25_Princeton_NJ_US_085",
    "InstitutionName": "Princeton_University_-_Neuroscience_Institute",
    "InstitutionalDepartmentName": "Department",
    "MRAcquisitionType": "2D",
    "MagneticFieldStrength": 3,
    "Manufacturer": "Siemens",
    "ManufacturersModelName": "Skyra",
    "Modality": "MR",
    "MultibandAccelerationFactor": 4,
    "PartialFourier": 1,
    "PatientPosition": "HFS",
    "PercentPhaseFOV": 100,
    "PhaseEncodingDirection": "j-",
    "PhaseEncodingSteps": 78,
    "PhaseResolution": 1,
    "PixelBandwidth": 2005,
    "ProcedureStepDescription": "TamirL_Mark",
    "ProtocolName": "EPI_2.5mm_1.5TR_32TE_SMS4_Siemens",
    "PulseSequenceDetails": "%SiemensSeq%_ep2d_bold",
    "ReceiveCoilActiveElements": "HC1-7",
    "ReceiveCoilName": "HeadNeck_64",
    "ReconMatrixPE": 78,
    "RepetitionTime": 1.5,
    "SAR": 0.0674688,
    "ScanOptions": "FS",
    "ScanningSequence": "EP",
    "SequenceName": "_epfid2d1_78",
    "SequenceVariant": "SK",
    "SeriesDescription": "EPI_2.5mm_1.5TR_32TE_SMS4_Siemens",
    "SeriesNumber": 17,
    "ShimSetting": [
      3372,
      8818,
      9087,
      430,
      235,
      -368,
      304,
      221
    ],
    "SliceThickness": 2.5,
    "SliceTiming": [
      0.6825,
      0,
      0.7975,
      0.115,
      0.9125,
      0.2275,
      1.025,
      0.3425,
      1.14,
      0.455,
      1.2525,
      0.57,
      1.3675,
      0.6825,
      0,
      0.7975,
      0.115,
      0.9125,
      0.2275,
      1.025,
      0.3425,
      1.14,
      0.455,
      1.2525,
      0.57,
      1.3675,
      0.6825,
      0,
      0.7975,
      0.115,
      0.9125,
      0.2275,
      1.025,
      0.3425,
      1.14,
      0.455,
      1.2525,
      0.57,
      1.3675,
      0.6825,
      0,
      0.7975,
      0.115,
      0.9125,
      0.2275,
      1.025,
      0.3425,
      1.14,
      0.455,
      1.2525,
      0.57,
      1.3675
    ],
    "SoftwareVersions": "syngo_MR_E11",
    "SpacingBetweenSlices": 2.5,
    "StationName": "AWP45031",
    "TaskName": "sitrep",
    "TotalReadoutTime": 0.0477406,
    "TxRefAmp": 331.66,
    "dataset": "ds004226",
    "modality": "bold",
    "run_id": 9,
    "subject_id": "029",
    "task_id": "sitrep"
  },
  "dummy_trs": 1,
  "dvars_nstd": 37.10695530154697,
  "dvars_std": 1.4712853678176787,
  "dvars_vstd": 1.0245609412983432,
  "efc": 0.5808924207700155,
  "fber": 2276.995849609375,
  "fd_mean": 0.14883478117179308,
  "fd_num": 48,
  "fd_perc": 13.223140495867769,
  "fwhm_avg": 1.7524840000000002,
  "fwhm_x": 1.636692,
  "fwhm_y": 1.89876,
  "fwhm_z": 1.722,
  "gcor": 0.0295528,
  "gsr_x": -0.011473777703940868,
  "gsr_y": 0.04871693253517151,
  "provenance": {
    "md5sum": "ffd1cb353f7b1ae35eae9479900833ae",
    "settings": {
      "fd_thres": 0.2,
      "testing": false
    },
    "software": "mriqc",
    "version": "23.0.0",
    "webapi_port": null,
    "webapi_url": "https://mriqc.nimh.nih.gov/api/v1"
  },
  "size_t": 363,
  "size_x": 78,
  "size_y": 78,
  "size_z": 52,
  "snr": 7.2015413007439575,
  "spacing_tr": 1.5,
  "spacing_x": 2.5,
  "spacing_y": 2.5,
  "spacing_z": 2.5,
  "summary_bg_k": 8.986083417536964,
  "summary_bg_mad": 20.740394735805975,
  "summary_bg_mean": 58.0228271484375,
  "summary_bg_median": 16.055309295654297,
  "summary_bg_n": 185075.0,
  "summary_bg_p05": 1.3470190286636352,
  "summary_bg_p95": 257.91935729980463,
  "summary_bg_stdv": 92.69493865966797,
  "summary_fg_k": 2.56382642987172,
  "summary_fg_mad": 100.76338027040758,
  "summary_fg_mean": 793.9981079101562,
  "summary_fg_median": 792.0127563476562,
  "summary_fg_n": 74003.0,
  "summary_fg_p05": 632.1314331054688,
  "summary_fg_p95": 969.5371398925778,
  "summary_fg_stdv": 109.97748565673828,
  "tsnr": 61.70171356201172
}