{
  "bids_meta": {
    "AcquisitionMatrixPE": 256,
    "AcquisitionNumber": 1,
    "AcquisitionTime": "08:44:31.397500",
    "BaseResolution": 256,
    "BodyPartExamined": "BRAIN",
    "ConsistencyInfo": "N4_VE11C_LATEST_20160120",
    "ConversionSoftware": "dcm2niix",
    "ConversionSoftwareVersion": "v1.0.20171215 GCC4.8.5",
    "DeviceSerialNumber": "45031",
    "DwellTime": 8.2e-06,
    "EchoTime": 0.00298,
    "FlipAngle": 9,
    "ImageOrientationPatientDICOM": [
      0.0208901,
      0.999342,
      0.0296391,
      -0.0421355,
      0.0304992,
      -0.998646
    ],
    "ImageType": [
      "ORIGINAL",
      "PRIMARY",
      "M",
      "ND",
      "NORM"
    ],
    "InPlanePhaseEncodingDirectionDICOM": "ROW",
    "InstitutionAddress": "Washington_and_Faculty_Rd._-_Building_25_25_Princeton_NJ_US_085",
    "InstitutionName": "Princeton_University_-_Neuroscience_Institute",
    "InstitutionalDepartmentName": "Department",
    "InversionTime": 0.9,
    "MRAcquisitionType": "3D",
    "MagneticFieldStrength": 3,
    "Manufacturer": "Siemens",
    "ManufacturersModelName": "Skyra",
    "Modality": "MR",
    "ParallelReductionFactorInPlane": 2,
    "PartialFourier": 1,
    "PatientPosition": "HFS",
    "PercentPhaseFOV": 100,
    "PhaseEncodingSteps": 255,
    "PhaseResolution": 1,
    "PixelBandwidth": 240,
    "ProcedureStepDescription": "TamirL_Mark",
    "ProtocolName": "T1w_MPR_1iso_iP2",
    "PulseSequenceDetails": "%SiemensSeq%_tfl",
    "ReceiveCoilActiveElements": "HC1-7;NC1",
    "ReceiveCoilName": "HeadNeck_64",
    "ReconMatrixPE": 256,
    "RepetitionTime": 2.3,
    "SAR": 0.0550384,
    "ScanOptions": "IR",
    "ScanningSequence": "GR_IR",
    "SequenceName": "_tfl3d1_16ns",
    "SequenceVariant": "SK_SP_MP",
    "SeriesDescription": "T1w_MPR_1iso_iP2",
    "SeriesNumber": 6,
    "ShimSetting": [
      3364,
      8663,
      9154,
      398,
      57,
      -637,
      568,
      246
    ],
    "SliceThickness": 1,
    "SoftwareVersions": "syngo_MR_E11",
    "StationName": "AWP45031",
    "TxRefAmp": 311.375,
    "dataset": "ds004226",
    "modality": "T1w",
    "subject_id": "007"
  },
  "cjv": 0.3371834937618287,
  "cnr": 3.8633280832814347,
  "efc": 0.5316014780051922,
  "fber": -1.0,
  "fwhm_avg": 3.713812587975708,
  "fwhm_x": 3.751507763927124,
  "fwhm_y": 3.91369,
  "fwhm_z": 3.47624,
  "icvs_csf": 0.21877886642881555,
  "icvs_gm": 0.43362294875135526,
  "icvs_wm": 0.3475981848198292,
  "inu_med": 0.5804793834686279,
  "inu_range": 0.21226109564304352,
  "provenance": {
    "md5sum": "a35e8c5107f72728404a061ea10b884c",
    "settings": {
      "testing": false
    },
    "software": "mriqc",
    "version": "23.0.0",
    "warnings": {
      "large_rot_frame": true,
      "small_air_mask": false
    },
    "webapi_port": null,
    "webapi_url": "https://mriqc.nimh.nih.gov/api/v1"
  },
  "qi_1": 0.0,
  "qi_2": 0.0014168178706254488,
  "rpve_csf": 20.90552060040046,
  "rpve_gm": 11.073227978214485,
  "rpve_wm": 15.879896133279912,
  "size_x": 176,
  "size_y": 256,
  "size_z": 256,
  "snr_csf": 1.8593829511625595,
  "snr_gm": 9.095946781823924,
  "snr_total": 10.711502829296284,
  "snr_wm": 21.179178754902367,
  "snrd_csf": 19.964035033580444,
  "snrd_gm": 67.99607175352772,
  "snrd_total": 63.48402502365685,
  "snrd_wm": 102.49196828386239,
  "spacing_x": 1.0000005960464478,
  "spacing_y": 1.0,
  "spacing_z": 1.0,
  "summary_bg_k": 8.754326045957123,
  "summary_bg_mad": 0.0,
  "summary_bg_mean": 4.213197205137074,
  "summary_bg_median": 0.0,
  "summary_bg_n": 4079858.0,
  "summary_bg_p05": 0.0,
  "summary_bg_p95": 16.66436193138361,
  "summary_bg_stdv": 6.392075565438336,
  "summary_csf_k": 1.4913071614320836,
  "summary_csf_mad": 93.9825471244521,
  "summary_csf_mean": 208.872085565008,
  "summary_csf_median": 194.78633842617273,
  "summary_csf_n": 44852.0,
  "summary_csf_p05": 66.27714071050286,
  "summary_csf_p95": 409.7445066632702,
  "summary_csf_stdv": 104.75742334736766,
  "summary_gm_k": 0.2090880189789619,
  "summary_gm_mad": 68.73771240463063,
  "summary_gm_mean": 665.2215041089131,
  "summary_gm_median": 663.4283010400832,
  "summary_gm_n": 35721.0,
  "summary_gm_p05": 545.9134333953261,
  "summary_gm_p95": 790.7274309806526,
  "summary_gm_stdv": 72.935674607329,
  "summary_wm_k": 0.5024846804807259,
  "summary_wm_mad": 44.74871210234343,
  "summary_wm_mean": 1000.1851250591207,
  "summary_wm_median": 1000.0000093430281,
  "summary_wm_n": 231798.0,
  "summary_wm_p05": 923.1434189416468,
  "summary_wm_p95": 1077.755507234484,
  "summary_wm_stdv": 47.216082543270254,
  "tpm_overlap_csf": 0.16768622941534272,
  "tpm_overlap_gm": 0.46088100392053144,
  "tpm_overlap_wm": 0.5241697865940149,
  "wm2max": 0.5592528857866548
}