{
  "bids_meta": {
    "AcquisitionMatrixPE": 256,
    "AcquisitionNumber": 1,
    "AcquisitionTime": "11:33:2.077500",
    "BaseResolution": 256,
    "BodyPartExamined": "BRAIN",
    "ConsistencyInfo": "N4_VE11C_LATEST_20160120",
    "ConversionSoftware": "dcm2niix",
    "ConversionSoftwareVersion": "v1.0.20171215 GCC4.8.5",
    "DeviceSerialNumber": "45031",
    "DwellTime": 8.2e-06,
    "EchoTime": 0.00298,
    "FlipAngle": 9,
    "ImageOrientationPatientDICOM": [
      -0.0191638,
      0.998846,
      -0.0440388,
      -0.0677115,
      -0.0452423,
      -0.996679
    ],
    "ImageType": [
      "ORIGINAL",
      "PRIMARY",
      "M",
      "ND",
      "NORM"
    ],
    "InPlanePhaseEncodingDirectionDICOM": "ROW",
    "InstitutionAddress": "Washington_and_Faculty_Rd._-_Building_25_25_Princeton_NJ_US_085",
    "InstitutionName": "Princeton_University_-_Neuroscience_Institute",
    "InstitutionalDepartmentName": "Department",
    "InversionTime": 0.9,
    "MRAcquisitionType": "3D",
    "MagneticFieldStrength": 3,
    "Manufacturer": "Siemens",
    "ManufacturersModelName": "Skyra",
    "Modality": "MR",
    "ParallelReductionFactorInPlane": 2,
    "PartialFourier": 1,
    "PatientPosition": "HFS",
    "PercentPhaseFOV": 100,
    "PhaseEncodingSteps": 255,
    "PhaseResolution": 1,
    "PixelBandwidth": 240,
    "ProcedureStepDescription": "TamirL_Mark",
    "ProtocolName": "T1w_MPR_1iso_iP2",
    "PulseSequenceDetails": "%SiemensSeq%_tfl",
    "ReceiveCoilActiveElements": "HC1-7;NC1",
    "ReceiveCoilName": "HeadNeck_64",
    "ReconMatrixPE": 256,
    "RepetitionTime": 2.3,
    "SAR": 0.0751118,
    "ScanOptions": "IR",
    "ScanningSequence": "GR_IR",
    "SequenceName": "_tfl3d1_16ns",
    "SequenceVariant": "SK_SP_MP",
    "SeriesDescription": "T1w_MPR_1iso_iP2",
    "SeriesNumber": 6,
    "ShimSetting": [
      3331,
      8704,
      9175,
      448,
      49,
      -733,
      455,
      208
    ],
    "SliceThickness": 1,
    "SoftwareVersions": "syngo_MR_E11",
    "StationName": "AWP45031",
    "TxRefAmp": 335.542,
    "dataset": "ds004226",
    "modality": "T1w",
    "subject_id": "014"
  },
  "cjv": 0.35907853751795255,
  "cnr": 3.661748276638759,
  "efc": 0.5376409057844982,
  "fber": 24755.39147928994,
  "fwhm_avg": 3.5303007839996794,
  "fwhm_x": 3.587272351999037,
  "fwhm_y": 3.68486,
  "fwhm_z": 3.31877,
  "icvs_csf": 0.19154587863665612,
  "icvs_gm": 0.44592339317116675,
  "icvs_wm": 0.36253072819217713,
  "inu_med": 0.5653372704982758,
  "inu_range": 0.21209901571273804,
  "provenance": {
    "md5sum": "2304a57b7ee695d4f5656c23819b3339",
    "settings": {
      "testing": false
    },
    "software": "mriqc",
    "version": "23.0.0",
    "warnings": {
      "large_rot_frame": true,
      "small_air_mask": false
    },
    "webapi_port": null,
    "webapi_url": "https://mriqc.nimh.nih.gov/api/v1"
  },
  "qi_1": 3.3930041869671665e-05,
  "qi_2": 0.001126011288041518,
  "rpve_csf": 23.0190231000533,
  "rpve_gm": 10.784291743478072,
  "rpve_wm": 15.224619807380597,
  "size_x": 176,
  "size_y": 256,
  "size_z": 256,
  "snr_csf": 1.8779295729968053,
  "snr_gm": 9.534304322885722,
  "snr_total": 10.715854127869923,
  "snr_wm": 20.73532848772724,
  "snrd_csf": 23.355770505173087,
  "snrd_gm": 66.18105922971445,
  "snrd_total": 62.15134398011865,
  "snrd_wm": 96.91720220546843,
  "spacing_x": 0.9999993443489075,
  "spacing_y": 1.0,
  "spacing_z": 1.0,
  "summary_bg_k": 10.789601024001879,
  "summary_bg_mad": 0.0,
  "summary_bg_mean": 4.071499663126065,
  "summary_bg_median": 0.0,
  "summary_bg_n": 4022129.0,
  "summary_bg_p05": 0.0,
  "summary_bg_p95": 17.763158529996872,
  "summary_bg_stdv": 6.759753774573345,
  "summary_csf_k": 3.3866722817378623,
  "summary_csf_mad": 119.0958798378412,
  "summary_csf_mean": 256.24700802530305,
  "summary_csf_median": 240.98685072362423,
  "summary_csf_n": 26251.0,
  "summary_csf_p05": 75.19737111032009,
  "summary_csf_p95": 489.3750175014138,
  "summary_csf_stdv": 128.32337489870886,
  "summary_gm_k": 0.15476919959751712,
  "summary_gm_mad": 68.22896637720714,
  "summary_gm_mean": 683.3821937881308,
  "summary_gm_median": 682.8618665263057,
  "summary_gm_n": 34243.0,
  "summary_gm_p05": 565.0033096797764,
  "summary_gm_p95": 805.4276603832841,
  "summary_gm_stdv": 71.62052652234071,
  "summary_wm_k": 0.5077195534374392,
  "summary_wm_mad": 45.648543623349454,
  "summary_wm_mean": 1000.1456310918655,
  "summary_wm_median": 1000.0000357627869,
  "summary_wm_n": 235575.0,
  "summary_wm_p05": 921.4474013745785,
  "summary_wm_p95": 1079.243459649384,
  "summary_wm_stdv": 48.22676978018594,
  "tpm_overlap_csf": 0.16447496450200338,
  "tpm_overlap_gm": 0.4763512519935399,
  "tpm_overlap_wm": 0.5187160628617308,
  "wm2max": 0.5676213207717091
}