{
  "bids_meta": {
    "AcquisitionMatrixPE": 256,
    "AcquisitionNumber": 1,
    "AcquisitionTime": "10:49:11.195000",
    "BaseResolution": 256,
    "BodyPartExamined": "BRAIN",
    "ConsistencyInfo": "N4_VE11C_LATEST_20160120",
    "ConversionSoftware": "dcm2niix",
    "ConversionSoftwareVersion": "v1.0.20171215 GCC4.8.5",
    "DeviceSerialNumber": "45031",
    "DwellTime": 8.2e-06,
    "EchoTime": 0.00298,
    "FlipAngle": 9,
    "ImageOrientationPatientDICOM": [
      0.0106931,
      0.990259,
      -0.138827,
      -0.00399246,
      -0.138792,
      -0.990314
    ],
    "ImageType": [
      "ORIGINAL",
      "PRIMARY",
      "M",
      "ND",
      "NORM"
    ],
    "InPlanePhaseEncodingDirectionDICOM": "ROW",
    "InstitutionAddress": "Washington_and_Faculty_Rd._-_Building_25_25_Princeton_NJ_US_085",
    "InstitutionName": "Princeton_University_-_Neuroscience_Institute",
    "InstitutionalDepartmentName": "Department",
    "InversionTime": 0.9,
    "MRAcquisitionType": "3D",
    "MagneticFieldStrength": 3,
    "Manufacturer": "Siemens",
    "ManufacturersModelName": "Skyra",
    "Modality": "MR",
    "ParallelReductionFactorInPlane": 2,
    "PartialFourier": 1,
    "PatientPosition": "HFS",
    "PercentPhaseFOV": 100,
    "PhaseEncodingSteps": 255,
    "PhaseResolution": 1,
    "PixelBandwidth": 240,
    "ProcedureStepDescription": "TamirL_Mark",
    "ProtocolName": "T1w_MPR_1iso_iP2",
    "PulseSequenceDetails": "%SiemensSeq%_tfl",
    "ReceiveCoilActiveElements": "HC1-7;NC1",
    "ReceiveCoilName": "HeadNeck_64",
    "ReconMatrixPE": 256,
    "RepetitionTime": 2.3,
    "SAR": 0.0470509,
    "ScanOptions": "IR",
    "ScanningSequence": "GR_IR",
    "SequenceName": "_tfl3d1_16ns",
    "SequenceVariant": "SK_SP_MP",
    "SeriesDescription": "T1w_MPR_1iso_iP2",
    "SeriesNumber": 6,
    "ShimSetting": [
      3357,
      8694,
      9094,
      133,
      109,
      -922,
      740,
      91
    ],
    "SliceThickness": 1,
    "SoftwareVersions": "syngo_MR_E11",
    "StationName": "AWP45031",
    "TxRefAmp": 332.022,
    "dataset": "ds004226",
    "modality": "T1w",
    "subject_id": "026"
  },
  "cjv": 0.3482012365976612,
  "cnr": 3.802177854270748,
  "efc": 0.5233453241308481,
  "fber": -1.0,
  "fwhm_avg": 3.5658909605642166,
  "fwhm_x": 3.663032881692649,
  "fwhm_y": 3.65708,
  "fwhm_z": 3.37756,
  "icvs_csf": 0.22494476630632437,
  "icvs_gm": 0.4463329846149855,
  "icvs_wm": 0.32872224907869013,
  "inu_med": 0.6298429667949677,
  "inu_range": 0.23176072835922235,
  "provenance": {
    "md5sum": "4bae653c05426034b4b37a1107eefc56",
    "settings": {
      "testing": false
    },
    "software": "mriqc",
    "version": "23.0.0",
    "warnings": {
      "large_rot_frame": true,
      "small_air_mask": false
    },
    "webapi_port": null,
    "webapi_url": "https://mriqc.nimh.nih.gov/api/v1"
  },
  "qi_1": 1.5625149973537692e-06,
  "qi_2": 0.0007472335281430867,
  "rpve_csf": 23.116817780970695,
  "rpve_gm": 12.028567805610004,
  "rpve_wm": 18.359787512175117,
  "size_x": 176,
  "size_y": 256,
  "size_z": 256,
  "snr_csf": 1.8898410800273782,
  "snr_gm": 8.692351098160426,
  "snr_total": 10.20736375069884,
  "snr_wm": 20.03989907390872,
  "snrd_csf": 16.516430745488208,
  "snrd_gm": 53.49120410793576,
  "snrd_total": 50.55726970131568,
  "snrd_wm": 81.6641742505231,
  "spacing_x": 0.9999964833259583,
  "spacing_y": 1.0,
  "spacing_z": 1.0,
  "summary_bg_k": 14.044701305854183,
  "summary_bg_mad": 0.0,
  "summary_bg_mean": 4.694916314699452,
  "summary_bg_median": 0.0,
  "summary_bg_n": 4229433.0,
  "summary_bg_p05": 0.0,
  "summary_bg_p95": 19.263831116259098,
  "summary_bg_stdv": 8.022323366563985,
  "summary_csf_k": 0.9973370247182136,
  "summary_csf_mad": 101.69403124672294,
  "summary_csf_mean": 215.22950058510128,
  "summary_csf_median": 202.24818572402,
  "summary_csf_n": 42509.0,
  "summary_csf_p05": 65.8144161477685,
  "summary_csf_p95": 412.342966273427,
  "summary_csf_stdv": 107.0173619151317,
  "summary_gm_k": 0.13127540389310433,
  "summary_gm_mad": 72.67594006835213,
  "summary_gm_mean": 655.1323731860407,
  "summary_gm_median": 655.0143399462104,
  "summary_gm_n": 27235.0,
  "summary_gm_p05": 528.781143642962,
  "summary_gm_p95": 779.5459713041782,
  "summary_gm_stdv": 75.35387229622008,
  "summary_wm_k": 0.5031304641283594,
  "summary_wm_mad": 47.44850044030903,
  "summary_wm_mean": 999.4319221024783,
  "summary_wm_median": 1000.0000203028321,
  "summary_wm_n": 180633.0,
  "summary_wm_p05": 916.8613807484508,
  "summary_wm_p95": 1079.6561823785305,
  "summary_wm_stdv": 49.90031379735922,
  "tpm_overlap_csf": 0.14063830991421614,
  "tpm_overlap_gm": 0.451229697844787,
  "tpm_overlap_wm": 0.4848065839463646,
  "wm2max": 0.416574849419715
}