{
  "bids_meta": {
    "AcquisitionMatrixPE": 256,
    "AcquisitionNumber": 1,
    "AcquisitionTime": "08:58:35.192500",
    "BaseResolution": 256,
    "BodyPartExamined": "BRAIN",
    "ConsistencyInfo": "N4_VE11C_LATEST_20160120",
    "ConversionSoftware": "dcm2niix",
    "ConversionSoftwareVersion": "v1.0.20171215 GCC4.8.5",
    "DeviceSerialNumber": "45031",
    "DwellTime": 8.2e-06,
    "EchoTime": 0.00298,
    "FlipAngle": 9,
    "ImageOrientationPatientDICOM": [
      -0.00775858,
      0.991644,
      -0.128771,
      0.0773313,
      -0.127795,
      -0.988781
    ],
    "ImageType": [
      "ORIGINAL",
      "PRIMARY",
      "M",
      "ND",
      "NORM"
    ],
    "InPlanePhaseEncodingDirectionDICOM": "ROW",
    "InstitutionAddress": "Washington_and_Faculty_Rd._-_Building_25_25_Princeton_NJ_US_085",
    "InstitutionName": "Princeton_University_-_Neuroscience_Institute",
    "InstitutionalDepartmentName": "Department",
    "InversionTime": 0.9,
    "MRAcquisitionType": "3D",
    "MagneticFieldStrength": 3,
    "Manufacturer": "Siemens",
    "ManufacturersModelName": "Skyra",
    "Modality": "MR",
    "ParallelReductionFactorInPlane": 2,
    "PartialFourier": 1,
    "PatientPosition": "HFS",
    "PercentPhaseFOV": 100,
    "PhaseEncodingSteps": 255,
    "PhaseResolution": 1,
    "PixelBandwidth": 240,
    "ProcedureStepDescription": "TamirL_Mark",
    "ProtocolName": "T1w_MPR_1iso_iP2",
    "PulseSequenceDetails": "%SiemensSeq%_tfl",
    "ReceiveCoilActiveElements": "HC1-7;NC1,2",
    "ReceiveCoilName": "HeadNeck_64",
    "ReconMatrixPE": 256,
    "RepetitionTime": 2.3,
    "SAR": 0.0627986,
    "ScanOptions": "IR",
    "ScanningSequence": "GR_IR",
    "SequenceName": "_tfl3d1_16ns",
    "SequenceVariant": "SK_SP_MP",
    "SeriesDescription": "T1w_MPR_1iso_iP2",
    "SeriesNumber": 6,
    "ShimSetting": [
      3409,
      8671,
      9110,
      370,
      -85,
      -984,
      365,
      68
    ],
    "SliceThickness": 1,
    "SoftwareVersions": "syngo_MR_E11",
    "StationName": "AWP45031",
    "TxRefAmp": 303.828,
    "dataset": "ds004226",
    "modality": "T1w",
    "subject_id": "002"
  },
  "cjv": 0.35330164415176146,
  "cnr": 3.7778175976287387,
  "efc": 0.509160013448726,
  "fber": -1.0,
  "fwhm_avg": 3.604898091932012,
  "fwhm_x": 3.7423142757960353,
  "fwhm_y": 3.69036,
  "fwhm_z": 3.38202,
  "icvs_csf": 0.20832030388446707,
  "icvs_gm": 0.4345246366294574,
  "icvs_wm": 0.35715505948607557,
  "inu_med": 0.5655713677406311,
  "inu_range": 0.19389781951904295,
  "provenance": {
    "md5sum": "85008f757ef4858cfea900d8f6903c2c",
    "settings": {
      "testing": false
    },
    "software": "mriqc",
    "version": "23.0.0",
    "warnings": {
      "large_rot_frame": true,
      "small_air_mask": false
    },
    "webapi_port": null,
    "webapi_url": "https://mriqc.nimh.nih.gov/api/v1"
  },
  "qi_1": 0.0,
  "qi_2": 0.0011849742114254692,
  "rpve_csf": 24.578749171213815,
  "rpve_gm": 12.417262239791265,
  "rpve_wm": 17.53266053418091,
  "size_x": 176,
  "size_y": 256,
  "size_z": 256,
  "snr_csf": 1.6283346129436393,
  "snr_gm": 8.490032638712329,
  "snr_total": 10.450464266232297,
  "snr_wm": 21.23302554704092,
  "snrd_csf": 18.667090207838516,
  "snrd_gm": 60.9580292288065,
  "snrd_total": 57.478196588830635,
  "snrd_wm": 92.80947032984689,
  "spacing_x": 0.9999961853027344,
  "spacing_y": 1.0,
  "spacing_z": 1.0,
  "summary_bg_k": 21.853890355508778,
  "summary_bg_mad": 0.0,
  "summary_bg_mean": 4.159674023832781,
  "summary_bg_median": 0.0,
  "summary_bg_n": 3791934.0,
  "summary_bg_p05": 0.0,
  "summary_bg_p95": 17.114546924829483,
  "summary_bg_stdv": 7.058938929531122,
  "summary_csf_k": 0.5987164104180898,
  "summary_csf_mad": 120.5824547673956,
  "summary_csf_mean": 220.34048507741377,
  "summary_csf_median": 201.13345826789737,
  "summary_csf_n": 31565.0,
  "summary_csf_p05": 50.90076434090734,
  "summary_csf_p95": 451.35113686099635,
  "summary_csf_stdv": 123.51900562920515,
  "summary_gm_k": -0.01957795051588196,
  "summary_gm_mad": 76.90122403716693,
  "summary_gm_mean": 657.3397333888533,
  "summary_gm_median": 656.8082701414824,
  "summary_gm_n": 29955.0,
  "summary_gm_p05": 529.038419053331,
  "summary_gm_p95": 786.4922481883317,
  "summary_gm_stdv": 77.36098726002334,
  "summary_wm_k": 0.6853462734564815,
  "summary_wm_mad": 44.34896928916211,
  "summary_wm_mean": 999.0233720864038,
  "summary_wm_median": 999.9999742656946,
  "summary_wm_n": 206031.0,
  "summary_wm_p05": 920.676301183179,
  "summary_wm_p95": 1073.5625005215406,
  "summary_wm_stdv": 47.096328557985885,
  "tpm_overlap_csf": 0.15017015312116258,
  "tpm_overlap_gm": 0.4584411965526874,
  "tpm_overlap_wm": 0.5127702816755824,
  "wm2max": 0.495859155453818
}