{
  "aor": 0.001395564738292011,
  "aqi": 0.008968535344352616,
  "bids_meta": {
    "AcquisitionMatrixPE": 78,
    "AcquisitionNumber": 1,
    "AcquisitionTime": "14:02:27.787500",
    "BandwidthPerPixelPhaseEncode": 20.678,
    "BaseResolution": 78,
    "BodyPartExamined": "BRAIN",
    "ConsistencyInfo": "N4_VE11C_LATEST_20160120",
    "ConversionSoftware": "dcm2niix",
    "ConversionSoftwareVersion": "v1.0.20171215 GCC4.8.5",
    "DerivedVendorReportedEchoSpacing": 0.000620007,
    "DeviceSerialNumber": "45031",
    "DwellTime": 3.2e-06,
    "EchoTime": 0.032,
    "EchoTrainLength": 78,
    "EffectiveEchoSpacing": 0.000620007,
    "FlipAngle": 70,
    "ImageOrientationPatientDICOM": [
      0.999907,
      -0.00241716,
      0.0133921,
      0.0054101,
      0.973596,
      -0.228213
    ],
    "ImageType": [
      "ORIGINAL",
      "PRIMARY",
      "M",
      "ND",
      "NORM",
      "MOSAIC"
    ],
    "InPlanePhaseEncodingDirectionDICOM": "COL",
    "InstitutionAddress": "Washington_and_Faculty_Rd._-_Building_25_25_Princeton_NJ_US_085",
    "InstitutionName": "Princeton_University_-_Neuroscience_Institute",
    "InstitutionalDepartmentName": "Department",
    "MRAcquisitionType": "2D",
    "MagneticFieldStrength": 3,
    "Manufacturer": "Siemens",
    "ManufacturersModelName": "Skyra",
    "Modality": "MR",
    "MultibandAccelerationFactor": 4,
    "PartialFourier": 1,
    "PatientPosition": "HFS",
    "PercentPhaseFOV": 100,
    "PhaseEncodingDirection": "j-",
    "PhaseEncodingSteps": 78,
    "PhaseResolution": 1,
    "PixelBandwidth": 2005,
    "ProcedureStepDescription": "TamirL_Mark",
    "ProtocolName": "EPI_2.5mm_1.5TR_32TE_SMS4_Siemens",
    "PulseSequenceDetails": "%SiemensSeq%_ep2d_bold",
    "ReceiveCoilActiveElements": "HC1-7",
    "ReceiveCoilName": "HeadNeck_64",
    "ReconMatrixPE": 78,
    "RepetitionTime": 1.5,
    "SAR": 0.0623862,
    "ScanOptions": "FS",
    "ScanningSequence": "EP",
    "SequenceName": "_epfid2d1_78",
    "SequenceVariant": "SK",
    "SeriesDescription": "EPI_2.5mm_1.5TR_32TE_SMS4_Siemens",
    "SeriesNumber": 11,
    "ShimSetting": [
      3397,
      8792,
      9136,
      568,
      22,
      -435,
      25,
      222
    ],
    "SliceThickness": 2.5,
    "SliceTiming": [
      0.6825,
      0,
      0.7975,
      0.115,
      0.91,
      0.2275,
      1.025,
      0.3425,
      1.1375,
      0.455,
      1.2525,
      0.57,
      1.365,
      0.6825,
      0,
      0.7975,
      0.115,
      0.91,
      0.2275,
      1.025,
      0.3425,
      1.1375,
      0.455,
      1.2525,
      0.57,
      1.365,
      0.6825,
      0,
      0.7975,
      0.115,
      0.91,
      0.2275,
      1.025,
      0.3425,
      1.1375,
      0.455,
      1.2525,
      0.57,
      1.365,
      0.6825,
      0,
      0.7975,
      0.115,
      0.91,
      0.2275,
      1.025,
      0.3425,
      1.1375,
      0.455,
      1.2525,
      0.57,
      1.365
    ],
    "SoftwareVersions": "syngo_MR_E11",
    "SpacingBetweenSlices": 2.5,
    "StationName": "AWP45031",
    "TaskName": "sitrep",
    "TotalReadoutTime": 0.0477406,
    "TxRefAmp": 322.319,
    "dataset": "ds004226",
    "modality": "bold",
    "run_id": 3,
    "subject_id": "023",
    "task_id": "sitrep"
  },
  "dummy_trs": 1,
  "dvars_nstd": 32.39235651958564,
  "dvars_std": 1.3995697524861879,
  "dvars_vstd": 1.0095586666850833,
  "efc": 0.5366689653897112,
  "fber": 4664.22509765625,
  "fd_mean": 0.13447469849051433,
  "fd_num": 50,
  "fd_perc": 13.774104683195592,
  "fwhm_avg": 1.7452106666666667,
  "fwhm_x": 1.670052,
  "fwhm_y": 1.8893239999999998,
  "fwhm_z": 1.676256,
  "gcor": 0.0240513,
  "gsr_x": -0.005786098539829254,
  "gsr_y": 0.04345123469829559,
  "provenance": {
    "md5sum": "bda324462790ebdbf7983b4f38c63d67",
    "settings": {
      "fd_thres": 0.2,
      "testing": false
    },
    "software": "mriqc",
    "version": "23.0.0",
    "webapi_port": null,
    "webapi_url": "https://mriqc.nimh.nih.gov/api/v1"
  },
  "size_t": 363,
  "size_x": 78,
  "size_y": 78,
  "size_z": 52,
  "snr": 7.011434662960801,
  "spacing_tr": 1.5,
  "spacing_x": 2.5,
  "spacing_y": 2.5,
  "spacing_z": 2.5,
  "summary_bg_k": 13.0205286321988,
  "summary_bg_mad": 14.483189792725904,
  "summary_bg_mean": 47.92668914794922,
  "summary_bg_median": 11.277205467224121,
  "summary_bg_n": 198701.0,
  "summary_bg_p05": 0.9010103940963745,
  "summary_bg_p95": 240.4469451904297,
  "summary_bg_stdv": 87.4097671508789,
  "summary_fg_k": 2.534787775397147,
  "summary_fg_mad": 100.2093047464873,
  "summary_fg_mean": 776.4766235351562,
  "summary_fg_median": 776.4645385742188,
  "summary_fg_n": 62724.0,
  "summary_fg_p05": 609.6364349365234,
  "summary_fg_p95": 947.2735809326172,
  "summary_fg_stdv": 110.7417221069336,
  "tsnr": 60.455142974853516
}