{
  "aor": 0.0020159615384615385,
  "aqi": 0.01874172653846154,
  "bids_meta": {
    "AcquisitionMatrixPE": 78,
    "AcquisitionNumber": 1,
    "AcquisitionTime": "14:21:59.202500",
    "BandwidthPerPixelPhaseEncode": 20.678,
    "BaseResolution": 78,
    "BodyPartExamined": "BRAIN",
    "ConsistencyInfo": "N4_VE11C_LATEST_20160120",
    "ConversionSoftware": "dcm2niix",
    "ConversionSoftwareVersion": "v1.0.20171215 GCC4.8.5",
    "DerivedVendorReportedEchoSpacing": 0.000620007,
    "DeviceSerialNumber": "45031",
    "DwellTime": 3.2e-06,
    "EchoTime": 0.032,
    "EchoTrainLength": 78,
    "EffectiveEchoSpacing": 0.000620007,
    "FlipAngle": 70,
    "ImageOrientationPatientDICOM": [
      0.999907,
      -0.00241716,
      0.0133921,
      0.0054101,
      0.973596,
      -0.228213
    ],
    "ImageType": [
      "ORIGINAL",
      "PRIMARY",
      "M",
      "ND",
      "NORM",
      "MOSAIC"
    ],
    "InPlanePhaseEncodingDirectionDICOM": "COL",
    "InstitutionAddress": "Washington_and_Faculty_Rd._-_Building_25_25_Princeton_NJ_US_085",
    "InstitutionName": "Princeton_University_-_Neuroscience_Institute",
    "InstitutionalDepartmentName": "Department",
    "MRAcquisitionType": "2D",
    "MagneticFieldStrength": 3,
    "Manufacturer": "Siemens",
    "ManufacturersModelName": "Skyra",
    "Modality": "MR",
    "MultibandAccelerationFactor": 4,
    "PartialFourier": 1,
    "PatientPosition": "HFS",
    "PercentPhaseFOV": 100,
    "PhaseEncodingDirection": "j-",
    "PhaseEncodingSteps": 78,
    "PhaseResolution": 1,
    "PixelBandwidth": 2005,
    "ProcedureStepDescription": "TamirL_Mark",
    "ProtocolName": "EPI_2.5mm_1.5TR_32TE_SMS4_Siemens",
    "PulseSequenceDetails": "%SiemensSeq%_ep2d_bold",
    "ReceiveCoilActiveElements": "HC1-7",
    "ReceiveCoilName": "HeadNeck_64",
    "ReconMatrixPE": 78,
    "RepetitionTime": 1.5,
    "SAR": 0.0623862,
    "ScanOptions": "FS",
    "ScanningSequence": "EP",
    "SequenceName": "_epfid2d1_78",
    "SequenceVariant": "SK",
    "SeriesDescription": "EPI_2.5mm_1.5TR_32TE_SMS4_Siemens",
    "SeriesNumber": 13,
    "ShimSetting": [
      3397,
      8792,
      9136,
      568,
      22,
      -435,
      25,
      222
    ],
    "SliceThickness": 2.5,
    "SliceTiming": [
      0.6825,
      0,
      0.7975,
      0.1125,
      0.91,
      0.2275,
      1.025,
      0.34,
      1.1375,
      0.455,
      1.2525,
      0.57,
      1.365,
      0.6825,
      0,
      0.7975,
      0.1125,
      0.91,
      0.2275,
      1.025,
      0.34,
      1.1375,
      0.455,
      1.2525,
      0.57,
      1.365,
      0.6825,
      0,
      0.7975,
      0.1125,
      0.91,
      0.2275,
      1.025,
      0.34,
      1.1375,
      0.455,
      1.2525,
      0.57,
      1.365,
      0.6825,
      0,
      0.7975,
      0.1125,
      0.91,
      0.2275,
      1.025,
      0.34,
      1.1375,
      0.455,
      1.2525,
      0.57,
      1.365
    ],
    "SoftwareVersions": "syngo_MR_E11",
    "SpacingBetweenSlices": 2.5,
    "StationName": "AWP45031",
    "TaskName": "sitrep",
    "TotalReadoutTime": 0.0477406,
    "TxRefAmp": 322.319,
    "dataset": "ds004226",
    "modality": "bold",
    "run_id": 5,
    "subject_id": "023",
    "task_id": "sitrep"
  },
  "dummy_trs": 0,
  "dvars_nstd": 31.470222830578503,
  "dvars_std": 1.2754033026170797,
  "dvars_vstd": 0.9802213093112945,
  "efc": 0.5358799016092041,
  "fber": 4850.8974609375,
  "fd_mean": 0.1564922776863405,
  "fd_num": 73,
  "fd_perc": 20.054945054945055,
  "fwhm_avg": 1.772736,
  "fwhm_x": 1.6945599999999998,
  "fwhm_y": 1.916452,
  "fwhm_z": 1.7071960000000002,
  "gcor": 0.0268858,
  "gsr_x": -0.004812448285520077,
  "gsr_y": 0.04470640420913696,
  "provenance": {
    "md5sum": "8a52ddc7c67407c6b746f6ec3a9dd00d",
    "settings": {
      "fd_thres": 0.2,
      "testing": false
    },
    "software": "mriqc",
    "version": "23.0.0",
    "webapi_port": null,
    "webapi_url": "https://mriqc.nimh.nih.gov/api/v1"
  },
  "size_t": 364,
  "size_x": 78,
  "size_y": 78,
  "size_z": 52,
  "snr": 7.059181570093885,
  "spacing_tr": 1.5,
  "spacing_x": 2.5,
  "spacing_y": 2.5,
  "spacing_z": 2.5,
  "summary_bg_k": 12.556139481700386,
  "summary_bg_mad": 14.174651226352232,
  "summary_bg_mean": 47.45290756225586,
  "summary_bg_median": 11.109399795532227,
  "summary_bg_n": 198740.0,
  "summary_bg_p05": 0.9665249735116959,
  "summary_bg_p95": 237.75881652831976,
  "summary_bg_stdv": 86.05415344238281,
  "summary_fg_k": 2.3823122808383186,
  "summary_fg_mad": 99.93348861111102,
  "summary_fg_mean": 776.5054321289062,
  "summary_fg_median": 776.6695556640625,
  "summary_fg_n": 62661.0,
  "summary_fg_p05": 609.3465576171875,
  "summary_fg_p95": 946.7769165039062,
  "summary_fg_stdv": 110.021728515625,
  "tsnr": 45.00920867919922
}