{
  "aor": 0.000502292817679558,
  "aqi": 0.007238853480662983,
  "bids_meta": {
    "AcquisitionMatrixPE": 78,
    "AcquisitionNumber": 1,
    "AcquisitionTime": "17:40:12.872500",
    "BandwidthPerPixelPhaseEncode": 20.678,
    "BaseResolution": 78,
    "BodyPartExamined": "BRAIN",
    "ConsistencyInfo": "N4_VE11C_LATEST_20160120",
    "ConversionSoftware": "dcm2niix",
    "ConversionSoftwareVersion": "v1.0.20171215 GCC4.8.5",
    "DerivedVendorReportedEchoSpacing": 0.000620007,
    "DeviceSerialNumber": "45031",
    "DwellTime": 3.2e-06,
    "EchoTime": 0.032,
    "EchoTrainLength": 78,
    "EffectiveEchoSpacing": 0.000620007,
    "FlipAngle": 70,
    "ImageOrientationPatientDICOM": [
      0.996919,
      0.0149285,
      0.0770008,
      -0.00487192,
      0.99161,
      -0.129172
    ],
    "ImageType": [
      "ORIGINAL",
      "PRIMARY",
      "M",
      "ND",
      "NORM",
      "MOSAIC"
    ],
    "InPlanePhaseEncodingDirectionDICOM": "COL",
    "InstitutionAddress": "Washington_and_Faculty_Rd._-_Building_25_25_Princeton_NJ_US_085",
    "InstitutionName": "Princeton_University_-_Neuroscience_Institute",
    "InstitutionalDepartmentName": "Department",
    "MRAcquisitionType": "2D",
    "MagneticFieldStrength": 3,
    "Manufacturer": "Siemens",
    "ManufacturersModelName": "Skyra",
    "Modality": "MR",
    "MultibandAccelerationFactor": 4,
    "PartialFourier": 1,
    "PatientPosition": "HFS",
    "PercentPhaseFOV": 100,
    "PhaseEncodingDirection": "j-",
    "PhaseEncodingSteps": 78,
    "PhaseResolution": 1,
    "PixelBandwidth": 2005,
    "ProcedureStepDescription": "TamirL_Mark",
    "ProtocolName": "EPI_2.5mm_1.5TR_32TE_SMS4_Siemens",
    "PulseSequenceDetails": "%SiemensSeq%_ep2d_bold",
    "ReceiveCoilActiveElements": "HC1-7",
    "ReceiveCoilName": "HeadNeck_64",
    "ReconMatrixPE": 78,
    "RepetitionTime": 1.5,
    "SAR": 0.0650796,
    "ScanOptions": "FS",
    "ScanningSequence": "EP",
    "SequenceName": "_epfid2d1_78",
    "SequenceVariant": "SK",
    "SeriesDescription": "EPI_2.5mm_1.5TR_32TE_SMS4_Siemens",
    "SeriesNumber": 10,
    "ShimSetting": [
      3435,
      8817,
      9227,
      486,
      114,
      -92,
      -22,
      158
    ],
    "SliceThickness": 2.5,
    "SliceTiming": [
      0.6825,
      0,
      0.7975,
      0.115,
      0.91,
      0.2275,
      1.025,
      0.3425,
      1.14,
      0.455,
      1.2525,
      0.57,
      1.3675,
      0.6825,
      0,
      0.7975,
      0.115,
      0.91,
      0.2275,
      1.025,
      0.3425,
      1.14,
      0.455,
      1.2525,
      0.57,
      1.3675,
      0.6825,
      0,
      0.7975,
      0.115,
      0.91,
      0.2275,
      1.025,
      0.3425,
      1.14,
      0.455,
      1.2525,
      0.57,
      1.3675,
      0.6825,
      0,
      0.7975,
      0.115,
      0.91,
      0.2275,
      1.025,
      0.3425,
      1.14,
      0.455,
      1.2525,
      0.57,
      1.3675
    ],
    "SoftwareVersions": "syngo_MR_E11",
    "SpacingBetweenSlices": 2.5,
    "StationName": "AWP45031",
    "TaskName": "sitrep",
    "TotalReadoutTime": 0.0477406,
    "TxRefAmp": 303.833,
    "dataset": "ds004226",
    "modality": "bold",
    "run_id": 2,
    "subject_id": "008",
    "task_id": "sitrep"
  },
  "dummy_trs": 2,
  "dvars_nstd": 27.417168244653734,
  "dvars_std": 1.2894910892797786,
  "dvars_vstd": 1.0055266463988912,
  "efc": 0.5386209069043368,
  "fber": 6777.24658203125,
  "fd_mean": 0.14045674613559544,
  "fd_num": 77,
  "fd_perc": 21.2707182320442,
  "fwhm_avg": 1.7685253333333335,
  "fwhm_x": 1.6866040000000002,
  "fwhm_y": 1.86382,
  "fwhm_z": 1.755152,
  "gcor": 0.0183382,
  "gsr_x": -0.011800657026469707,
  "gsr_y": 0.038505323231220245,
  "provenance": {
    "md5sum": "fbb97677b9e9e4dd98a21185cf0103f1",
    "settings": {
      "fd_thres": 0.2,
      "testing": false
    },
    "software": "mriqc",
    "version": "23.0.0",
    "webapi_port": null,
    "webapi_url": "https://mriqc.nimh.nih.gov/api/v1"
  },
  "size_t": 362,
  "size_x": 78,
  "size_y": 78,
  "size_z": 52,
  "snr": 6.422132900526449,
  "spacing_tr": 1.5,
  "spacing_x": 2.5,
  "spacing_y": 2.5,
  "spacing_z": 2.5,
  "summary_bg_k": 15.823566222449642,
  "summary_bg_mad": 11.386860921062059,
  "summary_bg_mean": 42.893165588378906,
  "summary_bg_median": 9.204731941223145,
  "summary_bg_n": 193957.0,
  "summary_bg_p05": 0.8902353167533875,
  "summary_bg_p95": 209.11057128906208,
  "summary_bg_stdv": 83.86475372314453,
  "summary_fg_k": 1.6841587512758593,
  "summary_fg_mad": 116.14058227192587,
  "summary_fg_mean": 777.6435546875,
  "summary_fg_median": 772.060302734375,
  "summary_fg_n": 67883.0,
  "summary_fg_p05": 605.9936279296875,
  "summary_fg_p95": 979.0337890625,
  "summary_fg_stdv": 120.21778869628906,
  "tsnr": 70.33717346191406
}