{
  "aor": 0.004837603305785124,
  "aqi": 0.009553600881542699,
  "bids_meta": {
    "AcquisitionMatrixPE": 78,
    "AcquisitionNumber": 1,
    "AcquisitionTime": "18:48:40.012500",
    "BandwidthPerPixelPhaseEncode": 20.678,
    "BaseResolution": 78,
    "BodyPartExamined": "BRAIN",
    "ConsistencyInfo": "N4_VE11C_LATEST_20160120",
    "ConversionSoftware": "dcm2niix",
    "ConversionSoftwareVersion": "v1.0.20171215 GCC4.8.5",
    "DerivedVendorReportedEchoSpacing": 0.000620007,
    "DeviceSerialNumber": "45031",
    "DwellTime": 3.2e-06,
    "EchoTime": 0.032,
    "EchoTrainLength": 78,
    "EffectiveEchoSpacing": 0.000620007,
    "FlipAngle": 70,
    "ImageOrientationPatientDICOM": [
      0.996919,
      0.0149285,
      0.0770008,
      -0.00487192,
      0.99161,
      -0.129172
    ],
    "ImageType": [
      "ORIGINAL",
      "PRIMARY",
      "M",
      "ND",
      "NORM",
      "MOSAIC"
    ],
    "InPlanePhaseEncodingDirectionDICOM": "COL",
    "InstitutionAddress": "Washington_and_Faculty_Rd._-_Building_25_25_Princeton_NJ_US_085",
    "InstitutionName": "Princeton_University_-_Neuroscience_Institute",
    "InstitutionalDepartmentName": "Department",
    "MRAcquisitionType": "2D",
    "MagneticFieldStrength": 3,
    "Manufacturer": "Siemens",
    "ManufacturersModelName": "Skyra",
    "Modality": "MR",
    "MultibandAccelerationFactor": 4,
    "PartialFourier": 1,
    "PatientPosition": "HFS",
    "PercentPhaseFOV": 100,
    "PhaseEncodingDirection": "j-",
    "PhaseEncodingSteps": 78,
    "PhaseResolution": 1,
    "PixelBandwidth": 2005,
    "ProcedureStepDescription": "TamirL_Mark",
    "ProtocolName": "EPI_2.5mm_1.5TR_32TE_SMS4_Siemens",
    "PulseSequenceDetails": "%SiemensSeq%_ep2d_bold",
    "ReceiveCoilActiveElements": "HC1-7",
    "ReceiveCoilName": "HeadNeck_64",
    "ReconMatrixPE": 78,
    "RepetitionTime": 1.5,
    "SAR": 0.0650796,
    "ScanOptions": "FS",
    "ScanningSequence": "EP",
    "SequenceName": "_epfid2d1_78",
    "SequenceVariant": "SK",
    "SeriesDescription": "EPI_2.5mm_1.5TR_32TE_SMS4_Siemens",
    "SeriesNumber": 17,
    "ShimSetting": [
      3435,
      8817,
      9227,
      486,
      114,
      -92,
      -22,
      158
    ],
    "SliceThickness": 2.5,
    "SliceTiming": [
      0.6825,
      0,
      0.7975,
      0.1125,
      0.91,
      0.2275,
      1.025,
      0.3425,
      1.1375,
      0.455,
      1.2525,
      0.57,
      1.365,
      0.6825,
      0,
      0.7975,
      0.1125,
      0.91,
      0.2275,
      1.025,
      0.3425,
      1.1375,
      0.455,
      1.2525,
      0.57,
      1.365,
      0.6825,
      0,
      0.7975,
      0.1125,
      0.91,
      0.2275,
      1.025,
      0.3425,
      1.1375,
      0.455,
      1.2525,
      0.57,
      1.365,
      0.6825,
      0,
      0.7975,
      0.1125,
      0.91,
      0.2275,
      1.025,
      0.3425,
      1.1375,
      0.455,
      1.2525,
      0.57,
      1.365
    ],
    "SoftwareVersions": "syngo_MR_E11",
    "SpacingBetweenSlices": 2.5,
    "StationName": "AWP45031",
    "TaskName": "sitrep",
    "TotalReadoutTime": 0.0477406,
    "TxRefAmp": 303.833,
    "dataset": "ds004226",
    "modality": "bold",
    "run_id": 9,
    "subject_id": "008",
    "task_id": "sitrep"
  },
  "dummy_trs": 1,
  "dvars_nstd": 26.973514588563546,
  "dvars_std": 1.2964919119889498,
  "dvars_vstd": 1.0738215394751383,
  "efc": 0.5415477053087139,
  "fber": 6156.87939453125,
  "fd_mean": 0.1724255778496848,
  "fd_num": 108,
  "fd_perc": 29.75206611570248,
  "fwhm_avg": 1.7766626666666667,
  "fwhm_x": 1.704664,
  "fwhm_y": 1.867232,
  "fwhm_z": 1.758092,
  "gcor": 0.0189725,
  "gsr_x": -0.011659462004899979,
  "gsr_y": 0.036062367260456085,
  "provenance": {
    "md5sum": "ad6519d6136bafd704ee7e30af0fc3ab",
    "settings": {
      "fd_thres": 0.2,
      "testing": false
    },
    "software": "mriqc",
    "version": "23.0.0",
    "webapi_port": null,
    "webapi_url": "https://mriqc.nimh.nih.gov/api/v1"
  },
  "size_t": 363,
  "size_x": 78,
  "size_y": 78,
  "size_z": 52,
  "snr": 6.41524982834162,
  "spacing_tr": 1.5,
  "spacing_x": 2.5,
  "spacing_y": 2.5,
  "spacing_z": 2.5,
  "summary_bg_k": 15.083559803951932,
  "summary_bg_mad": 11.95925342066191,
  "summary_bg_mean": 44.15762710571289,
  "summary_bg_median": 9.629850387573242,
  "summary_bg_n": 193817.0,
  "summary_bg_p05": 0.9243165135383606,
  "summary_bg_p95": 213.7644378662107,
  "summary_bg_stdv": 84.68938446044922,
  "summary_fg_k": 1.6550452655803172,
  "summary_fg_mad": 115.4328985164435,
  "summary_fg_mean": 773.5357055664062,
  "summary_fg_median": 768.1263427734375,
  "summary_fg_n": 67962.0,
  "summary_fg_p05": 601.6428894042969,
  "summary_fg_p95": 973.8706359863278,
  "summary_fg_stdv": 119.73355865478516,
  "tsnr": 61.030784606933594
}