{
  "aor": 0.0040294505494505506,
  "aqi": 0.011417971758241758,
  "bids_meta": {
    "AcquisitionMatrixPE": 78,
    "AcquisitionNumber": 1,
    "AcquisitionTime": "17:30:20.085000",
    "BandwidthPerPixelPhaseEncode": 20.678,
    "BaseResolution": 78,
    "BodyPartExamined": "BRAIN",
    "ConsistencyInfo": "N4_VE11C_LATEST_20160120",
    "ConversionSoftware": "dcm2niix",
    "ConversionSoftwareVersion": "v1.0.20171215 GCC4.8.5",
    "DerivedVendorReportedEchoSpacing": 0.000620007,
    "DeviceSerialNumber": "45031",
    "DwellTime": 3.2e-06,
    "EchoTime": 0.032,
    "EchoTrainLength": 78,
    "EffectiveEchoSpacing": 0.000620007,
    "FlipAngle": 70,
    "ImageOrientationPatientDICOM": [
      0.996919,
      0.0149285,
      0.0770008,
      -0.00487192,
      0.99161,
      -0.129172
    ],
    "ImageType": [
      "ORIGINAL",
      "PRIMARY",
      "M",
      "ND",
      "NORM",
      "MOSAIC"
    ],
    "InPlanePhaseEncodingDirectionDICOM": "COL",
    "InstitutionAddress": "Washington_and_Faculty_Rd._-_Building_25_25_Princeton_NJ_US_085",
    "InstitutionName": "Princeton_University_-_Neuroscience_Institute",
    "InstitutionalDepartmentName": "Department",
    "MRAcquisitionType": "2D",
    "MagneticFieldStrength": 3,
    "Manufacturer": "Siemens",
    "ManufacturersModelName": "Skyra",
    "Modality": "MR",
    "MultibandAccelerationFactor": 4,
    "PartialFourier": 1,
    "PatientPosition": "HFS",
    "PercentPhaseFOV": 100,
    "PhaseEncodingDirection": "j-",
    "PhaseEncodingSteps": 78,
    "PhaseResolution": 1,
    "PixelBandwidth": 2005,
    "ProcedureStepDescription": "TamirL_Mark",
    "ProtocolName": "EPI_2.5mm_1.5TR_32TE_SMS4_Siemens",
    "PulseSequenceDetails": "%SiemensSeq%_ep2d_bold",
    "ReceiveCoilActiveElements": "HC1-7",
    "ReceiveCoilName": "HeadNeck_64",
    "ReconMatrixPE": 78,
    "RepetitionTime": 1.5,
    "SAR": 0.0650796,
    "ScanOptions": "FS",
    "ScanningSequence": "EP",
    "SequenceName": "_epfid2d1_78",
    "SequenceVariant": "SK",
    "SeriesDescription": "EPI_2.5mm_1.5TR_32TE_SMS4_Siemens",
    "SeriesNumber": 9,
    "ShimSetting": [
      3435,
      8817,
      9227,
      486,
      114,
      -92,
      -22,
      158
    ],
    "SliceThickness": 2.5,
    "SliceTiming": [
      0.6825,
      0,
      0.795,
      0.1125,
      0.91,
      0.2275,
      1.0225,
      0.34,
      1.1375,
      0.455,
      1.25,
      0.5675,
      1.365,
      0.6825,
      0,
      0.795,
      0.1125,
      0.91,
      0.2275,
      1.0225,
      0.34,
      1.1375,
      0.455,
      1.25,
      0.5675,
      1.365,
      0.6825,
      0,
      0.795,
      0.1125,
      0.91,
      0.2275,
      1.0225,
      0.34,
      1.1375,
      0.455,
      1.25,
      0.5675,
      1.365,
      0.6825,
      0,
      0.795,
      0.1125,
      0.91,
      0.2275,
      1.0225,
      0.34,
      1.1375,
      0.455,
      1.25,
      0.5675,
      1.365
    ],
    "SoftwareVersions": "syngo_MR_E11",
    "SpacingBetweenSlices": 2.5,
    "StationName": "AWP45031",
    "TaskName": "sitrep",
    "TotalReadoutTime": 0.0477406,
    "TxRefAmp": 303.833,
    "dataset": "ds004226",
    "modality": "bold",
    "run_id": 1,
    "subject_id": "008",
    "task_id": "sitrep"
  },
  "dummy_trs": 0,
  "dvars_nstd": 28.168796308099182,
  "dvars_std": 1.2405380357024798,
  "dvars_vstd": 1.0241054879338838,
  "efc": 0.5382849987206618,
  "fber": 6704.88916015625,
  "fd_mean": 0.20361909729781769,
  "fd_num": 179,
  "fd_perc": 49.175824175824175,
  "fwhm_avg": 1.7801493333333334,
  "fwhm_x": 1.703368,
  "fwhm_y": 1.8742640000000002,
  "fwhm_z": 1.7628160000000002,
  "gcor": 0.0200793,
  "gsr_x": -0.011843115091323853,
  "gsr_y": 0.03802476450800896,
  "provenance": {
    "md5sum": "ed47243d99cf705aa796d58cc8428651",
    "settings": {
      "fd_thres": 0.2,
      "testing": false
    },
    "software": "mriqc",
    "version": "23.0.0",
    "webapi_port": null,
    "webapi_url": "https://mriqc.nimh.nih.gov/api/v1"
  },
  "size_t": 364,
  "size_x": 78,
  "size_y": 78,
  "size_z": 52,
  "snr": 6.39978283871603,
  "spacing_tr": 1.5,
  "spacing_x": 2.5,
  "spacing_y": 2.5,
  "spacing_z": 2.5,
  "summary_bg_k": 15.405351144798757,
  "summary_bg_mad": 11.542100815908597,
  "summary_bg_mean": 42.82821273803711,
  "summary_bg_median": 9.311975479125977,
  "summary_bg_n": 194019.0,
  "summary_bg_p05": 0.8883546948432922,
  "summary_bg_p95": 208.27603607177747,
  "summary_bg_stdv": 83.3430404663086,
  "summary_fg_k": 1.69752452516882,
  "summary_fg_mad": 116.17754778744464,
  "summary_fg_mean": 778.671630859375,
  "summary_fg_median": 772.8270263671875,
  "summary_fg_n": 67892.0,
  "summary_fg_p05": 606.6374298095703,
  "summary_fg_p95": 980.6944396972656,
  "summary_fg_stdv": 120.75743103027344,
  "tsnr": 55.3074951171875
}