{
  "aor": 0.00042986263736263737,
  "aqi": 0.006877840357142857,
  "bids_meta": {
    "AcquisitionMatrixPE": 78,
    "AcquisitionNumber": 1,
    "AcquisitionTime": "18:29:12.617500",
    "BandwidthPerPixelPhaseEncode": 20.678,
    "BaseResolution": 78,
    "BodyPartExamined": "BRAIN",
    "ConsistencyInfo": "N4_VE11C_LATEST_20160120",
    "ConversionSoftware": "dcm2niix",
    "ConversionSoftwareVersion": "v1.0.20171215 GCC4.8.5",
    "DerivedVendorReportedEchoSpacing": 0.000620007,
    "DeviceSerialNumber": "45031",
    "DwellTime": 3.2e-06,
    "EchoTime": 0.032,
    "EchoTrainLength": 78,
    "EffectiveEchoSpacing": 0.000620007,
    "FlipAngle": 70,
    "ImageOrientationPatientDICOM": [
      0.996919,
      0.0149285,
      0.0770008,
      -0.00487192,
      0.99161,
      -0.129172
    ],
    "ImageType": [
      "ORIGINAL",
      "PRIMARY",
      "M",
      "ND",
      "NORM",
      "MOSAIC"
    ],
    "InPlanePhaseEncodingDirectionDICOM": "COL",
    "InstitutionAddress": "Washington_and_Faculty_Rd._-_Building_25_25_Princeton_NJ_US_085",
    "InstitutionName": "Princeton_University_-_Neuroscience_Institute",
    "InstitutionalDepartmentName": "Department",
    "MRAcquisitionType": "2D",
    "MagneticFieldStrength": 3,
    "Manufacturer": "Siemens",
    "ManufacturersModelName": "Skyra",
    "Modality": "MR",
    "MultibandAccelerationFactor": 4,
    "PartialFourier": 1,
    "PatientPosition": "HFS",
    "PercentPhaseFOV": 100,
    "PhaseEncodingDirection": "j-",
    "PhaseEncodingSteps": 78,
    "PhaseResolution": 1,
    "PixelBandwidth": 2005,
    "ProcedureStepDescription": "TamirL_Mark",
    "ProtocolName": "EPI_2.5mm_1.5TR_32TE_SMS4_Siemens",
    "PulseSequenceDetails": "%SiemensSeq%_ep2d_bold",
    "ReceiveCoilActiveElements": "HC1-7",
    "ReceiveCoilName": "HeadNeck_64",
    "ReconMatrixPE": 78,
    "RepetitionTime": 1.5,
    "SAR": 0.0650796,
    "ScanOptions": "FS",
    "ScanningSequence": "EP",
    "SequenceName": "_epfid2d1_78",
    "SequenceVariant": "SK",
    "SeriesDescription": "EPI_2.5mm_1.5TR_32TE_SMS4_Siemens",
    "SeriesNumber": 15,
    "ShimSetting": [
      3435,
      8817,
      9227,
      486,
      114,
      -92,
      -22,
      158
    ],
    "SliceThickness": 2.5,
    "SliceTiming": [
      0.6825,
      0,
      0.7975,
      0.1125,
      0.91,
      0.2275,
      1.025,
      0.3425,
      1.1375,
      0.455,
      1.2525,
      0.57,
      1.365,
      0.6825,
      0,
      0.7975,
      0.1125,
      0.91,
      0.2275,
      1.025,
      0.3425,
      1.1375,
      0.455,
      1.2525,
      0.57,
      1.365,
      0.6825,
      0,
      0.7975,
      0.1125,
      0.91,
      0.2275,
      1.025,
      0.3425,
      1.1375,
      0.455,
      1.2525,
      0.57,
      1.365,
      0.6825,
      0,
      0.7975,
      0.1125,
      0.91,
      0.2275,
      1.025,
      0.3425,
      1.1375,
      0.455,
      1.2525,
      0.57,
      1.365
    ],
    "SoftwareVersions": "syngo_MR_E11",
    "SpacingBetweenSlices": 2.5,
    "StationName": "AWP45031",
    "TaskName": "sitrep",
    "TotalReadoutTime": 0.0477406,
    "TxRefAmp": 303.833,
    "dataset": "ds004226",
    "modality": "bold",
    "run_id": 7,
    "subject_id": "008",
    "task_id": "sitrep"
  },
  "dummy_trs": 0,
  "dvars_nstd": 26.025672345371902,
  "dvars_std": 1.2512404881267218,
  "dvars_vstd": 0.9988832007713495,
  "efc": 0.5403435973383991,
  "fber": 6371.6826171875,
  "fd_mean": 0.1403837153818128,
  "fd_num": 64,
  "fd_perc": 17.582417582417584,
  "fwhm_avg": 1.7690266666666667,
  "fwhm_x": 1.694556,
  "fwhm_y": 1.8667000000000002,
  "fwhm_z": 1.745824,
  "gcor": 0.0211736,
  "gsr_x": -0.011433328501880169,
  "gsr_y": 0.0372021459043026,
  "provenance": {
    "md5sum": "22c98f257e364d8c41b6a67e708d06bd",
    "settings": {
      "fd_thres": 0.2,
      "testing": false
    },
    "software": "mriqc",
    "version": "23.0.0",
    "webapi_port": null,
    "webapi_url": "https://mriqc.nimh.nih.gov/api/v1"
  },
  "size_t": 364,
  "size_x": 78,
  "size_y": 78,
  "size_z": 52,
  "snr": 6.423187452534402,
  "spacing_tr": 1.5,
  "spacing_x": 2.5,
  "spacing_y": 2.5,
  "spacing_z": 2.5,
  "summary_bg_k": 15.472099663990129,
  "summary_bg_mad": 11.740741858333772,
  "summary_bg_mean": 43.54156494140625,
  "summary_bg_median": 9.478255271911621,
  "summary_bg_n": 193875.0,
  "summary_bg_p05": 0.9269883334636688,
  "summary_bg_p95": 210.74076690673814,
  "summary_bg_stdv": 83.81997680664062,
  "summary_fg_k": 1.7060665160627533,
  "summary_fg_mad": 115.5120780172487,
  "summary_fg_mean": 775.1192016601562,
  "summary_fg_median": 770.0336303710938,
  "summary_fg_n": 67946.0,
  "summary_fg_p05": 604.1086883544922,
  "summary_fg_p95": 976.3964233398438,
  "summary_fg_stdv": 119.88253021240234,
  "tsnr": 72.23871612548828
}