{
  "aor": 0.0010469230769230768,
  "aqi": 0.011934634532967033,
  "bids_meta": {
    "AcquisitionMatrixPE": 78,
    "AcquisitionNumber": 1,
    "AcquisitionTime": "16:36:32.977500",
    "BandwidthPerPixelPhaseEncode": 20.678,
    "BaseResolution": 78,
    "BodyPartExamined": "BRAIN",
    "ConsistencyInfo": "N4_VE11C_LATEST_20160120",
    "ConversionSoftware": "dcm2niix",
    "ConversionSoftwareVersion": "v1.0.20171215 GCC4.8.5",
    "DerivedVendorReportedEchoSpacing": 0.000620007,
    "DeviceSerialNumber": "45031",
    "DwellTime": 3.2e-06,
    "EchoTime": 0.032,
    "EchoTrainLength": 78,
    "EffectiveEchoSpacing": 0.000620007,
    "FlipAngle": 70,
    "ImageOrientationPatientDICOM": [
      0.992953,
      0.0401824,
      -0.111488,
      -0.0475212,
      0.99682,
      -0.0639682
    ],
    "ImageType": [
      "ORIGINAL",
      "PRIMARY",
      "M",
      "ND",
      "NORM",
      "MOSAIC"
    ],
    "InPlanePhaseEncodingDirectionDICOM": "COL",
    "InstitutionAddress": "Washington_and_Faculty_Rd._-_Building_25_25_Princeton_NJ_US_085",
    "InstitutionName": "Princeton_University_-_Neuroscience_Institute",
    "InstitutionalDepartmentName": "Department",
    "MRAcquisitionType": "2D",
    "MagneticFieldStrength": 3,
    "Manufacturer": "Siemens",
    "ManufacturersModelName": "Skyra",
    "Modality": "MR",
    "MultibandAccelerationFactor": 4,
    "PartialFourier": 1,
    "PatientPosition": "HFS",
    "PercentPhaseFOV": 100,
    "PhaseEncodingDirection": "j-",
    "PhaseEncodingSteps": 78,
    "PhaseResolution": 1,
    "PixelBandwidth": 2005,
    "ProcedureStepDescription": "TamirL_Mark",
    "ProtocolName": "EPI_2.5mm_1.5TR_32TE_SMS4_Siemens",
    "PulseSequenceDetails": "%SiemensSeq%_ep2d_bold",
    "ReceiveCoilActiveElements": "HC1-7",
    "ReceiveCoilName": "HeadNeck_64",
    "ReconMatrixPE": 78,
    "RepetitionTime": 1.5,
    "SAR": 0.0638984,
    "ScanOptions": "FS",
    "ScanningSequence": "EP",
    "SequenceName": "_epfid2d1_78",
    "SequenceVariant": "SK",
    "SeriesDescription": "EPI_2.5mm_1.5TR_32TE_SMS4_Siemens",
    "SeriesNumber": 11,
    "ShimSetting": [
      3318,
      8697,
      9235,
      606,
      172,
      -643,
      111,
      500
    ],
    "SliceThickness": 2.5,
    "SliceTiming": [
      0.6825,
      0,
      0.795,
      0.1125,
      0.91,
      0.2275,
      1.0225,
      0.34,
      1.1375,
      0.455,
      1.25,
      0.5675,
      1.365,
      0.6825,
      0,
      0.795,
      0.1125,
      0.91,
      0.2275,
      1.0225,
      0.34,
      1.1375,
      0.455,
      1.25,
      0.5675,
      1.365,
      0.6825,
      0,
      0.795,
      0.1125,
      0.91,
      0.2275,
      1.0225,
      0.34,
      1.1375,
      0.455,
      1.25,
      0.5675,
      1.365,
      0.6825,
      0,
      0.795,
      0.1125,
      0.91,
      0.2275,
      1.0225,
      0.34,
      1.1375,
      0.455,
      1.25,
      0.5675,
      1.365
    ],
    "SoftwareVersions": "syngo_MR_E11",
    "SpacingBetweenSlices": 2.5,
    "StationName": "AWP45031",
    "TaskName": "sitrep",
    "TotalReadoutTime": 0.0477406,
    "TxRefAmp": 293.588,
    "dataset": "ds004226",
    "modality": "bold",
    "run_id": 3,
    "subject_id": "033",
    "task_id": "sitrep"
  },
  "dummy_trs": 0,
  "dvars_nstd": 29.64120492865014,
  "dvars_std": 1.2937491738842972,
  "dvars_vstd": 0.995040011790633,
  "efc": 0.5582450598742144,
  "fber": 4174.8525390625,
  "fd_mean": 0.1436882670761877,
  "fd_num": 62,
  "fd_perc": 17.032967032967033,
  "fwhm_avg": 1.790030613479492,
  "fwhm_x": 1.6731238404384765,
  "fwhm_y": 1.924156,
  "fwhm_z": 1.772812,
  "gcor": 0.0223745,
  "gsr_x": -0.008307607844471931,
  "gsr_y": 0.04041610285639763,
  "provenance": {
    "md5sum": "f93e53d949c313fc26b6e7137a00b881",
    "settings": {
      "fd_thres": 0.2,
      "testing": false
    },
    "software": "mriqc",
    "version": "23.0.0",
    "webapi_port": null,
    "webapi_url": "https://mriqc.nimh.nih.gov/api/v1"
  },
  "size_t": 364,
  "size_x": 78,
  "size_y": 78,
  "size_z": 52,
  "snr": 6.985567417378733,
  "spacing_tr": 1.5,
  "spacing_x": 2.500000238418579,
  "spacing_y": 2.5,
  "spacing_z": 2.5,
  "summary_bg_k": 13.999253507405093,
  "summary_bg_mad": 15.664362544524437,
  "summary_bg_mean": 44.671661376953125,
  "summary_bg_median": 12.532463073730469,
  "summary_bg_n": 185557.0,
  "summary_bg_p05": 1.1885756969451904,
  "summary_bg_p95": 206.7286926269528,
  "summary_bg_stdv": 80.59503173828125,
  "summary_fg_k": 2.135004863030092,
  "summary_fg_mad": 111.60296343978143,
  "summary_fg_mean": 846.5908813476562,
  "summary_fg_median": 842.3140869140625,
  "summary_fg_n": 73798.0,
  "summary_fg_p05": 669.2354461669922,
  "summary_fg_p95": 1041.7707275390626,
  "summary_fg_stdv": 120.57837677001953,
  "tsnr": 57.13139724731445
}