{
  "aor": 0.005861923076923075,
  "aqi": 0.012881475686813188,
  "bids_meta": {
    "AcquisitionMatrixPE": 78,
    "AcquisitionNumber": 1,
    "AcquisitionTime": "17:20:56.205000",
    "BandwidthPerPixelPhaseEncode": 20.678,
    "BaseResolution": 78,
    "BodyPartExamined": "BRAIN",
    "ConsistencyInfo": "N4_VE11C_LATEST_20160120",
    "ConversionSoftware": "dcm2niix",
    "ConversionSoftwareVersion": "v1.0.20171215 GCC4.8.5",
    "DerivedVendorReportedEchoSpacing": 0.000620007,
    "DeviceSerialNumber": "45031",
    "DwellTime": 3.2e-06,
    "EchoTime": 0.032,
    "EchoTrainLength": 78,
    "EffectiveEchoSpacing": 0.000620007,
    "FlipAngle": 70,
    "ImageOrientationPatientDICOM": [
      0.992953,
      0.0401824,
      -0.111488,
      -0.0475212,
      0.99682,
      -0.0639682
    ],
    "ImageType": [
      "ORIGINAL",
      "PRIMARY",
      "M",
      "ND",
      "NORM",
      "MOSAIC"
    ],
    "InPlanePhaseEncodingDirectionDICOM": "COL",
    "InstitutionAddress": "Washington_and_Faculty_Rd._-_Building_25_25_Princeton_NJ_US_085",
    "InstitutionName": "Princeton_University_-_Neuroscience_Institute",
    "InstitutionalDepartmentName": "Department",
    "MRAcquisitionType": "2D",
    "MagneticFieldStrength": 3,
    "Manufacturer": "Siemens",
    "ManufacturersModelName": "Skyra",
    "Modality": "MR",
    "MultibandAccelerationFactor": 4,
    "PartialFourier": 1,
    "PatientPosition": "HFS",
    "PercentPhaseFOV": 100,
    "PhaseEncodingDirection": "j-",
    "PhaseEncodingSteps": 78,
    "PhaseResolution": 1,
    "PixelBandwidth": 2005,
    "ProcedureStepDescription": "TamirL_Mark",
    "ProtocolName": "EPI_2.5mm_1.5TR_32TE_SMS4_Siemens",
    "PulseSequenceDetails": "%SiemensSeq%_ep2d_bold",
    "ReceiveCoilActiveElements": "HC1-7",
    "ReceiveCoilName": "HeadNeck_64",
    "ReconMatrixPE": 78,
    "RepetitionTime": 1.5,
    "SAR": 0.0646928,
    "ScanOptions": "FS",
    "ScanningSequence": "EP",
    "SequenceName": "_epfid2d1_78",
    "SequenceVariant": "SK",
    "SeriesDescription": "EPI_2.5mm_1.5TR_32TE_SMS4_Siemens",
    "SeriesNumber": 15,
    "ShimSetting": [
      3336,
      8757,
      9206,
      567,
      214,
      -529,
      96,
      409
    ],
    "SliceThickness": 2.5,
    "SliceTiming": [
      0.6825,
      0,
      0.7975,
      0.115,
      0.91,
      0.2275,
      1.025,
      0.3425,
      1.1375,
      0.455,
      1.2525,
      0.57,
      1.365,
      0.6825,
      0,
      0.7975,
      0.115,
      0.91,
      0.2275,
      1.025,
      0.3425,
      1.1375,
      0.455,
      1.2525,
      0.57,
      1.365,
      0.6825,
      0,
      0.7975,
      0.115,
      0.91,
      0.2275,
      1.025,
      0.3425,
      1.1375,
      0.455,
      1.2525,
      0.57,
      1.365,
      0.6825,
      0,
      0.7975,
      0.115,
      0.91,
      0.2275,
      1.025,
      0.3425,
      1.1375,
      0.455,
      1.2525,
      0.57,
      1.365
    ],
    "SoftwareVersions": "syngo_MR_E11",
    "SpacingBetweenSlices": 2.5,
    "StationName": "AWP45031",
    "TaskName": "sitrep",
    "TotalReadoutTime": 0.0477406,
    "TxRefAmp": 293.518,
    "dataset": "ds004226",
    "modality": "bold",
    "run_id": 7,
    "subject_id": "033",
    "task_id": "sitrep"
  },
  "dummy_trs": 0,
  "dvars_nstd": 27.116366315206623,
  "dvars_std": 1.2170569541046838,
  "dvars_vstd": 1.0393376935537182,
  "efc": 0.5463313380743957,
  "fber": 6793.72216796875,
  "fd_mean": 0.1699711129832513,
  "fd_num": 92,
  "fd_perc": 25.274725274725274,
  "fwhm_avg": 1.756186613789627,
  "fwhm_x": 1.6633678413688808,
  "fwhm_y": 1.904336,
  "fwhm_z": 1.700856,
  "gcor": 0.038916,
  "gsr_x": 0.003400227054953575,
  "gsr_y": 0.048652347177267075,
  "provenance": {
    "md5sum": "72be3513afc6a6bd07b99492ef616d74",
    "settings": {
      "fd_thres": 0.2,
      "testing": false
    },
    "software": "mriqc",
    "version": "23.0.0",
    "webapi_port": null,
    "webapi_url": "https://mriqc.nimh.nih.gov/api/v1"
  },
  "size_t": 364,
  "size_x": 78,
  "size_y": 78,
  "size_z": 52,
  "snr": 7.105932650002139,
  "spacing_tr": 1.5,
  "spacing_x": 2.500000238418579,
  "spacing_y": 2.5,
  "spacing_z": 2.5,
  "summary_bg_k": 16.128107682553235,
  "summary_bg_mad": 12.533943893184682,
  "summary_bg_mean": 39.93070983886719,
  "summary_bg_median": 9.720303535461426,
  "summary_bg_n": 188369.0,
  "summary_bg_p05": 0.6866376399993896,
  "summary_bg_p95": 176.97859191894565,
  "summary_bg_stdv": 75.58245849609375,
  "summary_fg_k": 2.6224249459160287,
  "summary_fg_mad": 104.45423089822668,
  "summary_fg_mean": 820.5382080078125,
  "summary_fg_median": 817.412109375,
  "summary_fg_n": 71957.0,
  "summary_fg_p05": 651.8984130859375,
  "summary_fg_p95": 1003.5552246093749,
  "summary_fg_stdv": 115.03154754638672,
  "tsnr": 53.5589714050293
}