{
  "bids_meta": {
    "AcquisitionMatrixPE": 256,
    "AcquisitionNumber": 1,
    "AcquisitionTime": "14:21:56.982500",
    "BaseResolution": 256,
    "BodyPartExamined": "BRAIN",
    "ConsistencyInfo": "N4_VE11C_LATEST_20160120",
    "ConversionSoftware": "dcm2niix",
    "ConversionSoftwareVersion": "v1.0.20171215 GCC4.8.5",
    "DeviceSerialNumber": "45031",
    "DwellTime": 8.2e-06,
    "EchoTime": 0.00298,
    "FlipAngle": 9,
    "ImageOrientationPatientDICOM": [
      -0.00328813,
      0.999993,
      0.00156916,
      -0.0455362,
      0.00141781,
      -0.998962
    ],
    "ImageType": [
      "ORIGINAL",
      "PRIMARY",
      "M",
      "ND",
      "NORM"
    ],
    "InPlanePhaseEncodingDirectionDICOM": "ROW",
    "InstitutionAddress": "Washington_and_Faculty_Rd._-_Building_25_25_Princeton_NJ_US_085",
    "InstitutionName": "Princeton_University_-_Neuroscience_Institute",
    "InstitutionalDepartmentName": "Department",
    "InversionTime": 0.9,
    "MRAcquisitionType": "3D",
    "MagneticFieldStrength": 3,
    "Manufacturer": "Siemens",
    "ManufacturersModelName": "Skyra",
    "Modality": "MR",
    "ParallelReductionFactorInPlane": 2,
    "PartialFourier": 1,
    "PatientPosition": "HFS",
    "PercentPhaseFOV": 100,
    "PhaseEncodingSteps": 255,
    "PhaseResolution": 1,
    "PixelBandwidth": 240,
    "ProcedureStepDescription": "TamirL_Mark",
    "ProtocolName": "T1w_MPR_1iso_iP2",
    "PulseSequenceDetails": "%SiemensSeq%_tfl",
    "ReceiveCoilActiveElements": "HC1-7;NC1",
    "ReceiveCoilName": "HeadNeck_64",
    "ReconMatrixPE": 256,
    "RepetitionTime": 2.3,
    "SAR": 0.0644326,
    "ScanOptions": "IR",
    "ScanningSequence": "GR_IR",
    "SequenceName": "_tfl3d1_16ns",
    "SequenceVariant": "SK_SP_MP",
    "SeriesDescription": "T1w_MPR_1iso_iP2",
    "SeriesNumber": 6,
    "ShimSetting": [
      3360,
      8659,
      9205,
      429,
      143,
      -464,
      601,
      135
    ],
    "SliceThickness": 1,
    "SoftwareVersions": "syngo_MR_E11",
    "StationName": "AWP45031",
    "TxRefAmp": 324.874,
    "dataset": "ds004226",
    "modality": "T1w",
    "subject_id": "020"
  },
  "cjv": 0.3274517456197176,
  "cnr": 4.043410936062903,
  "efc": 0.5438420141779242,
  "fber": -1.0,
  "fwhm_avg": 3.580380441479804,
  "fwhm_x": 3.6433013244394123,
  "fwhm_y": 3.75103,
  "fwhm_z": 3.34681,
  "icvs_csf": 0.18598262705646865,
  "icvs_gm": 0.459951227069391,
  "icvs_wm": 0.35406614587414037,
  "inu_med": 0.576130747795105,
  "inu_range": 0.22213811278343198,
  "provenance": {
    "md5sum": "1658bf1e6974a02842a3e3cf8e3a49d7",
    "settings": {
      "testing": false
    },
    "software": "mriqc",
    "version": "23.0.0",
    "warnings": {
      "large_rot_frame": true,
      "small_air_mask": false
    },
    "webapi_port": null,
    "webapi_url": "https://mriqc.nimh.nih.gov/api/v1"
  },
  "qi_1": 0.0,
  "qi_2": 0.0009660379962544306,
  "rpve_csf": 22.447326818896833,
  "rpve_gm": 9.97904104520571,
  "rpve_wm": 14.51568269544227,
  "size_x": 176,
  "size_y": 256,
  "size_z": 256,
  "snr_csf": 1.5814994938738707,
  "snr_gm": 9.736708141589233,
  "snr_total": 10.720555290826931,
  "snr_wm": 20.843458237017696,
  "snrd_csf": 25.688838960018803,
  "snrd_gm": 72.62357858078887,
  "snrd_total": 69.31089625637223,
  "snrd_wm": 109.62027122830901,
  "spacing_x": 1.0000051259994507,
  "spacing_y": 1.0,
  "spacing_z": 1.0,
  "summary_bg_k": 12.642837240058018,
  "summary_bg_mad": 0.0,
  "summary_bg_mean": 3.504715096609033,
  "summary_bg_median": 0.0,
  "summary_bg_n": 4077889.0,
  "summary_bg_p05": 0.0,
  "summary_bg_p95": 14.777790069580078,
  "summary_bg_stdv": 5.976416609294143,
  "summary_csf_k": 12.249889364742746,
  "summary_csf_mad": 121.79151295865974,
  "summary_csf_mean": 251.75339962530117,
  "summary_csf_median": 234.34387683868408,
  "summary_csf_n": 30823.0,
  "summary_csf_p05": 54.69231128692627,
  "summary_csf_p95": 504.83176522254934,
  "summary_csf_stdv": 148.17587755836897,
  "summary_gm_k": 0.21319697669665372,
  "summary_gm_mad": 65.40655325557653,
  "summary_gm_mean": 662.8533065481059,
  "summary_gm_median": 662.5013680458069,
  "summary_gm_n": 50510.0,
  "summary_gm_p05": 551.0522012710571,
  "summary_gm_p95": 776.3410596847534,
  "summary_gm_stdv": 68.04094363912671,
  "summary_wm_k": 0.7526486437367153,
  "summary_wm_mad": 45.10796776246657,
  "summary_wm_mean": 999.6459792152436,
  "summary_wm_median": 1000.0000147819519,
  "summary_wm_n": 236763.0,
  "summary_wm_p05": 921.1126942634583,
  "summary_wm_p95": 1077.076331615448,
  "summary_wm_stdv": 47.976582944727014,
  "tpm_overlap_csf": 0.1394343959964236,
  "tpm_overlap_gm": 0.47042835136983896,
  "tpm_overlap_wm": 0.505727991664316,
  "wm2max": 0.5370791339679061
}