{
  "bids_meta": {
    "AcquisitionMatrixPE": 256,
    "AcquisitionNumber": 1,
    "AcquisitionTime": "16:39:28.115000",
    "BaseResolution": 256,
    "BodyPartExamined": "BRAIN",
    "ConsistencyInfo": "N4_VE11C_LATEST_20160120",
    "ConversionSoftware": "dcm2niix",
    "ConversionSoftwareVersion": "v1.0.20171215 GCC4.8.5",
    "DeviceSerialNumber": "45031",
    "DwellTime": 8.2e-06,
    "EchoTime": 0.00298,
    "FlipAngle": 9,
    "ImageOrientationPatientDICOM": [
      -0.0179334,
      0.98316,
      -0.181867,
      0.0505537,
      -0.180772,
      -0.982225
    ],
    "ImageType": [
      "ORIGINAL",
      "PRIMARY",
      "M",
      "ND",
      "NORM"
    ],
    "InPlanePhaseEncodingDirectionDICOM": "ROW",
    "InstitutionAddress": "Washington_and_Faculty_Rd._-_Building_25_25_Princeton_NJ_US_085",
    "InstitutionName": "Princeton_University_-_Neuroscience_Institute",
    "InstitutionalDepartmentName": "Department",
    "InversionTime": 0.9,
    "MRAcquisitionType": "3D",
    "MagneticFieldStrength": 3,
    "Manufacturer": "Siemens",
    "ManufacturersModelName": "Skyra",
    "Modality": "MR",
    "ParallelReductionFactorInPlane": 2,
    "PartialFourier": 1,
    "PatientPosition": "HFS",
    "PercentPhaseFOV": 100,
    "PhaseEncodingSteps": 255,
    "PhaseResolution": 1,
    "PixelBandwidth": 240,
    "ProcedureStepDescription": "TamirL_Mark",
    "ProtocolName": "T1w_MPR_1iso_iP2",
    "PulseSequenceDetails": "%SiemensSeq%_tfl",
    "ReceiveCoilActiveElements": "HC1-7;NC1",
    "ReceiveCoilName": "HeadNeck_64",
    "ReconMatrixPE": 256,
    "RepetitionTime": 2.3,
    "SAR": 0.0753218,
    "ScanOptions": "IR",
    "ScanningSequence": "GR_IR",
    "SequenceName": "_tfl3d1_16ns",
    "SequenceVariant": "SK_SP_MP",
    "SeriesDescription": "T1w_MPR_1iso_iP2",
    "SeriesNumber": 6,
    "ShimSetting": [
      3371,
      8774,
      8977,
      540,
      162,
      -1113,
      434,
      141
    ],
    "SliceThickness": 1,
    "SoftwareVersions": "syngo_MR_E11",
    "StationName": "AWP45031",
    "TxRefAmp": 331.66,
    "dataset": "ds004226",
    "modality": "T1w",
    "subject_id": "029"
  },
  "cjv": 0.3583719960275645,
  "cnr": 3.7080162145417286,
  "efc": 0.5290788114194807,
  "fber": -1.0,
  "fwhm_avg": 3.327210899912672,
  "fwhm_x": 3.3750026997380154,
  "fwhm_y": 3.493,
  "fwhm_z": 3.11363,
  "icvs_csf": 0.1916465696198401,
  "icvs_gm": 0.47057677608948206,
  "icvs_wm": 0.33777665429067777,
  "inu_med": 0.6038411855697632,
  "inu_range": 0.2240674704313278,
  "provenance": {
    "md5sum": "7a69650cb5cedaedf1d3a81c799b8fda",
    "settings": {
      "testing": false
    },
    "software": "mriqc",
    "version": "23.0.0",
    "warnings": {
      "large_rot_frame": true,
      "small_air_mask": false
    },
    "webapi_port": null,
    "webapi_url": "https://mriqc.nimh.nih.gov/api/v1"
  },
  "qi_1": 0.0,
  "qi_2": 0.0009588198002210898,
  "rpve_csf": 26.06927984999909,
  "rpve_gm": 11.704780729810503,
  "rpve_wm": 18.05490178157786,
  "size_x": 176,
  "size_y": 256,
  "size_z": 256,
  "snr_csf": 1.6467715319299698,
  "snr_gm": 9.631409087728736,
  "snr_total": 10.552940141775926,
  "snr_wm": 20.38063980566907,
  "snrd_csf": 24.209308477258734,
  "snrd_gm": 65.82903507586646,
  "snrd_total": 62.27432978665323,
  "snrd_wm": 96.78464580683453,
  "spacing_x": 1.0000051259994507,
  "spacing_y": 1.0,
  "spacing_z": 1.0,
  "summary_bg_k": 12.23264772539236,
  "summary_bg_mad": 0.0,
  "summary_bg_mean": 3.79314734012513,
  "summary_bg_median": 0.0,
  "summary_bg_n": 4120599.0,
  "summary_bg_p05": 0.0,
  "summary_bg_p95": 16.49460457265377,
  "summary_bg_stdv": 6.769011405641462,
  "summary_csf_k": 17.419763383053574,
  "summary_csf_mad": 110.36369365715187,
  "summary_csf_mean": 271.1756210567342,
  "summary_csf_median": 250.13582699000835,
  "summary_csf_n": 23438.0,
  "summary_csf_p05": 87.12450135275722,
  "summary_csf_p95": 508.1735398411747,
  "summary_csf_stdv": 151.89143482630237,
  "summary_gm_k": 0.1207516519884706,
  "summary_gm_mad": 68.35874247377289,
  "summary_gm_mean": 680.1798508294014,
  "summary_gm_median": 680.1598709076643,
  "summary_gm_n": 30231.0,
  "summary_gm_p05": 561.4375288188457,
  "summary_gm_p95": 797.0581037849188,
  "summary_gm_stdv": 70.61776893098259,
  "summary_wm_k": 0.6036721834441563,
  "summary_wm_mad": 46.26298733073519,
  "summary_wm_mean": 999.762122964972,
  "summary_wm_median": 999.9999562799931,
  "summary_wm_n": 178864.0,
  "summary_wm_p05": 919.5062859654427,
  "summary_wm_p95": 1079.5621665716171,
  "summary_wm_stdv": 49.0660337649491,
  "tpm_overlap_csf": 0.15342008944863383,
  "tpm_overlap_gm": 0.4710969756013946,
  "tpm_overlap_wm": 0.5008295066793398,
  "wm2max": 0.5117683278050331
}