{
  "aor": 0.001417225274725275,
  "aqi": 0.014636614752747253,
  "bids_meta": {
    "AcquisitionMatrixPE": 78,
    "AcquisitionNumber": 1,
    "AcquisitionTime": "10:03:42.700000",
    "BandwidthPerPixelPhaseEncode": 20.678,
    "BaseResolution": 78,
    "BodyPartExamined": "BRAIN",
    "ConsistencyInfo": "N4_VE11C_LATEST_20160120",
    "ConversionSoftware": "dcm2niix",
    "ConversionSoftwareVersion": "v1.0.20171215 GCC4.8.5",
    "DerivedVendorReportedEchoSpacing": 0.000620007,
    "DeviceSerialNumber": "45031",
    "DwellTime": 3.2e-06,
    "EchoTime": 0.032,
    "EchoTrainLength": 78,
    "EffectiveEchoSpacing": 0.000620007,
    "FlipAngle": 70,
    "ImageOrientationPatientDICOM": [
      0.996707,
      0.0371627,
      0.0720667,
      -0.0238368,
      0.983805,
      -0.177648
    ],
    "ImageType": [
      "ORIGINAL",
      "PRIMARY",
      "M",
      "ND",
      "NORM",
      "MOSAIC"
    ],
    "InPlanePhaseEncodingDirectionDICOM": "COL",
    "InstitutionAddress": "Washington_and_Faculty_Rd._-_Building_25_25_Princeton_NJ_US_085",
    "InstitutionName": "Princeton_University_-_Neuroscience_Institute",
    "InstitutionalDepartmentName": "Department",
    "MRAcquisitionType": "2D",
    "MagneticFieldStrength": 3,
    "Manufacturer": "Siemens",
    "ManufacturersModelName": "Skyra",
    "Modality": "MR",
    "MultibandAccelerationFactor": 4,
    "PartialFourier": 1,
    "PatientPosition": "HFS",
    "PercentPhaseFOV": 100,
    "PhaseEncodingDirection": "j-",
    "PhaseEncodingSteps": 78,
    "PhaseResolution": 1,
    "PixelBandwidth": 2005,
    "ProcedureStepDescription": "TamirL_Mark",
    "ProtocolName": "EPI_2.5mm_1.5TR_32TE_SMS4_Siemens",
    "PulseSequenceDetails": "%SiemensSeq%_ep2d_bold",
    "ReceiveCoilActiveElements": "HC1-7",
    "ReceiveCoilName": "HeadNeck_64",
    "ReconMatrixPE": 78,
    "RepetitionTime": 1.5,
    "SAR": 0.0538608,
    "ScanOptions": "FS",
    "ScanningSequence": "EP",
    "SequenceName": "_epfid2d1_78",
    "SequenceVariant": "SK",
    "SeriesDescription": "EPI_2.5mm_1.5TR_32TE_SMS4_Siemens",
    "SeriesNumber": 18,
    "ShimSetting": [
      3403,
      8787,
      9279,
      489,
      -24,
      -154,
      306,
      291
    ],
    "SliceThickness": 2.5,
    "SliceTiming": [
      0.6825,
      0,
      0.7975,
      0.115,
      0.91,
      0.2275,
      1.025,
      0.3425,
      1.14,
      0.455,
      1.2525,
      0.57,
      1.3675,
      0.6825,
      0,
      0.7975,
      0.115,
      0.91,
      0.2275,
      1.025,
      0.3425,
      1.14,
      0.455,
      1.2525,
      0.57,
      1.3675,
      0.6825,
      0,
      0.7975,
      0.115,
      0.91,
      0.2275,
      1.025,
      0.3425,
      1.14,
      0.455,
      1.2525,
      0.57,
      1.3675,
      0.6825,
      0,
      0.7975,
      0.115,
      0.91,
      0.2275,
      1.025,
      0.3425,
      1.14,
      0.455,
      1.2525,
      0.57,
      1.3675
    ],
    "SoftwareVersions": "syngo_MR_E11",
    "SpacingBetweenSlices": 2.5,
    "StationName": "AWP45031",
    "TaskName": "sitrep",
    "TotalReadoutTime": 0.0477406,
    "TxRefAmp": 300.906,
    "dataset": "ds004226",
    "modality": "bold",
    "run_id": 5,
    "subject_id": "002",
    "task_id": "sitrep"
  },
  "dummy_trs": 0,
  "dvars_nstd": 36.02159175374654,
  "dvars_std": 1.3262624590909093,
  "dvars_vstd": 0.9968005815977955,
  "efc": 0.5588389055122653,
  "fber": 5625.4638671875,
  "fd_mean": 0.20316151310344702,
  "fd_num": 137,
  "fd_perc": 37.637362637362635,
  "fwhm_avg": 1.6884453333333334,
  "fwhm_x": 1.6076799999999998,
  "fwhm_y": 1.833148,
  "fwhm_z": 1.624508,
  "gcor": 0.018068,
  "gsr_x": -0.012607590295374393,
  "gsr_y": 0.059946928173303604,
  "provenance": {
    "md5sum": "b67a8e6c20ad14123aefc82063af7224",
    "settings": {
      "fd_thres": 0.2,
      "testing": false
    },
    "software": "mriqc",
    "version": "23.0.0",
    "webapi_port": null,
    "webapi_url": "https://mriqc.nimh.nih.gov/api/v1"
  },
  "size_t": 364,
  "size_x": 78,
  "size_y": 78,
  "size_z": 52,
  "snr": 6.4730811661289245,
  "spacing_tr": 1.5,
  "spacing_x": 2.5,
  "spacing_y": 2.5,
  "spacing_z": 2.5,
  "summary_bg_k": 16.994595778972833,
  "summary_bg_mad": 11.678404615005649,
  "summary_bg_mean": 41.29204559326172,
  "summary_bg_median": 9.259689331054688,
  "summary_bg_n": 185913.0,
  "summary_bg_p05": 0.7650622963905335,
  "summary_bg_p95": 193.09678955078124,
  "summary_bg_stdv": 79.6316909790039,
  "summary_fg_k": 1.481784285765663,
  "summary_fg_mad": 109.02410972127059,
  "summary_fg_mean": 718.7926635742188,
  "summary_fg_median": 713.375244140625,
  "summary_fg_n": 73127.0,
  "summary_fg_p05": 563.2046081542969,
  "summary_fg_p95": 901.3118896484375,
  "summary_fg_stdv": 110.2056884765625,
  "tsnr": 48.01535415649414
}