{
  "aor": 0.0011978296703296703,
  "aqi": 0.013345327967032966,
  "bids_meta": {
    "AcquisitionMatrixPE": 78,
    "AcquisitionNumber": 1,
    "AcquisitionTime": "09:19:32.710000",
    "BandwidthPerPixelPhaseEncode": 20.678,
    "BaseResolution": 78,
    "BodyPartExamined": "BRAIN",
    "ConsistencyInfo": "N4_VE11C_LATEST_20160120",
    "ConversionSoftware": "dcm2niix",
    "ConversionSoftwareVersion": "v1.0.20171215 GCC4.8.5",
    "DerivedVendorReportedEchoSpacing": 0.000620007,
    "DeviceSerialNumber": "45031",
    "DwellTime": 3.2e-06,
    "EchoTime": 0.032,
    "EchoTrainLength": 78,
    "EffectiveEchoSpacing": 0.000620007,
    "FlipAngle": 70,
    "ImageOrientationPatientDICOM": [
      0.996975,
      0.0176979,
      0.0756848,
      -0.00783034,
      0.991648,
      -0.128737
    ],
    "ImageType": [
      "ORIGINAL",
      "PRIMARY",
      "M",
      "ND",
      "NORM",
      "MOSAIC"
    ],
    "InPlanePhaseEncodingDirectionDICOM": "COL",
    "InstitutionAddress": "Washington_and_Faculty_Rd._-_Building_25_25_Princeton_NJ_US_085",
    "InstitutionName": "Princeton_University_-_Neuroscience_Institute",
    "InstitutionalDepartmentName": "Department",
    "MRAcquisitionType": "2D",
    "MagneticFieldStrength": 3,
    "Manufacturer": "Siemens",
    "ManufacturersModelName": "Skyra",
    "Modality": "MR",
    "MultibandAccelerationFactor": 4,
    "PartialFourier": 1,
    "PatientPosition": "HFS",
    "PercentPhaseFOV": 100,
    "PhaseEncodingDirection": "j-",
    "PhaseEncodingSteps": 78,
    "PhaseResolution": 1,
    "PixelBandwidth": 2005,
    "ProcedureStepDescription": "TamirL_Mark",
    "ProtocolName": "EPI_2.5mm_1.5TR_32TE_SMS4_Siemens",
    "PulseSequenceDetails": "%SiemensSeq%_ep2d_bold",
    "ReceiveCoilActiveElements": "HC1-7",
    "ReceiveCoilName": "HeadNeck_64",
    "ReconMatrixPE": 78,
    "RepetitionTime": 1.5,
    "SAR": 0.0562513,
    "ScanOptions": "FS",
    "ScanningSequence": "EP",
    "SequenceName": "_epfid2d1_78",
    "SequenceVariant": "SK",
    "SeriesDescription": "EPI_2.5mm_1.5TR_32TE_SMS4_Siemens",
    "SeriesNumber": 10,
    "ShimSetting": [
      3428,
      8729,
      9312,
      533,
      -18,
      -233,
      442,
      310
    ],
    "SliceThickness": 2.5,
    "SliceTiming": [
      0.685,
      0,
      0.7975,
      0.115,
      0.9125,
      0.2275,
      1.025,
      0.3425,
      1.14,
      0.4575,
      1.2525,
      0.57,
      1.3675,
      0.685,
      0,
      0.7975,
      0.115,
      0.9125,
      0.2275,
      1.025,
      0.3425,
      1.14,
      0.4575,
      1.2525,
      0.57,
      1.3675,
      0.685,
      0,
      0.7975,
      0.115,
      0.9125,
      0.2275,
      1.025,
      0.3425,
      1.14,
      0.4575,
      1.2525,
      0.57,
      1.3675,
      0.685,
      0,
      0.7975,
      0.115,
      0.9125,
      0.2275,
      1.025,
      0.3425,
      1.14,
      0.4575,
      1.2525,
      0.57,
      1.3675
    ],
    "SoftwareVersions": "syngo_MR_E11",
    "SpacingBetweenSlices": 2.5,
    "StationName": "AWP45031",
    "TaskName": "sitrep",
    "TotalReadoutTime": 0.0477406,
    "TxRefAmp": 303.828,
    "dataset": "ds004226",
    "modality": "bold",
    "run_id": 2,
    "subject_id": "002",
    "task_id": "sitrep"
  },
  "dummy_trs": 0,
  "dvars_nstd": 36.4741949180441,
  "dvars_std": 1.3301403809090924,
  "dvars_vstd": 0.9817055181542698,
  "efc": 0.5626852444296515,
  "fber": 4918.42041015625,
  "fd_mean": 0.169996492100937,
  "fd_num": 113,
  "fd_perc": 31.043956043956044,
  "fwhm_avg": 1.6853440521345824,
  "fwhm_x": 1.587896,
  "fwhm_y": 1.828124,
  "fwhm_z": 1.6400121564037473,
  "gcor": 0.0151788,
  "gsr_x": -0.015546808950603008,
  "gsr_y": 0.05790894478559494,
  "provenance": {
    "md5sum": "3713ab269e58ab57d3a6e09b50f96ee7",
    "settings": {
      "fd_thres": 0.2,
      "testing": false
    },
    "software": "mriqc",
    "version": "23.0.0",
    "webapi_port": null,
    "webapi_url": "https://mriqc.nimh.nih.gov/api/v1"
  },
  "size_t": 364,
  "size_x": 78,
  "size_y": 78,
  "size_z": 52,
  "snr": 6.499318101432249,
  "spacing_tr": 1.5,
  "spacing_x": 2.5,
  "spacing_y": 2.5,
  "spacing_z": 2.499999761581421,
  "summary_bg_k": 15.60080031371579,
  "summary_bg_mad": 11.925861321966867,
  "summary_bg_mean": 40.78409194946289,
  "summary_bg_median": 9.473657608032227,
  "summary_bg_n": 184828.0,
  "summary_bg_p05": 0.8369157731533051,
  "summary_bg_p95": 192.64376907348628,
  "summary_bg_stdv": 76.67168426513672,
  "summary_fg_k": 1.2774494841618687,
  "summary_fg_mad": 106.29264317063634,
  "summary_fg_mean": 698.324462890625,
  "summary_fg_median": 693.1651611328125,
  "summary_fg_n": 73835.0,
  "summary_fg_p05": 546.3284118652343,
  "summary_fg_p95": 875.0673156738281,
  "summary_fg_stdv": 106.65126037597656,
  "tsnr": 50.34452819824219
}