{
  "bids_meta": {
    "AcquisitionMatrixPE": 256,
    "AcquisitionNumber": 1,
    "AcquisitionTime": "09:56:41.927500",
    "BaseResolution": 256,
    "BodyPartExamined": "BRAIN",
    "ConsistencyInfo": "N4_VE11C_LATEST_20160120",
    "ConversionSoftware": "dcm2niix",
    "ConversionSoftwareVersion": "v1.0.20171215 GCC4.8.5",
    "DeviceSerialNumber": "45031",
    "DwellTime": 8.2e-06,
    "EchoTime": 0.00298,
    "FlipAngle": 9,
    "ImageOrientationPatientDICOM": [
      -0.00956787,
      0.993266,
      -0.115457,
      0.00244444,
      -0.115439,
      -0.993312
    ],
    "ImageType": [
      "ORIGINAL",
      "PRIMARY",
      "M",
      "ND",
      "NORM"
    ],
    "InPlanePhaseEncodingDirectionDICOM": "ROW",
    "InstitutionAddress": "Washington_and_Faculty_Rd._-_Building_25_25_Princeton_NJ_US_085",
    "InstitutionName": "Princeton_University_-_Neuroscience_Institute",
    "InstitutionalDepartmentName": "Department",
    "InversionTime": 0.9,
    "MRAcquisitionType": "3D",
    "MagneticFieldStrength": 3,
    "Manufacturer": "Siemens",
    "ManufacturersModelName": "Skyra",
    "Modality": "MR",
    "ParallelReductionFactorInPlane": 2,
    "PartialFourier": 1,
    "PatientPosition": "HFS",
    "PercentPhaseFOV": 100,
    "PhaseEncodingSteps": 255,
    "PhaseResolution": 1,
    "PixelBandwidth": 240,
    "ProcedureStepDescription": "TamirL_Mark",
    "ProtocolName": "T1w_MPR_1iso_iP2",
    "PulseSequenceDetails": "%SiemensSeq%_tfl",
    "ReceiveCoilActiveElements": "HC1-7;NC1",
    "ReceiveCoilName": "HeadNeck_64",
    "ReconMatrixPE": 256,
    "RepetitionTime": 2.3,
    "SAR": 0.0690102,
    "ScanOptions": "IR",
    "ScanningSequence": "GR_IR",
    "SequenceName": "_tfl3d1_16ns",
    "SequenceVariant": "SK_SP_MP",
    "SeriesDescription": "T1w_MPR_1iso_iP2",
    "SeriesNumber": 6,
    "ShimSetting": [
      3410,
      8738,
      9039,
      494,
      215,
      -889,
      506,
      220
    ],
    "SliceThickness": 1,
    "SoftwareVersions": "syngo_MR_E11",
    "StationName": "AWP45031",
    "TxRefAmp": 303.42,
    "dataset": "ds004226",
    "modality": "T1w",
    "subject_id": "012"
  },
  "cjv": 0.33519702331430995,
  "cnr": 3.8927500272987765,
  "efc": 0.49795359229720576,
  "fber": 25062.689344,
  "fwhm_avg": 3.631439699368181,
  "fwhm_x": 3.658069098104542,
  "fwhm_y": 3.82916,
  "fwhm_z": 3.40709,
  "icvs_csf": 0.2030246859250019,
  "icvs_gm": 0.4306422053162691,
  "icvs_wm": 0.366333108758729,
  "inu_med": 0.5147320628166199,
  "inu_range": 0.17016079425811764,
  "provenance": {
    "md5sum": "0b16f27588d0c3211395e23bd3f01c97",
    "settings": {
      "testing": false
    },
    "software": "mriqc",
    "version": "23.0.0",
    "warnings": {
      "large_rot_frame": true,
      "small_air_mask": false
    },
    "webapi_port": null,
    "webapi_url": "https://mriqc.nimh.nih.gov/api/v1"
  },
  "qi_1": 0.0,
  "qi_2": 0.0014286174109579453,
  "rpve_csf": 26.507715649631795,
  "rpve_gm": 13.14925929516476,
  "rpve_wm": 17.976990950651892,
  "size_x": 176,
  "size_y": 256,
  "size_z": 256,
  "snr_csf": 1.7363809179090548,
  "snr_gm": 9.118083433503324,
  "snr_total": 11.38334752218105,
  "snr_wm": 23.295578215130767,
  "snrd_csf": 29.912308169271483,
  "snrd_gm": 85.19399774781988,
  "snrd_total": 80.84069581706133,
  "snrd_wm": 127.41578153409262,
  "spacing_x": 1.0000029802322388,
  "spacing_y": 1.0,
  "spacing_z": 1.0,
  "summary_bg_k": 12.861173858278358,
  "summary_bg_mad": 0.0,
  "summary_bg_mean": 3.2887570072861414,
  "summary_bg_median": 0.0,
  "summary_bg_n": 3769566.0,
  "summary_bg_p05": 0.0,
  "summary_bg_p95": 13.01374127715826,
  "summary_bg_stdv": 5.141557909820114,
  "summary_csf_k": 2.7894893023923473,
  "summary_csf_mad": 141.8194240904582,
  "summary_csf_mean": 255.30755781009057,
  "summary_csf_median": 234.75396065413952,
  "summary_csf_n": 29901.0,
  "summary_csf_p05": 62.63060887157917,
  "summary_csf_p95": 481.19179121404886,
  "summary_csf_stdv": 135.1950097354074,
  "summary_gm_k": 0.17912030846877203,
  "summary_gm_mad": 70.65151713212167,
  "summary_gm_mean": 669.5785678231207,
  "summary_gm_median": 668.6086637675762,
  "summary_gm_n": 32039.0,
  "summary_gm_p05": 549.7719912923873,
  "summary_gm_p95": 793.4582546576858,
  "summary_gm_stdv": 73.32661894010475,
  "summary_wm_k": 0.5848123670420162,
  "summary_wm_mad": 40.41924003372542,
  "summary_wm_mean": 999.66123500602,
  "summary_wm_median": 999.9682804718614,
  "summary_wm_n": 217023.0,
  "summary_wm_p05": 929.0418073311448,
  "summary_wm_p95": 1068.8334529869257,
  "summary_wm_stdv": 42.92514087456833,
  "tpm_overlap_csf": 0.13535377785732078,
  "tpm_overlap_gm": 0.47016185587781645,
  "tpm_overlap_wm": 0.5240672274983228,
  "wm2max": 0.6042842068348665
}