{
  "aor": 0.0006462534435261708,
  "aqi": 0.012223031900826447,
  "bids_meta": {
    "AcquisitionMatrixPE": 78,
    "AcquisitionNumber": 1,
    "AcquisitionTime": "18:09:6.415000",
    "BandwidthPerPixelPhaseEncode": 20.678,
    "BaseResolution": 78,
    "BodyPartExamined": "BRAIN",
    "ConsistencyInfo": "N4_VE11C_LATEST_20160120",
    "ConversionSoftware": "dcm2niix",
    "ConversionSoftwareVersion": "v1.0.20171215 GCC4.8.5",
    "DerivedVendorReportedEchoSpacing": 0.000620007,
    "DeviceSerialNumber": "45031",
    "DwellTime": 3.2e-06,
    "EchoTime": 0.032,
    "EchoTrainLength": 78,
    "EffectiveEchoSpacing": 0.000620007,
    "FlipAngle": 70,
    "ImageOrientationPatientDICOM": [
      0.999062,
      0.0045509,
      0.0430535,
      -0.0092418,
      0.993956,
      0.109393
    ],
    "ImageType": [
      "ORIGINAL",
      "PRIMARY",
      "M",
      "ND",
      "NORM",
      "MOSAIC"
    ],
    "InPlanePhaseEncodingDirectionDICOM": "COL",
    "InstitutionAddress": "Washington_and_Faculty_Rd._-_Building_25_25_Princeton_NJ_US_085",
    "InstitutionName": "Princeton_University_-_Neuroscience_Institute",
    "InstitutionalDepartmentName": "Department",
    "MRAcquisitionType": "2D",
    "MagneticFieldStrength": 3,
    "Manufacturer": "Siemens",
    "ManufacturersModelName": "Skyra",
    "Modality": "MR",
    "MultibandAccelerationFactor": 4,
    "PartialFourier": 1,
    "PatientPosition": "HFS",
    "PercentPhaseFOV": 100,
    "PhaseEncodingDirection": "j-",
    "PhaseEncodingSteps": 78,
    "PhaseResolution": 1,
    "PixelBandwidth": 2005,
    "ProcedureStepDescription": "TamirL_Mark",
    "ProtocolName": "EPI_2.5mm_1.5TR_32TE_SMS4_Siemens",
    "PulseSequenceDetails": "%SiemensSeq%_ep2d_bold",
    "ReceiveCoilActiveElements": "HC1-7",
    "ReceiveCoilName": "HeadNeck_64",
    "ReconMatrixPE": 78,
    "RepetitionTime": 1.5,
    "SAR": 0.0418499,
    "ScanOptions": "FS",
    "ScanningSequence": "EP",
    "SequenceName": "_epfid2d1_78",
    "SequenceVariant": "SK",
    "SeriesDescription": "EPI_2.5mm_1.5TR_32TE_SMS4_Siemens",
    "SeriesNumber": 17,
    "ShimSetting": [
      3415,
      8730,
      9354,
      761,
      50,
      -99,
      55,
      174
    ],
    "SliceThickness": 2.5,
    "SliceTiming": [
      0.6825,
      0,
      0.795,
      0.1125,
      0.91,
      0.2275,
      1.0225,
      0.34,
      1.1375,
      0.455,
      1.25,
      0.5675,
      1.365,
      0.6825,
      0,
      0.795,
      0.1125,
      0.91,
      0.2275,
      1.0225,
      0.34,
      1.1375,
      0.455,
      1.25,
      0.5675,
      1.365,
      0.6825,
      0,
      0.795,
      0.1125,
      0.91,
      0.2275,
      1.0225,
      0.34,
      1.1375,
      0.455,
      1.25,
      0.5675,
      1.365,
      0.6825,
      0,
      0.795,
      0.1125,
      0.91,
      0.2275,
      1.0225,
      0.34,
      1.1375,
      0.455,
      1.25,
      0.5675,
      1.365
    ],
    "SoftwareVersions": "syngo_MR_E11",
    "SpacingBetweenSlices": 2.5,
    "StationName": "AWP45031",
    "TaskName": "sitrep",
    "TotalReadoutTime": 0.0477406,
    "TxRefAmp": 299.954,
    "dataset": "ds004226",
    "modality": "bold",
    "run_id": 9,
    "subject_id": "011",
    "task_id": "sitrep"
  },
  "dummy_trs": 1,
  "dvars_nstd": 34.94547761220993,
  "dvars_std": 1.3389840820994487,
  "dvars_vstd": 0.9864167694751373,
  "efc": 0.5562770101210083,
  "fber": 3609.5029296875,
  "fd_mean": 0.11446938137259086,
  "fd_num": 40,
  "fd_perc": 11.019283746556473,
  "fwhm_avg": 1.7674866666666669,
  "fwhm_x": 1.6187200000000002,
  "fwhm_y": 1.9034600000000002,
  "fwhm_z": 1.78028,
  "gcor": 0.0135594,
  "gsr_x": -0.0127885015681386,
  "gsr_y": 0.055724408477544785,
  "provenance": {
    "md5sum": "3bcd4a64bdf2015d828f21044ca48e90",
    "settings": {
      "fd_thres": 0.2,
      "testing": false
    },
    "software": "mriqc",
    "version": "23.0.0",
    "webapi_port": null,
    "webapi_url": "https://mriqc.nimh.nih.gov/api/v1"
  },
  "size_t": 363,
  "size_x": 78,
  "size_y": 78,
  "size_z": 52,
  "snr": 6.994974572316897,
  "spacing_tr": 1.5,
  "spacing_x": 2.5,
  "spacing_y": 2.5,
  "spacing_z": 2.5,
  "summary_bg_k": 9.464013039392427,
  "summary_bg_mad": 14.816901342827107,
  "summary_bg_mean": 46.71810531616211,
  "summary_bg_median": 11.86423397064209,
  "summary_bg_n": 191053.0,
  "summary_bg_p05": 1.227235770225525,
  "summary_bg_p95": 232.71027526855468,
  "summary_bg_stdv": 81.92516326904297,
  "summary_fg_k": 1.975500601083688,
  "summary_fg_mad": 100.34178336269167,
  "summary_fg_mean": 738.9964599609375,
  "summary_fg_median": 733.5457153320312,
  "summary_fg_n": 69371.0,
  "summary_fg_p05": 589.8560791015625,
  "summary_fg_p95": 910.2098999023438,
  "summary_fg_stdv": 104.86677551269531,
  "tsnr": 54.439048767089844
}