{
  "aor": 0.0003871978021978022,
  "aqi": 0.011306967252747251,
  "bids_meta": {
    "AcquisitionMatrixPE": 78,
    "AcquisitionNumber": 1,
    "AcquisitionTime": "17:59:20.205000",
    "BandwidthPerPixelPhaseEncode": 20.678,
    "BaseResolution": 78,
    "BodyPartExamined": "BRAIN",
    "ConsistencyInfo": "N4_VE11C_LATEST_20160120",
    "ConversionSoftware": "dcm2niix",
    "ConversionSoftwareVersion": "v1.0.20171215 GCC4.8.5",
    "DerivedVendorReportedEchoSpacing": 0.000620007,
    "DeviceSerialNumber": "45031",
    "DwellTime": 3.2e-06,
    "EchoTime": 0.032,
    "EchoTrainLength": 78,
    "EffectiveEchoSpacing": 0.000620007,
    "FlipAngle": 70,
    "ImageOrientationPatientDICOM": [
      0.999062,
      0.0045509,
      0.0430535,
      -0.0092418,
      0.993956,
      0.109393
    ],
    "ImageType": [
      "ORIGINAL",
      "PRIMARY",
      "M",
      "ND",
      "NORM",
      "MOSAIC"
    ],
    "InPlanePhaseEncodingDirectionDICOM": "COL",
    "InstitutionAddress": "Washington_and_Faculty_Rd._-_Building_25_25_Princeton_NJ_US_085",
    "InstitutionName": "Princeton_University_-_Neuroscience_Institute",
    "InstitutionalDepartmentName": "Department",
    "MRAcquisitionType": "2D",
    "MagneticFieldStrength": 3,
    "Manufacturer": "Siemens",
    "ManufacturersModelName": "Skyra",
    "Modality": "MR",
    "MultibandAccelerationFactor": 4,
    "PartialFourier": 1,
    "PatientPosition": "HFS",
    "PercentPhaseFOV": 100,
    "PhaseEncodingDirection": "j-",
    "PhaseEncodingSteps": 78,
    "PhaseResolution": 1,
    "PixelBandwidth": 2005,
    "ProcedureStepDescription": "TamirL_Mark",
    "ProtocolName": "EPI_2.5mm_1.5TR_32TE_SMS4_Siemens",
    "PulseSequenceDetails": "%SiemensSeq%_ep2d_bold",
    "ReceiveCoilActiveElements": "HC1-7",
    "ReceiveCoilName": "HeadNeck_64",
    "ReconMatrixPE": 78,
    "RepetitionTime": 1.5,
    "SAR": 0.0418499,
    "ScanOptions": "FS",
    "ScanningSequence": "EP",
    "SequenceName": "_epfid2d1_78",
    "SequenceVariant": "SK",
    "SeriesDescription": "EPI_2.5mm_1.5TR_32TE_SMS4_Siemens",
    "SeriesNumber": 16,
    "ShimSetting": [
      3415,
      8730,
      9354,
      761,
      50,
      -99,
      55,
      174
    ],
    "SliceThickness": 2.5,
    "SliceTiming": [
      0.6825,
      0,
      0.7975,
      0.1125,
      0.91,
      0.2275,
      1.025,
      0.34,
      1.1375,
      0.455,
      1.2525,
      0.57,
      1.365,
      0.6825,
      0,
      0.7975,
      0.1125,
      0.91,
      0.2275,
      1.025,
      0.34,
      1.1375,
      0.455,
      1.2525,
      0.57,
      1.365,
      0.6825,
      0,
      0.7975,
      0.1125,
      0.91,
      0.2275,
      1.025,
      0.34,
      1.1375,
      0.455,
      1.2525,
      0.57,
      1.365,
      0.6825,
      0,
      0.7975,
      0.1125,
      0.91,
      0.2275,
      1.025,
      0.34,
      1.1375,
      0.455,
      1.2525,
      0.57,
      1.365
    ],
    "SoftwareVersions": "syngo_MR_E11",
    "SpacingBetweenSlices": 2.5,
    "StationName": "AWP45031",
    "TaskName": "sitrep",
    "TotalReadoutTime": 0.0477406,
    "TxRefAmp": 299.954,
    "dataset": "ds004226",
    "modality": "bold",
    "run_id": 8,
    "subject_id": "011",
    "task_id": "sitrep"
  },
  "dummy_trs": 0,
  "dvars_nstd": 36.12380134426998,
  "dvars_std": 1.3579869929201107,
  "dvars_vstd": 0.9865967163360878,
  "efc": 0.5542458297817059,
  "fber": 3957.603515625,
  "fd_mean": 0.12359450395430492,
  "fd_num": 52,
  "fd_perc": 14.285714285714286,
  "fwhm_avg": 1.7678653333333332,
  "fwhm_x": 1.619256,
  "fwhm_y": 1.8983,
  "fwhm_z": 1.7860399999999998,
  "gcor": 0.0242599,
  "gsr_x": -0.01197398453950882,
  "gsr_y": 0.05941300466656685,
  "provenance": {
    "md5sum": "ff66e01bd34421fb404bb4a586424c24",
    "settings": {
      "fd_thres": 0.2,
      "testing": false
    },
    "software": "mriqc",
    "version": "23.0.0",
    "webapi_port": null,
    "webapi_url": "https://mriqc.nimh.nih.gov/api/v1"
  },
  "size_t": 364,
  "size_x": 78,
  "size_y": 78,
  "size_z": 52,
  "snr": 6.988256871408422,
  "spacing_tr": 1.5,
  "spacing_x": 2.5,
  "spacing_y": 2.5,
  "spacing_z": 2.5,
  "summary_bg_k": 10.340437340064069,
  "summary_bg_mad": 14.080467475254382,
  "summary_bg_mean": 45.93352127075195,
  "summary_bg_median": 11.248690605163574,
  "summary_bg_n": 191299.0,
  "summary_bg_p05": 1.1483368039131165,
  "summary_bg_p95": 228.32354583740243,
  "summary_bg_stdv": 81.95523071289062,
  "summary_fg_k": 1.9127731832099881,
  "summary_fg_mad": 101.15448175895624,
  "summary_fg_mean": 740.4098510742188,
  "summary_fg_median": 734.7389526367188,
  "summary_fg_n": 69241.0,
  "summary_fg_p05": 589.7512817382812,
  "summary_fg_p95": 911.9834594726562,
  "summary_fg_stdv": 105.1383285522461,
  "tsnr": 56.11026382446289
}