{
  "aor": 0.0008063736263736263,
  "aqi": 0.01608309681318681,
  "bids_meta": {
    "AcquisitionMatrixPE": 78,
    "AcquisitionNumber": 1,
    "AcquisitionTime": "18:18:55.370000",
    "BandwidthPerPixelPhaseEncode": 20.678,
    "BaseResolution": 78,
    "BodyPartExamined": "BRAIN",
    "ConsistencyInfo": "N4_VE11C_LATEST_20160120",
    "ConversionSoftware": "dcm2niix",
    "ConversionSoftwareVersion": "v1.0.20171215 GCC4.8.5",
    "DerivedVendorReportedEchoSpacing": 0.000620007,
    "DeviceSerialNumber": "45031",
    "DwellTime": 3.2e-06,
    "EchoTime": 0.032,
    "EchoTrainLength": 78,
    "EffectiveEchoSpacing": 0.000620007,
    "FlipAngle": 70,
    "ImageOrientationPatientDICOM": [
      0.999062,
      0.0045509,
      0.0430535,
      -0.0092418,
      0.993956,
      0.109393
    ],
    "ImageType": [
      "ORIGINAL",
      "PRIMARY",
      "M",
      "ND",
      "NORM",
      "MOSAIC"
    ],
    "InPlanePhaseEncodingDirectionDICOM": "COL",
    "InstitutionAddress": "Washington_and_Faculty_Rd._-_Building_25_25_Princeton_NJ_US_085",
    "InstitutionName": "Princeton_University_-_Neuroscience_Institute",
    "InstitutionalDepartmentName": "Department",
    "MRAcquisitionType": "2D",
    "MagneticFieldStrength": 3,
    "Manufacturer": "Siemens",
    "ManufacturersModelName": "Skyra",
    "Modality": "MR",
    "MultibandAccelerationFactor": 4,
    "PartialFourier": 1,
    "PatientPosition": "HFS",
    "PercentPhaseFOV": 100,
    "PhaseEncodingDirection": "j-",
    "PhaseEncodingSteps": 78,
    "PhaseResolution": 1,
    "PixelBandwidth": 2005,
    "ProcedureStepDescription": "TamirL_Mark",
    "ProtocolName": "EPI_2.5mm_1.5TR_32TE_SMS4_Siemens",
    "PulseSequenceDetails": "%SiemensSeq%_ep2d_bold",
    "ReceiveCoilActiveElements": "HC1-7",
    "ReceiveCoilName": "HeadNeck_64",
    "ReconMatrixPE": 78,
    "RepetitionTime": 1.5,
    "SAR": 0.0418499,
    "ScanOptions": "FS",
    "ScanningSequence": "EP",
    "SequenceName": "_epfid2d1_78",
    "SequenceVariant": "SK",
    "SeriesDescription": "EPI_2.5mm_1.5TR_32TE_SMS4_Siemens",
    "SeriesNumber": 18,
    "ShimSetting": [
      3415,
      8730,
      9354,
      761,
      50,
      -99,
      55,
      174
    ],
    "SliceThickness": 2.5,
    "SliceTiming": [
      0.685,
      0,
      0.7975,
      0.115,
      0.9125,
      0.2275,
      1.025,
      0.3425,
      1.14,
      0.455,
      1.2525,
      0.57,
      1.3675,
      0.685,
      0,
      0.7975,
      0.115,
      0.9125,
      0.2275,
      1.025,
      0.3425,
      1.14,
      0.455,
      1.2525,
      0.57,
      1.3675,
      0.685,
      0,
      0.7975,
      0.115,
      0.9125,
      0.2275,
      1.025,
      0.3425,
      1.14,
      0.455,
      1.2525,
      0.57,
      1.3675,
      0.685,
      0,
      0.7975,
      0.115,
      0.9125,
      0.2275,
      1.025,
      0.3425,
      1.14,
      0.455,
      1.2525,
      0.57,
      1.3675
    ],
    "SoftwareVersions": "syngo_MR_E11",
    "SpacingBetweenSlices": 2.5,
    "StationName": "AWP45031",
    "TaskName": "sitrep",
    "TotalReadoutTime": 0.0477406,
    "TxRefAmp": 299.954,
    "dataset": "ds004226",
    "modality": "bold",
    "run_id": 10,
    "subject_id": "011",
    "task_id": "sitrep"
  },
  "dummy_trs": 0,
  "dvars_nstd": 35.45701234451794,
  "dvars_std": 1.3221975349311292,
  "dvars_vstd": 0.9702531360330576,
  "efc": 0.5561872495319822,
  "fber": 3701.2822265625,
  "fd_mean": 0.12450687364735505,
  "fd_num": 42,
  "fd_perc": 11.538461538461538,
  "fwhm_avg": 1.7866626666666667,
  "fwhm_x": 1.6256920000000001,
  "fwhm_y": 1.9254200000000001,
  "fwhm_z": 1.8088760000000002,
  "gcor": 0.0156737,
  "gsr_x": -0.012785465456545353,
  "gsr_y": 0.05828371271491051,
  "provenance": {
    "md5sum": "bb58081450654ff44f962daf2e6bc47c",
    "settings": {
      "fd_thres": 0.2,
      "testing": false
    },
    "software": "mriqc",
    "version": "23.0.0",
    "webapi_port": null,
    "webapi_url": "https://mriqc.nimh.nih.gov/api/v1"
  },
  "size_t": 364,
  "size_x": 78,
  "size_y": 78,
  "size_z": 52,
  "snr": 7.032677716513509,
  "spacing_tr": 1.5,
  "spacing_x": 2.5,
  "spacing_y": 2.5,
  "spacing_z": 2.5,
  "summary_bg_k": 9.834233622891901,
  "summary_bg_mad": 14.723151046474177,
  "summary_bg_mean": 46.64192581176758,
  "summary_bg_median": 11.747851371765137,
  "summary_bg_n": 191094.0,
  "summary_bg_p05": 1.2182572603225708,
  "summary_bg_p95": 230.84158630371104,
  "summary_bg_stdv": 81.90595245361328,
  "summary_fg_k": 1.8633629440970108,
  "summary_fg_mad": 100.92888804980497,
  "summary_fg_mean": 738.9248657226562,
  "summary_fg_median": 733.0199584960938,
  "summary_fg_n": 69443.0,
  "summary_fg_p05": 590.8134582519531,
  "summary_fg_p95": 909.7228027343749,
  "summary_fg_stdv": 104.22981262207031,
  "tsnr": 48.72736358642578
}