{
  "bids_meta": {
    "AcquisitionMatrixPE": 256,
    "AcquisitionNumber": 1,
    "AcquisitionTime": "19:17:10.832500",
    "BaseResolution": 256,
    "BodyPartExamined": "BRAIN",
    "ConsistencyInfo": "N4_VE11C_LATEST_20160120",
    "ConversionSoftware": "dcm2niix",
    "ConversionSoftwareVersion": "v1.0.20171215 GCC4.8.5",
    "DeviceSerialNumber": "45031",
    "DwellTime": 8.2e-06,
    "EchoTime": 0.00298,
    "FlipAngle": 9,
    "ImageOrientationPatientDICOM": [
      -0.0590087,
      0.998195,
      -0.0111364,
      -0.0765396,
      -0.0156471,
      -0.996944
    ],
    "ImageType": [
      "ORIGINAL",
      "PRIMARY",
      "M",
      "ND",
      "NORM"
    ],
    "InPlanePhaseEncodingDirectionDICOM": "ROW",
    "InstitutionAddress": "Washington_and_Faculty_Rd._-_Building_25_25_Princeton_NJ_US_085",
    "InstitutionName": "Princeton_University_-_Neuroscience_Institute",
    "InstitutionalDepartmentName": "Department",
    "InversionTime": 0.9,
    "MRAcquisitionType": "3D",
    "MagneticFieldStrength": 3,
    "Manufacturer": "Siemens",
    "ManufacturersModelName": "Skyra",
    "Modality": "MR",
    "ParallelReductionFactorInPlane": 2,
    "PartialFourier": 1,
    "PatientPosition": "HFS",
    "PercentPhaseFOV": 100,
    "PhaseEncodingSteps": 255,
    "PhaseResolution": 1,
    "PixelBandwidth": 240,
    "ProcedureStepDescription": "TamirL_Mark",
    "ProtocolName": "T1w_MPR_1iso_iP2",
    "PulseSequenceDetails": "%SiemensSeq%_tfl",
    "ReceiveCoilActiveElements": "HC1-7;NC1",
    "ReceiveCoilName": "HeadNeck_64",
    "ReconMatrixPE": 256,
    "RepetitionTime": 2.3,
    "SAR": 0.0751357,
    "ScanOptions": "IR",
    "ScanningSequence": "GR_IR",
    "SequenceName": "_tfl3d1_16ns",
    "SequenceVariant": "SK_SP_MP",
    "SeriesDescription": "T1w_MPR_1iso_iP2",
    "SeriesNumber": 6,
    "ShimSetting": [
      3345,
      8653,
      9075,
      484,
      10,
      -905,
      274,
      343
    ],
    "SliceThickness": 1,
    "SoftwareVersions": "syngo_MR_E11",
    "StationName": "AWP45031",
    "TxRefAmp": 310.624,
    "dataset": "ds004226",
    "modality": "T1w",
    "subject_id": "025"
  },
  "cjv": 0.34420229053068585,
  "cnr": 3.8775286989183435,
  "efc": 0.5203574764602309,
  "fber": -1.0,
  "fwhm_avg": 3.3835766167728694,
  "fwhm_x": 3.5161898503186086,
  "fwhm_y": 3.44946,
  "fwhm_z": 3.18508,
  "icvs_csf": 0.18581512838605493,
  "icvs_gm": 0.4700540725585042,
  "icvs_wm": 0.34413079905544086,
  "inu_med": 0.5929921269416809,
  "inu_range": 0.216449785232544,
  "provenance": {
    "md5sum": "720d68ad5ac01cbc0939ac1cc4eafb99",
    "settings": {
      "testing": false
    },
    "software": "mriqc",
    "version": "23.0.0",
    "warnings": {
      "large_rot_frame": true,
      "small_air_mask": false
    },
    "webapi_port": null,
    "webapi_url": "https://mriqc.nimh.nih.gov/api/v1"
  },
  "qi_1": 0.0,
  "qi_2": 0.0015025215385516366,
  "rpve_csf": 24.507516415406084,
  "rpve_gm": 10.795377182074478,
  "rpve_wm": 16.40177163747589,
  "size_x": 176,
  "size_y": 256,
  "size_z": 256,
  "snr_csf": 1.8053299428833696,
  "snr_gm": 9.603126248361724,
  "snr_total": 10.582137434051534,
  "snr_wm": 20.33795611090951,
  "snrd_csf": 22.103093936090502,
  "snrd_gm": 65.06924602642391,
  "snrd_total": 61.50263238877064,
  "snrd_wm": 97.3355572037975,
  "spacing_x": 0.9999971985816956,
  "spacing_y": 1.0,
  "spacing_z": 1.0,
  "summary_bg_k": 9.304358124101215,
  "summary_bg_mad": 0.0,
  "summary_bg_mean": 4.1064620397174325,
  "summary_bg_median": 0.0,
  "summary_bg_n": 3962069.0,
  "summary_bg_p05": 0.0,
  "summary_bg_p95": 17.060904815793037,
  "summary_bg_stdv": 6.7306994915462015,
  "summary_csf_k": 15.438616428794397,
  "summary_csf_mad": 92.72822012753552,
  "summary_csf_mean": 244.7496586563953,
  "summary_csf_median": 227.08138811588287,
  "summary_csf_n": 30571.0,
  "summary_csf_p05": 80.08940033614635,
  "summary_csf_p95": 467.46134177595377,
  "summary_csf_stdv": 125.78181344670608,
  "summary_gm_k": 0.09064259972282374,
  "summary_gm_mad": 67.70982601331659,
  "summary_gm_mean": 668.5964364343295,
  "summary_gm_median": 668.5043620616198,
  "summary_gm_n": 47075.0,
  "summary_gm_p05": 552.9036941252649,
  "summary_gm_p95": 784.168356500566,
  "summary_gm_stdv": 69.61246205837162,
  "summary_wm_k": 0.5778900639909108,
  "summary_wm_mad": 46.391724185306636,
  "summary_wm_mean": 999.960866964229,
  "summary_wm_median": 999.9999776855111,
  "summary_wm_n": 211247.0,
  "summary_wm_p05": 919.7988246977329,
  "summary_wm_p95": 1080.3501342087984,
  "summary_wm_stdv": 49.16903180102914,
  "tpm_overlap_csf": 0.1681117129224037,
  "tpm_overlap_gm": 0.4743746759675308,
  "tpm_overlap_wm": 0.49266756000481315,
  "wm2max": 0.49968356786538604
}