{
  "bids_meta": {
    "AcquisitionMatrixPE": 256,
    "AcquisitionNumber": 1,
    "AcquisitionTime": "19:20:30.195000",
    "BaseResolution": 256,
    "BodyPartExamined": "BRAIN",
    "ConsistencyInfo": "N4_VE11C_LATEST_20160120",
    "ConversionSoftware": "dcm2niix",
    "ConversionSoftwareVersion": "v1.0.20171215 GCC4.8.5",
    "DeviceSerialNumber": "45031",
    "DwellTime": 8.2e-06,
    "EchoTime": 0.00298,
    "FlipAngle": 9,
    "ImageOrientationPatientDICOM": [
      0.0173517,
      0.996458,
      -0.0822806,
      0.0105407,
      -0.0824707,
      -0.996538
    ],
    "ImageType": [
      "ORIGINAL",
      "PRIMARY",
      "M",
      "ND",
      "NORM"
    ],
    "InPlanePhaseEncodingDirectionDICOM": "ROW",
    "InstitutionAddress": "Washington_and_Faculty_Rd._-_Building_25_25_Princeton_NJ_US_085",
    "InstitutionName": "Princeton_University_-_Neuroscience_Institute",
    "InstitutionalDepartmentName": "Department",
    "InversionTime": 0.9,
    "MRAcquisitionType": "3D",
    "MagneticFieldStrength": 3,
    "Manufacturer": "Siemens",
    "ManufacturersModelName": "Skyra",
    "Modality": "MR",
    "ParallelReductionFactorInPlane": 2,
    "PartialFourier": 1,
    "PatientPosition": "HFS",
    "PercentPhaseFOV": 100,
    "PhaseEncodingSteps": 255,
    "PhaseResolution": 1,
    "PixelBandwidth": 240,
    "ProcedureStepDescription": "TamirL_Mark",
    "ProtocolName": "T1w_MPR_1iso_iP2",
    "PulseSequenceDetails": "%SiemensSeq%_tfl",
    "ReceiveCoilActiveElements": "HC1-7;NC1",
    "ReceiveCoilName": "HeadNeck_64",
    "ReconMatrixPE": 256,
    "RepetitionTime": 2.3,
    "SAR": 0.0701225,
    "ScanOptions": "IR",
    "ScanningSequence": "GR_IR",
    "SequenceName": "_tfl3d1_16ns",
    "SequenceVariant": "SK_SP_MP",
    "SeriesDescription": "T1w_MPR_1iso_iP2",
    "SeriesNumber": 6,
    "ShimSetting": [
      3315,
      8992,
      8791,
      462,
      -188,
      1161,
      1700,
      586
    ],
    "SliceThickness": 1,
    "SoftwareVersions": "syngo_MR_E11",
    "StationName": "AWP45031",
    "TxRefAmp": 323.851,
    "dataset": "ds004226",
    "modality": "T1w",
    "subject_id": "032"
  },
  "cjv": 0.3448637742723479,
  "cnr": 3.880139479344333,
  "efc": 0.519855551595587,
  "fber": 12366.041088385684,
  "fwhm_avg": 3.449979858228383,
  "fwhm_x": 3.5677995746851474,
  "fwhm_y": 3.50978,
  "fwhm_z": 3.27236,
  "icvs_csf": 0.21795882963629,
  "icvs_gm": 0.4485188435487717,
  "icvs_wm": 0.33352232681493826,
  "inu_med": 0.6269494295120239,
  "inu_range": 0.2129772067070007,
  "provenance": {
    "md5sum": "015e24d2ebe5affdda2eeb506d52d1ab",
    "settings": {
      "testing": false
    },
    "software": "mriqc",
    "version": "23.0.0",
    "warnings": {
      "large_rot_frame": true,
      "small_air_mask": false
    },
    "webapi_port": null,
    "webapi_url": "https://mriqc.nimh.nih.gov/api/v1"
  },
  "qi_1": 0.0,
  "qi_2": 0.0008722943690183455,
  "rpve_csf": 24.074966752176078,
  "rpve_gm": 12.241696649420536,
  "rpve_wm": 18.366843310477,
  "size_x": 176,
  "size_y": 256,
  "size_z": 256,
  "snr_csf": 1.530729486490148,
  "snr_gm": 9.200458293432614,
  "snr_total": 10.281009789192572,
  "snr_wm": 20.111841587654954,
  "snrd_csf": 16.25485448688388,
  "snrd_gm": 48.83941313595579,
  "snrd_total": 46.37561132386096,
  "snrd_wm": 74.0325663487432,
  "spacing_x": 1.0000001192092896,
  "spacing_y": 1.0,
  "spacing_z": 1.0,
  "summary_bg_k": 606.2857320495318,
  "summary_bg_mad": 0.0,
  "summary_bg_mean": 5.2934318672207725,
  "summary_bg_median": 0.0,
  "summary_bg_n": 3769442.0,
  "summary_bg_p05": 0.0,
  "summary_bg_p95": 21.358159605413675,
  "summary_bg_stdv": 8.849300016132563,
  "summary_csf_k": 24.753301812486512,
  "summary_csf_mad": 118.66813441212582,
  "summary_csf_mean": 242.84783681035606,
  "summary_csf_median": 219.5635658055544,
  "summary_csf_n": 40235.0,
  "summary_csf_p05": 68.4851283442229,
  "summary_csf_p95": 474.52606951333564,
  "summary_csf_stdv": 143.43542684180477,
  "summary_gm_k": 0.07204781556391815,
  "summary_gm_mad": 69.82682856460877,
  "summary_gm_mean": 659.7209476928873,
  "summary_gm_median": 659.7017345577478,
  "summary_gm_n": 30955.0,
  "summary_gm_p05": 540.9469970278442,
  "summary_gm_p95": 777.4454349465668,
  "summary_gm_stdv": 71.70198022895237,
  "summary_wm_k": 0.4663446000419409,
  "summary_wm_mad": 47.529710677698816,
  "summary_wm_mean": 999.2654785906294,
  "summary_wm_median": 999.99998562783,
  "summary_wm_n": 182981.0,
  "summary_wm_p05": 916.884307321161,
  "summary_wm_p95": 1079.3242746554315,
  "summary_wm_stdv": 49.721814322255405,
  "tpm_overlap_csf": 0.1579830286811104,
  "tpm_overlap_gm": 0.467679578573096,
  "tpm_overlap_wm": 0.4864306281478182,
  "wm2max": 0.4277040053332372
}