{
  "aor": 0.0024661263736263737,
  "aqi": 0.02088562554945055,
  "bids_meta": {
    "AcquisitionMatrixPE": 78,
    "AcquisitionNumber": 1,
    "AcquisitionTime": "20:06:13.532500",
    "BandwidthPerPixelPhaseEncode": 20.678,
    "BaseResolution": 78,
    "BodyPartExamined": "BRAIN",
    "ConsistencyInfo": "N4_VE11C_LATEST_20160120",
    "ConversionSoftware": "dcm2niix",
    "ConversionSoftwareVersion": "v1.0.20171215 GCC4.8.5",
    "DerivedVendorReportedEchoSpacing": 0.000620007,
    "DeviceSerialNumber": "45031",
    "DwellTime": 3.2e-06,
    "EchoTime": 0.032,
    "EchoTrainLength": 78,
    "EffectiveEchoSpacing": 0.000620007,
    "FlipAngle": 70,
    "ImageOrientationPatientDICOM": [
      0.997468,
      0.0593433,
      0.039203,
      -0.056815,
      0.996412,
      -0.0627311
    ],
    "ImageType": [
      "ORIGINAL",
      "PRIMARY",
      "M",
      "ND",
      "NORM",
      "MOSAIC"
    ],
    "InPlanePhaseEncodingDirectionDICOM": "COL",
    "InstitutionAddress": "Washington_and_Faculty_Rd._-_Building_25_25_Princeton_NJ_US_085",
    "InstitutionName": "Princeton_University_-_Neuroscience_Institute",
    "InstitutionalDepartmentName": "Department",
    "MRAcquisitionType": "2D",
    "MagneticFieldStrength": 3,
    "Manufacturer": "Siemens",
    "ManufacturersModelName": "Skyra",
    "Modality": "MR",
    "MultibandAccelerationFactor": 4,
    "PartialFourier": 1,
    "PatientPosition": "HFS",
    "PercentPhaseFOV": 100,
    "PhaseEncodingDirection": "j-",
    "PhaseEncodingSteps": 78,
    "PhaseResolution": 1,
    "PixelBandwidth": 2005,
    "ProcedureStepDescription": "TamirL_Mark",
    "ProtocolName": "EPI_2.5mm_1.5TR_32TE_SMS4_Siemens",
    "PulseSequenceDetails": "%SiemensSeq%_ep2d_bold",
    "ReceiveCoilActiveElements": "HC1-7",
    "ReceiveCoilName": "HeadNeck_64",
    "ReconMatrixPE": 78,
    "RepetitionTime": 1.5,
    "SAR": 0.0634892,
    "ScanOptions": "FS",
    "ScanningSequence": "EP",
    "SequenceName": "_epfid2d1_78",
    "SequenceVariant": "SK",
    "SeriesDescription": "EPI_2.5mm_1.5TR_32TE_SMS4_Siemens",
    "SeriesNumber": 13,
    "ShimSetting": [
      3397,
      8809,
      9342,
      406,
      195,
      -131,
      254,
      203
    ],
    "SliceThickness": 2.5,
    "SliceTiming": [
      0.6825,
      0,
      0.795,
      0.1125,
      0.91,
      0.2275,
      1.0225,
      0.34,
      1.1375,
      0.455,
      1.25,
      0.5675,
      1.365,
      0.6825,
      0,
      0.795,
      0.1125,
      0.91,
      0.2275,
      1.0225,
      0.34,
      1.1375,
      0.455,
      1.25,
      0.5675,
      1.365,
      0.6825,
      0,
      0.795,
      0.1125,
      0.91,
      0.2275,
      1.0225,
      0.34,
      1.1375,
      0.455,
      1.25,
      0.5675,
      1.365,
      0.6825,
      0,
      0.795,
      0.1125,
      0.91,
      0.2275,
      1.0225,
      0.34,
      1.1375,
      0.455,
      1.25,
      0.5675,
      1.365
    ],
    "SoftwareVersions": "syngo_MR_E11",
    "SpacingBetweenSlices": 2.5,
    "StationName": "AWP45031",
    "TaskName": "sitrep",
    "TotalReadoutTime": 0.0477406,
    "TxRefAmp": 347.161,
    "dataset": "ds004226",
    "modality": "bold",
    "run_id": 5,
    "subject_id": "006",
    "task_id": "sitrep"
  },
  "dummy_trs": 0,
  "dvars_nstd": 33.563181280716236,
  "dvars_std": 1.2378979926721758,
  "dvars_vstd": 0.9913930146005517,
  "efc": 0.600052519377383,
  "fber": 1499.9144287109375,
  "fd_mean": 0.18412759664786205,
  "fd_num": 80,
  "fd_perc": 21.978021978021978,
  "fwhm_avg": 1.738902666666667,
  "fwhm_x": 1.632876,
  "fwhm_y": 1.9201720000000002,
  "fwhm_z": 1.6636600000000001,
  "gcor": 0.022064,
  "gsr_x": -0.001088417717255652,
  "gsr_y": 0.0591723807156086,
  "provenance": {
    "md5sum": "6404d9cd04d7a4bf1e93edeab1882f44",
    "settings": {
      "fd_thres": 0.2,
      "testing": false
    },
    "software": "mriqc",
    "version": "23.0.0",
    "webapi_port": null,
    "webapi_url": "https://mriqc.nimh.nih.gov/api/v1"
  },
  "size_t": 364,
  "size_x": 78,
  "size_y": 78,
  "size_z": 52,
  "snr": 6.977508927959885,
  "spacing_tr": 1.5,
  "spacing_x": 2.5,
  "spacing_y": 2.5,
  "spacing_z": 2.5,
  "summary_bg_k": 7.4735084916538455,
  "summary_bg_mad": 24.78922543072306,
  "summary_bg_mean": 68.6004867553711,
  "summary_bg_median": 19.364368438720703,
  "summary_bg_n": 181440.0,
  "summary_bg_p05": 1.543323314189911,
  "summary_bg_p95": 321.16588745117167,
  "summary_bg_stdv": 109.0921401977539,
  "summary_fg_k": 2.7211520965821245,
  "summary_fg_mad": 100.22631702780318,
  "summary_fg_mean": 787.3831787109375,
  "summary_fg_median": 778.555908203125,
  "summary_fg_n": 76681.0,
  "summary_fg_p05": 635.079833984375,
  "summary_fg_p95": 973.5765380859375,
  "summary_fg_stdv": 111.5800552368164,
  "tsnr": 40.70372009277344
}