{
  "bids_meta": {
    "AcquisitionMatrixPE": 256,
    "AcquisitionNumber": 1,
    "AcquisitionTime": "16:11:2.207500",
    "BaseResolution": 256,
    "BodyPartExamined": "BRAIN",
    "ConsistencyInfo": "N4_VE11C_LATEST_20160120",
    "ConversionSoftware": "dcm2niix",
    "ConversionSoftwareVersion": "v1.0.20171215 GCC4.8.5",
    "DeviceSerialNumber": "45031",
    "DwellTime": 8.2e-06,
    "EchoTime": 0.00298,
    "FlipAngle": 9,
    "ImageOrientationPatientDICOM": [
      -0.0506511,
      0.98688,
      -0.153303,
      0.0270238,
      -0.15209,
      -0.987997
    ],
    "ImageType": [
      "ORIGINAL",
      "PRIMARY",
      "M",
      "ND",
      "NORM"
    ],
    "InPlanePhaseEncodingDirectionDICOM": "ROW",
    "InstitutionAddress": "Washington_and_Faculty_Rd._-_Building_25_25_Princeton_NJ_US_085",
    "InstitutionName": "Princeton_University_-_Neuroscience_Institute",
    "InstitutionalDepartmentName": "Department",
    "InversionTime": 0.9,
    "MRAcquisitionType": "3D",
    "MagneticFieldStrength": 3,
    "Manufacturer": "Siemens",
    "ManufacturersModelName": "Skyra",
    "Modality": "MR",
    "ParallelReductionFactorInPlane": 2,
    "PartialFourier": 1,
    "PatientPosition": "HFS",
    "PercentPhaseFOV": 100,
    "PhaseEncodingSteps": 255,
    "PhaseResolution": 1,
    "PixelBandwidth": 240,
    "ProcedureStepDescription": "TamirL_Mark",
    "ProtocolName": "T1w_MPR_1iso_iP2",
    "PulseSequenceDetails": "%SiemensSeq%_tfl",
    "ReceiveCoilActiveElements": "HC1-7;NC1",
    "ReceiveCoilName": "HeadNeck_64",
    "ReconMatrixPE": 256,
    "RepetitionTime": 2.3,
    "SAR": 0.0611974,
    "ScanOptions": "IR",
    "ScanningSequence": "GR_IR",
    "SequenceName": "_tfl3d1_16ns",
    "SequenceVariant": "SK_SP_MP",
    "SeriesDescription": "T1w_MPR_1iso_iP2",
    "SeriesNumber": 6,
    "ShimSetting": [
      3375,
      8742,
      9063,
      289,
      65,
      -892,
      345,
      -100
    ],
    "SliceThickness": 1,
    "SoftwareVersions": "syngo_MR_E11",
    "StationName": "AWP45031",
    "TxRefAmp": 338.994,
    "dataset": "ds004226",
    "modality": "T1w",
    "subject_id": "021"
  },
  "cjv": 0.36483256717150647,
  "cnr": 3.5995761666852286,
  "efc": 0.5352489807264865,
  "fber": -1.0,
  "fwhm_avg": 3.6871018349021654,
  "fwhm_x": 3.7709255047064962,
  "fwhm_y": 3.83924,
  "fwhm_z": 3.45114,
  "icvs_csf": 0.2299390344012825,
  "icvs_gm": 0.4200041945229703,
  "icvs_wm": 0.35005677107574723,
  "inu_med": 0.5947066247463226,
  "inu_range": 0.20746014118194578,
  "provenance": {
    "md5sum": "dd6b6f9f4c54f91bb6261df82a89810f",
    "settings": {
      "testing": false
    },
    "software": "mriqc",
    "version": "23.0.0",
    "warnings": {
      "large_rot_frame": true,
      "small_air_mask": false
    },
    "webapi_port": null,
    "webapi_url": "https://mriqc.nimh.nih.gov/api/v1"
  },
  "qi_1": 0.0,
  "qi_2": 0.0008646828900955593,
  "rpve_csf": 20.660609704138594,
  "rpve_gm": 11.450978871210488,
  "rpve_wm": 16.028888008943724,
  "size_x": 176,
  "size_y": 256,
  "size_z": 256,
  "snr_csf": 2.0089386853863678,
  "snr_gm": 8.964290023758084,
  "snr_total": 10.673439879639021,
  "snr_wm": 21.047090929772615,
  "snrd_csf": 20.057631176065957,
  "snrd_gm": 66.15219494318418,
  "snrd_total": 61.274543725368154,
  "snrd_wm": 97.61380505685432,
  "spacing_x": 1.0000011920928955,
  "spacing_y": 1.0,
  "spacing_z": 1.0,
  "summary_bg_k": 14.716234638392795,
  "summary_bg_mad": 0.0,
  "summary_bg_mean": 3.7113356354565137,
  "summary_bg_median": 0.0,
  "summary_bg_n": 4117031.0,
  "summary_bg_p05": 0.0,
  "summary_bg_p95": 16.033623442053795,
  "summary_bg_stdv": 6.711513606956792,
  "summary_csf_k": 2.4219422951443264,
  "summary_csf_mad": 88.96997797964858,
  "summary_csf_mean": 221.82481266067302,
  "summary_csf_median": 205.47944605350494,
  "summary_csf_n": 56858.0,
  "summary_csf_p05": 84.25435619428754,
  "summary_csf_p95": 418.9367872662842,
  "summary_csf_stdv": 102.28168763310401,
  "summary_gm_k": 0.09086591079696538,
  "summary_gm_mad": 73.04539048134572,
  "summary_gm_mean": 678.1004278805182,
  "summary_gm_median": 677.6930063590407,
  "summary_gm_n": 22705.0,
  "summary_gm_p05": 552.4984272010624,
  "summary_gm_p95": 804.2029653042555,
  "summary_gm_stdv": 75.59751865759891,
  "summary_wm_k": 0.6773243636886996,
  "summary_wm_mad": 44.54268677061524,
  "summary_wm_mean": 999.5795623688103,
  "summary_wm_median": 999.9999707937241,
  "summary_wm_n": 223785.0,
  "summary_wm_p05": 921.5441823005676,
  "summary_wm_p95": 1076.2375152669847,
  "summary_wm_stdv": 47.51239683624643,
  "tpm_overlap_csf": 0.17233571247577406,
  "tpm_overlap_gm": 0.4665382519715443,
  "tpm_overlap_wm": 0.5204105455130705,
  "wm2max": 0.4879527873016308
}