{
  "aor": 0.009432280219780221,
  "aqi": 0.011378620027472527,
  "bids_meta": {
    "AcquisitionMatrixPE": 78,
    "AcquisitionNumber": 1,
    "AcquisitionTime": "17:26:15.082500",
    "BandwidthPerPixelPhaseEncode": 20.678,
    "BaseResolution": 78,
    "BodyPartExamined": "BRAIN",
    "ConsistencyInfo": "N4_VE11C_LATEST_20160120",
    "ConversionSoftware": "dcm2niix",
    "ConversionSoftwareVersion": "v1.0.20171215 GCC4.8.5",
    "DerivedVendorReportedEchoSpacing": 0.000620007,
    "DeviceSerialNumber": "45031",
    "DwellTime": 3.2e-06,
    "EchoTime": 0.032,
    "EchoTrainLength": 78,
    "EffectiveEchoSpacing": 0.000620007,
    "FlipAngle": 70,
    "ImageOrientationPatientDICOM": [
      0.998462,
      -0.00564229,
      0.0551517,
      0.00871343,
      0.998415,
      -0.0556046
    ],
    "ImageType": [
      "ORIGINAL",
      "PRIMARY",
      "M",
      "ND",
      "NORM",
      "MOSAIC"
    ],
    "InPlanePhaseEncodingDirectionDICOM": "COL",
    "InstitutionAddress": "Washington_and_Faculty_Rd._-_Building_25_25_Princeton_NJ_US_085",
    "InstitutionName": "Princeton_University_-_Neuroscience_Institute",
    "InstitutionalDepartmentName": "Department",
    "MRAcquisitionType": "2D",
    "MagneticFieldStrength": 3,
    "Manufacturer": "Siemens",
    "ManufacturersModelName": "Skyra",
    "Modality": "MR",
    "MultibandAccelerationFactor": 4,
    "PartialFourier": 1,
    "PatientPosition": "HFS",
    "PercentPhaseFOV": 100,
    "PhaseEncodingDirection": "j-",
    "PhaseEncodingSteps": 78,
    "PhaseResolution": 1,
    "PixelBandwidth": 2005,
    "ProcedureStepDescription": "TamirL_Mark",
    "ProtocolName": "EPI_2.5mm_1.5TR_32TE_SMS4_Siemens",
    "PulseSequenceDetails": "%SiemensSeq%_ep2d_bold",
    "ReceiveCoilActiveElements": "HC1-7",
    "ReceiveCoilName": "HeadNeck_64",
    "ReconMatrixPE": 78,
    "RepetitionTime": 1.5,
    "SAR": 0.0615667,
    "ScanOptions": "FS",
    "ScanningSequence": "EP",
    "SequenceName": "_epfid2d1_78",
    "SequenceVariant": "SK",
    "SeriesDescription": "EPI_2.5mm_1.5TR_32TE_SMS4_Siemens",
    "SeriesNumber": 18,
    "ShimSetting": [
      3396,
      8850,
      9328,
      274,
      4,
      62,
      204,
      217
    ],
    "SliceThickness": 2.5,
    "SliceTiming": [
      0.6825,
      0,
      0.795,
      0.1125,
      0.91,
      0.2275,
      1.0225,
      0.34,
      1.1375,
      0.455,
      1.2525,
      0.5675,
      1.365,
      0.6825,
      0,
      0.795,
      0.1125,
      0.91,
      0.2275,
      1.0225,
      0.34,
      1.1375,
      0.455,
      1.2525,
      0.5675,
      1.365,
      0.6825,
      0,
      0.795,
      0.1125,
      0.91,
      0.2275,
      1.0225,
      0.34,
      1.1375,
      0.455,
      1.2525,
      0.5675,
      1.365,
      0.6825,
      0,
      0.795,
      0.1125,
      0.91,
      0.2275,
      1.0225,
      0.34,
      1.1375,
      0.455,
      1.2525,
      0.5675,
      1.365
    ],
    "SoftwareVersions": "syngo_MR_E11",
    "SpacingBetweenSlices": 2.5,
    "StationName": "AWP45031",
    "TaskName": "sitrep",
    "TotalReadoutTime": 0.0477406,
    "TxRefAmp": 342.526,
    "dataset": "ds004226",
    "modality": "bold",
    "run_id": 10,
    "subject_id": "024",
    "task_id": "sitrep"
  },
  "dummy_trs": 0,
  "dvars_nstd": 28.302449576033066,
  "dvars_std": 1.3098945415426997,
  "dvars_vstd": 1.119874493911845,
  "efc": 0.55627995758594,
  "fber": 3946.2548828125,
  "fd_mean": 0.16714205856962636,
  "fd_num": 79,
  "fd_perc": 21.703296703296704,
  "fwhm_avg": 1.7171387188818663,
  "fwhm_x": 1.612528,
  "fwhm_y": 1.89634,
  "fwhm_z": 1.642548156645599,
  "gcor": 0.0395112,
  "gsr_x": -0.0018199188634753227,
  "gsr_y": 0.05461939424276352,
  "provenance": {
    "md5sum": "aaeb3bac5df0e9d16a2ca3c66dcb1f57",
    "settings": {
      "fd_thres": 0.2,
      "testing": false
    },
    "software": "mriqc",
    "version": "23.0.0",
    "webapi_port": null,
    "webapi_url": "https://mriqc.nimh.nih.gov/api/v1"
  },
  "size_t": 364,
  "size_x": 78,
  "size_y": 78,
  "size_z": 52,
  "snr": 6.682195801502989,
  "spacing_tr": 1.5,
  "spacing_x": 2.5,
  "spacing_y": 2.5,
  "spacing_z": 2.499999761581421,
  "summary_bg_k": 10.731547811775323,
  "summary_bg_mad": 15.623561330085522,
  "summary_bg_mean": 49.06681823730469,
  "summary_bg_median": 12.1491117477417,
  "summary_bg_n": 191486.0,
  "summary_bg_p05": 0.9612941592931747,
  "summary_bg_p95": 222.79822540283203,
  "summary_bg_stdv": 82.43954467773438,
  "summary_fg_k": 3.156925130589829,
  "summary_fg_mad": 100.70076059662793,
  "summary_fg_mean": 768.718017578125,
  "summary_fg_median": 763.0573120117188,
  "summary_fg_n": 69641.0,
  "summary_fg_p05": 611.6973876953125,
  "summary_fg_p95": 951.840087890625,
  "summary_fg_stdv": 114.19178009033203,
  "tsnr": 55.00019836425781
}