{
  "aor": 0.0010543956043956044,
  "aqi": 0.01618131804945055,
  "bids_meta": {
    "AcquisitionMatrixPE": 78,
    "AcquisitionNumber": 1,
    "AcquisitionTime": "17:15:23.452500",
    "BandwidthPerPixelPhaseEncode": 20.678,
    "BaseResolution": 78,
    "BodyPartExamined": "BRAIN",
    "ConsistencyInfo": "N4_VE11C_LATEST_20160120",
    "ConversionSoftware": "dcm2niix",
    "ConversionSoftwareVersion": "v1.0.20171215 GCC4.8.5",
    "DerivedVendorReportedEchoSpacing": 0.000620007,
    "DeviceSerialNumber": "45031",
    "DwellTime": 3.2e-06,
    "EchoTime": 0.032,
    "EchoTrainLength": 78,
    "EffectiveEchoSpacing": 0.000620007,
    "FlipAngle": 70,
    "ImageOrientationPatientDICOM": [
      0.99935,
      0.027155,
      -0.0236903,
      -0.0286126,
      0.99757,
      -0.0635279
    ],
    "ImageType": [
      "ORIGINAL",
      "PRIMARY",
      "M",
      "ND",
      "NORM",
      "MOSAIC"
    ],
    "InPlanePhaseEncodingDirectionDICOM": "COL",
    "InstitutionAddress": "Washington_and_Faculty_Rd._-_Building_25_25_Princeton_NJ_US_085",
    "InstitutionName": "Princeton_University_-_Neuroscience_Institute",
    "InstitutionalDepartmentName": "Department",
    "MRAcquisitionType": "2D",
    "MagneticFieldStrength": 3,
    "Manufacturer": "Siemens",
    "ManufacturersModelName": "Skyra",
    "Modality": "MR",
    "MultibandAccelerationFactor": 4,
    "PartialFourier": 1,
    "PatientPosition": "HFS",
    "PercentPhaseFOV": 100,
    "PhaseEncodingDirection": "j-",
    "PhaseEncodingSteps": 78,
    "PhaseResolution": 1,
    "PixelBandwidth": 2005,
    "ProcedureStepDescription": "TamirL_Mark",
    "ProtocolName": "EPI_2.5mm_1.5TR_32TE_SMS4_Siemens",
    "PulseSequenceDetails": "%SiemensSeq%_ep2d_bold",
    "ReceiveCoilActiveElements": "HC1-7",
    "ReceiveCoilName": "HeadNeck_64",
    "ReconMatrixPE": 78,
    "RepetitionTime": 1.5,
    "SAR": 0.0549176,
    "ScanOptions": "FS",
    "ScanningSequence": "EP",
    "SequenceName": "_epfid2d1_78",
    "SequenceVariant": "SK",
    "SeriesDescription": "EPI_2.5mm_1.5TR_32TE_SMS4_Siemens",
    "SeriesNumber": 16,
    "ShimSetting": [
      3394,
      8735,
      9256,
      688,
      14,
      51,
      323,
      296
    ],
    "SliceThickness": 2.5,
    "SliceTiming": [
      0.6825,
      0,
      0.795,
      0.1125,
      0.91,
      0.2275,
      1.0225,
      0.34,
      1.1375,
      0.455,
      1.2525,
      0.5675,
      1.365,
      0.6825,
      0,
      0.795,
      0.1125,
      0.91,
      0.2275,
      1.0225,
      0.34,
      1.1375,
      0.455,
      1.2525,
      0.5675,
      1.365,
      0.6825,
      0,
      0.795,
      0.1125,
      0.91,
      0.2275,
      1.0225,
      0.34,
      1.1375,
      0.455,
      1.2525,
      0.5675,
      1.365,
      0.6825,
      0,
      0.795,
      0.1125,
      0.91,
      0.2275,
      1.0225,
      0.34,
      1.1375,
      0.455,
      1.2525,
      0.5675,
      1.365
    ],
    "SoftwareVersions": "syngo_MR_E11",
    "SpacingBetweenSlices": 2.5,
    "StationName": "AWP45031",
    "TaskName": "sitrep",
    "TotalReadoutTime": 0.0477406,
    "TxRefAmp": 300.633,
    "dataset": "ds004226",
    "modality": "bold",
    "run_id": 8,
    "subject_id": "035",
    "task_id": "sitrep"
  },
  "dummy_trs": 0,
  "dvars_nstd": 28.845051394931136,
  "dvars_std": 1.210006931487604,
  "dvars_vstd": 0.9778056115702477,
  "efc": 0.5739636161724384,
  "fber": 5017.6396484375,
  "fd_mean": 0.18123349491476506,
  "fd_num": 121,
  "fd_perc": 33.24175824175824,
  "fwhm_avg": 1.724046666666667,
  "fwhm_x": 1.587552,
  "fwhm_y": 1.840372,
  "fwhm_z": 1.7442160000000002,
  "gcor": 0.0119672,
  "gsr_x": -0.010995743796229362,
  "gsr_y": 0.048215433955192566,
  "provenance": {
    "md5sum": "081398660f45d42bd9d68bca59c031f6",
    "settings": {
      "fd_thres": 0.2,
      "testing": false
    },
    "software": "mriqc",
    "version": "23.0.0",
    "webapi_port": null,
    "webapi_url": "https://mriqc.nimh.nih.gov/api/v1"
  },
  "size_t": 364,
  "size_x": 78,
  "size_y": 78,
  "size_z": 52,
  "snr": 6.8590410971297935,
  "spacing_tr": 1.5,
  "spacing_x": 2.5,
  "spacing_y": 2.5,
  "spacing_z": 2.5,
  "summary_bg_k": 14.759100296128068,
  "summary_bg_mad": 12.327397891065837,
  "summary_bg_mean": 39.802894592285156,
  "summary_bg_median": 9.783197402954102,
  "summary_bg_n": 179452.0,
  "summary_bg_p05": 0.8731027603149418,
  "summary_bg_p95": 181.67244033813475,
  "summary_bg_stdv": 73.33171081542969,
  "summary_fg_k": 1.4185046808497788,
  "summary_fg_mad": 101.77524904526902,
  "summary_fg_mean": 725.4310302734375,
  "summary_fg_median": 719.77001953125,
  "summary_fg_n": 79572.0,
  "summary_fg_p05": 572.9927581787109,
  "summary_fg_p95": 899.7771179199218,
  "summary_fg_stdv": 104.93675231933594,
  "tsnr": 47.78601837158203
}