{
  "aor": 0.0012207967032967033,
  "aqi": 0.012424752087912088,
  "bids_meta": {
    "AcquisitionMatrixPE": 78,
    "AcquisitionNumber": 1,
    "AcquisitionTime": "16:34:52.257500",
    "BandwidthPerPixelPhaseEncode": 20.678,
    "BaseResolution": 78,
    "BodyPartExamined": "BRAIN",
    "ConsistencyInfo": "N4_VE11C_LATEST_20160120",
    "ConversionSoftware": "dcm2niix",
    "ConversionSoftwareVersion": "v1.0.20171215 GCC4.8.5",
    "DerivedVendorReportedEchoSpacing": 0.000620007,
    "DeviceSerialNumber": "45031",
    "DwellTime": 3.2e-06,
    "EchoTime": 0.032,
    "EchoTrainLength": 78,
    "EffectiveEchoSpacing": 0.000620007,
    "FlipAngle": 70,
    "ImageOrientationPatientDICOM": [
      0.99935,
      0.027155,
      -0.0236903,
      -0.0286126,
      0.99757,
      -0.0635279
    ],
    "ImageType": [
      "ORIGINAL",
      "PRIMARY",
      "M",
      "ND",
      "NORM",
      "MOSAIC"
    ],
    "InPlanePhaseEncodingDirectionDICOM": "COL",
    "InstitutionAddress": "Washington_and_Faculty_Rd._-_Building_25_25_Princeton_NJ_US_085",
    "InstitutionName": "Princeton_University_-_Neuroscience_Institute",
    "InstitutionalDepartmentName": "Department",
    "MRAcquisitionType": "2D",
    "MagneticFieldStrength": 3,
    "Manufacturer": "Siemens",
    "ManufacturersModelName": "Skyra",
    "Modality": "MR",
    "MultibandAccelerationFactor": 4,
    "PartialFourier": 1,
    "PatientPosition": "HFS",
    "PercentPhaseFOV": 100,
    "PhaseEncodingDirection": "j-",
    "PhaseEncodingSteps": 78,
    "PhaseResolution": 1,
    "PixelBandwidth": 2005,
    "ProcedureStepDescription": "TamirL_Mark",
    "ProtocolName": "EPI_2.5mm_1.5TR_32TE_SMS4_Siemens",
    "PulseSequenceDetails": "%SiemensSeq%_ep2d_bold",
    "ReceiveCoilActiveElements": "HC1-7",
    "ReceiveCoilName": "HeadNeck_64",
    "ReconMatrixPE": 78,
    "RepetitionTime": 1.5,
    "SAR": 0.0549176,
    "ScanOptions": "FS",
    "ScanningSequence": "EP",
    "SequenceName": "_epfid2d1_78",
    "SequenceVariant": "SK",
    "SeriesDescription": "EPI_2.5mm_1.5TR_32TE_SMS4_Siemens",
    "SeriesNumber": 12,
    "ShimSetting": [
      3394,
      8735,
      9256,
      688,
      14,
      51,
      323,
      296
    ],
    "SliceThickness": 2.5,
    "SliceTiming": [
      0.6825,
      0,
      0.795,
      0.1125,
      0.91,
      0.2275,
      1.0225,
      0.34,
      1.1375,
      0.455,
      1.2525,
      0.5675,
      1.365,
      0.6825,
      0,
      0.795,
      0.1125,
      0.91,
      0.2275,
      1.0225,
      0.34,
      1.1375,
      0.455,
      1.2525,
      0.5675,
      1.365,
      0.6825,
      0,
      0.795,
      0.1125,
      0.91,
      0.2275,
      1.0225,
      0.34,
      1.1375,
      0.455,
      1.2525,
      0.5675,
      1.365,
      0.6825,
      0,
      0.795,
      0.1125,
      0.91,
      0.2275,
      1.0225,
      0.34,
      1.1375,
      0.455,
      1.2525,
      0.5675,
      1.365
    ],
    "SoftwareVersions": "syngo_MR_E11",
    "SpacingBetweenSlices": 2.5,
    "StationName": "AWP45031",
    "TaskName": "sitrep",
    "TotalReadoutTime": 0.0477406,
    "TxRefAmp": 300.633,
    "dataset": "ds004226",
    "modality": "bold",
    "run_id": 4,
    "subject_id": "035",
    "task_id": "sitrep"
  },
  "dummy_trs": 0,
  "dvars_nstd": 31.047974625895304,
  "dvars_std": 1.3081959062534443,
  "dvars_vstd": 0.996181506280992,
  "efc": 0.5750468438077037,
  "fber": 4896.76123046875,
  "fd_mean": 0.1537464644519182,
  "fd_num": 68,
  "fd_perc": 18.681318681318682,
  "fwhm_avg": 1.7067026666666667,
  "fwhm_x": 1.58108,
  "fwhm_y": 1.817604,
  "fwhm_z": 1.721424,
  "gcor": 0.0363391,
  "gsr_x": -0.014619375579059124,
  "gsr_y": 0.04709800332784653,
  "provenance": {
    "md5sum": "c39c3c91ff9ec8765333ebbd6a486c31",
    "settings": {
      "fd_thres": 0.2,
      "testing": false
    },
    "software": "mriqc",
    "version": "23.0.0",
    "webapi_port": null,
    "webapi_url": "https://mriqc.nimh.nih.gov/api/v1"
  },
  "size_t": 364,
  "size_x": 78,
  "size_y": 78,
  "size_z": 52,
  "snr": 6.769321425551164,
  "spacing_tr": 1.5,
  "spacing_x": 2.5,
  "spacing_y": 2.5,
  "spacing_z": 2.5,
  "summary_bg_k": 14.765543785088582,
  "summary_bg_mad": 12.462443124927994,
  "summary_bg_mean": 40.63996505737305,
  "summary_bg_median": 9.963069915771484,
  "summary_bg_n": 179276.0,
  "summary_bg_p05": 0.9825122505426407,
  "summary_bg_p95": 187.13324737548828,
  "summary_bg_stdv": 74.92976379394531,
  "summary_fg_k": 1.4396308832086877,
  "summary_fg_mad": 103.7694865752633,
  "summary_fg_mean": 728.012451171875,
  "summary_fg_median": 722.2197875976562,
  "summary_fg_n": 79627.0,
  "summary_fg_p05": 572.5688049316407,
  "summary_fg_p95": 905.9143493652343,
  "summary_fg_stdv": 106.68946075439453,
  "tsnr": 54.315391540527344
}