{
  "aor": 0.002028598901098901,
  "aqi": 0.0148787210989011,
  "bids_meta": {
    "AcquisitionMatrixPE": 78,
    "AcquisitionNumber": 1,
    "AcquisitionTime": "16:25:4.005000",
    "BandwidthPerPixelPhaseEncode": 20.678,
    "BaseResolution": 78,
    "BodyPartExamined": "BRAIN",
    "ConsistencyInfo": "N4_VE11C_LATEST_20160120",
    "ConversionSoftware": "dcm2niix",
    "ConversionSoftwareVersion": "v1.0.20171215 GCC4.8.5",
    "DerivedVendorReportedEchoSpacing": 0.000620007,
    "DeviceSerialNumber": "45031",
    "DwellTime": 3.2e-06,
    "EchoTime": 0.032,
    "EchoTrainLength": 78,
    "EffectiveEchoSpacing": 0.000620007,
    "FlipAngle": 70,
    "ImageOrientationPatientDICOM": [
      0.99935,
      0.027155,
      -0.0236903,
      -0.0286126,
      0.99757,
      -0.0635279
    ],
    "ImageType": [
      "ORIGINAL",
      "PRIMARY",
      "M",
      "ND",
      "NORM",
      "MOSAIC"
    ],
    "InPlanePhaseEncodingDirectionDICOM": "COL",
    "InstitutionAddress": "Washington_and_Faculty_Rd._-_Building_25_25_Princeton_NJ_US_085",
    "InstitutionName": "Princeton_University_-_Neuroscience_Institute",
    "InstitutionalDepartmentName": "Department",
    "MRAcquisitionType": "2D",
    "MagneticFieldStrength": 3,
    "Manufacturer": "Siemens",
    "ManufacturersModelName": "Skyra",
    "Modality": "MR",
    "MultibandAccelerationFactor": 4,
    "PartialFourier": 1,
    "PatientPosition": "HFS",
    "PercentPhaseFOV": 100,
    "PhaseEncodingDirection": "j-",
    "PhaseEncodingSteps": 78,
    "PhaseResolution": 1,
    "PixelBandwidth": 2005,
    "ProcedureStepDescription": "TamirL_Mark",
    "ProtocolName": "EPI_2.5mm_1.5TR_32TE_SMS4_Siemens",
    "PulseSequenceDetails": "%SiemensSeq%_ep2d_bold",
    "ReceiveCoilActiveElements": "HC1-7",
    "ReceiveCoilName": "HeadNeck_64",
    "ReconMatrixPE": 78,
    "RepetitionTime": 1.5,
    "SAR": 0.0549176,
    "ScanOptions": "FS",
    "ScanningSequence": "EP",
    "SequenceName": "_epfid2d1_78",
    "SequenceVariant": "SK",
    "SeriesDescription": "EPI_2.5mm_1.5TR_32TE_SMS4_Siemens",
    "SeriesNumber": 11,
    "ShimSetting": [
      3394,
      8735,
      9256,
      688,
      14,
      51,
      323,
      296
    ],
    "SliceThickness": 2.5,
    "SliceTiming": [
      0.685,
      0,
      0.7975,
      0.115,
      0.9125,
      0.2275,
      1.025,
      0.3425,
      1.14,
      0.4575,
      1.2525,
      0.57,
      1.3675,
      0.685,
      0,
      0.7975,
      0.115,
      0.9125,
      0.2275,
      1.025,
      0.3425,
      1.14,
      0.4575,
      1.2525,
      0.57,
      1.3675,
      0.685,
      0,
      0.7975,
      0.115,
      0.9125,
      0.2275,
      1.025,
      0.3425,
      1.14,
      0.4575,
      1.2525,
      0.57,
      1.3675,
      0.685,
      0,
      0.7975,
      0.115,
      0.9125,
      0.2275,
      1.025,
      0.3425,
      1.14,
      0.4575,
      1.2525,
      0.57,
      1.3675
    ],
    "SoftwareVersions": "syngo_MR_E11",
    "SpacingBetweenSlices": 2.5,
    "StationName": "AWP45031",
    "TaskName": "sitrep",
    "TotalReadoutTime": 0.0477406,
    "TxRefAmp": 300.633,
    "dataset": "ds004226",
    "modality": "bold",
    "run_id": 3,
    "subject_id": "035",
    "task_id": "sitrep"
  },
  "dummy_trs": 0,
  "dvars_nstd": 30.803407858347125,
  "dvars_std": 1.30759169476584,
  "dvars_vstd": 1.010444312865014,
  "efc": 0.5740857988757138,
  "fber": 4912.90185546875,
  "fd_mean": 0.1648588478330168,
  "fd_num": 101,
  "fd_perc": 27.747252747252748,
  "fwhm_avg": 1.7124986666666668,
  "fwhm_x": 1.589048,
  "fwhm_y": 1.8209240000000002,
  "fwhm_z": 1.727524,
  "gcor": 0.0281294,
  "gsr_x": -0.01333540491759777,
  "gsr_y": 0.04724883660674095,
  "provenance": {
    "md5sum": "eb5c0e5b3d74e759dad5ca404f935916",
    "settings": {
      "fd_thres": 0.2,
      "testing": false
    },
    "software": "mriqc",
    "version": "23.0.0",
    "webapi_port": null,
    "webapi_url": "https://mriqc.nimh.nih.gov/api/v1"
  },
  "size_t": 364,
  "size_x": 78,
  "size_y": 78,
  "size_z": 52,
  "snr": 6.747849340833777,
  "spacing_tr": 1.5,
  "spacing_x": 2.5,
  "spacing_y": 2.5,
  "spacing_z": 2.5,
  "summary_bg_k": 14.907264725965561,
  "summary_bg_mad": 12.60805396179882,
  "summary_bg_mean": 39.99987030029297,
  "summary_bg_median": 9.951793670654297,
  "summary_bg_n": 179394.0,
  "summary_bg_p05": 0.8754060864448547,
  "summary_bg_p95": 182.71846466064468,
  "summary_bg_stdv": 73.67352294921875,
  "summary_fg_k": 1.4365542684528885,
  "summary_fg_mad": 104.26791022147478,
  "summary_fg_mean": 727.9968872070312,
  "summary_fg_median": 722.0866088867188,
  "summary_fg_n": 79540.0,
  "summary_fg_p05": 572.4993682861328,
  "summary_fg_p95": 906.2614166259766,
  "summary_fg_stdv": 107.00921630859375,
  "tsnr": 49.91654968261719
}