{
  "aor": 0.0014343801652892563,
  "aqi": 0.014565385867768597,
  "bids_meta": {
    "AcquisitionMatrixPE": 78,
    "AcquisitionNumber": 1,
    "AcquisitionTime": "16:44:42.680000",
    "BandwidthPerPixelPhaseEncode": 20.678,
    "BaseResolution": 78,
    "BodyPartExamined": "BRAIN",
    "ConsistencyInfo": "N4_VE11C_LATEST_20160120",
    "ConversionSoftware": "dcm2niix",
    "ConversionSoftwareVersion": "v1.0.20171215 GCC4.8.5",
    "DerivedVendorReportedEchoSpacing": 0.000620007,
    "DeviceSerialNumber": "45031",
    "DwellTime": 3.2e-06,
    "EchoTime": 0.032,
    "EchoTrainLength": 78,
    "EffectiveEchoSpacing": 0.000620007,
    "FlipAngle": 70,
    "ImageOrientationPatientDICOM": [
      0.99935,
      0.027155,
      -0.0236903,
      -0.0286126,
      0.99757,
      -0.0635279
    ],
    "ImageType": [
      "ORIGINAL",
      "PRIMARY",
      "M",
      "ND",
      "NORM",
      "MOSAIC"
    ],
    "InPlanePhaseEncodingDirectionDICOM": "COL",
    "InstitutionAddress": "Washington_and_Faculty_Rd._-_Building_25_25_Princeton_NJ_US_085",
    "InstitutionName": "Princeton_University_-_Neuroscience_Institute",
    "InstitutionalDepartmentName": "Department",
    "MRAcquisitionType": "2D",
    "MagneticFieldStrength": 3,
    "Manufacturer": "Siemens",
    "ManufacturersModelName": "Skyra",
    "Modality": "MR",
    "MultibandAccelerationFactor": 4,
    "PartialFourier": 1,
    "PatientPosition": "HFS",
    "PercentPhaseFOV": 100,
    "PhaseEncodingDirection": "j-",
    "PhaseEncodingSteps": 78,
    "PhaseResolution": 1,
    "PixelBandwidth": 2005,
    "ProcedureStepDescription": "TamirL_Mark",
    "ProtocolName": "EPI_2.5mm_1.5TR_32TE_SMS4_Siemens",
    "PulseSequenceDetails": "%SiemensSeq%_ep2d_bold",
    "ReceiveCoilActiveElements": "HC1-7",
    "ReceiveCoilName": "HeadNeck_64",
    "ReconMatrixPE": 78,
    "RepetitionTime": 1.5,
    "SAR": 0.0549176,
    "ScanOptions": "FS",
    "ScanningSequence": "EP",
    "SequenceName": "_epfid2d1_78",
    "SequenceVariant": "SK",
    "SeriesDescription": "EPI_2.5mm_1.5TR_32TE_SMS4_Siemens",
    "SeriesNumber": 13,
    "ShimSetting": [
      3394,
      8735,
      9256,
      688,
      14,
      51,
      323,
      296
    ],
    "SliceThickness": 2.5,
    "SliceTiming": [
      0.6825,
      0,
      0.7975,
      0.1125,
      0.91,
      0.2275,
      1.025,
      0.34,
      1.1375,
      0.455,
      1.2525,
      0.57,
      1.365,
      0.6825,
      0,
      0.7975,
      0.1125,
      0.91,
      0.2275,
      1.025,
      0.34,
      1.1375,
      0.455,
      1.2525,
      0.57,
      1.365,
      0.6825,
      0,
      0.7975,
      0.1125,
      0.91,
      0.2275,
      1.025,
      0.34,
      1.1375,
      0.455,
      1.2525,
      0.57,
      1.365,
      0.6825,
      0,
      0.7975,
      0.1125,
      0.91,
      0.2275,
      1.025,
      0.34,
      1.1375,
      0.455,
      1.2525,
      0.57,
      1.365
    ],
    "SoftwareVersions": "syngo_MR_E11",
    "SpacingBetweenSlices": 2.5,
    "StationName": "AWP45031",
    "TaskName": "sitrep",
    "TotalReadoutTime": 0.0477406,
    "TxRefAmp": 300.633,
    "dataset": "ds004226",
    "modality": "bold",
    "run_id": 5,
    "subject_id": "035",
    "task_id": "sitrep"
  },
  "dummy_trs": 1,
  "dvars_nstd": 30.580781367817675,
  "dvars_std": 1.2624473325690604,
  "dvars_vstd": 0.9923058823756897,
  "efc": 0.5740754827484527,
  "fber": 4986.11572265625,
  "fd_mean": 0.19620597559239455,
  "fd_num": 135,
  "fd_perc": 37.1900826446281,
  "fwhm_avg": 1.7076400000000003,
  "fwhm_x": 1.5795400000000002,
  "fwhm_y": 1.8263880000000001,
  "fwhm_z": 1.716992,
  "gcor": 0.0193538,
  "gsr_x": -0.014065834693610668,
  "gsr_y": 0.0463484525680542,
  "provenance": {
    "md5sum": "e7aeec216614eac6b84304130e54baf1",
    "settings": {
      "fd_thres": 0.2,
      "testing": false
    },
    "software": "mriqc",
    "version": "23.0.0",
    "webapi_port": null,
    "webapi_url": "https://mriqc.nimh.nih.gov/api/v1"
  },
  "size_t": 363,
  "size_x": 78,
  "size_y": 78,
  "size_z": 52,
  "snr": 6.74805081354365,
  "spacing_tr": 1.5,
  "spacing_x": 2.5,
  "spacing_y": 2.5,
  "spacing_z": 2.5,
  "summary_bg_k": 14.497741388450464,
  "summary_bg_mad": 12.406321207303142,
  "summary_bg_mean": 40.19221878051758,
  "summary_bg_median": 9.881047248840332,
  "summary_bg_n": 179553.0,
  "summary_bg_p05": 0.9647195219993592,
  "summary_bg_p95": 184.1159423828125,
  "summary_bg_stdv": 73.5730209350586,
  "summary_fg_k": 1.3171231422600513,
  "summary_fg_mad": 104.03272448136882,
  "summary_fg_mean": 728.3323974609375,
  "summary_fg_median": 722.3001098632812,
  "summary_fg_n": 79373.0,
  "summary_fg_p05": 572.3369262695312,
  "summary_fg_p95": 906.8597656249999,
  "summary_fg_stdv": 107.03765869140625,
  "tsnr": 50.12700653076172
}