{
  "aor": 0.00040370879120879127,
  "aqi": 0.011338712390109891,
  "bids_meta": {
    "AcquisitionMatrixPE": 78,
    "AcquisitionNumber": 1,
    "AcquisitionTime": "19:26:18.057500",
    "BandwidthPerPixelPhaseEncode": 20.678,
    "BaseResolution": 78,
    "BodyPartExamined": "BRAIN",
    "ConsistencyInfo": "N4_VE11C_LATEST_20160120",
    "ConversionSoftware": "dcm2niix",
    "ConversionSoftwareVersion": "v1.0.20171215 GCC4.8.5",
    "DerivedVendorReportedEchoSpacing": 0.000620007,
    "DeviceSerialNumber": "45031",
    "DwellTime": 3.2e-06,
    "EchoTime": 0.032,
    "EchoTrainLength": 78,
    "EffectiveEchoSpacing": 0.000620007,
    "FlipAngle": 70,
    "ImageOrientationPatientDICOM": [
      0.99767,
      0.0581227,
      0.0357365,
      -0.0617193,
      0.992067,
      0.10952
    ],
    "ImageType": [
      "ORIGINAL",
      "PRIMARY",
      "M",
      "ND",
      "NORM",
      "MOSAIC"
    ],
    "InPlanePhaseEncodingDirectionDICOM": "COL",
    "InstitutionAddress": "Washington_and_Faculty_Rd._-_Building_25_25_Princeton_NJ_US_085",
    "InstitutionName": "Princeton_University_-_Neuroscience_Institute",
    "InstitutionalDepartmentName": "Department",
    "MRAcquisitionType": "2D",
    "MagneticFieldStrength": 3,
    "Manufacturer": "Siemens",
    "ManufacturersModelName": "Skyra",
    "Modality": "MR",
    "MultibandAccelerationFactor": 4,
    "PartialFourier": 1,
    "PatientPosition": "HFS",
    "PercentPhaseFOV": 100,
    "PhaseEncodingDirection": "j-",
    "PhaseEncodingSteps": 78,
    "PhaseResolution": 1,
    "PixelBandwidth": 2005,
    "ProcedureStepDescription": "TamirL_Mark",
    "ProtocolName": "EPI_2.5mm_1.5TR_32TE_SMS4_Siemens",
    "PulseSequenceDetails": "%SiemensSeq%_ep2d_bold",
    "ReceiveCoilActiveElements": "HC1-7",
    "ReceiveCoilName": "HeadNeck_64",
    "ReconMatrixPE": 78,
    "RepetitionTime": 1.5,
    "SAR": 0.0580936,
    "ScanOptions": "FS",
    "ScanningSequence": "EP",
    "SequenceName": "_epfid2d1_78",
    "SequenceVariant": "SK",
    "SeriesDescription": "EPI_2.5mm_1.5TR_32TE_SMS4_Siemens",
    "SeriesNumber": 14,
    "ShimSetting": [
      3411,
      8726,
      9314,
      661,
      164,
      446,
      434,
      160
    ],
    "SliceThickness": 2.5,
    "SliceTiming": [
      0.6825,
      0,
      0.7975,
      0.1125,
      0.91,
      0.2275,
      1.025,
      0.3425,
      1.1375,
      0.455,
      1.2525,
      0.57,
      1.365,
      0.6825,
      0,
      0.7975,
      0.1125,
      0.91,
      0.2275,
      1.025,
      0.3425,
      1.1375,
      0.455,
      1.2525,
      0.57,
      1.365,
      0.6825,
      0,
      0.7975,
      0.1125,
      0.91,
      0.2275,
      1.025,
      0.3425,
      1.1375,
      0.455,
      1.2525,
      0.57,
      1.365,
      0.6825,
      0,
      0.7975,
      0.1125,
      0.91,
      0.2275,
      1.025,
      0.3425,
      1.1375,
      0.455,
      1.2525,
      0.57,
      1.365
    ],
    "SoftwareVersions": "syngo_MR_E11",
    "SpacingBetweenSlices": 2.5,
    "StationName": "AWP45031",
    "TaskName": "sitrep",
    "TotalReadoutTime": 0.0477406,
    "TxRefAmp": 296.424,
    "dataset": "ds004226",
    "modality": "bold",
    "run_id": 6,
    "subject_id": "028",
    "task_id": "sitrep"
  },
  "dummy_trs": 0,
  "dvars_nstd": 32.285493498567504,
  "dvars_std": 1.303137761790635,
  "dvars_vstd": 0.9915766199724518,
  "efc": 0.5549218274365173,
  "fber": 5901.681640625,
  "fd_mean": 0.14872263806052913,
  "fd_num": 77,
  "fd_perc": 21.153846153846153,
  "fwhm_avg": 1.7696386666666666,
  "fwhm_x": 1.653828,
  "fwhm_y": 1.897744,
  "fwhm_z": 1.7573440000000002,
  "gcor": 0.0244453,
  "gsr_x": -0.007635021116584539,
  "gsr_y": 0.04584775120019913,
  "provenance": {
    "md5sum": "5ddf3739052f5a4466b6e4fd6818c4cc",
    "settings": {
      "fd_thres": 0.2,
      "testing": false
    },
    "software": "mriqc",
    "version": "23.0.0",
    "webapi_port": null,
    "webapi_url": "https://mriqc.nimh.nih.gov/api/v1"
  },
  "size_t": 364,
  "size_x": 78,
  "size_y": 78,
  "size_z": 52,
  "snr": 7.293459413065268,
  "spacing_tr": 1.5,
  "spacing_x": 2.5,
  "spacing_y": 2.5,
  "spacing_z": 2.5,
  "summary_bg_k": 15.00286596674572,
  "summary_bg_mad": 10.638659530402034,
  "summary_bg_mean": 37.745479583740234,
  "summary_bg_median": 8.764413833618164,
  "summary_bg_n": 187558.0,
  "summary_bg_p05": 0.9655857890844346,
  "summary_bg_p95": 181.03610687255858,
  "summary_bg_stdv": 69.01443481445312,
  "summary_fg_k": 2.5769836744612595,
  "summary_fg_mad": 85.14642274045116,
  "summary_fg_mean": 693.3264770507812,
  "summary_fg_median": 690.9061889648438,
  "summary_fg_n": 71630.0,
  "summary_fg_p05": 555.3118682861328,
  "summary_fg_p95": 844.6430755615236,
  "summary_fg_stdv": 94.72889709472656,
  "tsnr": 58.93524932861328
}