{
  "aor": 0.0006506318681318681,
  "aqi": 0.013361164258241758,
  "bids_meta": {
    "AcquisitionMatrixPE": 78,
    "AcquisitionNumber": 1,
    "AcquisitionTime": "20:08:50.097500",
    "BandwidthPerPixelPhaseEncode": 20.678,
    "BaseResolution": 78,
    "BodyPartExamined": "BRAIN",
    "ConsistencyInfo": "N4_VE11C_LATEST_20160120",
    "ConversionSoftware": "dcm2niix",
    "ConversionSoftwareVersion": "v1.0.20171215 GCC4.8.5",
    "DerivedVendorReportedEchoSpacing": 0.000620007,
    "DeviceSerialNumber": "45031",
    "DwellTime": 3.2e-06,
    "EchoTime": 0.032,
    "EchoTrainLength": 78,
    "EffectiveEchoSpacing": 0.000620007,
    "FlipAngle": 70,
    "ImageOrientationPatientDICOM": [
      0.99767,
      0.0581227,
      0.0357365,
      -0.0617193,
      0.992067,
      0.10952
    ],
    "ImageType": [
      "ORIGINAL",
      "PRIMARY",
      "M",
      "ND",
      "NORM",
      "MOSAIC"
    ],
    "InPlanePhaseEncodingDirectionDICOM": "COL",
    "InstitutionAddress": "Washington_and_Faculty_Rd._-_Building_25_25_Princeton_NJ_US_085",
    "InstitutionName": "Princeton_University_-_Neuroscience_Institute",
    "InstitutionalDepartmentName": "Department",
    "MRAcquisitionType": "2D",
    "MagneticFieldStrength": 3,
    "Manufacturer": "Siemens",
    "ManufacturersModelName": "Skyra",
    "Modality": "MR",
    "MultibandAccelerationFactor": 4,
    "PartialFourier": 1,
    "PatientPosition": "HFS",
    "PercentPhaseFOV": 100,
    "PhaseEncodingDirection": "j-",
    "PhaseEncodingSteps": 78,
    "PhaseResolution": 1,
    "PixelBandwidth": 2005,
    "ProcedureStepDescription": "TamirL_Mark",
    "ProtocolName": "EPI_2.5mm_1.5TR_32TE_SMS4_Siemens",
    "PulseSequenceDetails": "%SiemensSeq%_ep2d_bold",
    "ReceiveCoilActiveElements": "HC1-7",
    "ReceiveCoilName": "HeadNeck_64",
    "ReconMatrixPE": 78,
    "RepetitionTime": 1.5,
    "SAR": 0.0580936,
    "ScanOptions": "FS",
    "ScanningSequence": "EP",
    "SequenceName": "_epfid2d1_78",
    "SequenceVariant": "SK",
    "SeriesDescription": "EPI_2.5mm_1.5TR_32TE_SMS4_Siemens",
    "SeriesNumber": 18,
    "ShimSetting": [
      3411,
      8726,
      9314,
      661,
      164,
      446,
      434,
      160
    ],
    "SliceThickness": 2.5,
    "SliceTiming": [
      0.685,
      0,
      0.7975,
      0.115,
      0.9125,
      0.2275,
      1.025,
      0.3425,
      1.14,
      0.455,
      1.2525,
      0.57,
      1.3675,
      0.685,
      0,
      0.7975,
      0.115,
      0.9125,
      0.2275,
      1.025,
      0.3425,
      1.14,
      0.455,
      1.2525,
      0.57,
      1.3675,
      0.685,
      0,
      0.7975,
      0.115,
      0.9125,
      0.2275,
      1.025,
      0.3425,
      1.14,
      0.455,
      1.2525,
      0.57,
      1.3675,
      0.685,
      0,
      0.7975,
      0.115,
      0.9125,
      0.2275,
      1.025,
      0.3425,
      1.14,
      0.455,
      1.2525,
      0.57,
      1.3675
    ],
    "SoftwareVersions": "syngo_MR_E11",
    "SpacingBetweenSlices": 2.5,
    "StationName": "AWP45031",
    "TaskName": "sitrep",
    "TotalReadoutTime": 0.0477406,
    "TxRefAmp": 296.424,
    "dataset": "ds004226",
    "modality": "bold",
    "run_id": 10,
    "subject_id": "028",
    "task_id": "sitrep"
  },
  "dummy_trs": 0,
  "dvars_nstd": 32.40606970550966,
  "dvars_std": 1.3134245671074383,
  "dvars_vstd": 0.986894323526171,
  "efc": 0.5560847737163318,
  "fber": 5821.52490234375,
  "fd_mean": 0.12900302324043422,
  "fd_num": 42,
  "fd_perc": 11.538461538461538,
  "fwhm_avg": 1.7681799999999999,
  "fwhm_x": 1.655084,
  "fwhm_y": 1.8988679999999998,
  "fwhm_z": 1.750588,
  "gcor": 0.0300987,
  "gsr_x": -0.00788482278585434,
  "gsr_y": 0.046219054609537125,
  "provenance": {
    "md5sum": "ec0125adb1c4aefd501859a829f7872f",
    "settings": {
      "fd_thres": 0.2,
      "testing": false
    },
    "software": "mriqc",
    "version": "23.0.0",
    "webapi_port": null,
    "webapi_url": "https://mriqc.nimh.nih.gov/api/v1"
  },
  "size_t": 364,
  "size_x": 78,
  "size_y": 78,
  "size_z": 52,
  "snr": 7.246675020971661,
  "spacing_tr": 1.5,
  "spacing_x": 2.5,
  "spacing_y": 2.5,
  "spacing_z": 2.5,
  "summary_bg_k": 14.732720585525698,
  "summary_bg_mad": 10.65066830353085,
  "summary_bg_mean": 38.0826530456543,
  "summary_bg_median": 8.762686729431152,
  "summary_bg_n": 187443.0,
  "summary_bg_p05": 0.9566263258457184,
  "summary_bg_p95": 181.70215454101563,
  "summary_bg_stdv": 69.01932525634766,
  "summary_fg_k": 2.7379870333150294,
  "summary_fg_mad": 84.37675274719558,
  "summary_fg_mean": 688.406982421875,
  "summary_fg_median": 686.1843872070312,
  "summary_fg_n": 71720.0,
  "summary_fg_p05": 551.3539031982422,
  "summary_fg_p95": 838.5356811523441,
  "summary_fg_stdv": 94.68888854980469,
  "tsnr": 56.33289337158203
}