{
  "aor": 0.0005854120879120879,
  "aqi": 0.013617366208791209,
  "bids_meta": {
    "AcquisitionMatrixPE": 78,
    "AcquisitionNumber": 1,
    "AcquisitionTime": "18:55:59.242500",
    "BandwidthPerPixelPhaseEncode": 20.678,
    "BaseResolution": 78,
    "BodyPartExamined": "BRAIN",
    "ConsistencyInfo": "N4_VE11C_LATEST_20160120",
    "ConversionSoftware": "dcm2niix",
    "ConversionSoftwareVersion": "v1.0.20171215 GCC4.8.5",
    "DerivedVendorReportedEchoSpacing": 0.000620007,
    "DeviceSerialNumber": "45031",
    "DwellTime": 3.2e-06,
    "EchoTime": 0.032,
    "EchoTrainLength": 78,
    "EffectiveEchoSpacing": 0.000620007,
    "FlipAngle": 70,
    "ImageOrientationPatientDICOM": [
      0.99767,
      0.0581227,
      0.0357365,
      -0.0617193,
      0.992067,
      0.10952
    ],
    "ImageType": [
      "ORIGINAL",
      "PRIMARY",
      "M",
      "ND",
      "NORM",
      "MOSAIC"
    ],
    "InPlanePhaseEncodingDirectionDICOM": "COL",
    "InstitutionAddress": "Washington_and_Faculty_Rd._-_Building_25_25_Princeton_NJ_US_085",
    "InstitutionName": "Princeton_University_-_Neuroscience_Institute",
    "InstitutionalDepartmentName": "Department",
    "MRAcquisitionType": "2D",
    "MagneticFieldStrength": 3,
    "Manufacturer": "Siemens",
    "ManufacturersModelName": "Skyra",
    "Modality": "MR",
    "MultibandAccelerationFactor": 4,
    "PartialFourier": 1,
    "PatientPosition": "HFS",
    "PercentPhaseFOV": 100,
    "PhaseEncodingDirection": "j-",
    "PhaseEncodingSteps": 78,
    "PhaseResolution": 1,
    "PixelBandwidth": 2005,
    "ProcedureStepDescription": "TamirL_Mark",
    "ProtocolName": "EPI_2.5mm_1.5TR_32TE_SMS4_Siemens",
    "PulseSequenceDetails": "%SiemensSeq%_ep2d_bold",
    "ReceiveCoilActiveElements": "HC1-7",
    "ReceiveCoilName": "HeadNeck_64",
    "ReconMatrixPE": 78,
    "RepetitionTime": 1.5,
    "SAR": 0.0580936,
    "ScanOptions": "FS",
    "ScanningSequence": "EP",
    "SequenceName": "_epfid2d1_78",
    "SequenceVariant": "SK",
    "SeriesDescription": "EPI_2.5mm_1.5TR_32TE_SMS4_Siemens",
    "SeriesNumber": 11,
    "ShimSetting": [
      3411,
      8726,
      9314,
      661,
      164,
      446,
      434,
      160
    ],
    "SliceThickness": 2.5,
    "SliceTiming": [
      0.6825,
      0,
      0.795,
      0.1125,
      0.91,
      0.2275,
      1.0225,
      0.34,
      1.1375,
      0.455,
      1.25,
      0.5675,
      1.365,
      0.6825,
      0,
      0.795,
      0.1125,
      0.91,
      0.2275,
      1.0225,
      0.34,
      1.1375,
      0.455,
      1.25,
      0.5675,
      1.365,
      0.6825,
      0,
      0.795,
      0.1125,
      0.91,
      0.2275,
      1.0225,
      0.34,
      1.1375,
      0.455,
      1.25,
      0.5675,
      1.365,
      0.6825,
      0,
      0.795,
      0.1125,
      0.91,
      0.2275,
      1.0225,
      0.34,
      1.1375,
      0.455,
      1.25,
      0.5675,
      1.365
    ],
    "SoftwareVersions": "syngo_MR_E11",
    "SpacingBetweenSlices": 2.5,
    "StationName": "AWP45031",
    "TaskName": "sitrep",
    "TotalReadoutTime": 0.0477406,
    "TxRefAmp": 296.424,
    "dataset": "ds004226",
    "modality": "bold",
    "run_id": 3,
    "subject_id": "028",
    "task_id": "sitrep"
  },
  "dummy_trs": 0,
  "dvars_nstd": 32.96133454906338,
  "dvars_std": 1.2964056229201109,
  "dvars_vstd": 0.9788496743801661,
  "efc": 0.5547823026721319,
  "fber": 6305.4716796875,
  "fd_mean": 0.17462188928197975,
  "fd_num": 148,
  "fd_perc": 40.65934065934066,
  "fwhm_avg": 1.7763719999999996,
  "fwhm_x": 1.6598479999999998,
  "fwhm_y": 1.915784,
  "fwhm_z": 1.7534839999999998,
  "gcor": 0.0147226,
  "gsr_x": -0.009751472622156143,
  "gsr_y": 0.0451333150267601,
  "provenance": {
    "md5sum": "7af604d603e18a96936a0d212590aca2",
    "settings": {
      "fd_thres": 0.2,
      "testing": false
    },
    "software": "mriqc",
    "version": "23.0.0",
    "webapi_port": null,
    "webapi_url": "https://mriqc.nimh.nih.gov/api/v1"
  },
  "size_t": 364,
  "size_x": 78,
  "size_y": 78,
  "size_z": 52,
  "snr": 7.283392804365451,
  "spacing_tr": 1.5,
  "spacing_x": 2.5,
  "spacing_y": 2.5,
  "spacing_z": 2.5,
  "summary_bg_k": 15.666897826883808,
  "summary_bg_mad": 10.393836513912355,
  "summary_bg_mean": 37.44560241699219,
  "summary_bg_median": 8.572722434997559,
  "summary_bg_n": 187312.0,
  "summary_bg_p05": 0.9374570995569229,
  "summary_bg_p95": 180.76647872924784,
  "summary_bg_stdv": 69.18122863769531,
  "summary_fg_k": 2.8215482595553976,
  "summary_fg_mad": 84.83680826958832,
  "summary_fg_mean": 694.8126220703125,
  "summary_fg_median": 692.1524047851562,
  "summary_fg_n": 71857.0,
  "summary_fg_p05": 557.3150634765625,
  "summary_fg_p95": 846.4786010742188,
  "summary_fg_stdv": 95.03092956542969,
  "tsnr": 56.781333923339844
}