{
  "aor": 0.0019134072022160666,
  "aqi": 0.014948073407202214,
  "bids_meta": {
    "AcquisitionMatrixPE": 78,
    "AcquisitionNumber": 1,
    "AcquisitionTime": "12:02:17.212500",
    "BandwidthPerPixelPhaseEncode": 20.678,
    "BaseResolution": 78,
    "BodyPartExamined": "BRAIN",
    "ConsistencyInfo": "N4_VE11C_LATEST_20160120",
    "ConversionSoftware": "dcm2niix",
    "ConversionSoftwareVersion": "v1.0.20171215 GCC4.8.5",
    "DerivedVendorReportedEchoSpacing": 0.000620007,
    "DeviceSerialNumber": "45031",
    "DwellTime": 3.2e-06,
    "EchoTime": 0.032,
    "EchoTrainLength": 78,
    "EffectiveEchoSpacing": 0.000620007,
    "FlipAngle": 70,
    "ImageOrientationPatientDICOM": [
      0.997521,
      0.0161029,
      -0.0684997,
      -0.0191534,
      0.998843,
      -0.0441132
    ],
    "ImageType": [
      "ORIGINAL",
      "PRIMARY",
      "M",
      "ND",
      "NORM",
      "MOSAIC"
    ],
    "InPlanePhaseEncodingDirectionDICOM": "COL",
    "InstitutionAddress": "Washington_and_Faculty_Rd._-_Building_25_25_Princeton_NJ_US_085",
    "InstitutionName": "Princeton_University_-_Neuroscience_Institute",
    "InstitutionalDepartmentName": "Department",
    "MRAcquisitionType": "2D",
    "MagneticFieldStrength": 3,
    "Manufacturer": "Siemens",
    "ManufacturersModelName": "Skyra",
    "Modality": "MR",
    "MultibandAccelerationFactor": 4,
    "PartialFourier": 1,
    "PatientPosition": "HFS",
    "PercentPhaseFOV": 100,
    "PhaseEncodingDirection": "j-",
    "PhaseEncodingSteps": 78,
    "PhaseResolution": 1,
    "PixelBandwidth": 2005,
    "ProcedureStepDescription": "TamirL_Mark",
    "ProtocolName": "EPI_2.5mm_1.5TR_32TE_SMS4_Siemens",
    "PulseSequenceDetails": "%SiemensSeq%_ep2d_bold",
    "ReceiveCoilActiveElements": "HC1-7",
    "ReceiveCoilName": "HeadNeck_64",
    "ReconMatrixPE": 78,
    "RepetitionTime": 1.5,
    "SAR": 0.0672807,
    "ScanOptions": "FS",
    "ScanningSequence": "EP",
    "SequenceName": "_epfid2d1_78",
    "SequenceVariant": "SK",
    "SeriesDescription": "EPI_2.5mm_1.5TR_32TE_SMS4_Siemens",
    "SeriesNumber": 11,
    "ShimSetting": [
      3331,
      8818,
      9353,
      506,
      -47,
      102,
      167,
      178
    ],
    "SliceThickness": 2.5,
    "SliceTiming": [
      0.6825,
      0,
      0.7975,
      0.1125,
      0.91,
      0.2275,
      1.025,
      0.34,
      1.1375,
      0.455,
      1.2525,
      0.57,
      1.365,
      0.6825,
      0,
      0.7975,
      0.1125,
      0.91,
      0.2275,
      1.025,
      0.34,
      1.1375,
      0.455,
      1.2525,
      0.57,
      1.365,
      0.6825,
      0,
      0.7975,
      0.1125,
      0.91,
      0.2275,
      1.025,
      0.34,
      1.1375,
      0.455,
      1.2525,
      0.57,
      1.365,
      0.6825,
      0,
      0.7975,
      0.1125,
      0.91,
      0.2275,
      1.025,
      0.34,
      1.1375,
      0.455,
      1.2525,
      0.57,
      1.365
    ],
    "SoftwareVersions": "syngo_MR_E11",
    "SpacingBetweenSlices": 2.5,
    "StationName": "AWP45031",
    "TaskName": "sitrep",
    "TotalReadoutTime": 0.0477406,
    "TxRefAmp": 335.542,
    "dataset": "ds004226",
    "modality": "bold",
    "run_id": 3,
    "subject_id": "014",
    "task_id": "sitrep"
  },
  "dummy_trs": 3,
  "dvars_nstd": 34.87451994169445,
  "dvars_std": 1.3156730321666656,
  "dvars_vstd": 1.0277199081666666,
  "efc": 0.6072040974872432,
  "fber": 2333.773681640625,
  "fd_mean": 0.22310187464339962,
  "fd_num": 198,
  "fd_perc": 54.84764542936288,
  "fwhm_avg": 1.7919813333333334,
  "fwhm_x": 1.6659400000000002,
  "fwhm_y": 1.932756,
  "fwhm_z": 1.7772480000000002,
  "gcor": 0.0438372,
  "gsr_x": 0.0010965802939608693,
  "gsr_y": 0.050547417253255844,
  "provenance": {
    "md5sum": "ec9cb4bd00506a0c42e7e7483fae6687",
    "settings": {
      "fd_thres": 0.2,
      "testing": false
    },
    "software": "mriqc",
    "version": "23.0.0",
    "webapi_port": null,
    "webapi_url": "https://mriqc.nimh.nih.gov/api/v1"
  },
  "size_t": 361,
  "size_x": 78,
  "size_y": 78,
  "size_z": 52,
  "snr": 6.843365692484012,
  "spacing_tr": 1.5,
  "spacing_x": 2.5,
  "spacing_y": 2.5,
  "spacing_z": 2.5,
  "summary_bg_k": 8.395875837786994,
  "summary_bg_mad": 20.163175114496322,
  "summary_bg_mean": 63.74100112915039,
  "summary_bg_median": 15.717076301574707,
  "summary_bg_n": 174425.0,
  "summary_bg_p05": 1.358928728103638,
  "summary_bg_p95": 302.61493530273435,
  "summary_bg_stdv": 105.18830871582031,
  "summary_fg_k": 2.2523533446804676,
  "summary_fg_mad": 105.52926229201614,
  "summary_fg_mean": 789.6558227539062,
  "summary_fg_median": 782.6443481445312,
  "summary_fg_n": 82821.0,
  "summary_fg_p05": 627.1578979492188,
  "summary_fg_p95": 979.5292358398438,
  "summary_fg_stdv": 114.3647232055664,
  "tsnr": 48.03925323486328
}