{
  "aor": 0.00197706043956044,
  "aqi": 0.014740717115384615,
  "bids_meta": {
    "AcquisitionMatrixPE": 78,
    "AcquisitionNumber": 1,
    "AcquisitionTime": "12:12:10.065000",
    "BandwidthPerPixelPhaseEncode": 20.678,
    "BaseResolution": 78,
    "BodyPartExamined": "BRAIN",
    "ConsistencyInfo": "N4_VE11C_LATEST_20160120",
    "ConversionSoftware": "dcm2niix",
    "ConversionSoftwareVersion": "v1.0.20171215 GCC4.8.5",
    "DerivedVendorReportedEchoSpacing": 0.000620007,
    "DeviceSerialNumber": "45031",
    "DwellTime": 3.2e-06,
    "EchoTime": 0.032,
    "EchoTrainLength": 78,
    "EffectiveEchoSpacing": 0.000620007,
    "FlipAngle": 70,
    "ImageOrientationPatientDICOM": [
      0.997521,
      0.0161029,
      -0.0684997,
      -0.0191534,
      0.998843,
      -0.0441132
    ],
    "ImageType": [
      "ORIGINAL",
      "PRIMARY",
      "M",
      "ND",
      "NORM",
      "MOSAIC"
    ],
    "InPlanePhaseEncodingDirectionDICOM": "COL",
    "InstitutionAddress": "Washington_and_Faculty_Rd._-_Building_25_25_Princeton_NJ_US_085",
    "InstitutionName": "Princeton_University_-_Neuroscience_Institute",
    "InstitutionalDepartmentName": "Department",
    "MRAcquisitionType": "2D",
    "MagneticFieldStrength": 3,
    "Manufacturer": "Siemens",
    "ManufacturersModelName": "Skyra",
    "Modality": "MR",
    "MultibandAccelerationFactor": 4,
    "PartialFourier": 1,
    "PatientPosition": "HFS",
    "PercentPhaseFOV": 100,
    "PhaseEncodingDirection": "j-",
    "PhaseEncodingSteps": 78,
    "PhaseResolution": 1,
    "PixelBandwidth": 2005,
    "ProcedureStepDescription": "TamirL_Mark",
    "ProtocolName": "EPI_2.5mm_1.5TR_32TE_SMS4_Siemens",
    "PulseSequenceDetails": "%SiemensSeq%_ep2d_bold",
    "ReceiveCoilActiveElements": "HC1-7",
    "ReceiveCoilName": "HeadNeck_64",
    "ReconMatrixPE": 78,
    "RepetitionTime": 1.5,
    "SAR": 0.0672807,
    "ScanOptions": "FS",
    "ScanningSequence": "EP",
    "SequenceName": "_epfid2d1_78",
    "SequenceVariant": "SK",
    "SeriesDescription": "EPI_2.5mm_1.5TR_32TE_SMS4_Siemens",
    "SeriesNumber": 12,
    "ShimSetting": [
      3331,
      8818,
      9353,
      506,
      -47,
      102,
      167,
      178
    ],
    "SliceThickness": 2.5,
    "SliceTiming": [
      0.6825,
      0,
      0.7975,
      0.1125,
      0.91,
      0.2275,
      1.025,
      0.34,
      1.1375,
      0.455,
      1.2525,
      0.5675,
      1.365,
      0.6825,
      0,
      0.7975,
      0.1125,
      0.91,
      0.2275,
      1.025,
      0.34,
      1.1375,
      0.455,
      1.2525,
      0.5675,
      1.365,
      0.6825,
      0,
      0.7975,
      0.1125,
      0.91,
      0.2275,
      1.025,
      0.34,
      1.1375,
      0.455,
      1.2525,
      0.5675,
      1.365,
      0.6825,
      0,
      0.7975,
      0.1125,
      0.91,
      0.2275,
      1.025,
      0.34,
      1.1375,
      0.455,
      1.2525,
      0.5675,
      1.365
    ],
    "SoftwareVersions": "syngo_MR_E11",
    "SpacingBetweenSlices": 2.5,
    "StationName": "AWP45031",
    "TaskName": "sitrep",
    "TotalReadoutTime": 0.0477406,
    "TxRefAmp": 335.542,
    "dataset": "ds004226",
    "modality": "bold",
    "run_id": 4,
    "subject_id": "014",
    "task_id": "sitrep"
  },
  "dummy_trs": 0,
  "dvars_nstd": 36.59115041022041,
  "dvars_std": 1.3158700494490359,
  "dvars_vstd": 1.0175124447382913,
  "efc": 0.6059484088806228,
  "fber": 2478.07958984375,
  "fd_mean": 0.22209727749134986,
  "fd_num": 190,
  "fd_perc": 52.1978021978022,
  "fwhm_avg": 1.7766760000000001,
  "fwhm_x": 1.658792,
  "fwhm_y": 1.9261279999999998,
  "fwhm_z": 1.745108,
  "gcor": 0.0586793,
  "gsr_x": 0.00128747068811208,
  "gsr_y": 0.05086817592382431,
  "provenance": {
    "md5sum": "6d01413ec07ff28b60bfafaf33d31538",
    "settings": {
      "fd_thres": 0.2,
      "testing": false
    },
    "software": "mriqc",
    "version": "23.0.0",
    "webapi_port": null,
    "webapi_url": "https://mriqc.nimh.nih.gov/api/v1"
  },
  "size_t": 364,
  "size_x": 78,
  "size_y": 78,
  "size_z": 52,
  "snr": 6.834475759458258,
  "spacing_tr": 1.5,
  "spacing_x": 2.5,
  "spacing_y": 2.5,
  "spacing_z": 2.5,
  "summary_bg_k": 8.656498689977466,
  "summary_bg_mad": 19.686480320467304,
  "summary_bg_mean": 63.082820892333984,
  "summary_bg_median": 15.259207725524902,
  "summary_bg_n": 174608.0,
  "summary_bg_p05": 1.2578465580940246,
  "summary_bg_p95": 299.10911865234345,
  "summary_bg_stdv": 104.45244598388672,
  "summary_fg_k": 2.177340970138796,
  "summary_fg_mad": 105.69151240052325,
  "summary_fg_mean": 788.897216796875,
  "summary_fg_median": 781.1025390625,
  "summary_fg_n": 82363.0,
  "summary_fg_p05": 626.8439270019531,
  "summary_fg_p95": 979.6600341796874,
  "summary_fg_stdv": 114.28788757324219,
  "tsnr": 48.94002914428711
}