{
  "aor": 0.00041027700831024937,
  "aqi": 0.00977000617728532,
  "bids_meta": {
    "AcquisitionMatrixPE": 78,
    "AcquisitionNumber": 1,
    "AcquisitionTime": "18:38:52.847500",
    "BandwidthPerPixelPhaseEncode": 20.678,
    "BaseResolution": 78,
    "BodyPartExamined": "BRAIN",
    "ConsistencyInfo": "N4_VE11C_LATEST_20160120",
    "ConversionSoftware": "dcm2niix",
    "ConversionSoftwareVersion": "v1.0.20171215 GCC4.8.5",
    "DerivedVendorReportedEchoSpacing": 0.000620007,
    "DeviceSerialNumber": "45031",
    "DwellTime": 3.2e-06,
    "EchoTime": 0.032,
    "EchoTrainLength": 78,
    "EffectiveEchoSpacing": 0.000620007,
    "FlipAngle": 70,
    "ImageOrientationPatientDICOM": [
      0.999755,
      0.0176469,
      0.0133902,
      -0.0174508,
      0.999741,
      -0.0146268
    ],
    "ImageType": [
      "ORIGINAL",
      "PRIMARY",
      "M",
      "ND",
      "NORM",
      "MOSAIC"
    ],
    "InPlanePhaseEncodingDirectionDICOM": "COL",
    "InstitutionAddress": "Washington_and_Faculty_Rd._-_Building_25_25_Princeton_NJ_US_085",
    "InstitutionName": "Princeton_University_-_Neuroscience_Institute",
    "InstitutionalDepartmentName": "Department",
    "MRAcquisitionType": "2D",
    "MagneticFieldStrength": 3,
    "Manufacturer": "Siemens",
    "ManufacturersModelName": "Skyra",
    "Modality": "MR",
    "MultibandAccelerationFactor": 4,
    "PartialFourier": 1,
    "PatientPosition": "HFS",
    "PercentPhaseFOV": 100,
    "PhaseEncodingDirection": "j-",
    "PhaseEncodingSteps": 78,
    "PhaseResolution": 1,
    "PixelBandwidth": 2005,
    "ProcedureStepDescription": "TamirL_Mark",
    "ProtocolName": "EPI_2.5mm_1.5TR_32TE_SMS4_Siemens",
    "PulseSequenceDetails": "%SiemensSeq%_ep2d_bold",
    "ReceiveCoilActiveElements": "HC1-7",
    "ReceiveCoilName": "HeadNeck_64",
    "ReconMatrixPE": 78,
    "RepetitionTime": 1.5,
    "SAR": 0.0595427,
    "ScanOptions": "FS",
    "ScanningSequence": "EP",
    "SequenceName": "_epfid2d1_78",
    "SequenceVariant": "SK",
    "SeriesDescription": "EPI_2.5mm_1.5TR_32TE_SMS4_Siemens",
    "SeriesNumber": 11,
    "ShimSetting": [
      3374,
      8712,
      9280,
      644,
      25,
      -200,
      234,
      224
    ],
    "SliceThickness": 2.5,
    "SliceTiming": [
      0.6825,
      0,
      0.795,
      0.1125,
      0.91,
      0.2275,
      1.0225,
      0.34,
      1.1375,
      0.455,
      1.25,
      0.5675,
      1.365,
      0.6825,
      0,
      0.795,
      0.1125,
      0.91,
      0.2275,
      1.0225,
      0.34,
      1.1375,
      0.455,
      1.25,
      0.5675,
      1.365,
      0.6825,
      0,
      0.795,
      0.1125,
      0.91,
      0.2275,
      1.0225,
      0.34,
      1.1375,
      0.455,
      1.25,
      0.5675,
      1.365,
      0.6825,
      0,
      0.795,
      0.1125,
      0.91,
      0.2275,
      1.0225,
      0.34,
      1.1375,
      0.455,
      1.25,
      0.5675,
      1.365
    ],
    "SoftwareVersions": "syngo_MR_E11",
    "SpacingBetweenSlices": 2.5,
    "StationName": "AWP45031",
    "TaskName": "sitrep",
    "TotalReadoutTime": 0.0477406,
    "TxRefAmp": 325.111,
    "dataset": "ds004226",
    "modality": "bold",
    "run_id": 3,
    "subject_id": "036",
    "task_id": "sitrep"
  },
  "dummy_trs": 3,
  "dvars_nstd": 36.93765159169441,
  "dvars_std": 1.4489301731388884,
  "dvars_vstd": 0.9970361556111109,
  "efc": 0.5956672399245116,
  "fber": 2690.92578125,
  "fd_mean": 0.10271021775153281,
  "fd_num": 4,
  "fd_perc": 1.10803324099723,
  "fwhm_avg": 1.696372,
  "fwhm_x": 1.578456,
  "fwhm_y": 1.8408840000000002,
  "fwhm_z": 1.669776,
  "gcor": 0.0127106,
  "gsr_x": -0.002786648226901889,
  "gsr_y": 0.04993562027812004,
  "provenance": {
    "md5sum": "1015da1e671370461db3a8ca8c459f1f",
    "settings": {
      "fd_thres": 0.2,
      "testing": false
    },
    "software": "mriqc",
    "version": "23.0.0",
    "webapi_port": null,
    "webapi_url": "https://mriqc.nimh.nih.gov/api/v1"
  },
  "size_t": 361,
  "size_x": 78,
  "size_y": 78,
  "size_z": 52,
  "snr": 6.548377372117636,
  "spacing_tr": 1.5,
  "spacing_x": 2.5,
  "spacing_y": 2.5,
  "spacing_z": 2.5,
  "summary_bg_k": 9.121497582805956,
  "summary_bg_mad": 17.673007739086003,
  "summary_bg_mean": 53.68846130371094,
  "summary_bg_median": 13.852730751037598,
  "summary_bg_n": 175773.0,
  "summary_bg_p05": 1.149316668510437,
  "summary_bg_p95": 250.8994506835937,
  "summary_bg_stdv": 90.73101043701172,
  "summary_fg_k": 2.681886288880338,
  "summary_fg_mad": 102.95434492583102,
  "summary_fg_mean": 756.063720703125,
  "summary_fg_median": 752.2384033203125,
  "summary_fg_n": 81874.0,
  "summary_fg_p05": 595.4551391601562,
  "summary_fg_p95": 941.8136627197266,
  "summary_fg_stdv": 114.8733139038086,
  "tsnr": 60.302345275878906
}