{
  "aor": 0.0006585164835164834,
  "aqi": 0.011542495604395603,
  "bids_meta": {
    "AcquisitionMatrixPE": 78,
    "AcquisitionNumber": 1,
    "AcquisitionTime": "19:47:45.250000",
    "BandwidthPerPixelPhaseEncode": 20.678,
    "BaseResolution": 78,
    "BodyPartExamined": "BRAIN",
    "ConsistencyInfo": "N4_VE11C_LATEST_20160120",
    "ConversionSoftware": "dcm2niix",
    "ConversionSoftwareVersion": "v1.0.20171215 GCC4.8.5",
    "DerivedVendorReportedEchoSpacing": 0.000620007,
    "DeviceSerialNumber": "45031",
    "DwellTime": 3.2e-06,
    "EchoTime": 0.032,
    "EchoTrainLength": 78,
    "EffectiveEchoSpacing": 0.000620007,
    "FlipAngle": 70,
    "ImageOrientationPatientDICOM": [
      0.999755,
      0.0176469,
      0.0133902,
      -0.0174508,
      0.999741,
      -0.0146268
    ],
    "ImageType": [
      "ORIGINAL",
      "PRIMARY",
      "M",
      "ND",
      "NORM",
      "MOSAIC"
    ],
    "InPlanePhaseEncodingDirectionDICOM": "COL",
    "InstitutionAddress": "Washington_and_Faculty_Rd._-_Building_25_25_Princeton_NJ_US_085",
    "InstitutionName": "Princeton_University_-_Neuroscience_Institute",
    "InstitutionalDepartmentName": "Department",
    "MRAcquisitionType": "2D",
    "MagneticFieldStrength": 3,
    "Manufacturer": "Siemens",
    "ManufacturersModelName": "Skyra",
    "Modality": "MR",
    "MultibandAccelerationFactor": 4,
    "PartialFourier": 1,
    "PatientPosition": "HFS",
    "PercentPhaseFOV": 100,
    "PhaseEncodingDirection": "j-",
    "PhaseEncodingSteps": 78,
    "PhaseResolution": 1,
    "PixelBandwidth": 2005,
    "ProcedureStepDescription": "TamirL_Mark",
    "ProtocolName": "EPI_2.5mm_1.5TR_32TE_SMS4_Siemens",
    "PulseSequenceDetails": "%SiemensSeq%_ep2d_bold",
    "ReceiveCoilActiveElements": "HC1-7",
    "ReceiveCoilName": "HeadNeck_64",
    "ReconMatrixPE": 78,
    "RepetitionTime": 1.5,
    "SAR": 0.0595427,
    "ScanOptions": "FS",
    "ScanningSequence": "EP",
    "SequenceName": "_epfid2d1_78",
    "SequenceVariant": "SK",
    "SeriesDescription": "EPI_2.5mm_1.5TR_32TE_SMS4_Siemens",
    "SeriesNumber": 18,
    "ShimSetting": [
      3374,
      8712,
      9280,
      644,
      25,
      -200,
      234,
      224
    ],
    "SliceThickness": 2.5,
    "SliceTiming": [
      0.6825,
      0,
      0.7975,
      0.1125,
      0.91,
      0.2275,
      1.025,
      0.3425,
      1.1375,
      0.455,
      1.2525,
      0.57,
      1.365,
      0.6825,
      0,
      0.7975,
      0.1125,
      0.91,
      0.2275,
      1.025,
      0.3425,
      1.1375,
      0.455,
      1.2525,
      0.57,
      1.365,
      0.6825,
      0,
      0.7975,
      0.1125,
      0.91,
      0.2275,
      1.025,
      0.3425,
      1.1375,
      0.455,
      1.2525,
      0.57,
      1.365,
      0.6825,
      0,
      0.7975,
      0.1125,
      0.91,
      0.2275,
      1.025,
      0.3425,
      1.1375,
      0.455,
      1.2525,
      0.57,
      1.365
    ],
    "SoftwareVersions": "syngo_MR_E11",
    "SpacingBetweenSlices": 2.5,
    "StationName": "AWP45031",
    "TaskName": "sitrep",
    "TotalReadoutTime": 0.0477406,
    "TxRefAmp": 325.111,
    "dataset": "ds004226",
    "modality": "bold",
    "run_id": 10,
    "subject_id": "036",
    "task_id": "sitrep"
  },
  "dummy_trs": 0,
  "dvars_nstd": 36.29891548471075,
  "dvars_std": 1.427183544022039,
  "dvars_vstd": 0.999663018402204,
  "efc": 0.592127197450091,
  "fber": 3157.05078125,
  "fd_mean": 0.11832559928008489,
  "fd_num": 41,
  "fd_perc": 11.263736263736265,
  "fwhm_avg": 1.7192093333333336,
  "fwhm_x": 1.6037919999999999,
  "fwhm_y": 1.8641400000000001,
  "fwhm_z": 1.689696,
  "gcor": 0.0399763,
  "gsr_x": 0.0034298961982131004,
  "gsr_y": 0.051602803170681,
  "provenance": {
    "md5sum": "1baab65a29654d90ae800d216769927c",
    "settings": {
      "fd_thres": 0.2,
      "testing": false
    },
    "software": "mriqc",
    "version": "23.0.0",
    "webapi_port": null,
    "webapi_url": "https://mriqc.nimh.nih.gov/api/v1"
  },
  "size_t": 364,
  "size_x": 78,
  "size_y": 78,
  "size_z": 52,
  "snr": 6.523703103396423,
  "spacing_tr": 1.5,
  "spacing_x": 2.5,
  "spacing_y": 2.5,
  "spacing_z": 2.5,
  "summary_bg_k": 9.446626883808113,
  "summary_bg_mad": 16.4860804226525,
  "summary_bg_mean": 52.5040283203125,
  "summary_bg_median": 12.86423110961914,
  "summary_bg_n": 176444.0,
  "summary_bg_p05": 1.0476807534694672,
  "summary_bg_p95": 245.42517013549815,
  "summary_bg_stdv": 89.81526184082031,
  "summary_fg_k": 2.7153999250562197,
  "summary_fg_mad": 102.4254258604523,
  "summary_fg_mean": 755.8887939453125,
  "summary_fg_median": 751.064453125,
  "summary_fg_n": 81316.0,
  "summary_fg_p05": 594.7770538330078,
  "summary_fg_p95": 941.6201934814453,
  "summary_fg_stdv": 115.12783813476562,
  "tsnr": 54.27088165283203
}