{
  "aor": 0.001166703296703297,
  "aqi": 0.014477961813186812,
  "bids_meta": {
    "AcquisitionMatrixPE": 78,
    "AcquisitionNumber": 1,
    "AcquisitionTime": "19:18:26.082500",
    "BandwidthPerPixelPhaseEncode": 20.678,
    "BaseResolution": 78,
    "BodyPartExamined": "BRAIN",
    "ConsistencyInfo": "N4_VE11C_LATEST_20160120",
    "ConversionSoftware": "dcm2niix",
    "ConversionSoftwareVersion": "v1.0.20171215 GCC4.8.5",
    "DerivedVendorReportedEchoSpacing": 0.000620007,
    "DeviceSerialNumber": "45031",
    "DwellTime": 3.2e-06,
    "EchoTime": 0.032,
    "EchoTrainLength": 78,
    "EffectiveEchoSpacing": 0.000620007,
    "FlipAngle": 70,
    "ImageOrientationPatientDICOM": [
      0.999755,
      0.0176469,
      0.0133902,
      -0.0174508,
      0.999741,
      -0.0146268
    ],
    "ImageType": [
      "ORIGINAL",
      "PRIMARY",
      "M",
      "ND",
      "NORM",
      "MOSAIC"
    ],
    "InPlanePhaseEncodingDirectionDICOM": "COL",
    "InstitutionAddress": "Washington_and_Faculty_Rd._-_Building_25_25_Princeton_NJ_US_085",
    "InstitutionName": "Princeton_University_-_Neuroscience_Institute",
    "InstitutionalDepartmentName": "Department",
    "MRAcquisitionType": "2D",
    "MagneticFieldStrength": 3,
    "Manufacturer": "Siemens",
    "ManufacturersModelName": "Skyra",
    "Modality": "MR",
    "MultibandAccelerationFactor": 4,
    "PartialFourier": 1,
    "PatientPosition": "HFS",
    "PercentPhaseFOV": 100,
    "PhaseEncodingDirection": "j-",
    "PhaseEncodingSteps": 78,
    "PhaseResolution": 1,
    "PixelBandwidth": 2005,
    "ProcedureStepDescription": "TamirL_Mark",
    "ProtocolName": "EPI_2.5mm_1.5TR_32TE_SMS4_Siemens",
    "PulseSequenceDetails": "%SiemensSeq%_ep2d_bold",
    "ReceiveCoilActiveElements": "HC1-7",
    "ReceiveCoilName": "HeadNeck_64",
    "ReconMatrixPE": 78,
    "RepetitionTime": 1.5,
    "SAR": 0.0595427,
    "ScanOptions": "FS",
    "ScanningSequence": "EP",
    "SequenceName": "_epfid2d1_78",
    "SequenceVariant": "SK",
    "SeriesDescription": "EPI_2.5mm_1.5TR_32TE_SMS4_Siemens",
    "SeriesNumber": 15,
    "ShimSetting": [
      3374,
      8712,
      9280,
      644,
      25,
      -200,
      234,
      224
    ],
    "SliceThickness": 2.5,
    "SliceTiming": [
      0.6825,
      0,
      0.795,
      0.1125,
      0.91,
      0.2275,
      1.0225,
      0.34,
      1.1375,
      0.455,
      1.25,
      0.5675,
      1.365,
      0.6825,
      0,
      0.795,
      0.1125,
      0.91,
      0.2275,
      1.0225,
      0.34,
      1.1375,
      0.455,
      1.25,
      0.5675,
      1.365,
      0.6825,
      0,
      0.795,
      0.1125,
      0.91,
      0.2275,
      1.0225,
      0.34,
      1.1375,
      0.455,
      1.25,
      0.5675,
      1.365,
      0.6825,
      0,
      0.795,
      0.1125,
      0.91,
      0.2275,
      1.0225,
      0.34,
      1.1375,
      0.455,
      1.25,
      0.5675,
      1.365
    ],
    "SoftwareVersions": "syngo_MR_E11",
    "SpacingBetweenSlices": 2.5,
    "StationName": "AWP45031",
    "TaskName": "sitrep",
    "TotalReadoutTime": 0.0477406,
    "TxRefAmp": 325.111,
    "dataset": "ds004226",
    "modality": "bold",
    "run_id": 7,
    "subject_id": "036",
    "task_id": "sitrep"
  },
  "dummy_trs": 0,
  "dvars_nstd": 36.91969262523418,
  "dvars_std": 1.4332706100550965,
  "dvars_vstd": 1.001948268457301,
  "efc": 0.5939339934532522,
  "fber": 2913.525146484375,
  "fd_mean": 0.12669149098587335,
  "fd_num": 56,
  "fd_perc": 15.384615384615385,
  "fwhm_avg": 1.7057173333333333,
  "fwhm_x": 1.57982,
  "fwhm_y": 1.8590319999999998,
  "fwhm_z": 1.6783000000000001,
  "gcor": 0.037381,
  "gsr_x": 0.0009297648211941123,
  "gsr_y": 0.04998299852013588,
  "provenance": {
    "md5sum": "36d8312750034ebf4e91a2fc27353345",
    "settings": {
      "fd_thres": 0.2,
      "testing": false
    },
    "software": "mriqc",
    "version": "23.0.0",
    "webapi_port": null,
    "webapi_url": "https://mriqc.nimh.nih.gov/api/v1"
  },
  "size_t": 364,
  "size_x": 78,
  "size_y": 78,
  "size_z": 52,
  "snr": 6.560376101318457,
  "spacing_tr": 1.5,
  "spacing_x": 2.5,
  "spacing_y": 2.5,
  "spacing_z": 2.5,
  "summary_bg_k": 9.371692575554754,
  "summary_bg_mad": 17.1268379701892,
  "summary_bg_mean": 52.90336990356445,
  "summary_bg_median": 13.37606430053711,
  "summary_bg_n": 176108.0,
  "summary_bg_p05": 1.0676184177398682,
  "summary_bg_p95": 244.9729400634765,
  "summary_bg_stdv": 89.67782592773438,
  "summary_fg_k": 2.8939264757468077,
  "summary_fg_mad": 101.69543610845737,
  "summary_fg_mean": 754.4968872070312,
  "summary_fg_median": 750.309326171875,
  "summary_fg_n": 81571.0,
  "summary_fg_p05": 595.969482421875,
  "summary_fg_p95": 937.3809509277344,
  "summary_fg_stdv": 114.3691635131836,
  "tsnr": 50.71482849121094
}