{
  "aor": 0.00048669421487603306,
  "aqi": 0.01043448002754821,
  "bids_meta": {
    "AcquisitionMatrixPE": 78,
    "AcquisitionNumber": 1,
    "AcquisitionTime": "18:28:41.895000",
    "BandwidthPerPixelPhaseEncode": 20.678,
    "BaseResolution": 78,
    "BodyPartExamined": "BRAIN",
    "ConsistencyInfo": "N4_VE11C_LATEST_20160120",
    "ConversionSoftware": "dcm2niix",
    "ConversionSoftwareVersion": "v1.0.20171215 GCC4.8.5",
    "DerivedVendorReportedEchoSpacing": 0.000620007,
    "DeviceSerialNumber": "45031",
    "DwellTime": 3.2e-06,
    "EchoTime": 0.032,
    "EchoTrainLength": 78,
    "EffectiveEchoSpacing": 0.000620007,
    "FlipAngle": 70,
    "ImageOrientationPatientDICOM": [
      0.999755,
      0.0176469,
      0.0133902,
      -0.0174508,
      0.999741,
      -0.0146268
    ],
    "ImageType": [
      "ORIGINAL",
      "PRIMARY",
      "M",
      "ND",
      "NORM",
      "MOSAIC"
    ],
    "InPlanePhaseEncodingDirectionDICOM": "COL",
    "InstitutionAddress": "Washington_and_Faculty_Rd._-_Building_25_25_Princeton_NJ_US_085",
    "InstitutionName": "Princeton_University_-_Neuroscience_Institute",
    "InstitutionalDepartmentName": "Department",
    "MRAcquisitionType": "2D",
    "MagneticFieldStrength": 3,
    "Manufacturer": "Siemens",
    "ManufacturersModelName": "Skyra",
    "Modality": "MR",
    "MultibandAccelerationFactor": 4,
    "PartialFourier": 1,
    "PatientPosition": "HFS",
    "PercentPhaseFOV": 100,
    "PhaseEncodingDirection": "j-",
    "PhaseEncodingSteps": 78,
    "PhaseResolution": 1,
    "PixelBandwidth": 2005,
    "ProcedureStepDescription": "TamirL_Mark",
    "ProtocolName": "EPI_2.5mm_1.5TR_32TE_SMS4_Siemens",
    "PulseSequenceDetails": "%SiemensSeq%_ep2d_bold",
    "ReceiveCoilActiveElements": "HC1-7",
    "ReceiveCoilName": "HeadNeck_64",
    "ReconMatrixPE": 78,
    "RepetitionTime": 1.5,
    "SAR": 0.0595427,
    "ScanOptions": "FS",
    "ScanningSequence": "EP",
    "SequenceName": "_epfid2d1_78",
    "SequenceVariant": "SK",
    "SeriesDescription": "EPI_2.5mm_1.5TR_32TE_SMS4_Siemens",
    "SeriesNumber": 10,
    "ShimSetting": [
      3374,
      8712,
      9280,
      644,
      25,
      -200,
      234,
      224
    ],
    "SliceThickness": 2.5,
    "SliceTiming": [
      0.6825,
      0,
      0.795,
      0.1125,
      0.91,
      0.2275,
      1.0225,
      0.34,
      1.1375,
      0.455,
      1.2525,
      0.5675,
      1.365,
      0.6825,
      0,
      0.795,
      0.1125,
      0.91,
      0.2275,
      1.0225,
      0.34,
      1.1375,
      0.455,
      1.2525,
      0.5675,
      1.365,
      0.6825,
      0,
      0.795,
      0.1125,
      0.91,
      0.2275,
      1.0225,
      0.34,
      1.1375,
      0.455,
      1.2525,
      0.5675,
      1.365,
      0.6825,
      0,
      0.795,
      0.1125,
      0.91,
      0.2275,
      1.0225,
      0.34,
      1.1375,
      0.455,
      1.2525,
      0.5675,
      1.365
    ],
    "SoftwareVersions": "syngo_MR_E11",
    "SpacingBetweenSlices": 2.5,
    "StationName": "AWP45031",
    "TaskName": "sitrep",
    "TotalReadoutTime": 0.0477406,
    "TxRefAmp": 325.111,
    "dataset": "ds004226",
    "modality": "bold",
    "run_id": 2,
    "subject_id": "036",
    "task_id": "sitrep"
  },
  "dummy_trs": 1,
  "dvars_nstd": 36.653645620883964,
  "dvars_std": 1.4436302929281768,
  "dvars_vstd": 0.9961763200276245,
  "efc": 0.5984255872807546,
  "fber": 2497.37744140625,
  "fd_mean": 0.11248690277439417,
  "fd_num": 7,
  "fd_perc": 1.9283746556473829,
  "fwhm_avg": 1.6913293333333332,
  "fwhm_x": 1.568032,
  "fwhm_y": 1.8421800000000002,
  "fwhm_z": 1.663776,
  "gcor": 0.0127955,
  "gsr_x": -0.004833584185689688,
  "gsr_y": 0.048622820526361465,
  "provenance": {
    "md5sum": "2b68dd4f86b533adeb9296e434fcfcc6",
    "settings": {
      "fd_thres": 0.2,
      "testing": false
    },
    "software": "mriqc",
    "version": "23.0.0",
    "webapi_port": null,
    "webapi_url": "https://mriqc.nimh.nih.gov/api/v1"
  },
  "size_t": 363,
  "size_x": 78,
  "size_y": 78,
  "size_z": 52,
  "snr": 6.594337850183115,
  "spacing_tr": 1.5,
  "spacing_x": 2.5,
  "spacing_y": 2.5,
  "spacing_z": 2.5,
  "summary_bg_k": 8.946550892573871,
  "summary_bg_mad": 18.190710356563848,
  "summary_bg_mean": 54.04776382446289,
  "summary_bg_median": 14.316482543945312,
  "summary_bg_n": 175046.0,
  "summary_bg_p05": 1.2194267809391022,
  "summary_bg_p95": 252.38504028320312,
  "summary_bg_stdv": 90.67321014404297,
  "summary_fg_k": 2.6697749799911925,
  "summary_fg_mad": 102.12065265049581,
  "summary_fg_mean": 752.3623046875,
  "summary_fg_median": 748.48779296875,
  "summary_fg_n": 82489.0,
  "summary_fg_p05": 593.5899536132813,
  "summary_fg_p95": 935.59443359375,
  "summary_fg_stdv": 113.5039291381836,
  "tsnr": 58.82020950317383
}