{
  "aor": 0.0016727747252747254,
  "aqi": 0.015095452802197803,
  "bids_meta": {
    "AcquisitionMatrixPE": 78,
    "AcquisitionNumber": 1,
    "AcquisitionTime": "19:08:40.907500",
    "BandwidthPerPixelPhaseEncode": 20.678,
    "BaseResolution": 78,
    "BodyPartExamined": "BRAIN",
    "ConsistencyInfo": "N4_VE11C_LATEST_20160120",
    "ConversionSoftware": "dcm2niix",
    "ConversionSoftwareVersion": "v1.0.20171215 GCC4.8.5",
    "DerivedVendorReportedEchoSpacing": 0.000620007,
    "DeviceSerialNumber": "45031",
    "DwellTime": 3.2e-06,
    "EchoTime": 0.032,
    "EchoTrainLength": 78,
    "EffectiveEchoSpacing": 0.000620007,
    "FlipAngle": 70,
    "ImageOrientationPatientDICOM": [
      0.999755,
      0.0176469,
      0.0133902,
      -0.0174508,
      0.999741,
      -0.0146268
    ],
    "ImageType": [
      "ORIGINAL",
      "PRIMARY",
      "M",
      "ND",
      "NORM",
      "MOSAIC"
    ],
    "InPlanePhaseEncodingDirectionDICOM": "COL",
    "InstitutionAddress": "Washington_and_Faculty_Rd._-_Building_25_25_Princeton_NJ_US_085",
    "InstitutionName": "Princeton_University_-_Neuroscience_Institute",
    "InstitutionalDepartmentName": "Department",
    "MRAcquisitionType": "2D",
    "MagneticFieldStrength": 3,
    "Manufacturer": "Siemens",
    "ManufacturersModelName": "Skyra",
    "Modality": "MR",
    "MultibandAccelerationFactor": 4,
    "PartialFourier": 1,
    "PatientPosition": "HFS",
    "PercentPhaseFOV": 100,
    "PhaseEncodingDirection": "j-",
    "PhaseEncodingSteps": 78,
    "PhaseResolution": 1,
    "PixelBandwidth": 2005,
    "ProcedureStepDescription": "TamirL_Mark",
    "ProtocolName": "EPI_2.5mm_1.5TR_32TE_SMS4_Siemens",
    "PulseSequenceDetails": "%SiemensSeq%_ep2d_bold",
    "ReceiveCoilActiveElements": "HC1-7",
    "ReceiveCoilName": "HeadNeck_64",
    "ReconMatrixPE": 78,
    "RepetitionTime": 1.5,
    "SAR": 0.0595427,
    "ScanOptions": "FS",
    "ScanningSequence": "EP",
    "SequenceName": "_epfid2d1_78",
    "SequenceVariant": "SK",
    "SeriesDescription": "EPI_2.5mm_1.5TR_32TE_SMS4_Siemens",
    "SeriesNumber": 14,
    "ShimSetting": [
      3374,
      8712,
      9280,
      644,
      25,
      -200,
      234,
      224
    ],
    "SliceThickness": 2.5,
    "SliceTiming": [
      0.6825,
      0,
      0.7975,
      0.1125,
      0.91,
      0.2275,
      1.025,
      0.34,
      1.1375,
      0.455,
      1.2525,
      0.5675,
      1.365,
      0.6825,
      0,
      0.7975,
      0.1125,
      0.91,
      0.2275,
      1.025,
      0.34,
      1.1375,
      0.455,
      1.2525,
      0.5675,
      1.365,
      0.6825,
      0,
      0.7975,
      0.1125,
      0.91,
      0.2275,
      1.025,
      0.34,
      1.1375,
      0.455,
      1.2525,
      0.5675,
      1.365,
      0.6825,
      0,
      0.7975,
      0.1125,
      0.91,
      0.2275,
      1.025,
      0.34,
      1.1375,
      0.455,
      1.2525,
      0.5675,
      1.365
    ],
    "SoftwareVersions": "syngo_MR_E11",
    "SpacingBetweenSlices": 2.5,
    "StationName": "AWP45031",
    "TaskName": "sitrep",
    "TotalReadoutTime": 0.0477406,
    "TxRefAmp": 325.111,
    "dataset": "ds004226",
    "modality": "bold",
    "run_id": 6,
    "subject_id": "036",
    "task_id": "sitrep"
  },
  "dummy_trs": 0,
  "dvars_nstd": 36.40279557082643,
  "dvars_std": 1.3988601787878785,
  "dvars_vstd": 1.0009782170523414,
  "efc": 0.5957784895892612,
  "fber": 2830.882080078125,
  "fd_mean": 0.1447569809769849,
  "fd_num": 61,
  "fd_perc": 16.75824175824176,
  "fwhm_avg": 1.7109759999999998,
  "fwhm_x": 1.58558,
  "fwhm_y": 1.86344,
  "fwhm_z": 1.683908,
  "gcor": 0.0341608,
  "gsr_x": -0.00046050825039856136,
  "gsr_y": 0.05053170397877693,
  "provenance": {
    "md5sum": "e372ede35aa167b015c8e9f139b9deff",
    "settings": {
      "fd_thres": 0.2,
      "testing": false
    },
    "software": "mriqc",
    "version": "23.0.0",
    "webapi_port": null,
    "webapi_url": "https://mriqc.nimh.nih.gov/api/v1"
  },
  "size_t": 364,
  "size_x": 78,
  "size_y": 78,
  "size_z": 52,
  "snr": 6.589253130823551,
  "spacing_tr": 1.5,
  "spacing_x": 2.5,
  "spacing_y": 2.5,
  "spacing_z": 2.5,
  "summary_bg_k": 8.991868434539326,
  "summary_bg_mad": 17.90887375128705,
  "summary_bg_mean": 53.868408203125,
  "summary_bg_median": 13.783075332641602,
  "summary_bg_n": 175750.0,
  "summary_bg_p05": 0.9729606568813324,
  "summary_bg_p95": 248.73018569946277,
  "summary_bg_stdv": 90.00005340576172,
  "summary_fg_k": 2.724728565738312,
  "summary_fg_mad": 101.50291680792816,
  "summary_fg_mean": 752.7999267578125,
  "summary_fg_median": 748.6235961914062,
  "summary_fg_n": 81936.0,
  "summary_fg_p05": 593.2222442626953,
  "summary_fg_p95": 936.1951446533203,
  "summary_fg_stdv": 113.61212158203125,
  "tsnr": 48.168670654296875
}