{
  "bids_meta": {
    "AcquisitionMatrixPE": 256,
    "AcquisitionNumber": 1,
    "AcquisitionTime": "15:55:1.652500",
    "BaseResolution": 256,
    "BodyPartExamined": "BRAIN",
    "ConsistencyInfo": "N4_VE11C_LATEST_20160120",
    "ConversionSoftware": "dcm2niix",
    "ConversionSoftwareVersion": "v1.0.20171215 GCC4.8.5",
    "DeviceSerialNumber": "45031",
    "DwellTime": 8.2e-06,
    "EchoTime": 0.00298,
    "FlipAngle": 9,
    "ImageOrientationPatientDICOM": [
      -0.0286782,
      0.997572,
      -0.0634694,
      -0.0219092,
      -0.0641076,
      -0.997702
    ],
    "ImageType": [
      "ORIGINAL",
      "PRIMARY",
      "M",
      "ND",
      "NORM"
    ],
    "InPlanePhaseEncodingDirectionDICOM": "ROW",
    "InstitutionAddress": "Washington_and_Faculty_Rd._-_Building_25_25_Princeton_NJ_US_085",
    "InstitutionName": "Princeton_University_-_Neuroscience_Institute",
    "InstitutionalDepartmentName": "Department",
    "InversionTime": 0.9,
    "MRAcquisitionType": "3D",
    "MagneticFieldStrength": 3,
    "Manufacturer": "Siemens",
    "ManufacturersModelName": "Skyra",
    "Modality": "MR",
    "ParallelReductionFactorInPlane": 2,
    "PartialFourier": 1,
    "PatientPosition": "HFS",
    "PercentPhaseFOV": 100,
    "PhaseEncodingSteps": 255,
    "PhaseResolution": 1,
    "PixelBandwidth": 240,
    "ProcedureStepDescription": "TamirL_Mark",
    "ProtocolName": "T1w_MPR_1iso_iP2",
    "PulseSequenceDetails": "%SiemensSeq%_tfl",
    "ReceiveCoilActiveElements": "HC1-7;NC1",
    "ReceiveCoilName": "HeadNeck_64",
    "ReconMatrixPE": 256,
    "RepetitionTime": 2.3,
    "SAR": 0.0613097,
    "ScanOptions": "IR",
    "ScanningSequence": "GR_IR",
    "SequenceName": "_tfl3d1_16ns",
    "SequenceVariant": "SK_SP_MP",
    "SeriesDescription": "T1w_MPR_1iso_iP2",
    "SeriesNumber": 6,
    "ShimSetting": [
      3399,
      8690,
      9075,
      520,
      75,
      -928,
      273,
      229
    ],
    "SliceThickness": 1,
    "SoftwareVersions": "syngo_MR_E11",
    "StationName": "AWP45031",
    "TxRefAmp": 300.633,
    "dataset": "ds004226",
    "modality": "T1w",
    "subject_id": "035"
  },
  "cjv": 0.3492942486620112,
  "cnr": 3.8266878522062124,
  "efc": 0.4996381436437844,
  "fber": 22620.16,
  "fwhm_avg": 3.7773559349002195,
  "fwhm_x": 3.8296578047006586,
  "fwhm_y": 3.88875,
  "fwhm_z": 3.61366,
  "icvs_csf": 0.20236737340200975,
  "icvs_gm": 0.4236351175837599,
  "icvs_wm": 0.3739975090142304,
  "inu_med": 0.5325897932052612,
  "inu_range": 0.1773944854736328,
  "provenance": {
    "md5sum": "f2e3a3778dcf7382123fd83528de17a5",
    "settings": {
      "testing": false
    },
    "software": "mriqc",
    "version": "23.0.0",
    "warnings": {
      "large_rot_frame": true,
      "small_air_mask": false
    },
    "webapi_port": null,
    "webapi_url": "https://mriqc.nimh.nih.gov/api/v1"
  },
  "qi_1": 0.0,
  "qi_2": 0.0010878143927918753,
  "rpve_csf": 24.204460990105705,
  "rpve_gm": 12.077373308569912,
  "rpve_wm": 15.911056614096797,
  "size_x": 176,
  "size_y": 256,
  "size_z": 256,
  "snr_csf": 1.6203917387835325,
  "snr_gm": 8.85979233559974,
  "snr_total": 11.043045006198277,
  "snr_wm": 22.648950944211556,
  "snrd_csf": 21.188241564875675,
  "snrd_gm": 68.53852481231802,
  "snrd_total": 64.23083677341184,
  "snrd_wm": 102.9657439430418,
  "spacing_x": 0.9999953508377075,
  "spacing_y": 1.0,
  "spacing_z": 1.0,
  "summary_bg_k": 12.215627466679582,
  "summary_bg_mad": 0.0,
  "summary_bg_mean": 3.8889639977841273,
  "summary_bg_median": 0.0,
  "summary_bg_n": 4191506.0,
  "summary_bg_p05": 0.0,
  "summary_bg_p95": 16.05422794818878,
  "summary_bg_stdv": 6.362663819819688,
  "summary_csf_k": 3.584778758269204,
  "summary_csf_mad": 127.1557548213331,
  "summary_csf_mean": 226.5196312578529,
  "summary_csf_median": 205.7795262336731,
  "summary_csf_n": 42407.0,
  "summary_csf_p05": 53.97788196802139,
  "summary_csf_p95": 451.5162420272827,
  "summary_csf_stdv": 126.99219272066533,
  "summary_gm_k": -0.04735952427624035,
  "summary_gm_mad": 75.21442735271867,
  "summary_gm_mean": 666.4206475374035,
  "summary_gm_median": 665.643966794014,
  "summary_gm_n": 30905.0,
  "summary_gm_p05": 543.952918946743,
  "summary_gm_p95": 791.8230632543564,
  "summary_gm_stdv": 75.12966131688157,
  "summary_wm_k": 0.6766114812490565,
  "summary_wm_mad": 41.57421933842256,
  "summary_wm_mean": 999.6887571217811,
  "summary_wm_median": 1000.0000208616257,
  "summary_wm_n": 238512.0,
  "summary_wm_p05": 927.3635584115982,
  "summary_wm_p95": 1070.9953844547272,
  "summary_wm_stdv": 44.15206368683373,
  "tpm_overlap_csf": 0.13820927407187447,
  "tpm_overlap_gm": 0.4488550422976044,
  "tpm_overlap_wm": 0.5046397364502077,
  "wm2max": 0.5186706635579734
}